GENERATE-LOAD-SCRIPTS: ON
STORAGE: NONE
RESTRICTION: || (== net461) (== netcoreapp2.0) (== netcoreapp2.2) (== netstandard2.0)
NUGET
  remote: https://api.nuget.org/v3/index.json
    aliyun-log-csharp-sdk (1.0.1)
      Google.Protobuf (>= 3.5.1) - restriction: || (&& (== net461) (>= netstandard2.0)) (== netcoreapp2.0) (== netcoreapp2.2) (== netstandard2.0)
      lz4net (>= 1.0.15.93) - restriction: || (&& (== net461) (>= netstandard2.0)) (== netcoreapp2.0) (== netcoreapp2.2) (== netstandard2.0)
      Newtonsoft.Json (>= 11.0.2) - restriction: || (&& (== net461) (>= netstandard2.0)) (== netcoreapp2.0) (== netcoreapp2.2) (== netstandard2.0)
    Argu (5.1)
      FSharp.Core (>= 4.0.0.1) - restriction: || (== net461) (&& (== netcoreapp2.0) (>= net45)) (&& (== netcoreapp2.2) (>= net45)) (&& (== netstandard2.0) (>= net45))
      FSharp.Core (>= 4.3.2) - restriction: || (&& (== net461) (< net45) (>= netstandard2.0)) (== netcoreapp2.0) (== netcoreapp2.2) (== netstandard2.0)
      System.Configuration.ConfigurationManager (>= 4.4) - restriction: || (&& (== net461) (< net45) (>= netstandard2.0)) (== netcoreapp2.0) (== netcoreapp2.2) (== netstandard2.0)
    Autofac (4.8.1)
      NETStandard.Library (>= 1.6) - restriction: || (&& (== net461) (< net45)) (== netcoreapp2.0) (== netcoreapp2.2) (== netstandard2.0)
      System.ComponentModel (>= 4.0.1) - restriction: || (&& (== net461) (< net45)) (== netcoreapp2.0) (== netcoreapp2.2) (== netstandard2.0)
    BenchmarkDotNet (0.11.3) - restriction: || (== net461) (== netcoreapp2.0) (== netcoreapp2.2) (&& (== netstandard2.0) (>= net461)) (&& (== netstandard2.0) (>= netcoreapp2.0))
      CommandLineParser (>= 2.3)
      Microsoft.CodeAnalysis.CSharp (>= 2.9)
      Microsoft.DotNet.PlatformAbstractions (>= 2.1)
      Microsoft.Win32.Registry (>= 4.5)
      System.Collections.Immutable (>= 1.5)
      System.Diagnostics.FileVersionInfo (>= 4.3)
      System.Management (>= 4.5)
      System.Reflection.Emit.Lightweight (>= 4.3)
      System.Reflection.Metadata (>= 1.6)
      System.Runtime.InteropServices.RuntimeInformation (>= 4.3)
      System.Threading.Tasks.Extensions (>= 4.5.1)
      System.ValueTuple (>= 4.4)
      System.Xml.XmlSerializer (>= 4.3)
      System.Xml.XPath.XmlDocument (>= 4.3)
    Castle.Core (4.3.1)
      NETStandard.Library (>= 1.6.1) - restriction: || (&& (== net461) (< net35)) (== netcoreapp2.0) (== netcoreapp2.2) (== netstandard2.0)
      System.Collections.Specialized (>= 4.3) - restriction: || (&& (== net461) (< net35)) (== netcoreapp2.0) (== netcoreapp2.2) (== netstandard2.0)
      System.ComponentModel (>= 4.3) - restriction: || (&& (== net461) (< net35)) (== netcoreapp2.0) (== netcoreapp2.2) (== netstandard2.0)
      System.ComponentModel.TypeConverter (>= 4.3) - restriction: || (&& (== net461) (< net35)) (== netcoreapp2.0) (== netcoreapp2.2) (== netstandard2.0)
      System.Diagnostics.TraceSource (>= 4.3) - restriction: || (&& (== net461) (< net35)) (== netcoreapp2.0) (== netcoreapp2.2) (== netstandard2.0)
      System.Dynamic.Runtime (>= 4.3) - restriction: || (&& (== net461) (< net35)) (== netcoreapp2.0) (== netcoreapp2.2) (== netstandard2.0)
      System.Reflection (>= 4.3) - restriction: || (&& (== net461) (< net35)) (== netcoreapp2.0) (== netcoreapp2.2) (== netstandard2.0)
      System.Reflection.Emit (>= 4.3) - restriction: || (&& (== net461) (< net35)) (== netcoreapp2.0) (== netcoreapp2.2) (== netstandard2.0)
      System.Reflection.TypeExtensions (>= 4.3) - restriction: || (&& (== net461) (< net35)) (== netcoreapp2.0) (== netcoreapp2.2) (== netstandard2.0)
      System.Xml.XmlDocument (>= 4.3) - restriction: || (&& (== net461) (< net35)) (== netcoreapp2.0) (== netcoreapp2.2) (== netstandard2.0)
    CommandLineParser (2.3) - restriction: || (== net461) (== netcoreapp2.0) (== netcoreapp2.2) (&& (== netstandard2.0) (>= net461)) (&& (== netstandard2.0) (>= netcoreapp2.0))
      System.Collections (>= 4.0.11-rc2-24027) - restriction: || (&& (== net461) (>= netstandard1.5)) (== netcoreapp2.0) (== netcoreapp2.2) (== netstandard2.0)
      System.Console (>= 4.0.0-rc2-24027) - restriction: || (&& (== net461) (>= netstandard1.5)) (== netcoreapp2.0) (== netcoreapp2.2) (== netstandard2.0)
      System.Diagnostics.Debug (>= 4.0.11-rc2-24027) - restriction: || (&& (== net461) (>= netstandard1.5)) (== netcoreapp2.0) (== netcoreapp2.2) (== netstandard2.0)
      System.Globalization (>= 4.0.11-rc2-24027) - restriction: || (&& (== net461) (>= netstandard1.5)) (== netcoreapp2.0) (== netcoreapp2.2) (== netstandard2.0)
      System.IO (>= 4.1.0-rc2-24027) - restriction: || (&& (== net461) (>= netstandard1.5)) (== netcoreapp2.0) (== netcoreapp2.2) (== netstandard2.0)
      System.Linq (>= 4.1.0-rc2-24027) - restriction: || (&& (== net461) (>= netstandard1.5)) (== netcoreapp2.0) (== netcoreapp2.2) (== netstandard2.0)
      System.Linq.Expressions (>= 4.0.11-rc2-24027) - restriction: || (&& (== net461) (>= netstandard1.5)) (== netcoreapp2.0) (== netcoreapp2.2) (== netstandard2.0)
      System.Reflection (>= 4.1.0-rc2-24027) - restriction: || (&& (== net461) (>= netstandard1.5)) (== netcoreapp2.0) (== netcoreapp2.2) (== netstandard2.0)
      System.Reflection.Extensions (>= 4.0.1-rc2-24027) - restriction: || (&& (== net461) (>= netstandard1.5)) (== netcoreapp2.0) (== netcoreapp2.2) (== netstandard2.0)
      System.Reflection.TypeExtensions (>= 4.1.0-rc2-24027) - restriction: || (&& (== net461) (>= netstandard1.5)) (== netcoreapp2.0) (== netcoreapp2.2) (== netstandard2.0)
      System.Resources.ResourceManager (>= 4.0.1-rc2-24027) - restriction: || (&& (== net461) (>= netstandard1.5)) (== netcoreapp2.0) (== netcoreapp2.2) (== netstandard2.0)
      System.Runtime (>= 4.1.0-rc2-24027) - restriction: || (&& (== net461) (>= netstandard1.5)) (== netcoreapp2.0) (== netcoreapp2.2) (== netstandard2.0)
      System.Runtime.Extensions (>= 4.1.0-rc2-24027) - restriction: || (&& (== net461) (>= netstandard1.5)) (== netcoreapp2.0) (== netcoreapp2.2) (== netstandard2.0)
    elmah.corelibrary (1.2.2)
    elmah.io.client (3.3.58)
      Microsoft.Rest.ClientRuntime (>= 2.3.6) - restriction: || (== net461) (&& (== netcoreapp2.0) (>= net45)) (&& (== netcoreapp2.0) (< netstandard1.4)) (&& (== netcoreapp2.2) (>= net45)) (&& (== netcoreapp2.2) (< netstandard1.4)) (&& (== netstandard2.0) (>= net45)) (&& (== netstandard2.0) (< netstandard1.4))
      Microsoft.Rest.ClientRuntime (>= 2.3.18) - restriction: || (&& (== net461) (< net45)) (== netcoreapp2.0) (== netcoreapp2.2) (== netstandard2.0)
      NETStandard.Library (>= 1.6.1) - restriction: || (&& (== net461) (< net45)) (== netcoreapp2.0) (== netcoreapp2.2) (== netstandard2.0)
    elmah.io.core (2.0.29)
      elmah.corelibrary (>= 1.2.2)
      elmah.io.client (>= 2.0.29)
    EventStore.Client (4.1.1)
    EventStore.ClientAPI.NetCore (4.1.0.23)
      Newtonsoft.Json (>= 10.0.3) - restriction: || (&& (== net461) (>= netstandard2.0)) (== netcoreapp2.0) (== netcoreapp2.2) (== netstandard2.0)
      protobuf-net (>= 2.3.2) - restriction: || (&& (== net461) (>= netstandard2.0)) (== netcoreapp2.0) (== netcoreapp2.2) (== netstandard2.0)
    Expecto (8.6.5)
      Argu (>= 5.1)
      Mono.Cecil (>= 0.10)
      System.Diagnostics.FileVersionInfo (>= 4.3) - restriction: || (== netcoreapp2.0) (== netcoreapp2.2) (== netstandard2.0)
    Expecto.BenchmarkDotNet (8.6.5)
      BenchmarkDotNet (>= 0.10.14) - restriction: || (== net461) (== netcoreapp2.0) (== netcoreapp2.2) (&& (== netstandard2.0) (>= net461)) (&& (== netstandard2.0) (>= netcoreapp2.0))
      FSharp.Core (>= 4.3.4) - restriction: || (== net461) (== netcoreapp2.0) (== netcoreapp2.2) (&& (== netstandard2.0) (>= net461)) (&& (== netstandard2.0) (>= netcoreapp2.0))
    Expecto.FsCheck (8.6.5)
      Expecto (>= 8.6.5)
      FsCheck (>= 2.10.4)
    Expecto.Hopac (8.6.5)
      Expecto (>= 8.6.5)
      Hopac (>= 0.3.23)
    FluentMigrator (1.6.2)
    FluentMigrator.Runner (1.6.2)
      FluentMigrator (>= 1.6.2)
    FParsec (1.0.3)
      FSharp.Core (>= 4.0.0.1) - restriction: || (== net461) (&& (== netcoreapp2.0) (>= net40)) (&& (== netcoreapp2.2) (>= net40)) (&& (== netstandard2.0) (>= net40))
      FSharp.Core (>= 4.2.3) - restriction: || (&& (== net461) (< net40) (>= netstandard1.6)) (== netcoreapp2.0) (== netcoreapp2.2) (== netstandard2.0)
      NETStandard.Library (>= 1.6.1) - restriction: || (&& (== net461) (< net40) (>= netstandard1.6)) (== netcoreapp2.0) (== netcoreapp2.2) (== netstandard2.0)
    FsCheck (2.13)
      FSharp.Core (>= 4.2.3)
    FSharp.Core (4.5.4)
    FsPickler (5.2)
      FSharp.Core (>= 3.1.2) - restriction: || (== net461) (&& (== netcoreapp2.0) (>= net45)) (&& (== netcoreapp2.2) (>= net45)) (&& (== netstandard2.0) (>= net45))
      FSharp.Core (>= 4.3.2) - restriction: || (&& (== net461) (< net45) (>= netstandard2.0)) (== netcoreapp2.0) (== netcoreapp2.2) (== netstandard2.0)
      System.Reflection.Emit.Lightweight (>= 4.3) - restriction: || (&& (== net461) (< net45) (>= netstandard2.0)) (== netcoreapp2.0) (== netcoreapp2.2) (== netstandard2.0)
    FsPickler.Json (5.2)
      FSharp.Core (>= 3.1.2) - restriction: || (== net461) (&& (== netcoreapp2.0) (>= net45)) (&& (== netcoreapp2.2) (>= net45)) (&& (== netstandard2.0) (>= net45))
      FSharp.Core (>= 4.3.2) - restriction: || (&& (== net461) (< net45) (>= netstandard2.0)) (== netcoreapp2.0) (== netcoreapp2.2) (== netstandard2.0)
      Newtonsoft.Json (>= 6.0.5) - restriction: || (== net461) (&& (== netcoreapp2.0) (>= net45)) (&& (== netcoreapp2.2) (>= net45)) (&& (== netstandard2.0) (>= net45))
      Newtonsoft.Json (>= 10.0.1) - restriction: || (&& (== net461) (< net45) (>= netstandard2.0)) (== netcoreapp2.0) (== netcoreapp2.2) (== netstandard2.0)
    FsSql (2.1)
      FSharp.Core (>= 3.1.2.1) - restriction: || (== net461) (&& (== netcoreapp2.0) (>= net40)) (&& (== netcoreapp2.2) (>= net40)) (&& (== netstandard2.0) (>= net40))
    fszmq (12.3.2)
      FSharp.Core (>= 4.3.4)
    Google.Api.CommonProtos (1.4)
      Google.Protobuf (>= 3.6.1)
      NETStandard.Library (>= 1.6.1) - restriction: || (&& (== net461) (< net45)) (== netcoreapp2.0) (== netcoreapp2.2) (== netstandard2.0)
    Google.Api.Gax (2.5)
      Microsoft.Extensions.PlatformAbstractions (>= 1.1) - restriction: || (&& (== net461) (< net45)) (== netcoreapp2.0) (== netcoreapp2.2) (== netstandard2.0)
      NETStandard.Library (>= 1.6.1) - restriction: || (&& (== net461) (< net45)) (== netcoreapp2.0) (== netcoreapp2.2) (== netstandard2.0)
      Newtonsoft.Json (>= 10.0.2)
      System.Interactive.Async (>= 3.1.1)
      System.Net.Http (>= 4.1.1) - restriction: || (== net461) (&& (== netcoreapp2.0) (>= net45)) (&& (== netcoreapp2.2) (>= net45)) (&& (== netstandard2.0) (>= net45))
    Google.Api.Gax.Grpc (2.5)
      Google.Api.CommonProtos (>= 1.3)
      Google.Api.Gax (>= 2.5)
      Google.Apis.Auth (>= 1.35.1)
      Grpc.Auth (>= 1.13.1)
      Grpc.Core (>= 1.13.1)
      NETStandard.Library (>= 1.6.1) - restriction: || (&& (== net461) (< net45) (>= netstandard1.5)) (== netcoreapp2.0) (== netcoreapp2.2) (== netstandard2.0)
    Google.Api.Gax.Rest (2.5)
      Google.Api.Gax (>= 2.5)
      Google.Apis.Auth (>= 1.35.1)
      NETStandard.Library (>= 1.6.1) - restriction: || (&& (== net461) (< net45)) (== netcoreapp2.0) (== netcoreapp2.2) (== netstandard2.0)
    Google.Apis (1.36.1)
      Google.Apis.Core (>= 1.36.1)
      Newtonsoft.Json (>= 10.0.2)
    Google.Apis.Auth (1.36.1)
      Google.Apis (>= 1.36.1)
      Google.Apis.Core (>= 1.36.1)
    Google.Apis.Core (1.36.1)
      Newtonsoft.Json (>= 10.0.2)
    Google.Cloud.Logging.Type (2.0)
      Google.Api.CommonProtos (>= 1.1)
      NETStandard.Library (>= 1.6.1) - restriction: || (&& (== net461) (< net45) (>= netstandard1.5)) (== netcoreapp2.0) (== netcoreapp2.2) (== netstandard2.0)
    Google.Cloud.Logging.V2 (2.2)
      Google.Api.CommonProtos (>= 1.3)
      Google.Api.Gax.Grpc (>= 2.4)
      Google.Cloud.Logging.Type (>= 2.0)
      Grpc.Core (>= 1.12)
      NETStandard.Library (>= 1.6.1) - restriction: || (&& (== net461) (< net45) (>= netstandard1.5)) (== netcoreapp2.0) (== netcoreapp2.2) (== netstandard2.0)
    Google.Protobuf (3.6.1)
      NETStandard.Library (>= 1.6.1) - restriction: || (&& (== net461) (< net45)) (== netcoreapp2.0) (== netcoreapp2.2) (== netstandard2.0)
    Grpc.Auth (1.17.1)
      Google.Apis.Auth (>= 1.21)
      Grpc.Core (>= 1.17.1)
      NETStandard.Library (>= 1.6.1) - restriction: || (&& (== net461) (< net45) (>= netstandard1.5)) (== netcoreapp2.0) (== netcoreapp2.2) (== netstandard2.0)
    Grpc.Core (1.17.1)
      NETStandard.Library (>= 1.6.1) - restriction: || (&& (== net461) (< net45) (>= netstandard1.5)) (== netcoreapp2.0) (== netcoreapp2.2) (== netstandard2.0)
      System.Interactive.Async (>= 3.1.1)
      System.Runtime.Loader (>= 4.0) - restriction: || (&& (== net461) (< net45) (>= netstandard1.5)) (== netcoreapp2.0) (== netcoreapp2.2) (== netstandard2.0)
      System.Threading.Thread (>= 4.0) - restriction: || (&& (== net461) (< net45) (>= netstandard1.5)) (== netcoreapp2.0) (== netcoreapp2.2) (== netstandard2.0)
      System.Threading.ThreadPool (>= 4.0.10) - restriction: || (&& (== net461) (< net45) (>= netstandard1.5)) (== netcoreapp2.0) (== netcoreapp2.2) (== netstandard2.0)
    Hopac (0.4.1)
      FSharp.Core (>= 4.5 < 5.0) - restriction: || (&& (== net461) (>= netstandard2.0)) (== netcoreapp2.0) (== netcoreapp2.2) (== netstandard2.0)
    Http.fs (5.3)
      FSharp.Core (>= 4.3.4) - restriction: || (&& (== net461) (>= netstandard2.0)) (== netcoreapp2.0) (== netcoreapp2.2) (== netstandard2.0)
      Hopac (>= 0.3.23) - restriction: || (&& (== net461) (>= netstandard2.0)) (== netcoreapp2.0) (== netcoreapp2.2) (== netstandard2.0)
      System.Diagnostics.FileVersionInfo (>= 4.3) - restriction: || (&& (== net461) (>= netstandard2.0)) (== netcoreapp2.0) (== netcoreapp2.2) (== netstandard2.0)
    libzmq_vc120 (4.2.30)
    lz4net (1.0.15.93) - restriction: || (&& (== net461) (>= netstandard2.0)) (== netcoreapp2.0) (== netcoreapp2.2) (== netstandard2.0)
      lz4net.unsafe.netcore (1.0.15.93) - restriction: || (&& (== net461) (< net20)) (== netcoreapp2.0) (== netcoreapp2.2) (== netstandard2.0)
      NETStandard.Library (>= 1.6.1) - restriction: || (&& (== net461) (< net20)) (== netcoreapp2.0) (== netcoreapp2.2) (== netstandard2.0)
    lz4net.unsafe.netcore (1.0.15.93) - restriction: || (&& (== net461) (< net20) (>= netstandard2.0)) (== netcoreapp2.0) (== netcoreapp2.2) (== netstandard2.0)
      NETStandard.Library (>= 1.6.1)
    Machine.Specifications (0.12)
      NETStandard.Library (>= 1.6) - restriction: || (&& (== net461) (< net35)) (== netcoreapp2.0) (== netcoreapp2.2) (== netstandard2.0)
      System.Diagnostics.TextWriterTraceListener (>= 4.0) - restriction: || (&& (== net461) (< net35)) (== netcoreapp2.0) (== netcoreapp2.2) (== netstandard2.0)
      System.Diagnostics.TraceSource (>= 4.0) - restriction: || (&& (== net461) (< net35)) (== netcoreapp2.0) (== netcoreapp2.2) (== netstandard2.0)
      System.Reflection (>= 4.1) - restriction: || (&& (== net461) (< net35)) (== netcoreapp2.0) (== netcoreapp2.2) (== netstandard2.0)
      System.Reflection.Extensions (>= 4.0.1) - restriction: || (&& (== net461) (< net35)) (== netcoreapp2.0) (== netcoreapp2.2) (== netstandard2.0)
      System.Reflection.TypeExtensions (>= 4.1) - restriction: || (&& (== net461) (< net35)) (== netcoreapp2.0) (== netcoreapp2.2) (== netstandard2.0)
      System.Xml.XPath (>= 4.0.1) - restriction: || (&& (== net461) (< net35)) (== netcoreapp2.0) (== netcoreapp2.2) (== netstandard2.0)
      System.Xml.XPath.XDocument (>= 4.0.1) - restriction: || (&& (== net461) (< net35)) (== netcoreapp2.0) (== netcoreapp2.2) (== netstandard2.0)
    Machine.Specifications.Runner.Console (0.9.3)
    Machine.Specifications.Runner.VisualStudio (2.7)
      Microsoft.NETCore.App (>= 1.1.2) - restriction: || (&& (== net461) (>= netcoreapp1.1)) (== netcoreapp2.0) (== netcoreapp2.2) (&& (== netstandard2.0) (>= netcoreapp1.1))
      Mono.Cecil (>= 0.10) - restriction: || (== net461) (== netcoreapp2.0) (== netcoreapp2.2) (&& (== netstandard2.0) (>= net46)) (&& (== netstandard2.0) (>= netcoreapp1.1))
    Machine.Specifications.Should (0.11)
      Machine.Specifications (>= 0.11)
      NETStandard.Library (>= 1.6) - restriction: || (&& (== net461) (< net35)) (== netcoreapp2.0) (== netcoreapp2.2) (== netstandard2.0)
    Microsoft.ApplicationInsights (2.8.1)
      NETStandard.Library (>= 1.6.1) - restriction: || (&& (== net461) (< net45)) (== netcoreapp2.0) (== netcoreapp2.2) (== netstandard2.0)
      System.Diagnostics.DiagnosticSource (>= 4.5)
      System.Diagnostics.StackTrace (>= 4.3) - restriction: || (&& (== net461) (< net45)) (== netcoreapp2.0) (== netcoreapp2.2) (== netstandard2.0)
      System.Net.Requests (>= 4.3) - restriction: || (&& (== net461) (< net45)) (== netcoreapp2.0) (== netcoreapp2.2) (== netstandard2.0)
    Microsoft.ApplicationInsights.Agent.Intercept (2.4) - restriction: || (== net461) (&& (== netcoreapp2.0) (>= net45)) (&& (== netcoreapp2.2) (>= net45)) (&& (== netstandard2.0) (>= net45))
    Microsoft.ApplicationInsights.DependencyCollector (2.8.1)
      Microsoft.ApplicationInsights (2.8.1)
      Microsoft.ApplicationInsights.Agent.Intercept (>= 2.4) - restriction: || (== net461) (&& (== netcoreapp2.0) (>= net45)) (&& (== netcoreapp2.2) (>= net45)) (&& (== netstandard2.0) (>= net45))
      Microsoft.Extensions.PlatformAbstractions (>= 1.1) - restriction: || (&& (== net461) (< net45) (>= netstandard1.6)) (== netcoreapp2.0) (== netcoreapp2.2) (== netstandard2.0)
      NETStandard.Library (>= 1.6.1) - restriction: || (&& (== net461) (< net45) (>= netstandard1.6)) (== netcoreapp2.0) (== netcoreapp2.2) (== netstandard2.0)
      System.Data.SqlClient (>= 4.3.1) - restriction: || (&& (== net461) (< net45) (>= netstandard1.6)) (== netcoreapp2.0) (== netcoreapp2.2) (== netstandard2.0)
      System.Diagnostics.DiagnosticSource (>= 4.5)
      System.Diagnostics.StackTrace (>= 4.3) - restriction: || (&& (== net461) (< net45) (>= netstandard1.6)) (== netcoreapp2.0) (== netcoreapp2.2) (== netstandard2.0)
    Microsoft.CodeAnalysis.Analyzers (2.6.2) - restriction: || (== net461) (== netcoreapp2.0) (== netcoreapp2.2) (&& (== netstandard2.0) (>= net461)) (&& (== netstandard2.0) (>= netcoreapp2.0))
    Microsoft.CodeAnalysis.Common (2.10) - restriction: || (== net461) (== netcoreapp2.0) (== netcoreapp2.2) (&& (== netstandard2.0) (>= net461)) (&& (== netstandard2.0) (>= netcoreapp2.0))
      Microsoft.CodeAnalysis.Analyzers (>= 2.6.1)
      System.AppContext (>= 4.3)
      System.Collections (>= 4.3)
      System.Collections.Concurrent (>= 4.3)
      System.Collections.Immutable (>= 1.5)
      System.Console (>= 4.3)
      System.Diagnostics.Debug (>= 4.3)
      System.Diagnostics.FileVersionInfo (>= 4.3)
      System.Diagnostics.StackTrace (>= 4.3)
      System.Diagnostics.Tools (>= 4.3)
      System.Dynamic.Runtime (>= 4.3)
      System.Globalization (>= 4.3)
      System.IO.Compression (>= 4.3)
      System.IO.FileSystem (>= 4.3)
      System.IO.FileSystem.Primitives (>= 4.3)
      System.Linq (>= 4.3)
      System.Linq.Expressions (>= 4.3)
      System.Reflection (>= 4.3)
      System.Reflection.Metadata (>= 1.6)
      System.Resources.ResourceManager (>= 4.3)
      System.Runtime (>= 4.3)
      System.Runtime.Extensions (>= 4.3)
      System.Runtime.InteropServices (>= 4.3)
      System.Runtime.Numerics (>= 4.3)
      System.Security.Cryptography.Algorithms (>= 4.3)
      System.Security.Cryptography.Encoding (>= 4.3)
      System.Security.Cryptography.X509Certificates (>= 4.3)
      System.Text.Encoding (>= 4.3)
      System.Text.Encoding.CodePages (>= 4.3)
      System.Text.Encoding.Extensions (>= 4.3)
      System.Threading (>= 4.3)
      System.Threading.Tasks (>= 4.3)
      System.Threading.Tasks.Extensions (>= 4.3)
      System.Threading.Tasks.Parallel (>= 4.3)
      System.Threading.Thread (>= 4.3)
      System.ValueTuple (>= 4.3)
      System.Xml.ReaderWriter (>= 4.3)
      System.Xml.XDocument (>= 4.3)
      System.Xml.XmlDocument (>= 4.3)
      System.Xml.XPath.XDocument (>= 4.3)
    Microsoft.CodeAnalysis.CSharp (2.10) - restriction: || (== net461) (== netcoreapp2.0) (== netcoreapp2.2) (&& (== netstandard2.0) (>= net461)) (&& (== netstandard2.0) (>= netcoreapp2.0))
      Microsoft.CodeAnalysis.Common (2.10)
    Microsoft.CodeCoverage (15.9) - restriction: || (== net461) (== netcoreapp2.0) (== netcoreapp2.2) (&& (== netstandard2.0) (>= net45)) (&& (== netstandard2.0) (>= netcoreapp1.0))
    Microsoft.Diagnostics.Tracing.EventSource.Redist (2.0.1) - restriction: || (== net461) (&& (== netcoreapp2.0) (>= net451)) (&& (== netcoreapp2.2) (>= net451)) (&& (== netstandard2.0) (>= net451))
    Microsoft.DotNet.PlatformAbstractions (2.1) - restriction: || (== net461) (== netcoreapp2.0) (== netcoreapp2.2) (&& (== netstandard2.0) (>= net461)) (&& (== netstandard2.0) (>= netcoreapp1.0)) (&& (== netstandard2.0) (>= netcoreapp2.0))
      System.AppContext (>= 4.1) - restriction: || (&& (== net461) (< net45)) (== netcoreapp2.0) (== netcoreapp2.2) (== netstandard2.0)
      System.Collections (>= 4.0.11) - restriction: || (&& (== net461) (< net45)) (== netcoreapp2.0) (== netcoreapp2.2) (== netstandard2.0)
      System.IO (>= 4.1) - restriction: || (&& (== net461) (< net45)) (== netcoreapp2.0) (== netcoreapp2.2) (== netstandard2.0)
      System.IO.FileSystem (>= 4.0.1) - restriction: || (&& (== net461) (< net45)) (== netcoreapp2.0) (== netcoreapp2.2) (== netstandard2.0)
      System.Reflection.TypeExtensions (>= 4.1) - restriction: || (&& (== net461) (< net45)) (== netcoreapp2.0) (== netcoreapp2.2) (== netstandard2.0)
      System.Runtime.Extensions (>= 4.1) - restriction: || (&& (== net461) (< net45)) (== netcoreapp2.0) (== netcoreapp2.2) (== netstandard2.0)
      System.Runtime.InteropServices (>= 4.1) - restriction: || (&& (== net461) (< net45)) (== netcoreapp2.0) (== netcoreapp2.2) (== netstandard2.0)
      System.Runtime.InteropServices.RuntimeInformation (>= 4.0)
    Microsoft.Extensions.DependencyModel (2.1) - restriction: || (&& (== net461) (>= netcoreapp1.0)) (== netcoreapp2.0) (== netcoreapp2.2) (&& (== netstandard2.0) (>= netcoreapp1.0))
      Microsoft.DotNet.PlatformAbstractions (>= 2.1)
      Newtonsoft.Json (>= 9.0.1)
      System.Diagnostics.Debug (>= 4.0.11) - restriction: || (&& (== net461) (< net451)) (== netcoreapp2.0) (== netcoreapp2.2) (== netstandard2.0)
      System.Dynamic.Runtime (>= 4.0.11) - restriction: || (&& (== net461) (< net451)) (== netcoreapp2.0) (== netcoreapp2.2) (== netstandard2.0)
      System.Linq (>= 4.1) - restriction: || (&& (== net461) (< net451)) (== netcoreapp2.0) (== netcoreapp2.2) (== netstandard2.0)
    Microsoft.Extensions.PlatformAbstractions (1.1) - restriction: || (&& (== net461) (< net45) (>= netstandard1.6)) (== netcoreapp2.0) (== netcoreapp2.2) (== netstandard2.0)
      NETStandard.Library (>= 1.6.1)
      System.Reflection.TypeExtensions (>= 4.3) - restriction: || (&& (== net461) (< net451)) (== netcoreapp2.0) (== netcoreapp2.2) (== netstandard2.0)
    Microsoft.NET.Test.Sdk (15.9)
      Microsoft.CodeCoverage (>= 15.9) - restriction: || (== net461) (== netcoreapp2.0) (== netcoreapp2.2) (&& (== netstandard2.0) (>= net45)) (&& (== netstandard2.0) (>= netcoreapp1.0))
      Microsoft.TestPlatform.TestHost (>= 15.9) - restriction: || (&& (== net461) (>= netcoreapp1.0)) (== netcoreapp2.0) (== netcoreapp2.2) (&& (== netstandard2.0) (>= netcoreapp1.0))
    Microsoft.NETCore.App (2.2) - restriction: || (&& (== net461) (>= netcoreapp1.1)) (== netcoreapp2.0) (== netcoreapp2.2) (&& (== netstandard2.0) (>= netcoreapp1.1))
      Microsoft.NETCore.DotNetHostPolicy (>= 2.2) - restriction: || (&& (== net461) (>= netcoreapp2.2)) (&& (== netcoreapp2.0) (>= netcoreapp2.2)) (== netcoreapp2.2) (&& (== netstandard2.0) (>= netcoreapp2.2))
      Microsoft.NETCore.Platforms (>= 2.2) - restriction: || (&& (== net461) (>= netcoreapp2.2)) (&& (== netcoreapp2.0) (>= netcoreapp2.2)) (== netcoreapp2.2) (&& (== netstandard2.0) (>= netcoreapp2.2))
      Microsoft.NETCore.Targets (>= 2.0) - restriction: || (&& (== net461) (>= netcoreapp2.2)) (&& (== netcoreapp2.0) (>= netcoreapp2.2)) (== netcoreapp2.2) (&& (== netstandard2.0) (>= netcoreapp2.2))
      NETStandard.Library (>= 2.0.3) - restriction: || (&& (== net461) (>= netcoreapp2.2)) (&& (== netcoreapp2.0) (>= netcoreapp2.2)) (== netcoreapp2.2) (&& (== netstandard2.0) (>= netcoreapp2.2))
    Microsoft.NETCore.DotNetAppHost (2.2) - restriction: || (&& (== net461) (>= netcoreapp2.2)) (&& (== netcoreapp2.0) (>= netcoreapp2.2)) (== netcoreapp2.2) (&& (== netstandard2.0) (>= netcoreapp2.2))
    Microsoft.NETCore.DotNetHostPolicy (2.2) - restriction: || (&& (== net461) (>= netcoreapp2.2)) (&& (== netcoreapp2.0) (>= netcoreapp2.2)) (== netcoreapp2.2) (&& (== netstandard2.0) (>= netcoreapp2.2))
      Microsoft.NETCore.DotNetHostResolver (>= 2.2)
    Microsoft.NETCore.DotNetHostResolver (2.2) - restriction: || (&& (== net461) (>= netcoreapp2.2)) (&& (== netcoreapp2.0) (>= netcoreapp2.2)) (== netcoreapp2.2) (&& (== netstandard2.0) (>= netcoreapp2.2))
      Microsoft.NETCore.DotNetAppHost (>= 2.2)
    Microsoft.NETCore.Platforms (2.2) - restriction: || (&& (== net461) (>= dnxcore50)) (&& (== net461) (< net20) (>= netstandard2.0)) (&& (== net461) (< net45)) (&& (== net461) (>= netcoreapp2.0)) (&& (== net461) (>= netcoreapp2.1)) (&& (== net461) (>= netcoreapp2.2)) (&& (== net461) (>= netstandard2.0) (>= uap10.1)) (== netcoreapp2.0) (== netcoreapp2.2) (== netstandard2.0)
    Microsoft.NETCore.Targets (2.1) - restriction: || (&& (== net461) (>= dnxcore50)) (&& (== net461) (< net45)) (&& (== net461) (>= netcoreapp2.2)) (== netcoreapp2.0) (== netcoreapp2.2) (== netstandard2.0)
    Microsoft.Rest.ClientRuntime (2.3.18)
      NETStandard.Library (>= 1.6.1) - restriction: || (&& (== net461) (< net452)) (== netcoreapp2.0) (== netcoreapp2.2) (== netstandard2.0)
      Newtonsoft.Json (>= 6.0.8) - restriction: || (== net461) (&& (== netcoreapp2.0) (>= net452)) (&& (== netcoreapp2.2) (>= net452)) (&& (== netstandard2.0) (>= net452))
      Newtonsoft.Json (>= 10.0.3) - restriction: || (&& (== net461) (< net452)) (== netcoreapp2.0) (== netcoreapp2.2) (== netstandard2.0)
    Microsoft.TestPlatform.ObjectModel (15.9) - restriction: || (&& (== net461) (>= netcoreapp1.0)) (== netcoreapp2.0) (== netcoreapp2.2) (&& (== netstandard2.0) (>= netcoreapp1.0))
      NETStandard.Library (>= 1.6) - restriction: || (&& (== net461) (< net451) (>= netstandard1.5)) (== netcoreapp2.0) (== netcoreapp2.2) (== netstandard2.0)
      System.ComponentModel.EventBasedAsync (>= 4.0.11) - restriction: || (&& (== net461) (< net451) (>= netstandard1.5)) (== netcoreapp2.0) (== netcoreapp2.2) (== netstandard2.0)
      System.ComponentModel.TypeConverter (>= 4.1) - restriction: || (&& (== net461) (< net451)) (== netcoreapp2.0) (== netcoreapp2.2) (== netstandard2.0)
      System.Diagnostics.Process (>= 4.1) - restriction: || (&& (== net461) (< net451) (>= netstandard1.5)) (== netcoreapp2.0) (== netcoreapp2.2) (== netstandard2.0)
      System.Diagnostics.TextWriterTraceListener (>= 4.0) - restriction: || (&& (== net461) (< net451) (>= netstandard1.5)) (== netcoreapp2.0) (== netcoreapp2.2) (== netstandard2.0)
      System.Diagnostics.TraceSource (>= 4.0) - restriction: || (&& (== net461) (< net451) (>= netstandard1.5)) (== netcoreapp2.0) (== netcoreapp2.2) (== netstandard2.0)
      System.Reflection.Metadata (>= 1.3)
      System.Reflection.TypeExtensions (>= 4.1) - restriction: || (&& (== net461) (< net451) (>= netstandard1.5)) (== netcoreapp2.0) (== netcoreapp2.2) (== netstandard2.0)
      System.Runtime.InteropServices.RuntimeInformation (>= 4.0) - restriction: || (&& (== net461) (< net451)) (== netcoreapp2.0) (== netcoreapp2.2) (== netstandard2.0)
      System.Runtime.Loader (>= 4.0) - restriction: || (&& (== net461) (< net451) (>= netstandard1.5)) (== netcoreapp2.0) (== netcoreapp2.2) (== netstandard2.0)
      System.Runtime.Serialization.Json (>= 4.0.2) - restriction: || (&& (== net461) (< net451) (>= netstandard1.5)) (== netcoreapp2.0) (== netcoreapp2.2) (== netstandard2.0)
      System.Runtime.Serialization.Primitives (>= 4.1.1) - restriction: || (&& (== net461) (< net451) (>= netstandard1.5)) (== netcoreapp2.0) (== netcoreapp2.2) (== netstandard2.0)
      System.Threading.Thread (>= 4.0) - restriction: || (&& (== net461) (< net451) (>= netstandard1.5)) (== netcoreapp2.0) (== netcoreapp2.2) (== netstandard2.0)
      System.Xml.XPath.XmlDocument (>= 4.0.1) - restriction: || (&& (== net461) (< net451) (>= netstandard1.5)) (== netcoreapp2.0) (== netcoreapp2.2) (== netstandard2.0)
    Microsoft.TestPlatform.TestHost (15.9) - restriction: || (&& (== net461) (>= netcoreapp1.0)) (== netcoreapp2.0) (== netcoreapp2.2) (&& (== netstandard2.0) (>= netcoreapp1.0))
      Microsoft.Extensions.DependencyModel (>= 1.0.3) - restriction: || (&& (== net461) (>= netcoreapp1.0)) (== netcoreapp2.0) (== netcoreapp2.2) (&& (== netstandard2.0) (>= netcoreapp1.0))
      Microsoft.TestPlatform.ObjectModel (>= 15.9) - restriction: || (&& (== net461) (>= netcoreapp1.0)) (&& (== net461) (>= uap10.0)) (== netcoreapp2.0) (== netcoreapp2.2) (&& (== netstandard2.0) (>= netcoreapp1.0)) (&& (== netstandard2.0) (>= uap10.0))
      Newtonsoft.Json (>= 9.0.1) - restriction: || (&& (== net461) (>= netcoreapp1.0)) (&& (== net461) (>= uap10.0)) (== netcoreapp2.0) (== netcoreapp2.2) (&& (== netstandard2.0) (>= netcoreapp1.0)) (&& (== netstandard2.0) (>= uap10.0))
    Microsoft.Win32.Primitives (4.3) - restriction: || (&& (== net461) (< net451) (>= netstandard1.5)) (&& (== net461) (< net451) (>= netstandard1.6)) (&& (== net461) (>= netcoreapp1.0)) (== netcoreapp2.0) (== netcoreapp2.2) (== netstandard2.0)
      Microsoft.NETCore.Platforms (>= 1.1) - restriction: || (&& (== net461) (< net46)) (== netcoreapp2.0) (== netcoreapp2.2) (== netstandard2.0)
      Microsoft.NETCore.Targets (>= 1.1) - restriction: || (&& (== net461) (< net46)) (== netcoreapp2.0) (== netcoreapp2.2) (== netstandard2.0)
      System.Runtime (>= 4.3) - restriction: || (&& (== net461) (< net46)) (== netcoreapp2.0) (== netcoreapp2.2) (== netstandard2.0)
    Microsoft.Win32.Registry (4.5)
      System.Buffers (>= 4.4) - restriction: || (&& (== net461) (>= monoandroid)) (&& (== net461) (>= monotouch)) (&& (== net461) (< net46) (>= netstandard2.0)) (&& (== net461) (>= xamarinios)) (&& (== net461) (>= xamarinmac)) (&& (== net461) (>= xamarintvos)) (&& (== net461) (>= xamarinwatchos)) (&& (== netcoreapp2.0) (>= monoandroid) (< netstandard2.0)) (&& (== netcoreapp2.0) (>= monotouch)) (&& (== netcoreapp2.0) (>= xamarinios)) (&& (== netcoreapp2.0) (>= xamarinmac)) (&& (== netcoreapp2.0) (>= xamarintvos)) (&& (== netcoreapp2.0) (>= xamarinwatchos)) (&& (== netcoreapp2.2) (>= monoandroid) (< netstandard2.0)) (&& (== netcoreapp2.2) (>= monotouch)) (&& (== netcoreapp2.2) (< netcoreapp2.0)) (&& (== netcoreapp2.2) (>= xamarinios)) (&& (== netcoreapp2.2) (>= xamarinmac)) (&& (== netcoreapp2.2) (>= xamarintvos)) (&& (== netcoreapp2.2) (>= xamarinwatchos)) (== netstandard2.0)
      System.Memory (>= 4.5) - restriction: || (&& (== net461) (< net46) (>= netstandard2.0)) (&& (== net461) (>= netcoreapp2.0)) (&& (== net461) (>= uap10.1)) (== netcoreapp2.0) (&& (== netcoreapp2.2) (< netcoreapp2.0)) (&& (== netcoreapp2.2) (< netcoreapp2.1)) (&& (== netcoreapp2.2) (>= uap10.1)) (== netstandard2.0)
      System.Security.AccessControl (>= 4.5)
      System.Security.Principal.Windows (>= 4.5)
    Microsoft.Win32.Registry.AccessControl (4.5) - restriction: || (&& (== net461) (< net452) (>= netstandard2.0)) (== netcoreapp2.0) (== netcoreapp2.2) (== netstandard2.0)
      Microsoft.Win32.Registry (>= 4.5)
      System.Security.AccessControl (>= 4.5)
    Microsoft.Win32.SystemEvents (4.5) - restriction: || (&& (== net461) (< net452) (>= netstandard2.0)) (&& (== net461) (>= netcoreapp2.0)) (== netcoreapp2.0) (== netcoreapp2.2) (== netstandard2.0)
      Microsoft.NETCore.Platforms (>= 2.0) - restriction: || (&& (== net461) (>= netcoreapp2.0)) (== netcoreapp2.0) (== netcoreapp2.2) (&& (== netstandard2.0) (>= netcoreapp2.0))
    Microsoft.Windows.Compatibility (2.0.1) - restriction: || (&& (== net461) (< net452) (>= netstandard2.0)) (== netcoreapp2.0) (== netcoreapp2.2) (== netstandard2.0)
      Microsoft.Win32.Registry (>= 4.5) - restriction: || (&& (== net461) (>= netstandard2.0)) (== netcoreapp2.0) (== netcoreapp2.2) (== netstandard2.0)
      Microsoft.Win32.Registry.AccessControl (>= 4.5) - restriction: || (&& (== net461) (>= netstandard2.0)) (== netcoreapp2.0) (== netcoreapp2.2) (== netstandard2.0)
      Microsoft.Win32.SystemEvents (>= 4.5) - restriction: || (&& (== net461) (>= netstandard2.0)) (== netcoreapp2.0) (== netcoreapp2.2) (== netstandard2.0)
      Microsoft.Windows.Compatibility.Shims (>= 2.0.1) - restriction: || (&& (== net461) (>= netcoreapp2.0)) (== netcoreapp2.0) (&& (== netcoreapp2.2) (< netcoreapp2.1)) (&& (== netstandard2.0) (>= netcoreapp2.0))
      System.CodeDom (>= 4.5) - restriction: || (&& (== net461) (>= netstandard2.0)) (== netcoreapp2.0) (== netcoreapp2.2) (== netstandard2.0)
      System.ComponentModel.Composition (>= 4.5) - restriction: || (&& (== net461) (>= netstandard2.0)) (== netcoreapp2.0) (== netcoreapp2.2) (== netstandard2.0)
      System.Configuration.ConfigurationManager (>= 4.5) - restriction: || (&& (== net461) (>= netstandard2.0)) (== netcoreapp2.0) (== netcoreapp2.2) (== netstandard2.0)
      System.Data.DataSetExtensions (>= 4.5) - restriction: || (&& (== net461) (>= netstandard2.0)) (== netcoreapp2.0) (== netcoreapp2.2) (== netstandard2.0)
      System.Data.Odbc (>= 4.5) - restriction: || (&& (== net461) (>= netstandard2.0)) (== netcoreapp2.0) (== netcoreapp2.2) (== netstandard2.0)
      System.Data.SqlClient (>= 4.5) - restriction: || (&& (== net461) (>= netstandard2.0)) (== netcoreapp2.0) (== netcoreapp2.2) (== netstandard2.0)
      System.Diagnostics.EventLog (>= 4.5) - restriction: || (&& (== net461) (>= netstandard2.0)) (== netcoreapp2.0) (== netcoreapp2.2) (== netstandard2.0)
      System.Diagnostics.PerformanceCounter (>= 4.5) - restriction: || (&& (== net461) (>= netstandard2.0)) (== netcoreapp2.0) (== netcoreapp2.2) (== netstandard2.0)
      System.DirectoryServices (>= 4.5) - restriction: || (&& (== net461) (>= netstandard2.0)) (== netcoreapp2.0) (== netcoreapp2.2) (== netstandard2.0)
      System.DirectoryServices.AccountManagement (>= 4.5) - restriction: || (&& (== net461) (>= netstandard2.0)) (== netcoreapp2.0) (== netcoreapp2.2) (== netstandard2.0)
      System.DirectoryServices.Protocols (>= 4.5) - restriction: || (&& (== net461) (>= netstandard2.0)) (== netcoreapp2.0) (== netcoreapp2.2) (== netstandard2.0)
      System.Drawing.Common (>= 4.5) - restriction: || (&& (== net461) (>= netstandard2.0)) (== netcoreapp2.0) (== netcoreapp2.2) (== netstandard2.0)
      System.IO.FileSystem.AccessControl (>= 4.5) - restriction: || (&& (== net461) (>= netstandard2.0)) (== netcoreapp2.0) (== netcoreapp2.2) (== netstandard2.0)
      System.IO.Packaging (>= 4.5) - restriction: || (&& (== net461) (>= netstandard2.0)) (== netcoreapp2.0) (== netcoreapp2.2) (== netstandard2.0)
      System.IO.Pipes.AccessControl (>= 4.5) - restriction: || (&& (== net461) (>= netstandard2.0)) (== netcoreapp2.0) (== netcoreapp2.2) (== netstandard2.0)
      System.IO.Ports (>= 4.5) - restriction: || (&& (== net461) (>= netstandard2.0)) (== netcoreapp2.0) (== netcoreapp2.2) (== netstandard2.0)
      System.Management (>= 4.5) - restriction: || (&& (== net461) (>= netstandard2.0)) (== netcoreapp2.0) (== netcoreapp2.2) (== netstandard2.0)
      System.Runtime.Caching (>= 4.5) - restriction: || (&& (== net461) (>= netstandard2.0)) (== netcoreapp2.0) (== netcoreapp2.2) (== netstandard2.0)
      System.Security.AccessControl (>= 4.5) - restriction: || (&& (== net461) (>= netstandard2.0)) (== netcoreapp2.0) (== netcoreapp2.2) (== netstandard2.0)
      System.Security.Cryptography.Cng (>= 4.5) - restriction: || (&& (== net461) (>= netstandard2.0)) (== netcoreapp2.0) (== netcoreapp2.2) (== netstandard2.0)
      System.Security.Cryptography.Pkcs (>= 4.5) - restriction: || (&& (== net461) (>= netstandard2.0)) (== netcoreapp2.0) (== netcoreapp2.2) (== netstandard2.0)
      System.Security.Cryptography.ProtectedData (>= 4.5) - restriction: || (&& (== net461) (>= netstandard2.0)) (== netcoreapp2.0) (== netcoreapp2.2) (== netstandard2.0)
      System.Security.Cryptography.Xml (>= 4.5) - restriction: || (&& (== net461) (>= netstandard2.0)) (== netcoreapp2.0) (== netcoreapp2.2) (== netstandard2.0)
      System.Security.Permissions (>= 4.5) - restriction: || (&& (== net461) (>= netstandard2.0)) (== netcoreapp2.0) (== netcoreapp2.2) (== netstandard2.0)
      System.Security.Principal.Windows (>= 4.5) - restriction: || (&& (== net461) (>= netstandard2.0)) (== netcoreapp2.0) (== netcoreapp2.2) (== netstandard2.0)
      System.ServiceModel.Duplex (>= 4.4.1) - restriction: || (&& (== net461) (>= netstandard2.0)) (== netcoreapp2.0) (== netcoreapp2.2) (== netstandard2.0)
      System.ServiceModel.Http (>= 4.4.1) - restriction: || (&& (== net461) (>= netstandard2.0)) (== netcoreapp2.0) (== netcoreapp2.2) (== netstandard2.0)
      System.ServiceModel.NetTcp (>= 4.4.1) - restriction: || (&& (== net461) (>= netstandard2.0)) (== netcoreapp2.0) (== netcoreapp2.2) (== netstandard2.0)
      System.ServiceModel.Primitives (>= 4.4.1) - restriction: || (&& (== net461) (>= netstandard2.0)) (== netcoreapp2.0) (== netcoreapp2.2) (== netstandard2.0)
      System.ServiceModel.Security (>= 4.4.1) - restriction: || (&& (== net461) (>= netstandard2.0)) (== netcoreapp2.0) (== netcoreapp2.2) (== netstandard2.0)
      System.ServiceModel.Syndication (>= 4.5) - restriction: || (&& (== net461) (>= netstandard2.0)) (== netcoreapp2.0) (== netcoreapp2.2) (== netstandard2.0)
      System.ServiceProcess.ServiceController (>= 4.5) - restriction: || (&& (== net461) (>= netstandard2.0)) (== netcoreapp2.0) (== netcoreapp2.2) (== netstandard2.0)
      System.Text.Encoding.CodePages (>= 4.5) - restriction: || (&& (== net461) (>= netstandard2.0)) (== netcoreapp2.0) (== netcoreapp2.2) (== netstandard2.0)
      System.Threading.AccessControl (>= 4.5) - restriction: || (&& (== net461) (>= netstandard2.0)) (== netcoreapp2.0) (== netcoreapp2.2) (== netstandard2.0)
    Microsoft.Windows.Compatibility.Shims (2.0.1) - restriction: || (&& (== net461) (== netcoreapp2.2)) (&& (== net461) (>= netcoreapp2.0)) (== netcoreapp2.0) (&& (== netcoreapp2.2) (== netstandard2.0)) (&& (== netcoreapp2.2) (< netcoreapp2.1)) (&& (== netstandard2.0) (>= netcoreapp2.0))
    Mono.Cecil (0.10.1)
      System.Collections (>= 4.0.11) - restriction: || (&& (== net461) (< net35)) (== netcoreapp2.0) (== netcoreapp2.2) (== netstandard2.0)
      System.IO.FileSystem (>= 4.0.1) - restriction: || (&& (== net461) (< net35)) (== netcoreapp2.0) (== netcoreapp2.2) (== netstandard2.0)
      System.IO.FileSystem.Primitives (>= 4.0.1) - restriction: || (&& (== net461) (< net35)) (== netcoreapp2.0) (== netcoreapp2.2) (== netstandard2.0)
      System.Reflection (>= 4.1) - restriction: || (&& (== net461) (< net35)) (== netcoreapp2.0) (== netcoreapp2.2) (== netstandard2.0)
      System.Runtime.Extensions (>= 4.1) - restriction: || (&& (== net461) (< net35)) (== netcoreapp2.0) (== netcoreapp2.2) (== netstandard2.0)
      System.Security.Cryptography.Algorithms (>= 4.2) - restriction: || (&& (== net461) (< net35)) (== netcoreapp2.0) (== netcoreapp2.2) (== netstandard2.0)
      System.Security.Cryptography.Csp (>= 4.0) - restriction: || (&& (== net461) (< net35)) (== netcoreapp2.0) (== netcoreapp2.2) (== netstandard2.0)
      System.Threading (>= 4.0.11) - restriction: || (&& (== net461) (< net35)) (== netcoreapp2.0) (== netcoreapp2.2) (== netstandard2.0)
    NETStandard.Library (2.0.3) - restriction: || (&& (== net461) (< net35)) (&& (== net461) (>= netcoreapp1.0)) (&& (== net461) (>= netcoreapp2.2)) (== netcoreapp2.0) (== netcoreapp2.2) (== netstandard2.0)
      Microsoft.NETCore.Platforms (>= 1.1)
    Newtonsoft.Json (12.0.1)
    NitoAsyncEx.Context.StrongName (1.1)
    NLog (4.5.11)
    NodaTime (2.4.2)
    protobuf-net (2.4)
      System.Reflection.Emit (>= 4.3) - restriction: || (&& (== net461) (< net20)) (== netcoreapp2.0) (&& (== netcoreapp2.2) (< netcoreapp2.1)) (&& (== netcoreapp2.2) (< netstandard2.0)) (== netstandard2.0)
      System.Reflection.Emit.Lightweight (>= 4.3) - restriction: || (&& (== net461) (< net20)) (== netcoreapp2.0) (&& (== netcoreapp2.2) (< netcoreapp2.1)) (&& (== netcoreapp2.2) (< netstandard2.0)) (== netstandard2.0)
      System.Reflection.TypeExtensions (>= 4.4) - restriction: || (&& (== net461) (< net20)) (== netcoreapp2.0) (&& (== netcoreapp2.2) (< netcoreapp2.1)) (&& (== netcoreapp2.2) (< netstandard2.0)) (== netstandard2.0)
      System.ServiceModel.Primitives (>= 4.5.3) - restriction: || (&& (== net461) (< net20) (>= netstandard2.0)) (&& (== net461) (>= netcoreapp2.1)) (== netcoreapp2.0) (== netcoreapp2.2) (== netstandard2.0)
      System.Xml.XmlSerializer (>= 4.3) - restriction: || (&& (== net461) (< net20)) (== netcoreapp2.0) (&& (== netcoreapp2.2) (< netcoreapp2.1)) (&& (== netcoreapp2.2) (< netstandard2.0)) (== netstandard2.0)
    RabbitMQ.Client (5.1)
      Microsoft.Diagnostics.Tracing.EventSource.Redist (>= 1.1.28) - restriction: || (== net461) (&& (== netcoreapp2.0) (>= net451)) (&& (== netcoreapp2.2) (>= net451)) (&& (== netstandard2.0) (>= net451))
      NETStandard.Library (>= 1.6.1) - restriction: || (&& (== net461) (< net451) (>= netstandard1.5)) (== netcoreapp2.0) (== netcoreapp2.2) (== netstandard2.0)
      System.Collections.Concurrent (>= 4.3) - restriction: || (&& (== net461) (< net451) (>= netstandard1.5)) (== netcoreapp2.0) (== netcoreapp2.2) (== netstandard2.0)
      System.Console (>= 4.3) - restriction: || (&& (== net461) (< net451) (>= netstandard1.5)) (== netcoreapp2.0) (== netcoreapp2.2) (== netstandard2.0)
      System.Diagnostics.Debug (>= 4.3) - restriction: || (&& (== net461) (< net451) (>= netstandard1.5)) (== netcoreapp2.0) (== netcoreapp2.2) (== netstandard2.0)
      System.Diagnostics.Tracing (>= 4.3) - restriction: || (&& (== net461) (< net451) (>= netstandard1.5)) (== netcoreapp2.0) (== netcoreapp2.2) (== netstandard2.0)
      System.IO (>= 4.3) - restriction: || (&& (== net461) (< net451) (>= netstandard1.5)) (== netcoreapp2.0) (== netcoreapp2.2) (== netstandard2.0)
      System.Linq (>= 4.3) - restriction: || (&& (== net461) (< net451) (>= netstandard1.5)) (== netcoreapp2.0) (== netcoreapp2.2) (== netstandard2.0)
      System.Net.NameResolution (>= 4.3) - restriction: || (&& (== net461) (< net451) (>= netstandard1.5)) (== netcoreapp2.0) (== netcoreapp2.2) (== netstandard2.0)
      System.Net.Security (>= 4.3) - restriction: || (&& (== net461) (< net451) (>= netstandard1.5)) (== netcoreapp2.0) (== netcoreapp2.2) (== netstandard2.0)
      System.Net.Sockets (>= 4.3) - restriction: || (&& (== net461) (< net451) (>= netstandard1.5)) (== netcoreapp2.0) (== netcoreapp2.2) (== netstandard2.0)
      System.Reflection.Extensions (>= 4.3) - restriction: || (&& (== net461) (< net451) (>= netstandard1.5)) (== netcoreapp2.0) (== netcoreapp2.2) (== netstandard2.0)
      System.Reflection.TypeExtensions (>= 4.3) - restriction: || (&& (== net461) (< net451) (>= netstandard1.5)) (== netcoreapp2.0) (== netcoreapp2.2) (== netstandard2.0)
      System.Runtime (>= 4.3) - restriction: || (&& (== net461) (< net451) (>= netstandard1.5)) (== netcoreapp2.0) (== netcoreapp2.2) (== netstandard2.0)
      System.Runtime.Extensions (>= 4.3) - restriction: || (&& (== net461) (< net451) (>= netstandard1.5)) (== netcoreapp2.0) (== netcoreapp2.2) (== netstandard2.0)
      System.Text.RegularExpressions (>= 4.3) - restriction: || (&& (== net461) (< net451) (>= netstandard1.5)) (== netcoreapp2.0) (== netcoreapp2.2) (== netstandard2.0)
      System.Threading (>= 4.3) - restriction: || (&& (== net461) (< net451) (>= netstandard1.5)) (== netcoreapp2.0) (== netcoreapp2.2) (== netstandard2.0)
      System.Threading.Thread (>= 4.3) - restriction: || (&& (== net461) (< net451) (>= netstandard1.5)) (== netcoreapp2.0) (== netcoreapp2.2) (== netstandard2.0)
      System.Threading.Timer (>= 4.3) - restriction: || (&& (== net461) (< net451) (>= netstandard1.5)) (== netcoreapp2.0) (== netcoreapp2.2) (== netstandard2.0)
    runtime.debian.8-x64.runtime.native.System.Security.Cryptography.OpenSsl (4.3.3) - restriction: || (&& (== net461) (< net45) (>= netstandard1.6)) (== netcoreapp2.0) (== netcoreapp2.2) (== netstandard2.0)
    runtime.debian.9-x64.runtime.native.System.Security.Cryptography.OpenSsl (4.3.3) - restriction: || (&& (== net461) (< net45) (>= netstandard1.6)) (== netcoreapp2.0) (== netcoreapp2.2) (== netstandard2.0)
    runtime.fedora.23-x64.runtime.native.System.Security.Cryptography.OpenSsl (4.3.3) - restriction: || (&& (== net461) (< net45) (>= netstandard1.6)) (== netcoreapp2.0) (== netcoreapp2.2) (== netstandard2.0)
    runtime.fedora.24-x64.runtime.native.System.Security.Cryptography.OpenSsl (4.3.3) - restriction: || (&& (== net461) (< net45) (>= netstandard1.6)) (== netcoreapp2.0) (== netcoreapp2.2) (== netstandard2.0)
    runtime.fedora.27-x64.runtime.native.System.Security.Cryptography.OpenSsl (4.3.3) - restriction: || (&& (== net461) (< net45) (>= netstandard1.6)) (== netcoreapp2.0) (== netcoreapp2.2) (== netstandard2.0)
    runtime.fedora.28-x64.runtime.native.System.Security.Cryptography.OpenSsl (4.3.3) - restriction: || (&& (== net461) (< net45) (>= netstandard1.6)) (== netcoreapp2.0) (== netcoreapp2.2) (== netstandard2.0)
    runtime.native.System (4.3.1) - restriction: || (&& (== net461) (< net45)) (&& (== net461) (>= netcoreapp1.0)) (== netcoreapp2.0) (== netcoreapp2.2) (== netstandard2.0)
      Microsoft.NETCore.Platforms (>= 1.1.1)
      Microsoft.NETCore.Targets (>= 1.1.3)
    runtime.native.System.Data.SqlClient.sni (4.5) - restriction: || (&& (== net461) (< net451) (>= netstandard2.0)) (&& (== net461) (>= netcoreapp2.0)) (== netcoreapp2.0) (== netcoreapp2.2) (== netstandard2.0)
      runtime.win-arm64.runtime.native.System.Data.SqlClient.sni (>= 4.4)
      runtime.win-x64.runtime.native.System.Data.SqlClient.sni (>= 4.4)
      runtime.win-x86.runtime.native.System.Data.SqlClient.sni (>= 4.4)
    runtime.native.System.IO.Compression (4.3.2) - restriction: || (&& (== net461) (== netstandard2.0)) (&& (== net461) (>= dnxcore50)) (&& (== net461) (< net45)) (== netcoreapp2.0) (== netcoreapp2.2) (&& (== netstandard2.0) (>= net461)) (&& (== netstandard2.0) (>= netcoreapp2.0))
      Microsoft.NETCore.Platforms (>= 1.1.1)
      Microsoft.NETCore.Targets (>= 1.1.3)
    runtime.native.System.Net.Http (4.3.1) - restriction: || (&& (== net461) (< net45) (>= netstandard1.6)) (== netcoreapp2.0) (== netcoreapp2.2) (== netstandard2.0)
      Microsoft.NETCore.Platforms (>= 1.1.1)
      Microsoft.NETCore.Targets (>= 1.1.3)
    runtime.native.System.Net.Security (4.3.1) - restriction: || (&& (== net461) (< net451) (>= netstandard1.6)) (== netcoreapp2.0) (== netcoreapp2.2) (== netstandard2.0)
      Microsoft.NETCore.Platforms (>= 1.1.1)
      Microsoft.NETCore.Targets (>= 1.1.3)
    runtime.native.System.Security.Cryptography.Apple (4.3.1) - restriction: || (&& (== net461) (< net45) (>= netstandard1.6)) (== netcoreapp2.0) (== netcoreapp2.2) (== netstandard2.0)
      runtime.osx.10.10-x64.runtime.native.System.Security.Cryptography.Apple (>= 4.3.1)
    runtime.native.System.Security.Cryptography.OpenSsl (4.3.3) - restriction: || (&& (== net461) (< net45) (>= netstandard1.6)) (== netcoreapp2.0) (== netcoreapp2.2) (== netstandard2.0)
      runtime.debian.8-x64.runtime.native.System.Security.Cryptography.OpenSsl (>= 4.3.3)
      runtime.debian.9-x64.runtime.native.System.Security.Cryptography.OpenSsl (>= 4.3.3)
      runtime.fedora.23-x64.runtime.native.System.Security.Cryptography.OpenSsl (>= 4.3.3)
      runtime.fedora.24-x64.runtime.native.System.Security.Cryptography.OpenSsl (>= 4.3.3)
      runtime.fedora.27-x64.runtime.native.System.Security.Cryptography.OpenSsl (>= 4.3.3)
      runtime.fedora.28-x64.runtime.native.System.Security.Cryptography.OpenSsl (>= 4.3.3)
      runtime.opensuse.13.2-x64.runtime.native.System.Security.Cryptography.OpenSsl (>= 4.3.3)
      runtime.opensuse.42.1-x64.runtime.native.System.Security.Cryptography.OpenSsl (>= 4.3.3)
      runtime.opensuse.42.3-x64.runtime.native.System.Security.Cryptography.OpenSsl (>= 4.3.3)
      runtime.osx.10.10-x64.runtime.native.System.Security.Cryptography.OpenSsl (>= 4.3.3)
      runtime.rhel.7-x64.runtime.native.System.Security.Cryptography.OpenSsl (>= 4.3.3)
      runtime.ubuntu.14.04-x64.runtime.native.System.Security.Cryptography.OpenSsl (>= 4.3.3)
      runtime.ubuntu.16.04-x64.runtime.native.System.Security.Cryptography.OpenSsl (>= 4.3.3)
      runtime.ubuntu.16.10-x64.runtime.native.System.Security.Cryptography.OpenSsl (>= 4.3.3)
      runtime.ubuntu.18.04-x64.runtime.native.System.Security.Cryptography.OpenSsl (>= 4.3.3)
    runtime.opensuse.13.2-x64.runtime.native.System.Security.Cryptography.OpenSsl (4.3.3) - restriction: || (&& (== net461) (< net45) (>= netstandard1.6)) (== netcoreapp2.0) (== netcoreapp2.2) (== netstandard2.0)
    runtime.opensuse.42.1-x64.runtime.native.System.Security.Cryptography.OpenSsl (4.3.3) - restriction: || (&& (== net461) (< net45) (>= netstandard1.6)) (== netcoreapp2.0) (== netcoreapp2.2) (== netstandard2.0)
    runtime.opensuse.42.3-x64.runtime.native.System.Security.Cryptography.OpenSsl (4.3.3) - restriction: || (&& (== net461) (< net45) (>= netstandard1.6)) (== netcoreapp2.0) (== netcoreapp2.2) (== netstandard2.0)
    runtime.osx.10.10-x64.runtime.native.System.Security.Cryptography.Apple (4.3.1) - restriction: || (&& (== net461) (< net45) (>= netstandard1.6)) (== netcoreapp2.0) (== netcoreapp2.2) (== netstandard2.0)
    runtime.osx.10.10-x64.runtime.native.System.Security.Cryptography.OpenSsl (4.3.3) - restriction: || (&& (== net461) (< net45) (>= netstandard1.6)) (== netcoreapp2.0) (== netcoreapp2.2) (== netstandard2.0)
    runtime.rhel.7-x64.runtime.native.System.Security.Cryptography.OpenSsl (4.3.3) - restriction: || (&& (== net461) (< net45) (>= netstandard1.6)) (== netcoreapp2.0) (== netcoreapp2.2) (== netstandard2.0)
    runtime.ubuntu.14.04-x64.runtime.native.System.Security.Cryptography.OpenSsl (4.3.3) - restriction: || (&& (== net461) (< net45) (>= netstandard1.6)) (== netcoreapp2.0) (== netcoreapp2.2) (== netstandard2.0)
    runtime.ubuntu.16.04-x64.runtime.native.System.Security.Cryptography.OpenSsl (4.3.3) - restriction: || (&& (== net461) (< net45) (>= netstandard1.6)) (== netcoreapp2.0) (== netcoreapp2.2) (== netstandard2.0)
    runtime.ubuntu.16.10-x64.runtime.native.System.Security.Cryptography.OpenSsl (4.3.3) - restriction: || (&& (== net461) (< net45) (>= netstandard1.6)) (== netcoreapp2.0) (== netcoreapp2.2) (== netstandard2.0)
    runtime.ubuntu.18.04-x64.runtime.native.System.Security.Cryptography.OpenSsl (4.3.3) - restriction: || (&& (== net461) (< net45) (>= netstandard1.6)) (== netcoreapp2.0) (== netcoreapp2.2) (== netstandard2.0)
    runtime.win-arm64.runtime.native.System.Data.SqlClient.sni (4.4) - restriction: || (&& (== net461) (< net451) (>= netstandard2.0)) (&& (== net461) (>= netcoreapp2.0)) (== netcoreapp2.0) (== netcoreapp2.2) (== netstandard2.0)
    runtime.win-x64.runtime.native.System.Data.SqlClient.sni (4.4) - restriction: || (&& (== net461) (< net451) (>= netstandard2.0)) (&& (== net461) (>= netcoreapp2.0)) (== netcoreapp2.0) (== netcoreapp2.2) (== netstandard2.0)
    runtime.win-x86.runtime.native.System.Data.SqlClient.sni (4.4) - restriction: || (&& (== net461) (< net451) (>= netstandard2.0)) (&& (== net461) (>= netcoreapp2.0)) (== netcoreapp2.0) (== netcoreapp2.2) (== netstandard2.0)
    SQLite.Interop (1.0)
    SQLite.Interop.dll (1.0.103)
    Suave (2.4.3)
      FSharp.Core (>= 4.0 < 5.0)
    System.AppContext (4.3) - restriction: || (== net461) (== netcoreapp2.0) (== netcoreapp2.2) (&& (== netstandard2.0) (>= net461)) (&& (== netstandard2.0) (>= netcoreapp2.0))
      System.Runtime (>= 4.3) - restriction: || (&& (== net461) (>= dnxcore50)) (&& (== net461) (< net46)) (== netcoreapp2.0) (== netcoreapp2.2) (== netstandard2.0)
    System.Buffers (4.5) - restriction: || (&& (== net461) (>= dnxcore50)) (&& (== net461) (< net45)) (&& (== net461) (< net451) (>= netstandard2.0)) (== netcoreapp2.0) (== netcoreapp2.2) (== netstandard2.0)
    System.CodeDom (4.5) - restriction: || (&& (== net461) (< net45) (>= netstandard2.0)) (&& (== net461) (< net452) (>= netstandard2.0)) (&& (== net461) (>= netcoreapp2.0)) (== netcoreapp2.0) (== netcoreapp2.2) (== netstandard2.0)
    System.Collections (4.3)
      Microsoft.NETCore.Platforms (>= 1.1) - restriction: || (&& (== net461) (>= dnxcore50)) (&& (== net461) (< net45)) (== netcoreapp2.0) (== netcoreapp2.2) (== netstandard2.0)
      Microsoft.NETCore.Targets (>= 1.1) - restriction: || (&& (== net461) (>= dnxcore50)) (&& (== net461) (< net45)) (== netcoreapp2.0) (== netcoreapp2.2) (== netstandard2.0)
      System.Runtime (>= 4.3) - restriction: || (&& (== net461) (>= dnxcore50)) (&& (== net461) (< net45)) (== netcoreapp2.0) (== netcoreapp2.2) (== netstandard2.0)
    System.Collections.Concurrent (4.3)
      System.Collections (>= 4.3) - restriction: || (&& (== net461) (>= dnxcore50)) (&& (== net461) (< net45)) (== netcoreapp2.0) (== netcoreapp2.2) (== netstandard2.0)
      System.Diagnostics.Debug (>= 4.3) - restriction: || (&& (== net461) (>= dnxcore50)) (&& (== net461) (< net45)) (== netcoreapp2.0) (== netcoreapp2.2) (== netstandard2.0)
      System.Diagnostics.Tracing (>= 4.3) - restriction: || (&& (== net461) (>= dnxcore50)) (&& (== net461) (< net45)) (== netcoreapp2.0) (== netcoreapp2.2) (== netstandard2.0)
      System.Globalization (>= 4.3) - restriction: || (&& (== net461) (>= dnxcore50)) (&& (== net461) (< net45)) (== netcoreapp2.0) (== netcoreapp2.2) (== netstandard2.0)
      System.Reflection (>= 4.3) - restriction: || (&& (== net461) (< net45)) (== netcoreapp2.0) (== netcoreapp2.2) (== netstandard2.0)
      System.Resources.ResourceManager (>= 4.3) - restriction: || (&& (== net461) (>= dnxcore50)) (&& (== net461) (< net45)) (== netcoreapp2.0) (== netcoreapp2.2) (== netstandard2.0)
      System.Runtime (>= 4.3) - restriction: || (&& (== net461) (>= dnxcore50)) (&& (== net461) (< net45)) (== netcoreapp2.0) (== netcoreapp2.2) (== netstandard2.0)
      System.Runtime.Extensions (>= 4.3) - restriction: || (&& (== net461) (>= dnxcore50)) (&& (== net461) (< net45)) (== netcoreapp2.0) (== netcoreapp2.2) (== netstandard2.0)
      System.Threading (>= 4.3) - restriction: || (&& (== net461) (>= dnxcore50)) (&& (== net461) (< net45)) (== netcoreapp2.0) (== netcoreapp2.2) (== netstandard2.0)
      System.Threading.Tasks (>= 4.3) - restriction: || (&& (== net461) (>= dnxcore50)) (&& (== net461) (< net45)) (== netcoreapp2.0) (== netcoreapp2.2) (== netstandard2.0)
    System.Collections.Immutable (1.5) - restriction: || (== net461) (== netcoreapp2.0) (== netcoreapp2.2) (&& (== netstandard2.0) (>= net461)) (&& (== netstandard2.0) (>= netcoreapp2.0))
    System.Collections.NonGeneric (4.3) - restriction: || (&& (== net461) (< net35)) (== netcoreapp2.0) (== netcoreapp2.2) (== netstandard2.0)
      System.Diagnostics.Debug (>= 4.3) - restriction: || (&& (== net461) (< net46)) (== netcoreapp2.0) (== netcoreapp2.2) (== netstandard2.0)
      System.Globalization (>= 4.3) - restriction: || (&& (== net461) (< net46)) (== netcoreapp2.0) (== netcoreapp2.2) (== netstandard2.0)
      System.Resources.ResourceManager (>= 4.3) - restriction: || (&& (== net461) (< net46)) (== netcoreapp2.0) (== netcoreapp2.2) (== netstandard2.0)
      System.Runtime (>= 4.3) - restriction: || (&& (== net461) (< net46)) (== netcoreapp2.0) (== netcoreapp2.2) (== netstandard2.0)
      System.Runtime.Extensions (>= 4.3) - restriction: || (&& (== net461) (< net46)) (== netcoreapp2.0) (== netcoreapp2.2) (== netstandard2.0)
      System.Threading (>= 4.3) - restriction: || (&& (== net461) (< net46)) (== netcoreapp2.0) (== netcoreapp2.2) (== netstandard2.0)
    System.Collections.Specialized (4.3) - restriction: || (&& (== net461) (< net35)) (== netcoreapp2.0) (== netcoreapp2.2) (== netstandard2.0)
      System.Collections.NonGeneric (>= 4.3) - restriction: || (&& (== net461) (< net46)) (== netcoreapp2.0) (== netcoreapp2.2) (== netstandard2.0)
      System.Globalization (>= 4.3) - restriction: || (&& (== net461) (< net46)) (== netcoreapp2.0) (== netcoreapp2.2) (== netstandard2.0)
      System.Globalization.Extensions (>= 4.3) - restriction: || (&& (== net461) (< net46)) (== netcoreapp2.0) (== netcoreapp2.2) (== netstandard2.0)
      System.Resources.ResourceManager (>= 4.3) - restriction: || (&& (== net461) (< net46)) (== netcoreapp2.0) (== netcoreapp2.2) (== netstandard2.0)
      System.Runtime (>= 4.3) - restriction: || (&& (== net461) (< net46)) (== netcoreapp2.0) (== netcoreapp2.2) (== netstandard2.0)
      System.Runtime.Extensions (>= 4.3) - restriction: || (&& (== net461) (< net46)) (== netcoreapp2.0) (== netcoreapp2.2) (== netstandard2.0)
      System.Threading (>= 4.3) - restriction: || (&& (== net461) (< net46)) (== netcoreapp2.0) (== netcoreapp2.2) (== netstandard2.0)
    System.ComponentModel (4.3) - restriction: || (&& (== net461) (< net35)) (== netcoreapp2.0) (== netcoreapp2.2) (== netstandard2.0)
      System.Runtime (>= 4.3) - restriction: || (&& (== net461) (>= dnxcore50)) (&& (== net461) (< net45)) (== netcoreapp2.0) (== netcoreapp2.2) (== netstandard2.0)
    System.ComponentModel.Composition (4.5) - restriction: || (&& (== net461) (< net452) (>= netstandard2.0)) (== netcoreapp2.0) (== netcoreapp2.2) (== netstandard2.0)
      System.Security.Permissions (>= 4.5) - restriction: || (&& (== net461) (>= netcoreapp2.0)) (== netcoreapp2.0) (== netcoreapp2.2) (&& (== netstandard2.0) (>= netcoreapp2.0))
    System.ComponentModel.EventBasedAsync (4.3) - restriction: || (&& (== net461) (>= netcoreapp1.0)) (== netcoreapp2.0) (== netcoreapp2.2) (&& (== netstandard2.0) (>= netcoreapp1.0))
      System.Resources.ResourceManager (>= 4.3) - restriction: || (&& (== net461) (>= dnxcore50)) (&& (== net461) (< net45)) (== netcoreapp2.0) (== netcoreapp2.2) (== netstandard2.0)
      System.Runtime (>= 4.3) - restriction: || (&& (== net461) (>= dnxcore50)) (&& (== net461) (< net45)) (== netcoreapp2.0) (== netcoreapp2.2) (== netstandard2.0)
      System.Threading (>= 4.3) - restriction: || (&& (== net461) (>= dnxcore50)) (&& (== net461) (< net45)) (== netcoreapp2.0) (== netcoreapp2.2) (== netstandard2.0)
      System.Threading.Tasks (>= 4.3) - restriction: || (&& (== net461) (>= dnxcore50)) (&& (== net461) (< net45)) (== netcoreapp2.0) (== netcoreapp2.2) (== netstandard2.0)
    System.ComponentModel.Primitives (4.3) - restriction: || (&& (== net461) (< net35)) (&& (== net461) (< netstandard1.0) (>= win8)) (&& (== net461) (>= wp8)) (&& (== net461) (>= wpa81)) (== netcoreapp2.0) (== netcoreapp2.2) (== netstandard2.0)
      System.ComponentModel (>= 4.3) - restriction: || (&& (== net461) (< net45)) (== netcoreapp2.0) (== netcoreapp2.2) (== netstandard2.0)
      System.Resources.ResourceManager (>= 4.3) - restriction: || (&& (== net461) (< net45)) (== netcoreapp2.0) (== netcoreapp2.2) (== netstandard2.0)
      System.Runtime (>= 4.3) - restriction: || (&& (== net461) (< net45)) (== netcoreapp2.0) (== netcoreapp2.2) (== netstandard2.0)
    System.ComponentModel.TypeConverter (4.3) - restriction: || (&& (== net461) (< net35)) (&& (== net461) (>= netcoreapp1.0)) (== netcoreapp2.0) (== netcoreapp2.2) (== netstandard2.0)
      System.Collections (>= 4.3) - restriction: || (&& (== net461) (< net45)) (== netcoreapp2.0) (== netcoreapp2.2) (== netstandard2.0)
      System.Collections.NonGeneric (>= 4.3) - restriction: || (&& (== net461) (< net45) (>= netstandard1.5)) (&& (== net461) (>= net462)) (== netcoreapp2.0) (== netcoreapp2.2) (== netstandard2.0)
      System.Collections.Specialized (>= 4.3) - restriction: || (&& (== net461) (< net45) (>= netstandard1.5)) (== netcoreapp2.0) (== netcoreapp2.2) (== netstandard2.0)
      System.ComponentModel (>= 4.3) - restriction: || (&& (== net461) (< net45)) (== netcoreapp2.0) (== netcoreapp2.2) (== netstandard2.0)
      System.ComponentModel.Primitives (>= 4.3)
      System.Globalization (>= 4.3) - restriction: || (&& (== net461) (< net45)) (== netcoreapp2.0) (== netcoreapp2.2) (== netstandard2.0)
      System.Linq (>= 4.3) - restriction: || (&& (== net461) (< net45) (>= netstandard1.5)) (== netcoreapp2.0) (== netcoreapp2.2) (== netstandard2.0)
      System.Reflection (>= 4.3) - restriction: || (&& (== net461) (< net45)) (== netcoreapp2.0) (== netcoreapp2.2) (== netstandard2.0)
      System.Reflection.Extensions (>= 4.3) - restriction: || (&& (== net461) (< net45)) (== netcoreapp2.0) (== netcoreapp2.2) (== netstandard2.0)
      System.Reflection.Primitives (>= 4.3) - restriction: || (&& (== net461) (< net45)) (== netcoreapp2.0) (== netcoreapp2.2) (== netstandard2.0)
      System.Reflection.TypeExtensions (>= 4.3) - restriction: || (&& (== net461) (< net45) (>= netstandard1.5)) (== netcoreapp2.0) (== netcoreapp2.2) (== netstandard2.0)
      System.Resources.ResourceManager (>= 4.3) - restriction: || (&& (== net461) (< net45)) (== netcoreapp2.0) (== netcoreapp2.2) (== netstandard2.0)
      System.Runtime (>= 4.3) - restriction: || (&& (== net461) (< net45)) (== netcoreapp2.0) (== netcoreapp2.2) (== netstandard2.0)
      System.Runtime.Extensions (>= 4.3) - restriction: || (&& (== net461) (< net45)) (== netcoreapp2.0) (== netcoreapp2.2) (== netstandard2.0)
      System.Threading (>= 4.3) - restriction: || (&& (== net461) (< net45)) (== netcoreapp2.0) (== netcoreapp2.2) (== netstandard2.0)
    System.Configuration.ConfigurationManager (4.5)
      System.Security.Cryptography.ProtectedData (>= 4.5) - restriction: || (== netcoreapp2.0) (== netcoreapp2.2) (== netstandard2.0)
      System.Security.Permissions (>= 4.5)
    System.Console (4.3.1)
      Microsoft.NETCore.Platforms (>= 1.1) - restriction: || (&& (== net461) (< net46)) (== netcoreapp2.0) (== netcoreapp2.2) (== netstandard2.0)
      Microsoft.NETCore.Targets (>= 1.1.2) - restriction: || (&& (== net461) (< net46)) (== netcoreapp2.0) (== netcoreapp2.2) (== netstandard2.0)
      System.IO (>= 4.3) - restriction: || (&& (== net461) (< net46)) (== netcoreapp2.0) (== netcoreapp2.2) (== netstandard2.0)
      System.Runtime (>= 4.3) - restriction: || (&& (== net461) (< net46)) (== netcoreapp2.0) (== netcoreapp2.2) (== netstandard2.0)
      System.Text.Encoding (>= 4.3) - restriction: || (&& (== net461) (< net46)) (== netcoreapp2.0) (== netcoreapp2.2) (== netstandard2.0)
    System.Data.DataSetExtensions (4.5) - restriction: || (&& (== net461) (< net452) (>= netstandard2.0)) (== netcoreapp2.0) (== netcoreapp2.2) (== netstandard2.0)
    System.Data.Odbc (4.5) - restriction: || (&& (== net461) (< net452) (>= netstandard2.0)) (== netcoreapp2.0) (== netcoreapp2.2) (== netstandard2.0)
    System.Data.SqlClient (4.6)
      Microsoft.Win32.Registry (>= 4.5) - restriction: || (&& (== net461) (< net451) (>= netstandard2.0)) (&& (== net461) (>= netcoreapp2.0)) (== netcoreapp2.0) (== netcoreapp2.2) (== netstandard2.0)
      runtime.native.System.Data.SqlClient.sni (>= 4.5) - restriction: || (&& (== net461) (< net451) (>= netstandard2.0)) (&& (== net461) (>= netcoreapp2.0)) (== netcoreapp2.0) (== netcoreapp2.2) (== netstandard2.0)
      System.Buffers (>= 4.4) - restriction: || (&& (== net461) (< net451) (>= netstandard2.0)) (&& (== netcoreapp2.2) (< netcoreapp2.0)) (== netstandard2.0)
      System.Diagnostics.DiagnosticSource (>= 4.5) - restriction: || (&& (== net461) (< net451) (>= netstandard2.0)) (&& (== net461) (>= netcoreapp2.0)) (&& (== net461) (>= uap10.1)) (== netcoreapp2.0) (&& (== netcoreapp2.2) (< netcoreapp2.0)) (&& (== netcoreapp2.2) (< netcoreapp2.1)) (&& (== netcoreapp2.2) (>= uap10.1)) (== netstandard2.0)
      System.Memory (>= 4.5.1) - restriction: || (&& (== net461) (< net451) (>= netstandard2.0)) (&& (== net461) (>= netcoreapp2.0)) (&& (== net461) (>= uap10.1)) (== netcoreapp2.0) (&& (== netcoreapp2.2) (< netcoreapp2.0)) (&& (== netcoreapp2.2) (< netcoreapp2.1)) (&& (== netcoreapp2.2) (>= uap10.1)) (== netstandard2.0)
      System.Security.Principal.Windows (>= 4.5) - restriction: || (&& (== net461) (< net451) (>= netstandard2.0)) (&& (== net461) (>= netcoreapp2.0)) (== netcoreapp2.0) (== netcoreapp2.2) (== netstandard2.0)
      System.Text.Encoding.CodePages (>= 4.5) - restriction: || (&& (== net461) (< net451) (>= netstandard2.0)) (&& (== net461) (>= netcoreapp2.0)) (== netcoreapp2.0) (== netcoreapp2.2) (== netstandard2.0)
    System.Data.SQLite.Core (1.0.109.2)
    System.Diagnostics.Debug (4.3)
      Microsoft.NETCore.Platforms (>= 1.1) - restriction: || (&& (== net461) (>= dnxcore50)) (&& (== net461) (< net45)) (== netcoreapp2.0) (== netcoreapp2.2) (== netstandard2.0)
      Microsoft.NETCore.Targets (>= 1.1) - restriction: || (&& (== net461) (>= dnxcore50)) (&& (== net461) (< net45)) (== netcoreapp2.0) (== netcoreapp2.2) (== netstandard2.0)
      System.Runtime (>= 4.3) - restriction: || (&& (== net461) (>= dnxcore50)) (&& (== net461) (< net45)) (== netcoreapp2.0) (== netcoreapp2.2) (== netstandard2.0)
    System.Diagnostics.DiagnosticSource (4.5.1)
    System.Diagnostics.EventLog (4.5) - restriction: || (&& (== net461) (< net452) (>= netstandard2.0)) (== netcoreapp2.0) (== netcoreapp2.2) (== netstandard2.0)
      Microsoft.NETCore.Platforms (>= 2.0) - restriction: || (&& (== net461) (>= netcoreapp2.0)) (== netcoreapp2.0) (== netcoreapp2.2) (&& (== netstandard2.0) (>= netcoreapp2.0))
      Microsoft.Win32.Registry (>= 4.5) - restriction: || (&& (== net461) (>= netcoreapp2.0)) (== netcoreapp2.0) (== netcoreapp2.2) (&& (== netstandard2.0) (>= netcoreapp2.0))
      System.Security.Permissions (>= 4.5)
      System.Security.Principal.Windows (>= 4.5) - restriction: || (&& (== net461) (>= netcoreapp2.0)) (== netcoreapp2.0) (== netcoreapp2.2) (&& (== netstandard2.0) (>= netcoreapp2.0))
      System.Threading.AccessControl (>= 4.5) - restriction: || (&& (== net461) (>= netcoreapp2.0)) (== netcoreapp2.0) (== netcoreapp2.2) (&& (== netstandard2.0) (>= netcoreapp2.0))
    System.Diagnostics.FileVersionInfo (4.3)
      Microsoft.NETCore.Platforms (>= 1.1) - restriction: || (&& (== net461) (>= dnxcore50)) (&& (== net461) (< net46)) (== netcoreapp2.0) (== netcoreapp2.2) (== netstandard2.0)
      System.Globalization (>= 4.3) - restriction: || (&& (== net461) (< net46)) (== netcoreapp2.0) (== netcoreapp2.2) (== netstandard2.0)
      System.IO (>= 4.3) - restriction: || (&& (== net461) (>= dnxcore50)) (&& (== net461) (< net46)) (== netcoreapp2.0) (== netcoreapp2.2) (== netstandard2.0)
      System.IO.FileSystem (>= 4.3) - restriction: || (&& (== net461) (>= dnxcore50)) (&& (== net461) (< net46)) (== netcoreapp2.0) (== netcoreapp2.2) (== netstandard2.0)
      System.IO.FileSystem.Primitives (>= 4.3) - restriction: || (&& (== net461) (>= dnxcore50)) (&& (== net461) (< net46)) (== netcoreapp2.0) (== netcoreapp2.2) (== netstandard2.0)
      System.Reflection.Metadata (>= 1.4.1) - restriction: || (&& (== net461) (>= dnxcore50)) (&& (== net461) (< net46)) (== netcoreapp2.0) (== netcoreapp2.2) (== netstandard2.0)
      System.Runtime (>= 4.3) - restriction: || (&& (== net461) (>= dnxcore50)) (&& (== net461) (< net46)) (== netcoreapp2.0) (== netcoreapp2.2) (== netstandard2.0)
      System.Runtime.Extensions (>= 4.3) - restriction: || (&& (== net461) (>= dnxcore50)) (&& (== net461) (< net46)) (== netcoreapp2.0) (== netcoreapp2.2) (== netstandard2.0)
      System.Runtime.InteropServices (>= 4.3) - restriction: || (&& (== net461) (< net46)) (== netcoreapp2.0) (== netcoreapp2.2) (== netstandard2.0)
    System.Diagnostics.PerformanceCounter (4.5) - restriction: || (&& (== net461) (< net452) (>= netstandard2.0)) (== netcoreapp2.0) (== netcoreapp2.2) (== netstandard2.0)
      Microsoft.NETCore.Platforms (>= 2.0) - restriction: || (&& (== net461) (>= netcoreapp2.0)) (== netcoreapp2.0) (== netcoreapp2.2) (&& (== netstandard2.0) (>= netcoreapp2.0))
      Microsoft.Win32.Registry (>= 4.5) - restriction: || (&& (== net461) (>= netcoreapp2.0)) (== netcoreapp2.0) (== netcoreapp2.2) (&& (== netstandard2.0) (>= netcoreapp2.0))
      System.Configuration.ConfigurationManager (>= 4.5) - restriction: || (&& (== net461) (>= netcoreapp2.0)) (== netcoreapp2.0) (== netcoreapp2.2) (&& (== netstandard2.0) (>= netcoreapp2.0))
      System.Memory (>= 4.5) - restriction: || (&& (== net461) (>= netcoreapp2.0)) (== netcoreapp2.0) (&& (== netcoreapp2.2) (< netcoreapp2.1)) (&& (== netstandard2.0) (>= netcoreapp2.0))
      System.Security.Principal.Windows (>= 4.5) - restriction: || (&& (== net461) (>= netcoreapp2.0)) (== netcoreapp2.0) (== netcoreapp2.2) (&& (== netstandard2.0) (>= netcoreapp2.0))
    System.Diagnostics.Process (4.3) - restriction: || (&& (== net461) (>= netcoreapp1.0)) (== netcoreapp2.0) (== netcoreapp2.2) (&& (== netstandard2.0) (>= netcoreapp1.0))
      Microsoft.NETCore.Platforms (>= 1.1) - restriction: || (&& (== net461) (< net46)) (== netcoreapp2.0) (== netcoreapp2.2) (== netstandard2.0)
      Microsoft.Win32.Primitives (>= 4.3) - restriction: || (&& (== net461) (< net46)) (== netcoreapp2.0) (== netcoreapp2.2) (== netstandard2.0)
      Microsoft.Win32.Registry (>= 4.3) - restriction: || (&& (== net461) (< net46)) (== netcoreapp2.0) (== netcoreapp2.2) (== netstandard2.0)
      runtime.native.System (>= 4.3) - restriction: || (&& (== net461) (< net46)) (== netcoreapp2.0) (== netcoreapp2.2) (== netstandard2.0)
      System.Collections (>= 4.3) - restriction: || (&& (== net461) (< net46)) (== netcoreapp2.0) (== netcoreapp2.2) (== netstandard2.0)
      System.Diagnostics.Debug (>= 4.3) - restriction: || (&& (== net461) (< net46)) (== netcoreapp2.0) (== netcoreapp2.2) (== netstandard2.0)
      System.Globalization (>= 4.3) - restriction: || (&& (== net461) (< net46)) (== netcoreapp2.0) (== netcoreapp2.2) (== netstandard2.0)
      System.IO (>= 4.3) - restriction: || (&& (== net461) (< net46)) (== netcoreapp2.0) (== netcoreapp2.2) (== netstandard2.0)
      System.IO.FileSystem (>= 4.3) - restriction: || (&& (== net461) (< net46)) (== netcoreapp2.0) (== netcoreapp2.2) (== netstandard2.0)
      System.IO.FileSystem.Primitives (>= 4.3) - restriction: || (&& (== net461) (< net46)) (== netcoreapp2.0) (== netcoreapp2.2) (== netstandard2.0)
      System.Resources.ResourceManager (>= 4.3) - restriction: || (&& (== net461) (< net46)) (== netcoreapp2.0) (== netcoreapp2.2) (== netstandard2.0)
      System.Runtime (>= 4.3) - restriction: || (&& (== net461) (< net46)) (== netcoreapp2.0) (== netcoreapp2.2) (== netstandard2.0)
      System.Runtime.Extensions (>= 4.3) - restriction: || (&& (== net461) (< net46)) (== netcoreapp2.0) (== netcoreapp2.2) (== netstandard2.0)
      System.Runtime.Handles (>= 4.3) - restriction: || (&& (== net461) (< net46)) (== netcoreapp2.0) (== netcoreapp2.2) (== netstandard2.0)
      System.Runtime.InteropServices (>= 4.3) - restriction: || (&& (== net461) (< net46)) (== netcoreapp2.0) (== netcoreapp2.2) (== netstandard2.0)
      System.Text.Encoding (>= 4.3) - restriction: || (&& (== net461) (< net46)) (== netcoreapp2.0) (== netcoreapp2.2) (== netstandard2.0)
      System.Text.Encoding.Extensions (>= 4.3) - restriction: || (&& (== net461) (< net46)) (== netcoreapp2.0) (== netcoreapp2.2) (== netstandard2.0)
      System.Threading (>= 4.3) - restriction: || (&& (== net461) (< net46)) (== netcoreapp2.0) (== netcoreapp2.2) (== netstandard2.0)
      System.Threading.Tasks (>= 4.3) - restriction: || (&& (== net461) (< net46)) (== netcoreapp2.0) (== netcoreapp2.2) (== netstandard2.0)
      System.Threading.Thread (>= 4.3) - restriction: || (&& (== net461) (< net46)) (== netcoreapp2.0) (== netcoreapp2.2) (== netstandard2.0)
      System.Threading.ThreadPool (>= 4.3) - restriction: || (&& (== net461) (< net46)) (== netcoreapp2.0) (== netcoreapp2.2) (== netstandard2.0)
    System.Diagnostics.StackTrace (4.3)
      System.IO.FileSystem (>= 4.3) - restriction: || (&& (== net461) (< net46)) (== netcoreapp2.0) (== netcoreapp2.2) (== netstandard2.0)
      System.Reflection (>= 4.3) - restriction: || (&& (== net461) (< net46)) (== netcoreapp2.0) (== netcoreapp2.2) (== netstandard2.0)
      System.Reflection.Metadata (>= 1.4.1) - restriction: || (&& (== net461) (< net46)) (== netcoreapp2.0) (== netcoreapp2.2) (== netstandard2.0)
      System.Runtime (>= 4.3) - restriction: || (&& (== net461) (< net46)) (== netcoreapp2.0) (== netcoreapp2.2) (== netstandard2.0)
    System.Diagnostics.TextWriterTraceListener (4.3) - restriction: || (&& (== net461) (< net35)) (&& (== net461) (>= netcoreapp1.0)) (== netcoreapp2.0) (== netcoreapp2.2) (== netstandard2.0)
      System.Diagnostics.TraceSource (>= 4.3)
      System.Globalization (>= 4.3) - restriction: || (&& (== net461) (< net46)) (== netcoreapp2.0) (== netcoreapp2.2) (== netstandard2.0)
      System.IO (>= 4.3) - restriction: || (&& (== net461) (< net46)) (== netcoreapp2.0) (== netcoreapp2.2) (== netstandard2.0)
      System.Resources.ResourceManager (>= 4.3) - restriction: || (&& (== net461) (< net46)) (== netcoreapp2.0) (== netcoreapp2.2) (== netstandard2.0)
      System.Runtime (>= 4.3) - restriction: || (&& (== net461) (< net46)) (== netcoreapp2.0) (== netcoreapp2.2) (== netstandard2.0)
      System.Threading (>= 4.3) - restriction: || (&& (== net461) (< net46)) (== netcoreapp2.0) (== netcoreapp2.2) (== netstandard2.0)
    System.Diagnostics.Tools (4.3)
      Microsoft.NETCore.Platforms (>= 1.1) - restriction: || (&& (== net461) (>= dnxcore50)) (&& (== net461) (< net45)) (== netcoreapp2.0) (== netcoreapp2.2) (== netstandard2.0)
      Microsoft.NETCore.Targets (>= 1.1) - restriction: || (&& (== net461) (>= dnxcore50)) (&& (== net461) (< net45)) (== netcoreapp2.0) (== netcoreapp2.2) (== netstandard2.0)
      System.Runtime (>= 4.3) - restriction: || (&& (== net461) (>= dnxcore50)) (&& (== net461) (< net45)) (== netcoreapp2.0) (== netcoreapp2.2) (== netstandard2.0)
    System.Diagnostics.TraceSource (4.3) - restriction: || (&& (== net461) (< net35)) (&& (== net461) (>= netcoreapp1.0)) (== netcoreapp2.0) (== netcoreapp2.2) (== netstandard2.0)
      Microsoft.NETCore.Platforms (>= 1.1) - restriction: || (&& (== net461) (< net46)) (== netcoreapp2.0) (== netcoreapp2.2) (== netstandard2.0)
      runtime.native.System (>= 4.3) - restriction: || (&& (== net461) (< net46)) (== netcoreapp2.0) (== netcoreapp2.2) (== netstandard2.0)
      System.Collections (>= 4.3) - restriction: || (&& (== net461) (< net46)) (== netcoreapp2.0) (== netcoreapp2.2) (== netstandard2.0)
      System.Diagnostics.Debug (>= 4.3) - restriction: || (&& (== net461) (< net46)) (== netcoreapp2.0) (== netcoreapp2.2) (== netstandard2.0)
      System.Globalization (>= 4.3) - restriction: || (&& (== net461) (< net46)) (== netcoreapp2.0) (== netcoreapp2.2) (== netstandard2.0)
      System.Resources.ResourceManager (>= 4.3) - restriction: || (&& (== net461) (< net46)) (== netcoreapp2.0) (== netcoreapp2.2) (== netstandard2.0)
      System.Runtime (>= 4.3) - restriction: || (&& (== net461) (< net46)) (== netcoreapp2.0) (== netcoreapp2.2) (== netstandard2.0)
      System.Runtime.Extensions (>= 4.3) - restriction: || (&& (== net461) (< net46)) (== netcoreapp2.0) (== netcoreapp2.2) (== netstandard2.0)
      System.Threading (>= 4.3) - restriction: || (&& (== net461) (< net46)) (== netcoreapp2.0) (== netcoreapp2.2) (== netstandard2.0)
    System.Diagnostics.Tracing (4.3) - restriction: || (&& (== net461) (>= dnxcore50)) (&& (== net461) (< net45)) (&& (== net461) (< net451) (>= netstandard1.5)) (== netcoreapp2.0) (== netcoreapp2.2) (== netstandard2.0)
      Microsoft.NETCore.Platforms (>= 1.1) - restriction: || (&& (== net461) (>= dnxcore50)) (&& (== net461) (< net45)) (== netcoreapp2.0) (== netcoreapp2.2) (== netstandard2.0)
      Microsoft.NETCore.Targets (>= 1.1) - restriction: || (&& (== net461) (>= dnxcore50)) (&& (== net461) (< net45)) (== netcoreapp2.0) (== netcoreapp2.2) (== netstandard2.0)
      System.Runtime (>= 4.3) - restriction: || (&& (== net461) (>= dnxcore50)) (&& (== net461) (< net45)) (== netcoreapp2.0) (== netcoreapp2.2) (== netstandard2.0)
    System.DirectoryServices (4.5) - restriction: || (&& (== net461) (< net452) (>= netstandard2.0)) (&& (== net461) (>= netcoreapp2.0)) (== netcoreapp2.0) (== netcoreapp2.2) (== netstandard2.0)
      Microsoft.NETCore.Platforms (>= 2.0) - restriction: || (&& (== net461) (>= netcoreapp2.0)) (== netcoreapp2.0) (== netcoreapp2.2) (&& (== netstandard2.0) (>= netcoreapp2.0))
      System.IO.FileSystem.AccessControl (>= 4.5) - restriction: || (&& (== net461) (< net45) (>= netstandard2.0)) (&& (== net461) (>= netcoreapp2.0)) (&& (== net461) (>= uap10.1)) (== netcoreapp2.0) (== netcoreapp2.2) (== netstandard2.0)
      System.Security.AccessControl (>= 4.5) - restriction: || (&& (== net461) (< net45) (>= netstandard2.0)) (&& (== net461) (>= netcoreapp2.0)) (== netcoreapp2.0) (== netcoreapp2.2) (== netstandard2.0)
      System.Security.Principal.Windows (>= 4.5) - restriction: || (&& (== net461) (< net45) (>= netstandard2.0)) (&& (== net461) (>= netcoreapp2.0)) (== netcoreapp2.0) (== netcoreapp2.2) (== netstandard2.0)
    System.DirectoryServices.AccountManagement (4.5) - restriction: || (&& (== net461) (< net452) (>= netstandard2.0)) (== netcoreapp2.0) (== netcoreapp2.2) (== netstandard2.0)
      Microsoft.NETCore.Platforms (>= 2.0) - restriction: || (&& (== net461) (>= netcoreapp2.0)) (== netcoreapp2.0) (== netcoreapp2.2) (&& (== netstandard2.0) (>= netcoreapp2.0))
      System.Configuration.ConfigurationManager (>= 4.5) - restriction: || (&& (== net461) (>= netcoreapp2.0)) (== netcoreapp2.0) (== netcoreapp2.2) (&& (== netstandard2.0) (>= netcoreapp2.0))
      System.DirectoryServices (>= 4.5) - restriction: || (&& (== net461) (>= netcoreapp2.0)) (== netcoreapp2.0) (== netcoreapp2.2) (&& (== netstandard2.0) (>= netcoreapp2.0))
      System.DirectoryServices.Protocols (>= 4.5) - restriction: || (&& (== net461) (>= netcoreapp2.0)) (== netcoreapp2.0) (== netcoreapp2.2) (&& (== netstandard2.0) (>= netcoreapp2.0))
      System.IO.FileSystem.AccessControl (>= 4.5) - restriction: || (&& (== net461) (>= netcoreapp2.0)) (== netcoreapp2.0) (== netcoreapp2.2) (&& (== netstandard2.0) (>= netcoreapp2.0))
      System.Security.AccessControl (>= 4.5) - restriction: || (&& (== net461) (>= netcoreapp2.0)) (== netcoreapp2.0) (== netcoreapp2.2) (&& (== netstandard2.0) (>= netcoreapp2.0))
      System.Security.Principal.Windows (>= 4.5) - restriction: || (&& (== net461) (< net45) (>= netstandard2.0)) (&& (== net461) (>= netcoreapp2.0)) (== netcoreapp2.0) (== netcoreapp2.2) (== netstandard2.0)
    System.DirectoryServices.Protocols (4.5) - restriction: || (&& (== net461) (< net452) (>= netstandard2.0)) (&& (== net461) (>= netcoreapp2.0)) (== netcoreapp2.0) (== netcoreapp2.2) (== netstandard2.0)
      Microsoft.NETCore.Platforms (>= 2.0) - restriction: || (&& (== net461) (>= netcoreapp2.0)) (== netcoreapp2.0) (== netcoreapp2.2) (&& (== netstandard2.0) (>= netcoreapp2.0))
      System.Security.Principal.Windows (>= 4.5) - restriction: || (&& (== net461) (< net45) (>= netstandard2.0)) (&& (== net461) (>= netcoreapp2.0)) (== netcoreapp2.0) (== netcoreapp2.2) (== netstandard2.0)
    System.Drawing.Common (4.5.1) - restriction: || (&& (== net461) (< net452) (>= netstandard2.0)) (== netcoreapp2.0) (== netcoreapp2.2) (== netstandard2.0)
      Microsoft.NETCore.Platforms (>= 2.0) - restriction: || (&& (== net461) (>= netcoreapp2.0)) (== netcoreapp2.0) (== netcoreapp2.2) (&& (== netstandard2.0) (>= netcoreapp2.0))
      Microsoft.Win32.SystemEvents (>= 4.5) - restriction: || (&& (== net461) (>= netcoreapp2.0)) (== netcoreapp2.0) (== netcoreapp2.2) (&& (== netstandard2.0) (>= netcoreapp2.0))
    System.Dynamic.Runtime (4.3)
      System.Collections (>= 4.3) - restriction: || (&& (== net461) (>= dnxcore50)) (&& (== net461) (< net45)) (== netcoreapp2.0) (== netcoreapp2.2) (== netstandard2.0)
      System.Diagnostics.Debug (>= 4.3) - restriction: || (&& (== net461) (>= dnxcore50)) (&& (== net461) (< net45)) (== netcoreapp2.0) (== netcoreapp2.2) (== netstandard2.0)
      System.Linq (>= 4.3) - restriction: || (&& (== net461) (>= dnxcore50)) (&& (== net461) (< net45)) (== netcoreapp2.0) (== netcoreapp2.2) (== netstandard2.0)
      System.Linq.Expressions (>= 4.3) - restriction: || (&& (== net461) (>= dnxcore50)) (&& (== net461) (< net45)) (== netcoreapp2.0) (== netcoreapp2.2) (== netstandard2.0)
      System.ObjectModel (>= 4.3) - restriction: || (&& (== net461) (>= dnxcore50)) (&& (== net461) (< net45)) (== netcoreapp2.0) (== netcoreapp2.2) (== netstandard2.0)
      System.Reflection (>= 4.3) - restriction: || (&& (== net461) (>= dnxcore50)) (&& (== net461) (< net45)) (== netcoreapp2.0) (== netcoreapp2.2) (== netstandard2.0)
      System.Reflection.Emit (>= 4.3) - restriction: || (&& (== net461) (< net45)) (== netcoreapp2.0) (== netcoreapp2.2) (== netstandard2.0)
      System.Reflection.Emit.ILGeneration (>= 4.3) - restriction: || (&& (== net461) (< net45)) (== netcoreapp2.0) (== netcoreapp2.2) (== netstandard2.0)
      System.Reflection.Primitives (>= 4.3) - restriction: || (&& (== net461) (< net45)) (== netcoreapp2.0) (== netcoreapp2.2) (== netstandard2.0)
      System.Reflection.TypeExtensions (>= 4.3) - restriction: || (&& (== net461) (>= dnxcore50)) (&& (== net461) (< net45)) (== netcoreapp2.0) (== netcoreapp2.2) (== netstandard2.0)
      System.Resources.ResourceManager (>= 4.3) - restriction: || (&& (== net461) (>= dnxcore50)) (&& (== net461) (< net45)) (== netcoreapp2.0) (== netcoreapp2.2) (== netstandard2.0)
      System.Runtime (>= 4.3) - restriction: || (&& (== net461) (>= dnxcore50)) (&& (== net461) (< net45)) (== netcoreapp2.0) (== netcoreapp2.2) (== netstandard2.0)
      System.Runtime.Extensions (>= 4.3) - restriction: || (&& (== net461) (>= dnxcore50)) (&& (== net461) (< net45)) (== netcoreapp2.0) (== netcoreapp2.2) (== netstandard2.0)
      System.Threading (>= 4.3) - restriction: || (&& (== net461) (>= dnxcore50)) (&& (== net461) (< net45)) (== netcoreapp2.0) (== netcoreapp2.2) (== netstandard2.0)
    System.Globalization (4.3)
      Microsoft.NETCore.Platforms (>= 1.1) - restriction: || (&& (== net461) (< net45)) (&& (== net461) (< portable-net45+win8+wp8+wpa81)) (== netcoreapp2.0) (== netcoreapp2.2) (== netstandard2.0)
      Microsoft.NETCore.Targets (>= 1.1) - restriction: || (&& (== net461) (< net45)) (&& (== net461) (< portable-net45+win8+wp8+wpa81)) (== netcoreapp2.0) (== netcoreapp2.2) (== netstandard2.0)
      System.Runtime (>= 4.3) - restriction: || (&& (== net461) (< net45)) (&& (== net461) (< portable-net45+win8+wp8+wpa81)) (== netcoreapp2.0) (== netcoreapp2.2) (== netstandard2.0)
    System.Globalization.Calendars (4.3) - restriction: || (&& (== net461) (>= dnxcore50)) (&& (== net461) (< net46) (>= netstandard1.6)) (== netcoreapp2.0) (== netcoreapp2.2) (== netstandard2.0)
      Microsoft.NETCore.Platforms (>= 1.1) - restriction: || (&& (== net461) (< net46)) (== netcoreapp2.0) (== netcoreapp2.2) (== netstandard2.0)
      Microsoft.NETCore.Targets (>= 1.1) - restriction: || (&& (== net461) (< net46)) (== netcoreapp2.0) (== netcoreapp2.2) (== netstandard2.0)
      System.Globalization (>= 4.3) - restriction: || (&& (== net461) (< net46)) (== netcoreapp2.0) (== netcoreapp2.2) (== netstandard2.0)
      System.Runtime (>= 4.3) - restriction: || (&& (== net461) (< net46)) (== netcoreapp2.0) (== netcoreapp2.2) (== netstandard2.0)
    System.Globalization.Extensions (4.3) - restriction: || (&& (== net461) (< net45) (>= netstandard1.6)) (== netcoreapp2.0) (== netcoreapp2.2) (== netstandard2.0)
      Microsoft.NETCore.Platforms (>= 1.1) - restriction: || (&& (== net461) (< net46)) (== netcoreapp2.0) (== netcoreapp2.2) (== netstandard2.0)
      System.Globalization (>= 4.3) - restriction: || (&& (== net461) (< net46)) (== netcoreapp2.0) (== netcoreapp2.2) (== netstandard2.0)
      System.Resources.ResourceManager (>= 4.3) - restriction: || (&& (== net461) (< net46)) (== netcoreapp2.0) (== netcoreapp2.2) (== netstandard2.0)
      System.Runtime (>= 4.3) - restriction: || (&& (== net461) (< net46)) (== netcoreapp2.0) (== netcoreapp2.2) (== netstandard2.0)
      System.Runtime.Extensions (>= 4.3) - restriction: || (&& (== net461) (< net46)) (== netcoreapp2.0) (== netcoreapp2.2) (== netstandard2.0)
      System.Runtime.InteropServices (>= 4.3) - restriction: || (&& (== net461) (< net46)) (== netcoreapp2.0) (== netcoreapp2.2) (== netstandard2.0)
    System.Interactive.Async (3.2)
    System.IO (4.3) - restriction: || (&& (== net461) (>= dnxcore50)) (&& (== net461) (< net20)) (&& (== net461) (< net451) (>= netstandard1.5)) (&& (== net461) (< net46)) (&& (== net461) (>= netcoreapp1.0)) (== netcoreapp2.0) (== netcoreapp2.2) (== netstandard2.0)
      Microsoft.NETCore.Platforms (>= 1.1) - restriction: || (&& (== net461) (>= dnxcore50)) (&& (== net461) (< net45)) (== netcoreapp2.0) (== netcoreapp2.2) (== netstandard2.0)
      Microsoft.NETCore.Targets (>= 1.1) - restriction: || (&& (== net461) (>= dnxcore50)) (&& (== net461) (< net45)) (== netcoreapp2.0) (== netcoreapp2.2) (== netstandard2.0)
      System.Runtime (>= 4.3) - restriction: || (&& (== net461) (>= dnxcore50)) (&& (== net461) (< net45)) (== netcoreapp2.0) (== netcoreapp2.2) (== netstandard2.0)
      System.Text.Encoding (>= 4.3) - restriction: || (&& (== net461) (>= dnxcore50)) (&& (== net461) (< net45)) (== netcoreapp2.0) (== netcoreapp2.2) (== netstandard2.0)
      System.Threading.Tasks (>= 4.3) - restriction: || (&& (== net461) (>= dnxcore50)) (&& (== net461) (< net45)) (== netcoreapp2.0) (== netcoreapp2.2) (== netstandard2.0)
    System.IO.Compression (4.3) - restriction: || (== net461) (== netcoreapp2.0) (== netcoreapp2.2) (&& (== netstandard2.0) (>= net461)) (&& (== netstandard2.0) (>= netcoreapp2.0))
      Microsoft.NETCore.Platforms (>= 1.1) - restriction: || (&& (== net461) (< net45)) (== netcoreapp2.0) (== netcoreapp2.2) (== netstandard2.0)
      runtime.native.System (>= 4.3) - restriction: || (&& (== net461) (< net45)) (== netcoreapp2.0) (== netcoreapp2.2) (== netstandard2.0)
      runtime.native.System.IO.Compression (>= 4.3) - restriction: || (&& (== net461) (>= dnxcore50)) (&& (== net461) (< net45)) (== netcoreapp2.0) (== netcoreapp2.2) (== netstandard2.0)
      System.Buffers (>= 4.3) - restriction: || (&& (== net461) (>= dnxcore50)) (&& (== net461) (< net45)) (== netcoreapp2.0) (== netcoreapp2.2) (== netstandard2.0)
      System.Collections (>= 4.3) - restriction: || (&& (== net461) (>= dnxcore50)) (&& (== net461) (< net45)) (== netcoreapp2.0) (== netcoreapp2.2) (== netstandard2.0)
      System.Diagnostics.Debug (>= 4.3) - restriction: || (&& (== net461) (>= dnxcore50)) (&& (== net461) (< net45)) (== netcoreapp2.0) (== netcoreapp2.2) (== netstandard2.0)
      System.IO (>= 4.3) - restriction: || (&& (== net461) (>= dnxcore50)) (&& (== net461) (< net45)) (== netcoreapp2.0) (== netcoreapp2.2) (== netstandard2.0)
      System.Resources.ResourceManager (>= 4.3) - restriction: || (&& (== net461) (>= dnxcore50)) (&& (== net461) (< net45)) (== netcoreapp2.0) (== netcoreapp2.2) (== netstandard2.0)
      System.Runtime (>= 4.3) - restriction: || (&& (== net461) (>= dnxcore50)) (&& (== net461) (< net45)) (== netcoreapp2.0) (== netcoreapp2.2) (== netstandard2.0)
      System.Runtime.Extensions (>= 4.3) - restriction: || (&& (== net461) (>= dnxcore50)) (&& (== net461) (< net45)) (== netcoreapp2.0) (== netcoreapp2.2) (== netstandard2.0)
      System.Runtime.Handles (>= 4.3) - restriction: || (&& (== net461) (>= dnxcore50)) (&& (== net461) (< net45)) (== netcoreapp2.0) (== netcoreapp2.2) (== netstandard2.0)
      System.Runtime.InteropServices (>= 4.3) - restriction: || (&& (== net461) (>= dnxcore50)) (&& (== net461) (< net45)) (== netcoreapp2.0) (== netcoreapp2.2) (== netstandard2.0)
      System.Text.Encoding (>= 4.3) - restriction: || (&& (== net461) (>= dnxcore50)) (&& (== net461) (< net45)) (== netcoreapp2.0) (== netcoreapp2.2) (== netstandard2.0)
      System.Threading (>= 4.3) - restriction: || (&& (== net461) (>= dnxcore50)) (&& (== net461) (< net45)) (== netcoreapp2.0) (== netcoreapp2.2) (== netstandard2.0)
      System.Threading.Tasks (>= 4.3) - restriction: || (&& (== net461) (>= dnxcore50)) (&& (== net461) (< net45)) (== netcoreapp2.0) (== netcoreapp2.2) (== netstandard2.0)
    System.IO.FileSystem (4.3)
      Microsoft.NETCore.Platforms (>= 1.1) - restriction: || (&& (== net461) (< net46)) (== netcoreapp2.0) (== netcoreapp2.2) (== netstandard2.0)
      Microsoft.NETCore.Targets (>= 1.1) - restriction: || (&& (== net461) (< net46)) (== netcoreapp2.0) (== netcoreapp2.2) (== netstandard2.0)
      System.IO (>= 4.3) - restriction: || (&& (== net461) (< net46)) (== netcoreapp2.0) (== netcoreapp2.2) (== netstandard2.0)
      System.IO.FileSystem.Primitives (>= 4.3)
      System.Runtime (>= 4.3) - restriction: || (&& (== net461) (< net46)) (== netcoreapp2.0) (== netcoreapp2.2) (== netstandard2.0)
      System.Runtime.Handles (>= 4.3) - restriction: || (&& (== net461) (< net46)) (== netcoreapp2.0) (== netcoreapp2.2) (== netstandard2.0)
      System.Text.Encoding (>= 4.3) - restriction: || (&& (== net461) (< net46)) (== netcoreapp2.0) (== netcoreapp2.2) (== netstandard2.0)
      System.Threading.Tasks (>= 4.3) - restriction: || (&& (== net461) (< net46)) (== netcoreapp2.0) (== netcoreapp2.2) (== netstandard2.0)
    System.IO.FileSystem.AccessControl (4.5) - restriction: || (&& (== net461) (< net452) (>= netstandard2.0)) (&& (== net461) (>= netcoreapp2.0)) (== netcoreapp2.0) (== netcoreapp2.2) (== netstandard2.0)
      System.Security.AccessControl (>= 4.5)
      System.Security.Principal.Windows (>= 4.5)
    System.IO.FileSystem.Primitives (4.3)
      System.Runtime (>= 4.3) - restriction: || (&& (== net461) (< net46)) (== netcoreapp2.0) (== netcoreapp2.2) (== netstandard2.0)
    System.IO.Packaging (4.5) - restriction: || (&& (== net461) (< net452) (>= netstandard2.0)) (== netcoreapp2.0) (== netcoreapp2.2) (== netstandard2.0)
    System.IO.Pipes.AccessControl (4.5.1) - restriction: || (&& (== net461) (< net452) (>= netstandard2.0)) (== netcoreapp2.0) (== netcoreapp2.2) (== netstandard2.0)
      Microsoft.NETCore.Platforms (>= 2.1) - restriction: || (&& (== net461) (>= netcoreapp2.1)) (&& (== netcoreapp2.0) (>= netcoreapp2.1)) (== netcoreapp2.2) (&& (== netstandard2.0) (>= netcoreapp2.1))
      System.Security.AccessControl (>= 4.5)
      System.Security.Principal.Windows (>= 4.5)
    System.IO.Ports (4.5) - restriction: || (&& (== net461) (< net452) (>= netstandard2.0)) (== netcoreapp2.0) (== netcoreapp2.2) (== netstandard2.0)
      Microsoft.Win32.Registry (>= 4.5) - restriction: || (== netcoreapp2.0) (== netcoreapp2.2) (== netstandard2.0)
    System.Linq (4.3)
      System.Collections (>= 4.3) - restriction: || (&& (== net461) (>= dnxcore50)) (&& (== net461) (< net45)) (== netcoreapp2.0) (== netcoreapp2.2) (== netstandard2.0)
      System.Diagnostics.Debug (>= 4.3) - restriction: || (&& (== net461) (>= dnxcore50)) (&& (== net461) (< net45) (>= netstandard1.6)) (== netcoreapp2.0) (== netcoreapp2.2) (== netstandard2.0)
      System.Resources.ResourceManager (>= 4.3) - restriction: || (&& (== net461) (>= dnxcore50)) (&& (== net461) (< net45) (>= netstandard1.6)) (== netcoreapp2.0) (== netcoreapp2.2) (== netstandard2.0)
      System.Runtime (>= 4.3) - restriction: || (&& (== net461) (>= dnxcore50)) (&& (== net461) (< net45)) (== netcoreapp2.0) (== netcoreapp2.2) (== netstandard2.0)
      System.Runtime.Extensions (>= 4.3) - restriction: || (&& (== net461) (>= dnxcore50)) (&& (== net461) (< net45) (>= netstandard1.6)) (== netcoreapp2.0) (== netcoreapp2.2) (== netstandard2.0)
    System.Linq.Expressions (4.3)
      System.Collections (>= 4.3) - restriction: || (&& (== net461) (>= dnxcore50)) (&& (== net461) (< net45) (>= netstandard1.6)) (== netcoreapp2.0) (== netcoreapp2.2) (== netstandard2.0)
      System.Diagnostics.Debug (>= 4.3) - restriction: || (&& (== net461) (>= dnxcore50)) (&& (== net461) (< net45) (>= netstandard1.6)) (== netcoreapp2.0) (== netcoreapp2.2) (== netstandard2.0)
      System.Globalization (>= 4.3) - restriction: || (&& (== net461) (>= dnxcore50)) (&& (== net461) (< net45) (>= netstandard1.6)) (== netcoreapp2.0) (== netcoreapp2.2) (== netstandard2.0)
      System.IO (>= 4.3) - restriction: || (&& (== net461) (>= dnxcore50)) (&& (== net461) (< net45) (>= netstandard1.6)) (== netcoreapp2.0) (== netcoreapp2.2) (== netstandard2.0)
      System.Linq (>= 4.3) - restriction: || (&& (== net461) (>= dnxcore50)) (&& (== net461) (< net45) (>= netstandard1.6)) (== netcoreapp2.0) (== netcoreapp2.2) (== netstandard2.0)
      System.ObjectModel (>= 4.3) - restriction: || (&& (== net461) (< net45) (>= netstandard1.6)) (== netcoreapp2.0) (== netcoreapp2.2) (== netstandard2.0)
      System.Reflection (>= 4.3) - restriction: || (&& (== net461) (>= dnxcore50)) (&& (== net461) (< net45)) (== netcoreapp2.0) (== netcoreapp2.2) (== netstandard2.0)
      System.Reflection.Emit (>= 4.3) - restriction: || (&& (== net461) (< net45) (>= netstandard1.6)) (== netcoreapp2.0) (== netcoreapp2.2) (== netstandard2.0)
      System.Reflection.Emit.ILGeneration (>= 4.3) - restriction: || (&& (== net461) (>= dnxcore50)) (&& (== net461) (< net45) (>= netstandard1.6)) (== netcoreapp2.0) (== netcoreapp2.2) (== netstandard2.0)
      System.Reflection.Emit.Lightweight (>= 4.3) - restriction: || (&& (== net461) (>= dnxcore50)) (&& (== net461) (< net45) (>= netstandard1.6)) (== netcoreapp2.0) (== netcoreapp2.2) (== netstandard2.0)
      System.Reflection.Extensions (>= 4.3) - restriction: || (&& (== net461) (>= dnxcore50)) (&& (== net461) (< net45) (>= netstandard1.6)) (== netcoreapp2.0) (== netcoreapp2.2) (== netstandard2.0)
      System.Reflection.Primitives (>= 4.3) - restriction: || (&& (== net461) (>= dnxcore50)) (&& (== net461) (< net45) (>= netstandard1.6)) (== netcoreapp2.0) (== netcoreapp2.2) (== netstandard2.0)
      System.Reflection.TypeExtensions (>= 4.3) - restriction: || (&& (== net461) (>= dnxcore50)) (&& (== net461) (< net45) (>= netstandard1.6)) (== netcoreapp2.0) (== netcoreapp2.2) (== netstandard2.0)
      System.Resources.ResourceManager (>= 4.3) - restriction: || (&& (== net461) (>= dnxcore50)) (&& (== net461) (< net45) (>= netstandard1.6)) (== netcoreapp2.0) (== netcoreapp2.2) (== netstandard2.0)
      System.Runtime (>= 4.3) - restriction: || (&& (== net461) (>= dnxcore50)) (&& (== net461) (< net45)) (== netcoreapp2.0) (== netcoreapp2.2) (== netstandard2.0)
      System.Runtime.Extensions (>= 4.3) - restriction: || (&& (== net461) (>= dnxcore50)) (&& (== net461) (< net45) (>= netstandard1.6)) (== netcoreapp2.0) (== netcoreapp2.2) (== netstandard2.0)
      System.Threading (>= 4.3) - restriction: || (&& (== net461) (>= dnxcore50)) (&& (== net461) (< net45) (>= netstandard1.6)) (== netcoreapp2.0) (== netcoreapp2.2) (== netstandard2.0)
    System.Management (4.5)
      Microsoft.NETCore.Platforms (>= 2.0) - restriction: || (&& (== net461) (>= netcoreapp2.0)) (== netcoreapp2.0) (== netcoreapp2.2) (&& (== netstandard2.0) (>= netcoreapp2.0))
      Microsoft.Win32.Registry (>= 4.5) - restriction: || (&& (== net461) (>= netcoreapp2.0)) (== netcoreapp2.0) (== netcoreapp2.2) (&& (== netstandard2.0) (>= netcoreapp2.0))
      System.CodeDom (>= 4.5) - restriction: || (&& (== net461) (< net45) (>= netstandard2.0)) (&& (== net461) (>= netcoreapp2.0)) (== netcoreapp2.0) (== netcoreapp2.2) (== netstandard2.0)
    System.Memory (4.5.1) - restriction: || (&& (== net461) (== netcoreapp2.2)) (&& (== net461) (< net451) (>= netstandard2.0)) (&& (== net461) (>= netcoreapp2.0)) (&& (== net461) (>= uap10.1)) (== netcoreapp2.0) (&& (== netcoreapp2.2) (< netcoreapp2.0)) (&& (== netcoreapp2.2) (< netcoreapp2.1)) (&& (== netcoreapp2.2) (>= uap10.1)) (== netstandard2.0)
      System.Buffers (>= 4.4) - restriction: || (== net461) (&& (== netcoreapp2.0) (>= monotouch)) (&& (== netcoreapp2.0) (>= net461)) (&& (== netcoreapp2.0) (< netstandard1.1)) (&& (== netcoreapp2.0) (< netstandard2.0)) (&& (== netcoreapp2.0) (>= xamarinios)) (&& (== netcoreapp2.0) (>= xamarinmac)) (&& (== netcoreapp2.0) (>= xamarintvos)) (&& (== netcoreapp2.0) (>= xamarinwatchos)) (&& (== netcoreapp2.2) (>= monotouch)) (&& (== netcoreapp2.2) (>= net461)) (&& (== netcoreapp2.2) (< netcoreapp2.0)) (&& (== netcoreapp2.2) (< netstandard1.1)) (&& (== netcoreapp2.2) (< netstandard2.0)) (&& (== netcoreapp2.2) (>= xamarinios)) (&& (== netcoreapp2.2) (>= xamarinmac)) (&& (== netcoreapp2.2) (>= xamarintvos)) (&& (== netcoreapp2.2) (>= xamarinwatchos)) (== netstandard2.0)
      System.Numerics.Vectors (>= 4.4) - restriction: || (== net461) (&& (== netcoreapp2.0) (>= net461)) (&& (== netcoreapp2.2) (>= net461)) (&& (== netcoreapp2.2) (< netcoreapp2.0)) (== netstandard2.0)
      System.Runtime.CompilerServices.Unsafe (>= 4.5) - restriction: || (== net461) (== netcoreapp2.0) (&& (== netcoreapp2.2) (>= monotouch)) (&& (== netcoreapp2.2) (>= net461)) (&& (== netcoreapp2.2) (< netcoreapp2.0)) (&& (== netcoreapp2.2) (< netcoreapp2.1)) (&& (== netcoreapp2.2) (< netstandard1.1)) (&& (== netcoreapp2.2) (< netstandard2.0)) (&& (== netcoreapp2.2) (>= uap10.1)) (&& (== netcoreapp2.2) (>= xamarinios)) (&& (== netcoreapp2.2) (>= xamarinmac)) (&& (== netcoreapp2.2) (>= xamarintvos)) (&& (== netcoreapp2.2) (>= xamarinwatchos)) (== netstandard2.0)
    System.Net.Http (4.3.4)
      Microsoft.NETCore.Platforms (>= 1.1.1) - restriction: || (&& (== net461) (>= dnxcore50)) (&& (== net461) (< net45)) (== netcoreapp2.0) (== netcoreapp2.2) (== netstandard2.0)
      runtime.native.System (>= 4.3) - restriction: || (&& (== net461) (< net45) (>= netstandard1.6)) (== netcoreapp2.0) (== netcoreapp2.2) (== netstandard2.0)
      runtime.native.System.Net.Http (>= 4.3) - restriction: || (&& (== net461) (< net45) (>= netstandard1.6)) (== netcoreapp2.0) (== netcoreapp2.2) (== netstandard2.0)
      runtime.native.System.Security.Cryptography.OpenSsl (>= 4.3.2) - restriction: || (&& (== net461) (< net45) (>= netstandard1.6)) (== netcoreapp2.0) (== netcoreapp2.2) (== netstandard2.0)
      System.Collections (>= 4.3) - restriction: || (&& (== net461) (>= dnxcore50)) (&& (== net461) (< net45)) (== netcoreapp2.0) (== netcoreapp2.2) (== netstandard2.0)
      System.Diagnostics.Debug (>= 4.3) - restriction: || (&& (== net461) (>= dnxcore50)) (&& (== net461) (< net45)) (== netcoreapp2.0) (== netcoreapp2.2) (== netstandard2.0)
      System.Diagnostics.DiagnosticSource (>= 4.3) - restriction: || (&& (== net461) (>= dnxcore50)) (&& (== net461) (< net45)) (== netcoreapp2.0) (== netcoreapp2.2) (== netstandard2.0)
      System.Diagnostics.Tracing (>= 4.3) - restriction: || (&& (== net461) (>= dnxcore50)) (&& (== net461) (< net45)) (== netcoreapp2.0) (== netcoreapp2.2) (== netstandard2.0)
      System.Globalization (>= 4.3) - restriction: || (&& (== net461) (>= dnxcore50)) (&& (== net461) (< net45)) (== netcoreapp2.0) (== netcoreapp2.2) (== netstandard2.0)
      System.Globalization.Extensions (>= 4.3) - restriction: || (&& (== net461) (< net45) (>= netstandard1.6)) (== netcoreapp2.0) (== netcoreapp2.2) (== netstandard2.0)
      System.IO (>= 4.3) - restriction: || (&& (== net461) (>= dnxcore50)) (&& (== net461) (< net45)) (== netcoreapp2.0) (== netcoreapp2.2) (== netstandard2.0)
      System.IO.FileSystem (>= 4.3) - restriction: || (&& (== net461) (< net45) (>= netstandard1.6)) (== netcoreapp2.0) (== netcoreapp2.2) (== netstandard2.0)
      System.Net.Primitives (>= 4.3) - restriction: || (&& (== net461) (>= dnxcore50)) (&& (== net461) (< net45)) (== netcoreapp2.0) (== netcoreapp2.2) (== netstandard2.0)
      System.Resources.ResourceManager (>= 4.3) - restriction: || (&& (== net461) (>= dnxcore50)) (&& (== net461) (< net45)) (== netcoreapp2.0) (== netcoreapp2.2) (== netstandard2.0)
      System.Runtime (>= 4.3) - restriction: || (&& (== net461) (>= dnxcore50)) (&& (== net461) (< net45)) (== netcoreapp2.0) (== netcoreapp2.2) (== netstandard2.0)
      System.Runtime.Extensions (>= 4.3) - restriction: || (&& (== net461) (>= dnxcore50)) (&& (== net461) (< net45)) (== netcoreapp2.0) (== netcoreapp2.2) (== netstandard2.0)
      System.Runtime.Handles (>= 4.3) - restriction: || (&& (== net461) (< net45)) (== netcoreapp2.0) (== netcoreapp2.2) (== netstandard2.0)
      System.Runtime.InteropServices (>= 4.3) - restriction: || (&& (== net461) (>= dnxcore50)) (&& (== net461) (< net45)) (== netcoreapp2.0) (== netcoreapp2.2) (== netstandard2.0)
      System.Security.Cryptography.Algorithms (>= 4.3) - restriction: || (&& (== net461) (< net45) (>= netstandard1.6)) (== netcoreapp2.0) (== netcoreapp2.2) (== netstandard2.0)
      System.Security.Cryptography.Encoding (>= 4.3) - restriction: || (&& (== net461) (< net45)) (== netcoreapp2.0) (== netcoreapp2.2) (== netstandard2.0)
      System.Security.Cryptography.OpenSsl (>= 4.3) - restriction: || (&& (== net461) (< net45) (>= netstandard1.6)) (== netcoreapp2.0) (== netcoreapp2.2) (== netstandard2.0)
      System.Security.Cryptography.Primitives (>= 4.3) - restriction: || (&& (== net461) (< net45) (>= netstandard1.6)) (== netcoreapp2.0) (== netcoreapp2.2) (== netstandard2.0)
      System.Security.Cryptography.X509Certificates (>= 4.3)
      System.Text.Encoding (>= 4.3) - restriction: || (&& (== net461) (>= dnxcore50)) (&& (== net461) (< net45)) (== netcoreapp2.0) (== netcoreapp2.2) (== netstandard2.0)
      System.Threading (>= 4.3) - restriction: || (&& (== net461) (>= dnxcore50)) (&& (== net461) (< net45)) (== netcoreapp2.0) (== netcoreapp2.2) (== netstandard2.0)
      System.Threading.Tasks (>= 4.3) - restriction: || (&& (== net461) (>= dnxcore50)) (&& (== net461) (< net45)) (== netcoreapp2.0) (== netcoreapp2.2) (== netstandard2.0)
    System.Net.NameResolution (4.3) - restriction: || (&& (== net461) (< net451) (>= netstandard1.5)) (== netcoreapp2.0) (== netcoreapp2.2) (== netstandard2.0)
      Microsoft.NETCore.Platforms (>= 1.1) - restriction: || (&& (== net461) (>= dnxcore50)) (&& (== net461) (< net46)) (== netcoreapp2.0) (== netcoreapp2.2) (== netstandard2.0)
      runtime.native.System (>= 4.3) - restriction: || (&& (== net461) (< net46)) (== netcoreapp2.0) (== netcoreapp2.2) (== netstandard2.0)
      System.Collections (>= 4.3) - restriction: || (&& (== net461) (>= dnxcore50)) (&& (== net461) (< net46)) (== netcoreapp2.0) (== netcoreapp2.2) (== netstandard2.0)
      System.Diagnostics.Tracing (>= 4.3) - restriction: || (&& (== net461) (>= dnxcore50)) (&& (== net461) (< net46)) (== netcoreapp2.0) (== netcoreapp2.2) (== netstandard2.0)
      System.Globalization (>= 4.3) - restriction: || (&& (== net461) (>= dnxcore50)) (&& (== net461) (< net46)) (== netcoreapp2.0) (== netcoreapp2.2) (== netstandard2.0)
      System.Net.Primitives (>= 4.3) - restriction: || (&& (== net461) (>= dnxcore50)) (&& (== net461) (< net46)) (== netcoreapp2.0) (== netcoreapp2.2) (== netstandard2.0)
      System.Resources.ResourceManager (>= 4.3) - restriction: || (&& (== net461) (>= dnxcore50)) (&& (== net461) (< net46)) (== netcoreapp2.0) (== netcoreapp2.2) (== netstandard2.0)
      System.Runtime (>= 4.3) - restriction: || (&& (== net461) (>= dnxcore50)) (&& (== net461) (< net46)) (== netcoreapp2.0) (== netcoreapp2.2) (== netstandard2.0)
      System.Runtime.Extensions (>= 4.3) - restriction: || (&& (== net461) (>= dnxcore50)) (&& (== net461) (< net46)) (== netcoreapp2.0) (== netcoreapp2.2) (== netstandard2.0)
      System.Runtime.Handles (>= 4.3) - restriction: || (&& (== net461) (>= dnxcore50)) (&& (== net461) (< net46)) (== netcoreapp2.0) (== netcoreapp2.2) (== netstandard2.0)
      System.Runtime.InteropServices (>= 4.3) - restriction: || (&& (== net461) (>= dnxcore50)) (&& (== net461) (< net46)) (== netcoreapp2.0) (== netcoreapp2.2) (== netstandard2.0)
      System.Security.Principal.Windows (>= 4.3) - restriction: || (&& (== net461) (< net46)) (== netcoreapp2.0) (== netcoreapp2.2) (== netstandard2.0)
      System.Threading (>= 4.3) - restriction: || (&& (== net461) (>= dnxcore50)) (&& (== net461) (< net46)) (== netcoreapp2.0) (== netcoreapp2.2) (== netstandard2.0)
      System.Threading.Tasks (>= 4.3) - restriction: || (&& (== net461) (>= dnxcore50)) (&& (== net461) (< net46)) (== netcoreapp2.0) (== netcoreapp2.2) (== netstandard2.0)
    System.Net.Primitives (4.3) - restriction: || (&& (== net461) (>= dnxcore50)) (&& (== net461) (< net45)) (== netcoreapp2.0) (== netcoreapp2.2) (== netstandard2.0)
      Microsoft.NETCore.Platforms (>= 1.1) - restriction: || (&& (== net461) (>= dnxcore50)) (&& (== net461) (< net45)) (&& (== net461) (< netstandard1.1)) (== netcoreapp2.0) (== netcoreapp2.2) (== netstandard2.0)
      Microsoft.NETCore.Targets (>= 1.1) - restriction: || (&& (== net461) (>= dnxcore50)) (&& (== net461) (< net45)) (&& (== net461) (< netstandard1.1)) (== netcoreapp2.0) (== netcoreapp2.2) (== netstandard2.0)
      System.Runtime (>= 4.3) - restriction: || (&& (== net461) (>= dnxcore50)) (&& (== net461) (< net45)) (&& (== net461) (< netstandard1.1)) (== netcoreapp2.0) (== netcoreapp2.2) (== netstandard2.0)
      System.Runtime.Handles (>= 4.3) - restriction: || (&& (== net461) (>= dnxcore50)) (&& (== net461) (< net45)) (== netcoreapp2.0) (== netcoreapp2.2) (== netstandard2.0)
    System.Net.Requests (4.3) - restriction: || (&& (== net461) (< net45)) (== netcoreapp2.0) (== netcoreapp2.2) (== netstandard2.0)
      Microsoft.NETCore.Platforms (>= 1.1) - restriction: || (&& (== net461) (< net45)) (== netcoreapp2.0) (== netcoreapp2.2) (== netstandard2.0)
      System.Collections (>= 4.3) - restriction: || (&& (== net461) (>= dnxcore50)) (&& (== net461) (< net45)) (== netcoreapp2.0) (== netcoreapp2.2) (== netstandard2.0)
      System.Diagnostics.Debug (>= 4.3) - restriction: || (&& (== net461) (>= dnxcore50)) (&& (== net461) (< net45)) (== netcoreapp2.0) (== netcoreapp2.2) (== netstandard2.0)
      System.Diagnostics.Tracing (>= 4.3) - restriction: || (&& (== net461) (>= dnxcore50)) (&& (== net461) (< net45)) (== netcoreapp2.0) (== netcoreapp2.2) (== netstandard2.0)
      System.Globalization (>= 4.3) - restriction: || (&& (== net461) (>= dnxcore50)) (&& (== net461) (< net45)) (== netcoreapp2.0) (== netcoreapp2.2) (== netstandard2.0)
      System.IO (>= 4.3) - restriction: || (&& (== net461) (>= dnxcore50)) (&& (== net461) (< net45)) (&& (== net461) (< netstandard1.1)) (== netcoreapp2.0) (== netcoreapp2.2) (== netstandard2.0)
      System.Net.Http (>= 4.3) - restriction: || (&& (== net461) (>= dnxcore50)) (&& (== net461) (< net45)) (== netcoreapp2.0) (== netcoreapp2.2) (== netstandard2.0)
      System.Net.Primitives (>= 4.3) - restriction: || (&& (== net461) (>= dnxcore50)) (&& (== net461) (< net45)) (&& (== net461) (< netstandard1.1)) (== netcoreapp2.0) (== netcoreapp2.2) (== netstandard2.0)
      System.Net.WebHeaderCollection (>= 4.3) - restriction: || (&& (== net461) (>= dnxcore50)) (&& (== net461) (< net45)) (== netcoreapp2.0) (== netcoreapp2.2) (== netstandard2.0)
      System.Resources.ResourceManager (>= 4.3) - restriction: || (&& (== net461) (>= dnxcore50)) (&& (== net461) (< net45)) (== netcoreapp2.0) (== netcoreapp2.2) (== netstandard2.0)
      System.Runtime (>= 4.3) - restriction: || (&& (== net461) (>= dnxcore50)) (&& (== net461) (< net45)) (&& (== net461) (< netstandard1.1)) (== netcoreapp2.0) (== netcoreapp2.2) (== netstandard2.0)
      System.Threading (>= 4.3) - restriction: || (&& (== net461) (>= dnxcore50)) (&& (== net461) (< net45)) (== netcoreapp2.0) (== netcoreapp2.2) (== netstandard2.0)
      System.Threading.Tasks (>= 4.3) - restriction: || (&& (== net461) (>= dnxcore50)) (&& (== net461) (< net45)) (== netcoreapp2.0) (== netcoreapp2.2) (== netstandard2.0)
    System.Net.Security (4.3.2) - restriction: || (&& (== net461) (< net451) (>= netstandard1.5)) (== netcoreapp2.0) (== netcoreapp2.2) (== netstandard2.0)
      Microsoft.NETCore.Platforms (>= 1.1) - restriction: || (&& (== net461) (< net46)) (== netcoreapp2.0) (== netcoreapp2.2) (== netstandard2.0)
      Microsoft.Win32.Primitives (>= 4.3) - restriction: || (&& (== net461) (< net46)) (== netcoreapp2.0) (== netcoreapp2.2) (== netstandard2.0)
      runtime.native.System (>= 4.3) - restriction: || (&& (== net461) (< net46) (>= netstandard1.6)) (== netcoreapp2.0) (== netcoreapp2.2) (== netstandard2.0)
      runtime.native.System.Net.Security (>= 4.3) - restriction: || (&& (== net461) (< net46) (>= netstandard1.6)) (== netcoreapp2.0) (== netcoreapp2.2) (== netstandard2.0)
      runtime.native.System.Security.Cryptography.OpenSsl (>= 4.3.2) - restriction: || (&& (== net461) (< net46) (>= netstandard1.6)) (== netcoreapp2.0) (== netcoreapp2.2) (== netstandard2.0)
      System.Collections (>= 4.3) - restriction: || (&& (== net461) (< net46)) (== netcoreapp2.0) (== netcoreapp2.2) (== netstandard2.0)
      System.Collections.Concurrent (>= 4.3) - restriction: || (&& (== net461) (< net46)) (== netcoreapp2.0) (== netcoreapp2.2) (== netstandard2.0)
      System.Diagnostics.Tracing (>= 4.3) - restriction: || (&& (== net461) (< net46)) (== netcoreapp2.0) (== netcoreapp2.2) (== netstandard2.0)
      System.Globalization (>= 4.3) - restriction: || (&& (== net461) (< net46)) (== netcoreapp2.0) (== netcoreapp2.2) (== netstandard2.0)
      System.Globalization.Extensions (>= 4.3) - restriction: || (&& (== net461) (< net46) (>= netstandard1.6)) (== netcoreapp2.0) (== netcoreapp2.2) (== netstandard2.0)
      System.IO (>= 4.3) - restriction: || (&& (== net461) (< net46)) (== netcoreapp2.0) (== netcoreapp2.2) (== netstandard2.0)
      System.Net.Primitives (>= 4.3) - restriction: || (&& (== net461) (< net46)) (== netcoreapp2.0) (== netcoreapp2.2) (== netstandard2.0)
      System.Resources.ResourceManager (>= 4.3) - restriction: || (&& (== net461) (< net46)) (== netcoreapp2.0) (== netcoreapp2.2) (== netstandard2.0)
      System.Runtime (>= 4.3) - restriction: || (&& (== net461) (< net46)) (== netcoreapp2.0) (== netcoreapp2.2) (== netstandard2.0)
      System.Runtime.Extensions (>= 4.3) - restriction: || (&& (== net461) (< net46)) (== netcoreapp2.0) (== netcoreapp2.2) (== netstandard2.0)
      System.Runtime.Handles (>= 4.3) - restriction: || (&& (== net461) (< net46)) (== netcoreapp2.0) (== netcoreapp2.2) (== netstandard2.0)
      System.Runtime.InteropServices (>= 4.3) - restriction: || (&& (== net461) (< net46)) (== netcoreapp2.0) (== netcoreapp2.2) (== netstandard2.0)
      System.Security.Claims (>= 4.3) - restriction: || (&& (== net461) (< net46)) (== netcoreapp2.0) (== netcoreapp2.2) (== netstandard2.0)
      System.Security.Cryptography.Algorithms (>= 4.3) - restriction: || (&& (== net461) (< net46) (>= netstandard1.6)) (== netcoreapp2.0) (== netcoreapp2.2) (== netstandard2.0)
      System.Security.Cryptography.Encoding (>= 4.3) - restriction: || (&& (== net461) (< net46)) (== netcoreapp2.0) (== netcoreapp2.2) (== netstandard2.0)
      System.Security.Cryptography.OpenSsl (>= 4.3) - restriction: || (&& (== net461) (< net46) (>= netstandard1.6)) (== netcoreapp2.0) (== netcoreapp2.2) (== netstandard2.0)
      System.Security.Cryptography.Primitives (>= 4.3) - restriction: || (&& (== net461) (< net46)) (== netcoreapp2.0) (== netcoreapp2.2) (== netstandard2.0)
      System.Security.Cryptography.X509Certificates (>= 4.3)
      System.Security.Principal (>= 4.3) - restriction: || (&& (== net461) (< net46)) (== netcoreapp2.0) (== netcoreapp2.2) (== netstandard2.0)
      System.Text.Encoding (>= 4.3) - restriction: || (&& (== net461) (< net46) (>= netstandard1.6)) (== netcoreapp2.0) (== netcoreapp2.2) (== netstandard2.0)
      System.Threading (>= 4.3) - restriction: || (&& (== net461) (< net46)) (== netcoreapp2.0) (== netcoreapp2.2) (== netstandard2.0)
      System.Threading.Tasks (>= 4.3) - restriction: || (&& (== net461) (< net46)) (== netcoreapp2.0) (== netcoreapp2.2) (== netstandard2.0)
      System.Threading.ThreadPool (>= 4.3) - restriction: || (&& (== net461) (< net46)) (== netcoreapp2.0) (== netcoreapp2.2) (== netstandard2.0)
    System.Net.Sockets (4.3) - restriction: || (&& (== net461) (< net451) (>= netstandard1.5)) (== netcoreapp2.0) (== netcoreapp2.2) (== netstandard2.0)
      Microsoft.NETCore.Platforms (>= 1.1) - restriction: || (&& (== net461) (< net46)) (== netcoreapp2.0) (== netcoreapp2.2) (== netstandard2.0)
      Microsoft.NETCore.Targets (>= 1.1) - restriction: || (&& (== net461) (< net46)) (== netcoreapp2.0) (== netcoreapp2.2) (== netstandard2.0)
      System.IO (>= 4.3) - restriction: || (&& (== net461) (< net46)) (== netcoreapp2.0) (== netcoreapp2.2) (== netstandard2.0)
      System.Net.Primitives (>= 4.3) - restriction: || (&& (== net461) (< net46)) (== netcoreapp2.0) (== netcoreapp2.2) (== netstandard2.0)
      System.Runtime (>= 4.3) - restriction: || (&& (== net461) (< net46)) (== netcoreapp2.0) (== netcoreapp2.2) (== netstandard2.0)
      System.Threading.Tasks (>= 4.3) - restriction: || (&& (== net461) (< net46)) (== netcoreapp2.0) (== netcoreapp2.2) (== netstandard2.0)
    System.Net.WebHeaderCollection (4.3) - restriction: || (&& (== net461) (>= dnxcore50)) (&& (== net461) (< net45)) (== netcoreapp2.0) (== netcoreapp2.2) (== netstandard2.0)
      System.Collections (>= 4.3) - restriction: || (&& (== net461) (< net46)) (== netcoreapp2.0) (== netcoreapp2.2) (== netstandard2.0)
      System.Resources.ResourceManager (>= 4.3) - restriction: || (&& (== net461) (< net46)) (== netcoreapp2.0) (== netcoreapp2.2) (== netstandard2.0)
      System.Runtime (>= 4.3) - restriction: || (&& (== net461) (< net46)) (== netcoreapp2.0) (== netcoreapp2.2) (== netstandard2.0)
      System.Runtime.Extensions (>= 4.3) - restriction: || (&& (== net461) (< net46)) (== netcoreapp2.0) (== netcoreapp2.2) (== netstandard2.0)
    System.Numerics.Vectors (4.5) - restriction: || (&& (== net461) (== netcoreapp2.0)) (&& (== net461) (== netcoreapp2.2)) (&& (== net461) (< net45) (>= netstandard2.0)) (&& (== net461) (< net451) (>= netstandard2.0)) (&& (== net461) (>= netcoreapp2.0)) (&& (== net461) (>= uap10.1)) (&& (== netcoreapp2.0) (>= net461)) (&& (== netcoreapp2.2) (>= net461)) (&& (== netcoreapp2.2) (< netcoreapp2.0)) (&& (== netcoreapp2.2) (>= uap10.1)) (== netstandard2.0)
    System.ObjectModel (4.3) - restriction: || (&& (== net461) (>= dnxcore50)) (&& (== net461) (< net35)) (== netcoreapp2.0) (== netcoreapp2.2) (== netstandard2.0)
      System.Collections (>= 4.3) - restriction: || (&& (== net461) (>= dnxcore50)) (&& (== net461) (< net45)) (== netcoreapp2.0) (== netcoreapp2.2) (== netstandard2.0)
      System.Diagnostics.Debug (>= 4.3) - restriction: || (&& (== net461) (>= dnxcore50)) (&& (== net461) (< net45)) (== netcoreapp2.0) (== netcoreapp2.2) (== netstandard2.0)
      System.Resources.ResourceManager (>= 4.3) - restriction: || (&& (== net461) (>= dnxcore50)) (&& (== net461) (< net45)) (== netcoreapp2.0) (== netcoreapp2.2) (== netstandard2.0)
      System.Runtime (>= 4.3) - restriction: || (&& (== net461) (>= dnxcore50)) (&& (== net461) (< net45)) (== netcoreapp2.0) (== netcoreapp2.2) (== netstandard2.0)
      System.Threading (>= 4.3) - restriction: || (&& (== net461) (>= dnxcore50)) (&& (== net461) (< net45)) (== netcoreapp2.0) (== netcoreapp2.2) (== netstandard2.0)
    System.Private.DataContractSerialization (4.3) - restriction: || (&& (== net461) (>= netcoreapp1.0)) (== netcoreapp2.0) (== netcoreapp2.2) (&& (== netstandard2.0) (>= netcoreapp1.0))
      System.Collections (>= 4.3) - restriction: || (&& (== net461) (>= dnxcore50)) (&& (== net461) (< net46)) (== netcoreapp2.0) (== netcoreapp2.2) (== netstandard2.0)
      System.Collections.Concurrent (>= 4.3) - restriction: || (&& (== net461) (>= dnxcore50)) (&& (== net461) (< net46)) (== netcoreapp2.0) (== netcoreapp2.2) (== netstandard2.0)
      System.Diagnostics.Debug (>= 4.3) - restriction: || (&& (== net461) (>= dnxcore50)) (&& (== net461) (< net46)) (== netcoreapp2.0) (== netcoreapp2.2) (== netstandard2.0)
      System.Globalization (>= 4.3) - restriction: || (&& (== net461) (>= dnxcore50)) (&& (== net461) (< net46)) (== netcoreapp2.0) (== netcoreapp2.2) (== netstandard2.0)
      System.IO (>= 4.3) - restriction: || (&& (== net461) (>= dnxcore50)) (&& (== net461) (< net46)) (== netcoreapp2.0) (== netcoreapp2.2) (== netstandard2.0)
      System.Linq (>= 4.3) - restriction: || (&& (== net461) (>= dnxcore50)) (&& (== net461) (< net46)) (== netcoreapp2.0) (== netcoreapp2.2) (== netstandard2.0)
      System.Reflection (>= 4.3) - restriction: || (&& (== net461) (>= dnxcore50)) (&& (== net461) (< net46)) (== netcoreapp2.0) (== netcoreapp2.2) (== netstandard2.0)
      System.Reflection.Emit.ILGeneration (>= 4.3) - restriction: || (&& (== net461) (< net46)) (== netcoreapp2.0) (== netcoreapp2.2) (== netstandard2.0)
      System.Reflection.Emit.Lightweight (>= 4.3) - restriction: || (&& (== net461) (< net46)) (== netcoreapp2.0) (== netcoreapp2.2) (== netstandard2.0)
      System.Reflection.Extensions (>= 4.3) - restriction: || (&& (== net461) (>= dnxcore50)) (&& (== net461) (< net46)) (== netcoreapp2.0) (== netcoreapp2.2) (== netstandard2.0)
      System.Reflection.Primitives (>= 4.3) - restriction: || (&& (== net461) (>= dnxcore50)) (&& (== net461) (< net46)) (== netcoreapp2.0) (== netcoreapp2.2) (== netstandard2.0)
      System.Reflection.TypeExtensions (>= 4.3)
      System.Resources.ResourceManager (>= 4.3) - restriction: || (&& (== net461) (>= dnxcore50)) (&& (== net461) (< net46)) (== netcoreapp2.0) (== netcoreapp2.2) (== netstandard2.0)
      System.Runtime (>= 4.3) - restriction: || (&& (== net461) (>= dnxcore50)) (&& (== net461) (< net46)) (== netcoreapp2.0) (== netcoreapp2.2) (== netstandard2.0)
      System.Runtime.Extensions (>= 4.3) - restriction: || (&& (== net461) (>= dnxcore50)) (&& (== net461) (< net46)) (== netcoreapp2.0) (== netcoreapp2.2) (== netstandard2.0)
      System.Runtime.Serialization.Primitives (>= 4.3)
      System.Text.Encoding (>= 4.3) - restriction: || (&& (== net461) (>= dnxcore50)) (&& (== net461) (< net46)) (== netcoreapp2.0) (== netcoreapp2.2) (== netstandard2.0)
      System.Text.Encoding.Extensions (>= 4.3) - restriction: || (&& (== net461) (>= dnxcore50)) (&& (== net461) (< net46)) (== netcoreapp2.0) (== netcoreapp2.2) (== netstandard2.0)
      System.Text.RegularExpressions (>= 4.3) - restriction: || (&& (== net461) (>= dnxcore50)) (&& (== net461) (< net46)) (== netcoreapp2.0) (== netcoreapp2.2) (== netstandard2.0)
      System.Threading (>= 4.3) - restriction: || (&& (== net461) (>= dnxcore50)) (&& (== net461) (< net46)) (== netcoreapp2.0) (== netcoreapp2.2) (== netstandard2.0)
      System.Threading.Tasks (>= 4.3) - restriction: || (&& (== net461) (>= dnxcore50)) (&& (== net461) (< net46)) (== netcoreapp2.0) (== netcoreapp2.2) (== netstandard2.0)
      System.Xml.ReaderWriter (>= 4.3) - restriction: || (&& (== net461) (>= dnxcore50)) (&& (== net461) (< net46)) (== netcoreapp2.0) (== netcoreapp2.2) (== netstandard2.0)
      System.Xml.XDocument (>= 4.3) - restriction: || (&& (== net461) (>= dnxcore50)) (&& (== net461) (< net46)) (== netcoreapp2.0) (== netcoreapp2.2) (== netstandard2.0)
      System.Xml.XmlDocument (>= 4.3)
      System.Xml.XmlSerializer (>= 4.3) - restriction: || (&& (== net461) (>= dnxcore50)) (&& (== net461) (< net46)) (== netcoreapp2.0) (== netcoreapp2.2) (== netstandard2.0)
    System.Private.ServiceModel (4.5.3) - restriction: || (&& (== net461) (>= dnxcore50) (>= netstandard2.0)) (&& (== net461) (< net20) (>= netstandard2.0)) (&& (== net461) (>= netcoreapp2.1)) (&& (== net461) (>= netstandard2.0) (>= uap10.1)) (== netcoreapp2.0) (== netcoreapp2.2) (== netstandard2.0)
      Microsoft.NETCore.Platforms (>= 2.1)
      System.Reflection.DispatchProxy (>= 4.5) - restriction: || (&& (== net461) (>= netstandard2.0)) (== netcoreapp2.0) (== netcoreapp2.2) (== netstandard2.0)
      System.Security.Principal.Windows (>= 4.5) - restriction: || (&& (== net461) (>= netstandard2.0)) (== netcoreapp2.0) (== netcoreapp2.2) (== netstandard2.0)
    System.Reflection (4.3)
      Microsoft.NETCore.Platforms (>= 1.1) - restriction: || (&& (== net461) (>= dnxcore50)) (&& (== net461) (< net45)) (== netcoreapp2.0) (== netcoreapp2.2) (== netstandard2.0)
      Microsoft.NETCore.Targets (>= 1.1) - restriction: || (&& (== net461) (>= dnxcore50)) (&& (== net461) (< net45)) (== netcoreapp2.0) (== netcoreapp2.2) (== netstandard2.0)
      System.IO (>= 4.3) - restriction: || (&& (== net461) (>= dnxcore50)) (&& (== net461) (< net45)) (== netcoreapp2.0) (== netcoreapp2.2) (== netstandard2.0)
      System.Reflection.Primitives (>= 4.3) - restriction: || (&& (== net461) (>= dnxcore50)) (&& (== net461) (< net45)) (== netcoreapp2.0) (== netcoreapp2.2) (== netstandard2.0)
      System.Runtime (>= 4.3) - restriction: || (&& (== net461) (>= dnxcore50)) (&& (== net461) (< net45)) (== netcoreapp2.0) (== netcoreapp2.2) (== netstandard2.0)
    System.Reflection.DispatchProxy (4.5.1) - restriction: || (&& (== net461) (>= dnxcore50) (>= netstandard2.0)) (&& (== net461) (< net20) (>= netstandard2.0)) (&& (== net461) (>= netcoreapp2.1)) (&& (== net461) (>= netstandard2.0) (>= uap10.1)) (== netcoreapp2.0) (== netcoreapp2.2) (== netstandard2.0)
    System.Reflection.Emit (4.3) - restriction: || (&& (== net461) (< net20)) (&& (== net461) (< net35)) (== netcoreapp2.0) (== netcoreapp2.2) (== netstandard2.0)
      System.IO (>= 4.3) - restriction: || (&& (== net461) (< net45)) (== netcoreapp2.0) (== netcoreapp2.2) (== netstandard2.0)
      System.Reflection (>= 4.3) - restriction: || (&& (== net461) (< net45)) (== netcoreapp2.0) (== netcoreapp2.2) (== netstandard2.0)
      System.Reflection.Emit.ILGeneration (>= 4.3) - restriction: || (&& (== net461) (< net45)) (== netcoreapp2.0) (== netcoreapp2.2) (== netstandard2.0)
      System.Reflection.Primitives (>= 4.3) - restriction: || (&& (== net461) (< net45)) (== netcoreapp2.0) (== netcoreapp2.2) (== netstandard2.0)
      System.Runtime (>= 4.3) - restriction: || (&& (== net461) (< net45)) (== netcoreapp2.0) (== netcoreapp2.2) (== netstandard2.0)
    System.Reflection.Emit.ILGeneration (4.3) - restriction: || (&& (== net461) (>= dnxcore50)) (&& (== net461) (< net20)) (&& (== net461) (< net35)) (&& (== net461) (>= netcoreapp1.0)) (== netcoreapp2.0) (== netcoreapp2.2) (== netstandard2.0)
      System.Reflection (>= 4.3) - restriction: || (&& (== net461) (< net45)) (== netcoreapp2.0) (== netcoreapp2.2) (== netstandard2.0)
      System.Reflection.Primitives (>= 4.3) - restriction: || (&& (== net461) (< net45)) (== netcoreapp2.0) (== netcoreapp2.2) (== netstandard2.0)
      System.Runtime (>= 4.3) - restriction: || (&& (== net461) (< net45)) (== netcoreapp2.0) (== netcoreapp2.2) (== netstandard2.0)
    System.Reflection.Emit.Lightweight (4.3)
      System.Reflection (>= 4.3) - restriction: || (&& (== net461) (< net45)) (== netcoreapp2.0) (== netcoreapp2.2) (== netstandard2.0)
      System.Reflection.Emit.ILGeneration (>= 4.3) - restriction: || (&& (== net461) (< net45)) (== netcoreapp2.0) (== netcoreapp2.2) (== netstandard2.0)
      System.Reflection.Primitives (>= 4.3) - restriction: || (&& (== net461) (< net45)) (== netcoreapp2.0) (== netcoreapp2.2) (== netstandard2.0)
      System.Runtime (>= 4.3) - restriction: || (&& (== net461) (< net45)) (== netcoreapp2.0) (== netcoreapp2.2) (== netstandard2.0)
    System.Reflection.Extensions (4.3) - restriction: || (&& (== net461) (>= dnxcore50)) (&& (== net461) (< net20)) (&& (== net461) (< net45)) (&& (== net461) (< net451) (>= netstandard1.5)) (&& (== net461) (>= netcoreapp1.0)) (== netcoreapp2.0) (== netcoreapp2.2) (== netstandard2.0)
      Microsoft.NETCore.Platforms (>= 1.1) - restriction: || (&& (== net461) (>= dnxcore50)) (&& (== net461) (< net45)) (== netcoreapp2.0) (== netcoreapp2.2) (== netstandard2.0)
      Microsoft.NETCore.Targets (>= 1.1) - restriction: || (&& (== net461) (>= dnxcore50)) (&& (== net461) (< net45)) (== netcoreapp2.0) (== netcoreapp2.2) (== netstandard2.0)
      System.Reflection (>= 4.3) - restriction: || (&& (== net461) (>= dnxcore50)) (&& (== net461) (< net45)) (== netcoreapp2.0) (== netcoreapp2.2) (== netstandard2.0)
      System.Runtime (>= 4.3) - restriction: || (&& (== net461) (>= dnxcore50)) (&& (== net461) (< net45)) (== netcoreapp2.0) (== netcoreapp2.2) (== netstandard2.0)
    System.Reflection.Metadata (1.6)
      System.Collections.Immutable (>= 1.5) - restriction: || (== net461) (== netcoreapp2.0) (&& (== netcoreapp2.2) (>= net45)) (&& (== netcoreapp2.2) (< netcoreapp2.1)) (&& (== netcoreapp2.2) (< netstandard1.1)) (&& (== netcoreapp2.2) (< netstandard2.0)) (== netstandard2.0)
    System.Reflection.Primitives (4.3) - restriction: || (&& (== net461) (>= dnxcore50)) (&& (== net461) (< net20)) (&& (== net461) (< net35)) (&& (== net461) (>= netcoreapp1.0)) (== netcoreapp2.0) (== netcoreapp2.2) (== netstandard2.0)
      Microsoft.NETCore.Platforms (>= 1.1) - restriction: || (&& (== net461) (>= dnxcore50)) (&& (== net461) (< net45)) (== netcoreapp2.0) (== netcoreapp2.2) (== netstandard2.0)
      Microsoft.NETCore.Targets (>= 1.1) - restriction: || (&& (== net461) (>= dnxcore50)) (&& (== net461) (< net45)) (== netcoreapp2.0) (== netcoreapp2.2) (== netstandard2.0)
      System.Runtime (>= 4.3) - restriction: || (&& (== net461) (>= dnxcore50)) (&& (== net461) (< net45)) (== netcoreapp2.0) (== netcoreapp2.2) (== netstandard2.0)
    System.Reflection.TypeExtensions (4.5.1)
    System.Resources.ResourceManager (4.3)
      Microsoft.NETCore.Platforms (>= 1.1) - restriction: || (&& (== net461) (>= dnxcore50)) (&& (== net461) (< net45)) (== netcoreapp2.0) (== netcoreapp2.2) (== netstandard2.0)
      Microsoft.NETCore.Targets (>= 1.1) - restriction: || (&& (== net461) (>= dnxcore50)) (&& (== net461) (< net45)) (== netcoreapp2.0) (== netcoreapp2.2) (== netstandard2.0)
      System.Globalization (>= 4.3) - restriction: || (&& (== net461) (>= dnxcore50)) (&& (== net461) (< net45)) (== netcoreapp2.0) (== netcoreapp2.2) (== netstandard2.0)
      System.Reflection (>= 4.3) - restriction: || (&& (== net461) (>= dnxcore50)) (&& (== net461) (< net45)) (== netcoreapp2.0) (== netcoreapp2.2) (== netstandard2.0)
      System.Runtime (>= 4.3) - restriction: || (&& (== net461) (>= dnxcore50)) (&& (== net461) (< net45)) (== netcoreapp2.0) (== netcoreapp2.2) (== netstandard2.0)
    System.Runtime (4.3)
      Microsoft.NETCore.Platforms (>= 1.1) - restriction: || (&& (== net461) (>= dnxcore50)) (&& (== net461) (< net45)) (== netcoreapp2.0) (== netcoreapp2.2) (== netstandard2.0)
      Microsoft.NETCore.Targets (>= 1.1) - restriction: || (&& (== net461) (>= dnxcore50)) (&& (== net461) (< net45)) (== netcoreapp2.0) (== netcoreapp2.2) (== netstandard2.0)
    System.Runtime.Caching (4.5) - restriction: || (&& (== net461) (< net452) (>= netstandard2.0)) (== netcoreapp2.0) (== netcoreapp2.2) (== netstandard2.0)
      Microsoft.NETCore.Platforms (>= 2.0) - restriction: || (&& (== net461) (>= netcoreapp2.0)) (== netcoreapp2.0) (== netcoreapp2.2) (&& (== netstandard2.0) (>= netcoreapp2.0))
      System.Configuration.ConfigurationManager (>= 4.5) - restriction: || (&& (== net461) (>= netcoreapp2.0)) (== netcoreapp2.0) (== netcoreapp2.2) (&& (== netstandard2.0) (>= netcoreapp2.0))
    System.Runtime.CompilerServices.Unsafe (4.5.2)
    System.Runtime.Extensions (4.3)
      Microsoft.NETCore.Platforms (>= 1.1) - restriction: || (&& (== net461) (>= dnxcore50)) (&& (== net461) (< net45)) (== netcoreapp2.0) (== netcoreapp2.2) (== netstandard2.0)
      Microsoft.NETCore.Targets (>= 1.1) - restriction: || (&& (== net461) (>= dnxcore50)) (&& (== net461) (< net45)) (== netcoreapp2.0) (== netcoreapp2.2) (== netstandard2.0)
      System.Runtime (>= 4.3) - restriction: || (&& (== net461) (>= dnxcore50)) (&& (== net461) (< net45)) (== netcoreapp2.0) (== netcoreapp2.2) (== netstandard2.0)
    System.Runtime.Handles (4.3) - restriction: || (&& (== net461) (>= dnxcore50)) (&& (== net461) (< net35)) (&& (== net461) (< net45)) (&& (== net461) (>= netcoreapp1.0)) (== netcoreapp2.0) (== netcoreapp2.2) (== netstandard2.0)
      Microsoft.NETCore.Platforms (>= 1.1) - restriction: || (&& (== net461) (< net46)) (== netcoreapp2.0) (== netcoreapp2.2) (== netstandard2.0)
      Microsoft.NETCore.Targets (>= 1.1) - restriction: || (&& (== net461) (< net46)) (== netcoreapp2.0) (== netcoreapp2.2) (== netstandard2.0)
      System.Runtime (>= 4.3) - restriction: || (&& (== net461) (< net46)) (== netcoreapp2.0) (== netcoreapp2.2) (== netstandard2.0)
    System.Runtime.InteropServices (4.3)
      Microsoft.NETCore.Platforms (>= 1.1) - restriction: || (&& (== net461) (>= dnxcore50)) (&& (== net461) (< net45)) (&& (== net461) (>= netcoreapp1.1)) (== netcoreapp2.0) (== netcoreapp2.2) (== netstandard2.0)
      Microsoft.NETCore.Targets (>= 1.1) - restriction: || (&& (== net461) (>= dnxcore50)) (&& (== net461) (< net45)) (&& (== net461) (>= netcoreapp1.1)) (== netcoreapp2.0) (== netcoreapp2.2) (== netstandard2.0)
      System.Reflection (>= 4.3) - restriction: || (&& (== net461) (>= dnxcore50)) (&& (== net461) (< net45)) (&& (== net461) (>= netcoreapp1.1)) (== netcoreapp2.0) (== netcoreapp2.2) (== netstandard2.0)
      System.Reflection.Primitives (>= 4.3) - restriction: || (&& (== net461) (>= dnxcore50)) (&& (== net461) (< net45)) (&& (== net461) (>= netcoreapp1.1)) (== netcoreapp2.0) (== netcoreapp2.2) (== netstandard2.0)
      System.Runtime (>= 4.3) - restriction: || (&& (== net461) (>= dnxcore50)) (&& (== net461) (< net45)) (&& (== net461) (>= net462)) (&& (== net461) (>= netcoreapp1.1)) (== netcoreapp2.0) (== netcoreapp2.2) (== netstandard2.0)
      System.Runtime.Handles (>= 4.3) - restriction: || (&& (== net461) (>= dnxcore50)) (&& (== net461) (< net45)) (&& (== net461) (>= netcoreapp1.1)) (== netcoreapp2.0) (== netcoreapp2.2) (== netstandard2.0)
    System.Runtime.InteropServices.RuntimeInformation (4.3) - restriction: || (== net461) (== netcoreapp2.0) (== netcoreapp2.2) (&& (== netstandard2.0) (>= net461)) (&& (== netstandard2.0) (>= netcoreapp1.0)) (&& (== netstandard2.0) (>= netcoreapp2.0))
      runtime.native.System (>= 4.3) - restriction: || (&& (== net461) (< net45)) (== netcoreapp2.0) (== netcoreapp2.2) (== netstandard2.0)
      System.Reflection (>= 4.3) - restriction: || (&& (== net461) (>= dnxcore50)) (&& (== net461) (< net45)) (== netcoreapp2.0) (== netcoreapp2.2) (== netstandard2.0)
      System.Reflection.Extensions (>= 4.3) - restriction: || (&& (== net461) (>= dnxcore50)) (&& (== net461) (< net45)) (== netcoreapp2.0) (== netcoreapp2.2) (== netstandard2.0)
      System.Resources.ResourceManager (>= 4.3) - restriction: || (&& (== net461) (>= dnxcore50)) (&& (== net461) (< net45)) (== netcoreapp2.0) (== netcoreapp2.2) (== netstandard2.0)
      System.Runtime (>= 4.3) - restriction: || (&& (== net461) (>= dnxcore50)) (&& (== net461) (< net45)) (== netcoreapp2.0) (== netcoreapp2.2) (== netstandard2.0)
      System.Runtime.InteropServices (>= 4.3) - restriction: || (&& (== net461) (< net45)) (== netcoreapp2.0) (== netcoreapp2.2) (== netstandard2.0)
      System.Threading (>= 4.3) - restriction: || (&& (== net461) (>= dnxcore50)) (&& (== net461) (< net45)) (== netcoreapp2.0) (== netcoreapp2.2) (== netstandard2.0)
    System.Runtime.Loader (4.3) - restriction: || (&& (== net461) (< net45) (>= netstandard1.5)) (&& (== net461) (>= netcoreapp1.0)) (== netcoreapp2.0) (== netcoreapp2.2) (== netstandard2.0)
      System.IO (>= 4.3) - restriction: || (&& (== net461) (>= netstandard1.5)) (== netcoreapp2.0) (== netcoreapp2.2) (== netstandard2.0)
      System.Reflection (>= 4.3) - restriction: || (&& (== net461) (>= netstandard1.5)) (== netcoreapp2.0) (== netcoreapp2.2) (== netstandard2.0)
      System.Runtime (>= 4.3) - restriction: || (&& (== net461) (>= netstandard1.5)) (== netcoreapp2.0) (== netcoreapp2.2) (== netstandard2.0)
    System.Runtime.Numerics (4.3)
      System.Globalization (>= 4.3) - restriction: || (&& (== net461) (>= dnxcore50)) (&& (== net461) (< net45)) (== netcoreapp2.0) (== netcoreapp2.2) (== netstandard2.0)
      System.Resources.ResourceManager (>= 4.3) - restriction: || (&& (== net461) (>= dnxcore50)) (&& (== net461) (< net45)) (== netcoreapp2.0) (== netcoreapp2.2) (== netstandard2.0)
      System.Runtime (>= 4.3) - restriction: || (&& (== net461) (>= dnxcore50)) (&& (== net461) (< net45)) (== netcoreapp2.0) (== netcoreapp2.2) (== netstandard2.0)
      System.Runtime.Extensions (>= 4.3) - restriction: || (&& (== net461) (>= dnxcore50)) (&& (== net461) (< net45)) (== netcoreapp2.0) (== netcoreapp2.2) (== netstandard2.0)
    System.Runtime.Serialization.Json (4.3) - restriction: || (&& (== net461) (>= netcoreapp1.0)) (== netcoreapp2.0) (== netcoreapp2.2) (&& (== netstandard2.0) (>= netcoreapp1.0))
      System.IO (>= 4.3) - restriction: || (&& (== net461) (>= dnxcore50)) (&& (== net461) (< net45)) (== netcoreapp2.0) (== netcoreapp2.2) (== netstandard2.0)
      System.Private.DataContractSerialization (>= 4.3) - restriction: || (&& (== net461) (>= dnxcore50)) (&& (== net461) (< net45)) (== netcoreapp2.0) (== netcoreapp2.2) (== netstandard2.0)
      System.Runtime (>= 4.3) - restriction: || (&& (== net461) (>= dnxcore50)) (&& (== net461) (< net45)) (== netcoreapp2.0) (== netcoreapp2.2) (== netstandard2.0)
    System.Runtime.Serialization.Primitives (4.3) - restriction: || (&& (== net461) (>= netcoreapp1.0)) (== netcoreapp2.0) (== netcoreapp2.2) (&& (== netstandard2.0) (>= netcoreapp1.0))
      System.Resources.ResourceManager (>= 4.3) - restriction: || (&& (== net461) (>= dnxcore50)) (&& (== net461) (< net45)) (== netcoreapp2.0) (== netcoreapp2.2) (== netstandard2.0)
      System.Runtime (>= 4.3) - restriction: || (&& (== net461) (>= dnxcore50)) (&& (== net461) (< net45)) (== netcoreapp2.0) (== netcoreapp2.2) (== netstandard2.0)
    System.Security.AccessControl (4.5)
      Microsoft.NETCore.Platforms (>= 2.0) - restriction: || (&& (== net461) (>= netcoreapp2.0)) (== netcoreapp2.0) (== netcoreapp2.2) (&& (== netstandard2.0) (>= netcoreapp2.0))
      System.Security.Principal.Windows (>= 4.5)
    System.Security.Claims (4.3) - restriction: || (&& (== net461) (< net451) (>= netstandard1.5)) (&& (== net461) (< net451) (>= netstandard1.6)) (== netcoreapp2.0) (== netcoreapp2.2) (== netstandard2.0)
      System.Collections (>= 4.3) - restriction: || (&& (== net461) (< net46)) (== netcoreapp2.0) (== netcoreapp2.2) (== netstandard2.0)
      System.Globalization (>= 4.3) - restriction: || (&& (== net461) (< net46)) (== netcoreapp2.0) (== netcoreapp2.2) (== netstandard2.0)
      System.IO (>= 4.3) - restriction: || (&& (== net461) (< net46)) (== netcoreapp2.0) (== netcoreapp2.2) (== netstandard2.0)
      System.Resources.ResourceManager (>= 4.3) - restriction: || (&& (== net461) (< net46)) (== netcoreapp2.0) (== netcoreapp2.2) (== netstandard2.0)
      System.Runtime (>= 4.3) - restriction: || (&& (== net461) (< net46)) (== netcoreapp2.0) (== netcoreapp2.2) (== netstandard2.0)
      System.Runtime.Extensions (>= 4.3) - restriction: || (&& (== net461) (< net46)) (== netcoreapp2.0) (== netcoreapp2.2) (== netstandard2.0)
      System.Security.Principal (>= 4.3) - restriction: || (&& (== net461) (< net46)) (== netcoreapp2.0) (== netcoreapp2.2) (== netstandard2.0)
    System.Security.Cryptography.Algorithms (4.3.1)
      Microsoft.NETCore.Platforms (>= 1.1) - restriction: || (&& (== net461) (>= dnxcore50)) (&& (== net461) (< net46) (>= netstandard1.6)) (== netcoreapp2.0) (== netcoreapp2.2) (== netstandard2.0)
      runtime.native.System.Security.Cryptography.Apple (>= 4.3.1) - restriction: || (&& (== net461) (< net46) (>= netstandard1.6)) (== netcoreapp2.0) (== netcoreapp2.2) (== netstandard2.0)
      runtime.native.System.Security.Cryptography.OpenSsl (>= 4.3.2) - restriction: || (&& (== net461) (< net46) (>= netstandard1.6)) (== netcoreapp2.0) (== netcoreapp2.2) (== netstandard2.0)
      System.Collections (>= 4.3) - restriction: || (&& (== net461) (< net46) (>= netstandard1.6)) (== netcoreapp2.0) (== netcoreapp2.2) (== netstandard2.0)
      System.IO (>= 4.3) - restriction: || (&& (== net461) (>= dnxcore50)) (&& (== net461) (< net46)) (&& (== net461) (>= net463)) (== netcoreapp2.0) (== netcoreapp2.2) (== netstandard2.0)
      System.Resources.ResourceManager (>= 4.3) - restriction: || (&& (== net461) (>= dnxcore50)) (&& (== net461) (< net46) (>= netstandard1.6)) (== netcoreapp2.0) (== netcoreapp2.2) (== netstandard2.0)
      System.Runtime (>= 4.3) - restriction: || (&& (== net461) (>= dnxcore50)) (&& (== net461) (< net46)) (&& (== net461) (>= net463)) (== netcoreapp2.0) (== netcoreapp2.2) (== netstandard2.0)
      System.Runtime.Extensions (>= 4.3) - restriction: || (&& (== net461) (>= dnxcore50)) (&& (== net461) (< net46) (>= netstandard1.6)) (== netcoreapp2.0) (== netcoreapp2.2) (== netstandard2.0)
      System.Runtime.Handles (>= 4.3) - restriction: || (&& (== net461) (>= dnxcore50)) (&& (== net461) (< net46) (>= netstandard1.6)) (== netcoreapp2.0) (== netcoreapp2.2) (== netstandard2.0)
      System.Runtime.InteropServices (>= 4.3) - restriction: || (&& (== net461) (>= dnxcore50)) (&& (== net461) (< net46) (>= netstandard1.6)) (== netcoreapp2.0) (== netcoreapp2.2) (== netstandard2.0)
      System.Runtime.Numerics (>= 4.3) - restriction: || (&& (== net461) (< net46) (>= netstandard1.6)) (== netcoreapp2.0) (== netcoreapp2.2) (== netstandard2.0)
      System.Security.Cryptography.Encoding (>= 4.3) - restriction: || (&& (== net461) (>= dnxcore50)) (&& (== net461) (< net46) (>= netstandard1.6)) (&& (== net461) (>= net463)) (== netcoreapp2.0) (== netcoreapp2.2) (== netstandard2.0)
      System.Security.Cryptography.Primitives (>= 4.3)
      System.Text.Encoding (>= 4.3) - restriction: || (&& (== net461) (>= dnxcore50)) (&& (== net461) (< net46) (>= netstandard1.6)) (== netcoreapp2.0) (== netcoreapp2.2) (== netstandard2.0)
    System.Security.Cryptography.Cng (4.5) - restriction: || (&& (== net461) (< net452) (>= netstandard2.0)) (== netcoreapp2.0) (== netcoreapp2.2) (== netstandard2.0)
      Microsoft.NETCore.Platforms (>= 2.0) - restriction: || (&& (== net461) (>= netcoreapp2.0)) (== netcoreapp2.0) (&& (== netcoreapp2.2) (< netcoreapp2.1)) (&& (== netstandard2.0) (>= netcoreapp2.0))
    System.Security.Cryptography.Csp (4.3) - restriction: || (&& (== net461) (< net35)) (&& (== net461) (< net46) (>= netstandard1.6)) (== netcoreapp2.0) (== netcoreapp2.2) (== netstandard2.0)
      Microsoft.NETCore.Platforms (>= 1.1) - restriction: || (&& (== net461) (< net46)) (== netcoreapp2.0) (== netcoreapp2.2) (== netstandard2.0)
      System.IO (>= 4.3) - restriction: || (&& (== net461) (< net46)) (== netcoreapp2.0) (== netcoreapp2.2) (== netstandard2.0)
      System.Reflection (>= 4.3) - restriction: || (&& (== net461) (< net46)) (== netcoreapp2.0) (== netcoreapp2.2) (== netstandard2.0)
      System.Resources.ResourceManager (>= 4.3) - restriction: || (&& (== net461) (< net46)) (== netcoreapp2.0) (== netcoreapp2.2) (== netstandard2.0)
      System.Runtime (>= 4.3) - restriction: || (&& (== net461) (< net46)) (== netcoreapp2.0) (== netcoreapp2.2) (== netstandard2.0)
      System.Runtime.Extensions (>= 4.3) - restriction: || (&& (== net461) (< net46)) (== netcoreapp2.0) (== netcoreapp2.2) (== netstandard2.0)
      System.Runtime.Handles (>= 4.3) - restriction: || (&& (== net461) (< net46)) (== netcoreapp2.0) (== netcoreapp2.2) (== netstandard2.0)
      System.Runtime.InteropServices (>= 4.3) - restriction: || (&& (== net461) (< net46)) (== netcoreapp2.0) (== netcoreapp2.2) (== netstandard2.0)
      System.Security.Cryptography.Algorithms (>= 4.3)
      System.Security.Cryptography.Encoding (>= 4.3) - restriction: || (&& (== net461) (< net46)) (== netcoreapp2.0) (== netcoreapp2.2) (== netstandard2.0)
      System.Security.Cryptography.Primitives (>= 4.3)
      System.Text.Encoding (>= 4.3) - restriction: || (&& (== net461) (< net46)) (== netcoreapp2.0) (== netcoreapp2.2) (== netstandard2.0)
      System.Threading (>= 4.3) - restriction: || (&& (== net461) (< net46)) (== netcoreapp2.0) (== netcoreapp2.2) (== netstandard2.0)
    System.Security.Cryptography.Encoding (4.3)
      Microsoft.NETCore.Platforms (>= 1.1) - restriction: || (&& (== net461) (< net46)) (== netcoreapp2.0) (== netcoreapp2.2) (== netstandard2.0)
      runtime.native.System.Security.Cryptography.OpenSsl (>= 4.3) - restriction: || (&& (== net461) (< net46)) (== netcoreapp2.0) (== netcoreapp2.2) (== netstandard2.0)
      System.Collections (>= 4.3) - restriction: || (&& (== net461) (< net46)) (== netcoreapp2.0) (== netcoreapp2.2) (== netstandard2.0)
      System.Collections.Concurrent (>= 4.3) - restriction: || (&& (== net461) (< net46)) (== netcoreapp2.0) (== netcoreapp2.2) (== netstandard2.0)
      System.Linq (>= 4.3) - restriction: || (&& (== net461) (< net46)) (== netcoreapp2.0) (== netcoreapp2.2) (== netstandard2.0)
      System.Resources.ResourceManager (>= 4.3) - restriction: || (&& (== net461) (< net46)) (== netcoreapp2.0) (== netcoreapp2.2) (== netstandard2.0)
      System.Runtime (>= 4.3) - restriction: || (&& (== net461) (< net46)) (== netcoreapp2.0) (== netcoreapp2.2) (== netstandard2.0)
      System.Runtime.Extensions (>= 4.3) - restriction: || (&& (== net461) (< net46)) (== netcoreapp2.0) (== netcoreapp2.2) (== netstandard2.0)
      System.Runtime.Handles (>= 4.3) - restriction: || (&& (== net461) (< net46)) (== netcoreapp2.0) (== netcoreapp2.2) (== netstandard2.0)
      System.Runtime.InteropServices (>= 4.3) - restriction: || (&& (== net461) (< net46)) (== netcoreapp2.0) (== netcoreapp2.2) (== netstandard2.0)
      System.Security.Cryptography.Primitives (>= 4.3) - restriction: || (&& (== net461) (< net46)) (== netcoreapp2.0) (== netcoreapp2.2) (== netstandard2.0)
      System.Text.Encoding (>= 4.3) - restriction: || (&& (== net461) (< net46)) (== netcoreapp2.0) (== netcoreapp2.2) (== netstandard2.0)
    System.Security.Cryptography.OpenSsl (4.5) - restriction: || (&& (== net461) (< net45) (>= netstandard1.6)) (== netcoreapp2.0) (== netcoreapp2.2) (== netstandard2.0)
      Microsoft.NETCore.Platforms (>= 2.0) - restriction: || (&& (== net461) (>= netcoreapp2.0)) (== netcoreapp2.0) (&& (== netcoreapp2.2) (< netcoreapp2.1)) (&& (== netstandard2.0) (>= netcoreapp2.0))
    System.Security.Cryptography.Pkcs (4.5.1) - restriction: || (&& (== net461) (< net452) (>= netstandard2.0)) (== netcoreapp2.0) (== netcoreapp2.2) (== netstandard2.0)
      System.Buffers (>= 4.4) - restriction: || (&& (== net461) (>= monoandroid)) (&& (== net461) (>= monotouch)) (&& (== net461) (< net46) (>= netstandard2.0)) (&& (== net461) (>= xamarinios)) (&& (== net461) (>= xamarinmac)) (&& (== net461) (>= xamarintvos)) (&& (== net461) (>= xamarinwatchos)) (&& (== netcoreapp2.0) (>= monoandroid) (< netstandard2.0)) (&& (== netcoreapp2.0) (>= monotouch)) (&& (== netcoreapp2.0) (>= xamarinios)) (&& (== netcoreapp2.0) (>= xamarinmac)) (&& (== netcoreapp2.0) (>= xamarintvos)) (&& (== netcoreapp2.0) (>= xamarinwatchos)) (&& (== netcoreapp2.2) (>= monoandroid) (< netstandard2.0)) (&& (== netcoreapp2.2) (>= monotouch)) (&& (== netcoreapp2.2) (< netcoreapp2.0)) (&& (== netcoreapp2.2) (>= xamarinios)) (&& (== netcoreapp2.2) (>= xamarinmac)) (&& (== netcoreapp2.2) (>= xamarintvos)) (&& (== netcoreapp2.2) (>= xamarinwatchos)) (== netstandard2.0)
      System.Memory (>= 4.5.1) - restriction: || (&& (== net461) (>= monoandroid)) (&& (== net461) (>= monotouch)) (&& (== net461) (< net46) (>= netstandard2.0)) (&& (== net461) (>= netcoreapp2.0)) (&& (== net461) (>= uap10.1)) (&& (== net461) (>= xamarinios)) (&& (== net461) (>= xamarinmac)) (&& (== net461) (>= xamarintvos)) (&& (== net461) (>= xamarinwatchos)) (== netcoreapp2.0) (&& (== netcoreapp2.2) (>= monoandroid) (< netstandard2.0)) (&& (== netcoreapp2.2) (>= monotouch)) (&& (== netcoreapp2.2) (< netcoreapp2.0)) (&& (== netcoreapp2.2) (< netcoreapp2.1)) (&& (== netcoreapp2.2) (>= uap10.1)) (&& (== netcoreapp2.2) (>= xamarinios)) (&& (== netcoreapp2.2) (>= xamarinmac)) (&& (== netcoreapp2.2) (>= xamarintvos)) (&& (== netcoreapp2.2) (>= xamarinwatchos)) (== netstandard2.0)
      System.Security.Cryptography.Cng (>= 4.4) - restriction: || (&& (== net461) (< net46) (>= netstandard2.0)) (&& (== net461) (>= netcoreapp2.0)) (== netcoreapp2.0) (&& (== netcoreapp2.2) (< netcoreapp2.0)) (&& (== netcoreapp2.2) (< netcoreapp2.1)) (== netstandard2.0)
      System.Security.Cryptography.Cng (>= 4.5) - restriction: || (&& (== net461) (>= netcoreapp2.1)) (&& (== netcoreapp2.0) (>= netcoreapp2.1)) (== netcoreapp2.2) (&& (== netstandard2.0) (>= netcoreapp2.1))
    System.Security.Cryptography.Primitives (4.3) - restriction: || (&& (== net461) (< net35)) (&& (== net461) (< net45) (>= netstandard1.6)) (== netcoreapp2.0) (== netcoreapp2.2) (== netstandard2.0)
      System.Diagnostics.Debug (>= 4.3) - restriction: || (&& (== net461) (< net46)) (== netcoreapp2.0) (== netcoreapp2.2) (== netstandard2.0)
      System.Globalization (>= 4.3) - restriction: || (&& (== net461) (< net46)) (== netcoreapp2.0) (== netcoreapp2.2) (== netstandard2.0)
      System.IO (>= 4.3) - restriction: || (&& (== net461) (< net46)) (== netcoreapp2.0) (== netcoreapp2.2) (== netstandard2.0)
      System.Resources.ResourceManager (>= 4.3) - restriction: || (&& (== net461) (< net46)) (== netcoreapp2.0) (== netcoreapp2.2) (== netstandard2.0)
      System.Runtime (>= 4.3) - restriction: || (&& (== net461) (< net46)) (== netcoreapp2.0) (== netcoreapp2.2) (== netstandard2.0)
      System.Threading (>= 4.3) - restriction: || (&& (== net461) (< net46)) (== netcoreapp2.0) (== netcoreapp2.2) (== netstandard2.0)
      System.Threading.Tasks (>= 4.3) - restriction: || (&& (== net461) (< net46)) (== netcoreapp2.0) (== netcoreapp2.2) (== netstandard2.0)
    System.Security.Cryptography.ProtectedData (4.5) - restriction: || (== netcoreapp2.0) (== netcoreapp2.2) (== netstandard2.0)
      System.Memory (>= 4.5) - restriction: || (&& (== net461) (< net46) (>= netstandard2.0)) (== netcoreapp2.0) (&& (== netcoreapp2.2) (< netcoreapp2.1)) (== netstandard2.0)
    System.Security.Cryptography.X509Certificates (4.3.2)
      Microsoft.NETCore.Platforms (>= 1.1) - restriction: || (&& (== net461) (>= dnxcore50)) (&& (== net461) (< net46) (>= netstandard1.6)) (== netcoreapp2.0) (== netcoreapp2.2) (== netstandard2.0)
      runtime.native.System (>= 4.3) - restriction: || (&& (== net461) (< net46) (>= netstandard1.6)) (== netcoreapp2.0) (== netcoreapp2.2) (== netstandard2.0)
      runtime.native.System.Net.Http (>= 4.3) - restriction: || (&& (== net461) (< net46) (>= netstandard1.6)) (== netcoreapp2.0) (== netcoreapp2.2) (== netstandard2.0)
      runtime.native.System.Security.Cryptography.OpenSsl (>= 4.3.2) - restriction: || (&& (== net461) (< net46) (>= netstandard1.6)) (== netcoreapp2.0) (== netcoreapp2.2) (== netstandard2.0)
      System.Collections (>= 4.3) - restriction: || (&& (== net461) (>= dnxcore50)) (&& (== net461) (< net46) (>= netstandard1.6)) (== netcoreapp2.0) (== netcoreapp2.2) (== netstandard2.0)
      System.Diagnostics.Debug (>= 4.3) - restriction: || (&& (== net461) (< net46) (>= netstandard1.6)) (== netcoreapp2.0) (== netcoreapp2.2) (== netstandard2.0)
      System.Globalization (>= 4.3) - restriction: || (&& (== net461) (>= dnxcore50)) (&& (== net461) (< net46) (>= netstandard1.6)) (== netcoreapp2.0) (== netcoreapp2.2) (== netstandard2.0)
      System.Globalization.Calendars (>= 4.3) - restriction: || (&& (== net461) (>= dnxcore50)) (&& (== net461) (< net46) (>= netstandard1.6)) (== netcoreapp2.0) (== netcoreapp2.2) (== netstandard2.0)
      System.IO (>= 4.3) - restriction: || (&& (== net461) (>= dnxcore50)) (&& (== net461) (< net46) (>= netstandard1.6)) (== netcoreapp2.0) (== netcoreapp2.2) (== netstandard2.0)
      System.IO.FileSystem (>= 4.3) - restriction: || (&& (== net461) (>= dnxcore50)) (&& (== net461) (< net46) (>= netstandard1.6)) (== netcoreapp2.0) (== netcoreapp2.2) (== netstandard2.0)
      System.IO.FileSystem.Primitives (>= 4.3) - restriction: || (&& (== net461) (< net46) (>= netstandard1.6)) (== netcoreapp2.0) (== netcoreapp2.2) (== netstandard2.0)
      System.Resources.ResourceManager (>= 4.3) - restriction: || (&& (== net461) (>= dnxcore50)) (&& (== net461) (< net46) (>= netstandard1.6)) (== netcoreapp2.0) (== netcoreapp2.2) (== netstandard2.0)
      System.Runtime (>= 4.3) - restriction: || (&& (== net461) (>= dnxcore50)) (&& (== net461) (< net46)) (== netcoreapp2.0) (== netcoreapp2.2) (== netstandard2.0)
      System.Runtime.Extensions (>= 4.3) - restriction: || (&& (== net461) (>= dnxcore50)) (&& (== net461) (< net46) (>= netstandard1.6)) (== netcoreapp2.0) (== netcoreapp2.2) (== netstandard2.0)
      System.Runtime.Handles (>= 4.3) - restriction: || (&& (== net461) (>= dnxcore50)) (&& (== net461) (< net46)) (== netcoreapp2.0) (== netcoreapp2.2) (== netstandard2.0)
      System.Runtime.InteropServices (>= 4.3) - restriction: || (&& (== net461) (>= dnxcore50)) (&& (== net461) (< net46) (>= netstandard1.6)) (== netcoreapp2.0) (== netcoreapp2.2) (== netstandard2.0)
      System.Runtime.Numerics (>= 4.3) - restriction: || (&& (== net461) (>= dnxcore50)) (&& (== net461) (< net46) (>= netstandard1.6)) (== netcoreapp2.0) (== netcoreapp2.2) (== netstandard2.0)
      System.Security.Cryptography.Algorithms (>= 4.3)
      System.Security.Cryptography.Cng (>= 4.3) - restriction: || (&& (== net461) (>= dnxcore50)) (&& (== net461) (< net46) (>= netstandard1.6)) (== netcoreapp2.0) (== netcoreapp2.2) (== netstandard2.0)
      System.Security.Cryptography.Csp (>= 4.3) - restriction: || (&& (== net461) (< net46) (>= netstandard1.6)) (== netcoreapp2.0) (== netcoreapp2.2) (== netstandard2.0)
      System.Security.Cryptography.Encoding (>= 4.3)
      System.Security.Cryptography.OpenSsl (>= 4.3) - restriction: || (&& (== net461) (< net46) (>= netstandard1.6)) (== netcoreapp2.0) (== netcoreapp2.2) (== netstandard2.0)
      System.Security.Cryptography.Primitives (>= 4.3) - restriction: || (&& (== net461) (>= dnxcore50)) (&& (== net461) (< net46) (>= netstandard1.6)) (== netcoreapp2.0) (== netcoreapp2.2) (== netstandard2.0)
      System.Text.Encoding (>= 4.3) - restriction: || (&& (== net461) (>= dnxcore50)) (&& (== net461) (< net46) (>= netstandard1.6)) (== netcoreapp2.0) (== netcoreapp2.2) (== netstandard2.0)
      System.Threading (>= 4.3) - restriction: || (&& (== net461) (>= dnxcore50)) (&& (== net461) (< net46) (>= netstandard1.6)) (== netcoreapp2.0) (== netcoreapp2.2) (== netstandard2.0)
    System.Security.Cryptography.Xml (4.5) - restriction: || (&& (== net461) (< net452) (>= netstandard2.0)) (== netcoreapp2.0) (== netcoreapp2.2) (== netstandard2.0)
      System.Security.Cryptography.Pkcs (>= 4.5) - restriction: || (== netcoreapp2.0) (== netcoreapp2.2) (== netstandard2.0)
      System.Security.Permissions (>= 4.5)
    System.Security.Permissions (4.5)
      System.Security.AccessControl (>= 4.5)
    System.Security.Principal (4.3) - restriction: || (&& (== net461) (< net451) (>= netstandard1.5)) (&& (== net461) (< net451) (>= netstandard1.6)) (== netcoreapp2.0) (== netcoreapp2.2) (== netstandard2.0)
      System.Runtime (>= 4.3) - restriction: || (&& (== net461) (>= dnxcore50)) (&& (== net461) (< net45)) (== netcoreapp2.0) (== netcoreapp2.2) (== netstandard2.0)
    System.Security.Principal.Windows (4.5.1) - restriction: || (&& (== net461) (< net451) (>= netstandard2.0)) (&& (== net461) (>= netcoreapp2.0)) (== netcoreapp2.0) (== netcoreapp2.2) (== netstandard2.0)
      Microsoft.NETCore.Platforms (>= 2.0) - restriction: || (&& (== net461) (>= netcoreapp2.0)) (== netcoreapp2.0) (== netcoreapp2.2) (&& (== netstandard2.0) (>= netcoreapp2.0))
    System.ServiceModel.Duplex (4.5.3) - restriction: || (&& (== net461) (< net452) (>= netstandard2.0)) (== netcoreapp2.0) (== netcoreapp2.2) (== netstandard2.0)
      System.Private.ServiceModel (>= 4.5.3) - restriction: || (&& (== net461) (>= dnxcore50)) (&& (== net461) (< net45)) (&& (== net461) (>= uap10.1)) (== netcoreapp2.0) (== netcoreapp2.2) (== netstandard2.0)
      System.ServiceModel.Primitives (>= 4.5.3)
    System.ServiceModel.Http (4.5.3) - restriction: || (&& (== net461) (< net452) (>= netstandard2.0)) (== netcoreapp2.0) (== netcoreapp2.2) (== netstandard2.0)
      System.Private.ServiceModel (>= 4.5.3) - restriction: || (&& (== net461) (>= dnxcore50)) (&& (== net461) (< net45)) (&& (== net461) (>= uap10.1)) (== netcoreapp2.0) (== netcoreapp2.2) (== netstandard2.0)
      System.ServiceModel.Primitives (>= 4.5.3)
    System.ServiceModel.NetTcp (4.5.3) - restriction: || (&& (== net461) (< net452) (>= netstandard2.0)) (== netcoreapp2.0) (== netcoreapp2.2) (== netstandard2.0)
      System.Private.ServiceModel (>= 4.5.3) - restriction: || (&& (== net461) (>= dnxcore50)) (&& (== net461) (< net45)) (&& (== net461) (>= uap10.1)) (== netcoreapp2.0) (== netcoreapp2.2) (== netstandard2.0)
      System.ServiceModel.Primitives (>= 4.5.3)
    System.ServiceModel.Primitives (4.5.3) - restriction: || (&& (== net461) (< net20) (>= netstandard2.0)) (&& (== net461) (>= netcoreapp2.1)) (== netcoreapp2.0) (== netcoreapp2.2) (== netstandard2.0)
      System.Private.ServiceModel (>= 4.5.3) - restriction: || (&& (== net461) (>= dnxcore50)) (&& (== net461) (< net45)) (&& (== net461) (>= uap10.1)) (== netcoreapp2.0) (== netcoreapp2.2) (== netstandard2.0)
    System.ServiceModel.Security (4.5.3) - restriction: || (&& (== net461) (< net452) (>= netstandard2.0)) (== netcoreapp2.0) (== netcoreapp2.2) (== netstandard2.0)
      System.Private.ServiceModel (>= 4.5.3) - restriction: || (&& (== net461) (>= dnxcore50)) (&& (== net461) (< net45)) (&& (== net461) (>= uap10.1)) (== netcoreapp2.0) (== netcoreapp2.2) (== netstandard2.0)
      System.ServiceModel.Primitives (>= 4.5.3)
    System.ServiceModel.Syndication (4.5) - restriction: || (&& (== net461) (< net452) (>= netstandard2.0)) (== netcoreapp2.0) (== netcoreapp2.2) (== netstandard2.0)
    System.ServiceProcess.ServiceController (4.5) - restriction: || (&& (== net461) (< net452) (>= netstandard2.0)) (== netcoreapp2.0) (== netcoreapp2.2) (== netstandard2.0)
      System.Diagnostics.EventLog (>= 4.5)
    System.Text.Encoding (4.3)
      Microsoft.NETCore.Platforms (>= 1.1) - restriction: || (&& (== net461) (>= dnxcore50)) (&& (== net461) (< net45)) (== netcoreapp2.0) (== netcoreapp2.2) (== netstandard2.0)
      Microsoft.NETCore.Targets (>= 1.1) - restriction: || (&& (== net461) (>= dnxcore50)) (&& (== net461) (< net45)) (== netcoreapp2.0) (== netcoreapp2.2) (== netstandard2.0)
      System.Runtime (>= 4.3) - restriction: || (&& (== net461) (>= dnxcore50)) (&& (== net461) (< net45)) (== netcoreapp2.0) (== netcoreapp2.2) (== netstandard2.0)
    System.Text.Encoding.CodePages (4.5)
      Microsoft.NETCore.Platforms (>= 2.0) - restriction: || (&& (== net461) (>= netcoreapp2.0)) (== netcoreapp2.0) (== netcoreapp2.2) (&& (== netstandard2.0) (>= netcoreapp2.0))
      System.Runtime.CompilerServices.Unsafe (>= 4.5)
    System.Text.Encoding.Extensions (4.3)
      Microsoft.NETCore.Platforms (>= 1.1) - restriction: || (&& (== net461) (>= dnxcore50)) (&& (== net461) (< net45)) (== netcoreapp2.0) (== netcoreapp2.2) (== netstandard2.0)
      Microsoft.NETCore.Targets (>= 1.1) - restriction: || (&& (== net461) (>= dnxcore50)) (&& (== net461) (< net45)) (== netcoreapp2.0) (== netcoreapp2.2) (== netstandard2.0)
      System.Runtime (>= 4.3) - restriction: || (&& (== net461) (>= dnxcore50)) (&& (== net461) (< net45)) (== netcoreapp2.0) (== netcoreapp2.2) (== netstandard2.0)
      System.Text.Encoding (>= 4.3) - restriction: || (&& (== net461) (>= dnxcore50)) (&& (== net461) (< net45)) (== netcoreapp2.0) (== netcoreapp2.2) (== netstandard2.0)
    System.Text.RegularExpressions (4.3) - restriction: || (&& (== net461) (>= dnxcore50)) (&& (== net461) (< net20)) (&& (== net461) (< net451) (>= netstandard1.5)) (&& (== net461) (>= netcoreapp1.0)) (== netcoreapp2.0) (== netcoreapp2.2) (== netstandard2.0)
      System.Collections (>= 4.3) - restriction: || (&& (== net461) (>= dnxcore50)) (&& (== net461) (< net45) (>= netstandard1.6)) (&& (== netcoreapp2.0) (>= dnxcore50)) (&& (== netcoreapp2.0) (< netcoreapp1.1)) (&& (== netcoreapp2.2) (>= dnxcore50)) (&& (== netcoreapp2.2) (< netcoreapp1.1)) (== netstandard2.0)
      System.Globalization (>= 4.3) - restriction: || (&& (== net461) (>= dnxcore50)) (&& (== net461) (< net45) (>= netstandard1.6)) (&& (== netcoreapp2.0) (>= dnxcore50)) (&& (== netcoreapp2.0) (< netcoreapp1.1)) (&& (== netcoreapp2.2) (>= dnxcore50)) (&& (== netcoreapp2.2) (< netcoreapp1.1)) (== netstandard2.0)
      System.Resources.ResourceManager (>= 4.3) - restriction: || (&& (== net461) (>= dnxcore50)) (&& (== net461) (< net45) (>= netstandard1.6)) (&& (== netcoreapp2.0) (>= dnxcore50)) (&& (== netcoreapp2.0) (< netcoreapp1.1)) (&& (== netcoreapp2.2) (>= dnxcore50)) (&& (== netcoreapp2.2) (< netcoreapp1.1)) (== netstandard2.0)
      System.Runtime (>= 4.3) - restriction: || (&& (== net461) (>= dnxcore50)) (&& (== net461) (< net45)) (&& (== net461) (>= netcoreapp1.1)) (== netcoreapp2.0) (== netcoreapp2.2) (== netstandard2.0)
      System.Runtime.Extensions (>= 4.3) - restriction: || (&& (== net461) (>= dnxcore50)) (&& (== net461) (< net45) (>= netstandard1.6)) (&& (== netcoreapp2.0) (>= dnxcore50)) (&& (== netcoreapp2.0) (< netcoreapp1.1)) (&& (== netcoreapp2.2) (>= dnxcore50)) (&& (== netcoreapp2.2) (< netcoreapp1.1)) (== netstandard2.0)
      System.Threading (>= 4.3) - restriction: || (&& (== net461) (>= dnxcore50)) (&& (== net461) (< net45) (>= netstandard1.6)) (&& (== netcoreapp2.0) (>= dnxcore50)) (&& (== netcoreapp2.0) (< netcoreapp1.1)) (&& (== netcoreapp2.2) (>= dnxcore50)) (&& (== netcoreapp2.2) (< netcoreapp1.1)) (== netstandard2.0)
    System.Threading (4.3)
      System.Runtime (>= 4.3) - restriction: || (&& (== net461) (>= dnxcore50)) (&& (== net461) (< net45)) (== netcoreapp2.0) (== netcoreapp2.2) (== netstandard2.0)
      System.Threading.Tasks (>= 4.3) - restriction: || (&& (== net461) (>= dnxcore50)) (&& (== net461) (< net45)) (== netcoreapp2.0) (== netcoreapp2.2) (== netstandard2.0)
    System.Threading.AccessControl (4.5) - restriction: || (&& (== net461) (< net452) (>= netstandard2.0)) (&& (== net461) (>= netcoreapp2.0)) (== netcoreapp2.0) (== netcoreapp2.2) (== netstandard2.0)
      System.Security.AccessControl (>= 4.5)
      System.Security.Principal.Windows (>= 4.5)
    System.Threading.Tasks (4.3)
      Microsoft.NETCore.Platforms (>= 1.1) - restriction: || (&& (== net461) (>= dnxcore50)) (&& (== net461) (< net45)) (== netcoreapp2.0) (== netcoreapp2.2) (== netstandard2.0)
      Microsoft.NETCore.Targets (>= 1.1) - restriction: || (&& (== net461) (>= dnxcore50)) (&& (== net461) (< net45)) (== netcoreapp2.0) (== netcoreapp2.2) (== netstandard2.0)
      System.Runtime (>= 4.3) - restriction: || (&& (== net461) (>= dnxcore50)) (&& (== net461) (< net45)) (== netcoreapp2.0) (== netcoreapp2.2) (== netstandard2.0)
    System.Threading.Tasks.Extensions (4.5.1)
      System.Runtime.CompilerServices.Unsafe (>= 4.5) - restriction: || (== net461) (== netcoreapp2.0) (&& (== netcoreapp2.2) (>= net45)) (&& (== netcoreapp2.2) (< netcoreapp2.1)) (&& (== netcoreapp2.2) (< netstandard1.0)) (&& (== netcoreapp2.2) (< netstandard2.0)) (&& (== netcoreapp2.2) (>= wp8)) (== netstandard2.0)
    System.Threading.Tasks.Parallel (4.3) - restriction: || (== net461) (== netcoreapp2.0) (== netcoreapp2.2) (&& (== netstandard2.0) (>= net461)) (&& (== netstandard2.0) (>= netcoreapp2.0))
      System.Collections.Concurrent (>= 4.3) - restriction: || (&& (== net461) (>= dnxcore50)) (&& (== net461) (< net45)) (== netcoreapp2.0) (== netcoreapp2.2) (== netstandard2.0)
      System.Diagnostics.Debug (>= 4.3) - restriction: || (&& (== net461) (>= dnxcore50)) (&& (== net461) (< net45)) (== netcoreapp2.0) (== netcoreapp2.2) (== netstandard2.0)
      System.Diagnostics.Tracing (>= 4.3) - restriction: || (&& (== net461) (>= dnxcore50)) (&& (== net461) (< net45)) (== netcoreapp2.0) (== netcoreapp2.2) (== netstandard2.0)
      System.Resources.ResourceManager (>= 4.3) - restriction: || (&& (== net461) (>= dnxcore50)) (&& (== net461) (< net45)) (== netcoreapp2.0) (== netcoreapp2.2) (== netstandard2.0)
      System.Runtime (>= 4.3) - restriction: || (&& (== net461) (>= dnxcore50)) (&& (== net461) (< net45)) (== netcoreapp2.0) (== netcoreapp2.2) (== netstandard2.0)
      System.Runtime.Extensions (>= 4.3) - restriction: || (&& (== net461) (>= dnxcore50)) (&& (== net461) (< net45)) (== netcoreapp2.0) (== netcoreapp2.2) (== netstandard2.0)
      System.Threading (>= 4.3) - restriction: || (&& (== net461) (>= dnxcore50)) (&& (== net461) (< net45)) (== netcoreapp2.0) (== netcoreapp2.2) (== netstandard2.0)
      System.Threading.Tasks (>= 4.3) - restriction: || (&& (== net461) (>= dnxcore50)) (&& (== net461) (< net45)) (== netcoreapp2.0) (== netcoreapp2.2) (== netstandard2.0)
    System.Threading.Thread (4.3)
      System.Runtime (>= 4.3) - restriction: || (&& (== net461) (< net46)) (== netcoreapp2.0) (== netcoreapp2.2) (== netstandard2.0)
    System.Threading.ThreadPool (4.3) - restriction: || (&& (== net461) (< net451) (>= netstandard1.5)) (&& (== net461) (< net451) (>= netstandard1.6)) (&& (== net461) (>= netcoreapp1.0)) (== netcoreapp2.0) (== netcoreapp2.2) (== netstandard2.0)
      System.Runtime (>= 4.3) - restriction: || (&& (== net461) (< net46)) (== netcoreapp2.0) (== netcoreapp2.2) (== netstandard2.0)
      System.Runtime.Handles (>= 4.3) - restriction: || (&& (== net461) (< net46)) (== netcoreapp2.0) (== netcoreapp2.2) (== netstandard2.0)
    System.Threading.Timer (4.3) - restriction: || (&& (== net461) (< net451) (>= netstandard1.5)) (== netcoreapp2.0) (== netcoreapp2.2) (== netstandard2.0)
      Microsoft.NETCore.Platforms (>= 1.1) - restriction: || (&& (== net461) (>= dnxcore50)) (&& (== net461) (< net451)) (== netcoreapp2.0) (== netcoreapp2.2) (== netstandard2.0)
      Microsoft.NETCore.Targets (>= 1.1) - restriction: || (&& (== net461) (>= dnxcore50)) (&& (== net461) (< net451)) (== netcoreapp2.0) (== netcoreapp2.2) (== netstandard2.0)
      System.Runtime (>= 4.3) - restriction: || (&& (== net461) (>= dnxcore50)) (&& (== net461) (< net451)) (== netcoreapp2.0) (== netcoreapp2.2) (== netstandard2.0)
    System.ValueTuple (4.5) - restriction: || (== net461) (== netcoreapp2.0) (== netcoreapp2.2) (&& (== netstandard2.0) (>= net461)) (&& (== netstandard2.0) (>= netcoreapp2.0))
    System.Xml.ReaderWriter (4.3.1)
      System.Collections (>= 4.3) - restriction: || (&& (== net461) (>= dnxcore50)) (&& (== net461) (< net45)) (== netcoreapp2.0) (== netcoreapp2.2) (== netstandard2.0)
      System.Diagnostics.Debug (>= 4.3) - restriction: || (&& (== net461) (>= dnxcore50)) (&& (== net461) (< net45)) (== netcoreapp2.0) (== netcoreapp2.2) (== netstandard2.0)
      System.Globalization (>= 4.3) - restriction: || (&& (== net461) (>= dnxcore50)) (&& (== net461) (< net45)) (== netcoreapp2.0) (== netcoreapp2.2) (== netstandard2.0)
      System.IO (>= 4.3) - restriction: || (&& (== net461) (>= dnxcore50)) (&& (== net461) (< net45)) (== netcoreapp2.0) (== netcoreapp2.2) (== netstandard2.0)
      System.IO.FileSystem (>= 4.3) - restriction: || (&& (== net461) (>= dnxcore50)) (&& (== net461) (< net45)) (== netcoreapp2.0) (== netcoreapp2.2) (== netstandard2.0)
      System.IO.FileSystem.Primitives (>= 4.3) - restriction: || (&& (== net461) (>= dnxcore50)) (&& (== net461) (< net45)) (== netcoreapp2.0) (== netcoreapp2.2) (== netstandard2.0)
      System.Resources.ResourceManager (>= 4.3) - restriction: || (&& (== net461) (>= dnxcore50)) (&& (== net461) (< net45)) (== netcoreapp2.0) (== netcoreapp2.2) (== netstandard2.0)
      System.Runtime (>= 4.3) - restriction: || (&& (== net461) (>= dnxcore50)) (&& (== net461) (< net45)) (== netcoreapp2.0) (== netcoreapp2.2) (== netstandard2.0)
      System.Runtime.Extensions (>= 4.3) - restriction: || (&& (== net461) (>= dnxcore50)) (&& (== net461) (< net45)) (== netcoreapp2.0) (== netcoreapp2.2) (== netstandard2.0)
      System.Runtime.InteropServices (>= 4.3) - restriction: || (&& (== net461) (>= dnxcore50)) (&& (== net461) (< net45)) (== netcoreapp2.0) (== netcoreapp2.2) (== netstandard2.0)
      System.Text.Encoding (>= 4.3) - restriction: || (&& (== net461) (>= dnxcore50)) (&& (== net461) (< net45)) (== netcoreapp2.0) (== netcoreapp2.2) (== netstandard2.0)
      System.Text.Encoding.Extensions (>= 4.3) - restriction: || (&& (== net461) (>= dnxcore50)) (&& (== net461) (< net45)) (== netcoreapp2.0) (== netcoreapp2.2) (== netstandard2.0)
      System.Text.RegularExpressions (>= 4.3) - restriction: || (&& (== net461) (>= dnxcore50)) (&& (== net461) (< net45)) (== netcoreapp2.0) (== netcoreapp2.2) (== netstandard2.0)
      System.Threading.Tasks (>= 4.3) - restriction: || (&& (== net461) (>= dnxcore50)) (&& (== net461) (< net45)) (== netcoreapp2.0) (== netcoreapp2.2) (== netstandard2.0)
      System.Threading.Tasks.Extensions (>= 4.3) - restriction: || (&& (== net461) (>= dnxcore50)) (&& (== net461) (< net45)) (== netcoreapp2.0) (== netcoreapp2.2) (== netstandard2.0)
    System.Xml.XDocument (4.3)
      System.Collections (>= 4.3) - restriction: || (&& (== net461) (>= dnxcore50)) (&& (== net461) (< net45)) (== netcoreapp2.0) (== netcoreapp2.2) (== netstandard2.0)
      System.Diagnostics.Debug (>= 4.3) - restriction: || (&& (== net461) (>= dnxcore50)) (&& (== net461) (< net45)) (== netcoreapp2.0) (== netcoreapp2.2) (== netstandard2.0)
      System.Diagnostics.Tools (>= 4.3) - restriction: || (&& (== net461) (>= dnxcore50)) (&& (== net461) (< net45)) (== netcoreapp2.0) (== netcoreapp2.2) (== netstandard2.0)
      System.Globalization (>= 4.3) - restriction: || (&& (== net461) (>= dnxcore50)) (&& (== net461) (< net45)) (== netcoreapp2.0) (== netcoreapp2.2) (== netstandard2.0)
      System.IO (>= 4.3) - restriction: || (&& (== net461) (>= dnxcore50)) (&& (== net461) (< net45)) (== netcoreapp2.0) (== netcoreapp2.2) (== netstandard2.0)
      System.Reflection (>= 4.3) - restriction: || (&& (== net461) (>= dnxcore50)) (&& (== net461) (< net45)) (== netcoreapp2.0) (== netcoreapp2.2) (== netstandard2.0)
      System.Resources.ResourceManager (>= 4.3) - restriction: || (&& (== net461) (>= dnxcore50)) (&& (== net461) (< net45)) (== netcoreapp2.0) (== netcoreapp2.2) (== netstandard2.0)
      System.Runtime (>= 4.3) - restriction: || (&& (== net461) (>= dnxcore50)) (&& (== net461) (< net45)) (== netcoreapp2.0) (== netcoreapp2.2) (== netstandard2.0)
      System.Runtime.Extensions (>= 4.3) - restriction: || (&& (== net461) (>= dnxcore50)) (&& (== net461) (< net45)) (== netcoreapp2.0) (== netcoreapp2.2) (== netstandard2.0)
      System.Text.Encoding (>= 4.3) - restriction: || (&& (== net461) (>= dnxcore50)) (&& (== net461) (< net45)) (== netcoreapp2.0) (== netcoreapp2.2) (== netstandard2.0)
      System.Threading (>= 4.3) - restriction: || (&& (== net461) (>= dnxcore50)) (&& (== net461) (< net45)) (== netcoreapp2.0) (== netcoreapp2.2) (== netstandard2.0)
      System.Xml.ReaderWriter (>= 4.3) - restriction: || (&& (== net461) (>= dnxcore50)) (&& (== net461) (< net45)) (== netcoreapp2.0) (== netcoreapp2.2) (== netstandard2.0)
    System.Xml.XmlDocument (4.3)
      System.Collections (>= 4.3) - restriction: || (&& (== net461) (< net46)) (== netcoreapp2.0) (== netcoreapp2.2) (== netstandard2.0)
      System.Diagnostics.Debug (>= 4.3) - restriction: || (&& (== net461) (< net46)) (== netcoreapp2.0) (== netcoreapp2.2) (== netstandard2.0)
      System.Globalization (>= 4.3) - restriction: || (&& (== net461) (< net46)) (== netcoreapp2.0) (== netcoreapp2.2) (== netstandard2.0)
      System.IO (>= 4.3) - restriction: || (&& (== net461) (< net46)) (== netcoreapp2.0) (== netcoreapp2.2) (== netstandard2.0)
      System.Resources.ResourceManager (>= 4.3) - restriction: || (&& (== net461) (< net46)) (== netcoreapp2.0) (== netcoreapp2.2) (== netstandard2.0)
      System.Runtime (>= 4.3) - restriction: || (&& (== net461) (< net46)) (== netcoreapp2.0) (== netcoreapp2.2) (== netstandard2.0)
      System.Runtime.Extensions (>= 4.3) - restriction: || (&& (== net461) (< net46)) (== netcoreapp2.0) (== netcoreapp2.2) (== netstandard2.0)
      System.Text.Encoding (>= 4.3) - restriction: || (&& (== net461) (< net46)) (== netcoreapp2.0) (== netcoreapp2.2) (== netstandard2.0)
      System.Threading (>= 4.3) - restriction: || (&& (== net461) (< net46)) (== netcoreapp2.0) (== netcoreapp2.2) (== netstandard2.0)
      System.Xml.ReaderWriter (>= 4.3) - restriction: || (&& (== net461) (< net46)) (== netcoreapp2.0) (== netcoreapp2.2) (== netstandard2.0)
    System.Xml.XmlSerializer (4.3)
      System.Collections (>= 4.3) - restriction: || (&& (== net461) (>= dnxcore50)) (&& (== net461) (< net45)) (== netcoreapp2.0) (== netcoreapp2.2) (== netstandard2.0)
      System.Globalization (>= 4.3) - restriction: || (&& (== net461) (>= dnxcore50)) (&& (== net461) (< net45)) (== netcoreapp2.0) (== netcoreapp2.2) (== netstandard2.0)
      System.IO (>= 4.3) - restriction: || (&& (== net461) (>= dnxcore50)) (&& (== net461) (< net45)) (== netcoreapp2.0) (== netcoreapp2.2) (== netstandard2.0)
      System.Linq (>= 4.3) - restriction: || (&& (== net461) (>= dnxcore50)) (&& (== net461) (< net45)) (== netcoreapp2.0) (== netcoreapp2.2) (== netstandard2.0)
      System.Reflection (>= 4.3) - restriction: || (&& (== net461) (>= dnxcore50)) (&& (== net461) (< net45)) (== netcoreapp2.0) (== netcoreapp2.2) (== netstandard2.0)
      System.Reflection.Emit (>= 4.3) - restriction: || (&& (== net461) (>= dnxcore50)) (&& (== net461) (< net45)) (== netcoreapp2.0) (== netcoreapp2.2) (== netstandard2.0)
      System.Reflection.Emit.ILGeneration (>= 4.3) - restriction: || (&& (== net461) (>= dnxcore50)) (&& (== net461) (< net45)) (== netcoreapp2.0) (== netcoreapp2.2) (== netstandard2.0)
      System.Reflection.Extensions (>= 4.3) - restriction: || (&& (== net461) (>= dnxcore50)) (&& (== net461) (< net45)) (== netcoreapp2.0) (== netcoreapp2.2) (== netstandard2.0)
      System.Reflection.Primitives (>= 4.3) - restriction: || (&& (== net461) (>= dnxcore50)) (&& (== net461) (< net45)) (== netcoreapp2.0) (== netcoreapp2.2) (== netstandard2.0)
      System.Reflection.TypeExtensions (>= 4.3) - restriction: || (&& (== net461) (>= dnxcore50)) (&& (== net461) (< net45)) (== netcoreapp2.0) (== netcoreapp2.2) (== netstandard2.0)
      System.Resources.ResourceManager (>= 4.3) - restriction: || (&& (== net461) (>= dnxcore50)) (&& (== net461) (< net45)) (== netcoreapp2.0) (== netcoreapp2.2) (== netstandard2.0)
      System.Runtime (>= 4.3) - restriction: || (&& (== net461) (>= dnxcore50)) (&& (== net461) (< net45)) (== netcoreapp2.0) (== netcoreapp2.2) (== netstandard2.0)
      System.Runtime.Extensions (>= 4.3) - restriction: || (&& (== net461) (>= dnxcore50)) (&& (== net461) (< net45)) (== netcoreapp2.0) (== netcoreapp2.2) (== netstandard2.0)
      System.Text.RegularExpressions (>= 4.3) - restriction: || (&& (== net461) (>= dnxcore50)) (&& (== net461) (< net45)) (== netcoreapp2.0) (== netcoreapp2.2) (== netstandard2.0)
      System.Threading (>= 4.3) - restriction: || (&& (== net461) (>= dnxcore50)) (&& (== net461) (< net45)) (== netcoreapp2.0) (== netcoreapp2.2) (== netstandard2.0)
      System.Xml.ReaderWriter (>= 4.3) - restriction: || (&& (== net461) (>= dnxcore50)) (&& (== net461) (< net45)) (== netcoreapp2.0) (== netcoreapp2.2) (== netstandard2.0)
      System.Xml.XmlDocument (>= 4.3) - restriction: || (&& (== net461) (>= dnxcore50)) (&& (== net461) (< net45)) (== netcoreapp2.0) (== netcoreapp2.2) (== netstandard2.0)
    System.Xml.XPath (4.3)
      System.Collections (>= 4.3) - restriction: || (&& (== net461) (< net46)) (== netcoreapp2.0) (== netcoreapp2.2) (== netstandard2.0)
      System.Diagnostics.Debug (>= 4.3) - restriction: || (&& (== net461) (< net46)) (== netcoreapp2.0) (== netcoreapp2.2) (== netstandard2.0)
      System.Globalization (>= 4.3) - restriction: || (&& (== net461) (< net46)) (== netcoreapp2.0) (== netcoreapp2.2) (== netstandard2.0)
      System.IO (>= 4.3) - restriction: || (&& (== net461) (< net46)) (== netcoreapp2.0) (== netcoreapp2.2) (== netstandard2.0)
      System.Resources.ResourceManager (>= 4.3) - restriction: || (&& (== net461) (< net46)) (== netcoreapp2.0) (== netcoreapp2.2) (== netstandard2.0)
      System.Runtime (>= 4.3) - restriction: || (&& (== net461) (< net46)) (== netcoreapp2.0) (== netcoreapp2.2) (== netstandard2.0)
      System.Runtime.Extensions (>= 4.3) - restriction: || (&& (== net461) (< net46)) (== netcoreapp2.0) (== netcoreapp2.2) (== netstandard2.0)
      System.Threading (>= 4.3) - restriction: || (&& (== net461) (< net46)) (== netcoreapp2.0) (== netcoreapp2.2) (== netstandard2.0)
      System.Xml.ReaderWriter (>= 4.3) - restriction: || (&& (== net461) (< net46)) (== netcoreapp2.0) (== netcoreapp2.2) (== netstandard2.0)
    System.Xml.XPath.XDocument (4.3)
      System.Diagnostics.Debug (>= 4.3) - restriction: || (&& (== net461) (< net46)) (== netcoreapp2.0) (== netcoreapp2.2) (== netstandard2.0)
      System.Linq (>= 4.3) - restriction: || (&& (== net461) (< net46)) (== netcoreapp2.0) (== netcoreapp2.2) (== netstandard2.0)
      System.Resources.ResourceManager (>= 4.3) - restriction: || (&& (== net461) (< net46)) (== netcoreapp2.0) (== netcoreapp2.2) (== netstandard2.0)
      System.Runtime (>= 4.3) - restriction: || (&& (== net461) (< net46)) (== netcoreapp2.0) (== netcoreapp2.2) (== netstandard2.0)
      System.Runtime.Extensions (>= 4.3) - restriction: || (&& (== net461) (< net46)) (== netcoreapp2.0) (== netcoreapp2.2) (== netstandard2.0)
      System.Threading (>= 4.3) - restriction: || (&& (== net461) (< net46)) (== netcoreapp2.0) (== netcoreapp2.2) (== netstandard2.0)
      System.Xml.ReaderWriter (>= 4.3) - restriction: || (&& (== net461) (< net46)) (== netcoreapp2.0) (== netcoreapp2.2) (== netstandard2.0)
      System.Xml.XDocument (>= 4.3) - restriction: || (&& (== net461) (< net46)) (== netcoreapp2.0) (== netcoreapp2.2) (== netstandard2.0)
      System.Xml.XPath (>= 4.3)
    System.Xml.XPath.XmlDocument (4.3) - restriction: || (== net461) (== netcoreapp2.0) (== netcoreapp2.2) (&& (== netstandard2.0) (>= net461)) (&& (== netstandard2.0) (>= netcoreapp1.0)) (&& (== netstandard2.0) (>= netcoreapp2.0))
      System.Collections (>= 4.3) - restriction: || (&& (== net461) (< net46)) (== netcoreapp2.0) (== netcoreapp2.2) (== netstandard2.0)
      System.Globalization (>= 4.3) - restriction: || (&& (== net461) (< net46)) (== netcoreapp2.0) (== netcoreapp2.2) (== netstandard2.0)
      System.IO (>= 4.3) - restriction: || (&& (== net461) (< net46)) (== netcoreapp2.0) (== netcoreapp2.2) (== netstandard2.0)
      System.Resources.ResourceManager (>= 4.3) - restriction: || (&& (== net461) (< net46)) (== netcoreapp2.0) (== netcoreapp2.2) (== netstandard2.0)
      System.Runtime (>= 4.3) - restriction: || (&& (== net461) (< net46)) (== netcoreapp2.0) (== netcoreapp2.2) (== netstandard2.0)
      System.Runtime.Extensions (>= 4.3) - restriction: || (&& (== net461) (< net46)) (== netcoreapp2.0) (== netcoreapp2.2) (== netstandard2.0)
      System.Threading (>= 4.3) - restriction: || (&& (== net461) (< net46)) (== netcoreapp2.0) (== netcoreapp2.2) (== netstandard2.0)
      System.Xml.ReaderWriter (>= 4.3) - restriction: || (&& (== net461) (< net46)) (== netcoreapp2.0) (== netcoreapp2.2) (== netstandard2.0)
      System.Xml.XmlDocument (>= 4.3)
      System.Xml.XPath (>= 4.3)
    Topshelf (4.1.0.180-develop)
      Microsoft.Windows.Compatibility (>= 2.0.1) - restriction: || (&& (== net461) (< net452) (>= netstandard2.0)) (== netcoreapp2.0) (== netcoreapp2.2) (== netstandard2.0)
      TopShelf.ServiceInstaller (>= 4.1.0.180-develop) - restriction: || (&& (== net461) (< net452) (>= netstandard2.0)) (== netcoreapp2.0) (== netcoreapp2.2) (== netstandard2.0)
    TopShelf.ServiceInstaller (4.1.0.180-develop) - restriction: || (&& (== net461) (< net452) (>= netstandard2.0)) (== netcoreapp2.0) (== netcoreapp2.2) (== netstandard2.0)
      Microsoft.Windows.Compatibility (>= 2.0.1) - restriction: || (&& (== net461) (>= netstandard2.0)) (== netcoreapp2.0) (== netcoreapp2.2) (== netstandard2.0)
    TweetinviAPI (4.0)
      Autofac (>= 4.6.2)
      Newtonsoft.Json (>= 10.0.3)
      NitoAsyncEx.Context.StrongName (>= 1.1)
      System.Net.Http (>= 4.3.2)
      System.Reflection.TypeExtensions (>= 4.3)
    Unquote (4.0)
      FSharp.Core (>= 4.2.3) - restriction: || (&& (== net461) (>= netstandard2.0)) (== netcoreapp2.0) (== netcoreapp2.2) (== netstandard2.0)
GITHUB
  remote: eiriktsarpalis/TypeShape
    src/TypeShape/TypeShape.fs (ba3ae331ac9246253a0bccc4fab6cb44d7e667fa)
    src/TypeShape/Utils.fs (ba3ae331ac9246253a0bccc4fab6cb44d7e667fa)
  remote: haf/YoLo
    YoLo.fs (bd91bbe94a183aa9dc9c13e885c73b20516b01e7)
  remote: logary/RingBuffer
    RingBuffer.fs (4ae23a7481076091fff153961196df302683d756)
      Expecto
      Expecto.BenchmarkDotNet
      Expecto.FsCheck
      Expecto.Hopac
      Hopac
  remote: logary/logary
    src/Logary.CSharp.Facade/Facade.cs (86401e91f6c07b205ea94e0c5f2259847ec2579a)
    src/Logary.Facade/Facade.fs (86401e91f6c07b205ea94e0c5f2259847ec2579a)
  remote: messagetemplates/messagetemplates-fsharp
    src/FsMtParser/FsMtParserFull.fs (17bdfdcc237d7d725c23ebe0ef24c438c4ff7530)
  remote: xyncro/aether
    src/Aether/Aether.fs (8dcbdc50190ac05851f4ccf57b356afbae5821a5)
  remote: neoeinstein/chiron
    src/Chiron/Chiron.fs (38e9d979fbab792904be19350f5fac9ebfaf9fd8)
GROUP Benchmarks
REDIRECTS: ON
STORAGE: NONE
RESTRICTION: || (== net461) (== netcoreapp2.0) (== netcoreapp2.2) (== netstandard2.0)
NUGET
  remote: https://api.nuget.org/v3/index.json
    Argu (5.1)
      FSharp.Core (>= 4.0.0.1) - restriction: || (== net461) (&& (== netcoreapp2.0) (>= net45)) (&& (== netcoreapp2.2) (>= net45)) (&& (== netstandard2.0) (>= net45))
      FSharp.Core (>= 4.3.2) - restriction: || (&& (== net461) (< net45) (>= netstandard2.0)) (== netcoreapp2.0) (== netcoreapp2.2) (== netstandard2.0)
      System.Configuration.ConfigurationManager (>= 4.4) - restriction: || (&& (== net461) (< net45) (>= netstandard2.0)) (== netcoreapp2.0) (== netcoreapp2.2) (== netstandard2.0)
    BenchmarkDotNet (0.10.14)
      BenchmarkDotNet.Core (>= 0.10.14) - restriction: || (== net461) (== netcoreapp2.0) (== netcoreapp2.2) (&& (== netstandard2.0) (>= net46)) (&& (== netstandard2.0) (>= netcoreapp1.1))
      BenchmarkDotNet.Toolchains.Roslyn (>= 0.10.14) - restriction: || (== net461) (&& (== netcoreapp2.0) (>= net46)) (&& (== netcoreapp2.2) (>= net46)) (&& (== netstandard2.0) (>= net46))
    BenchmarkDotNet.Core (0.10.14) - restriction: || (== net461) (== netcoreapp2.0) (== netcoreapp2.2) (&& (== netstandard2.0) (>= net46)) (&& (== netstandard2.0) (>= netcoreapp1.1))
      Microsoft.DotNet.InternalAbstractions (>= 1.0) - restriction: || (== net461) (== netcoreapp2.0) (== netcoreapp2.2) (&& (== netstandard2.0) (>= net46)) (&& (== netstandard2.0) (>= netcoreapp1.1))
      Microsoft.DotNet.PlatformAbstractions (>= 1.1.1) - restriction: || (== net461) (== netcoreapp2.0) (== netcoreapp2.2) (&& (== netstandard2.0) (>= net46)) (&& (== netstandard2.0) (>= netcoreapp1.1))
      Microsoft.Win32.Registry (>= 4.3) - restriction: || (== net461) (== netcoreapp2.0) (== netcoreapp2.2) (&& (== netstandard2.0) (>= net46)) (&& (== netstandard2.0) (>= netcoreapp1.1))
      System.Diagnostics.FileVersionInfo (>= 4.3) - restriction: || (== net461) (== netcoreapp2.0) (== netcoreapp2.2) (&& (== netstandard2.0) (>= net46)) (&& (== netstandard2.0) (>= netcoreapp1.1))
      System.Reflection.Emit.Lightweight (>= 4.3) - restriction: || (&& (== net461) (>= netcoreapp1.1)) (== netcoreapp2.0) (== netcoreapp2.2) (&& (== netstandard2.0) (>= netcoreapp1.1))
      System.Runtime.Serialization.Primitives (>= 4.3) - restriction: || (&& (== net461) (>= netcoreapp1.1)) (== netcoreapp2.0) (== netcoreapp2.2) (&& (== netstandard2.0) (>= netcoreapp1.1))
      System.Threading.Tasks.Extensions (>= 4.3) - restriction: || (== net461) (&& (== netcoreapp2.0) (>= net46)) (&& (== netcoreapp2.2) (>= net46)) (&& (== netstandard2.0) (>= net46))
      System.ValueTuple (>= 4.3) - restriction: || (== net461) (== netcoreapp2.0) (== netcoreapp2.2) (&& (== netstandard2.0) (>= net46)) (&& (== netstandard2.0) (>= netcoreapp1.1))
      System.Xml.XmlSerializer (>= 4.3) - restriction: || (== net461) (== netcoreapp2.0) (== netcoreapp2.2) (&& (== netstandard2.0) (>= net46)) (&& (== netstandard2.0) (>= netcoreapp1.1))
      System.Xml.XPath.XmlDocument (>= 4.3) - restriction: || (&& (== net461) (>= netcoreapp1.1)) (== netcoreapp2.0) (== netcoreapp2.2) (&& (== netstandard2.0) (>= netcoreapp1.1))
    BenchmarkDotNet.Toolchains.Roslyn (0.10.14) - restriction: || (== net461) (&& (== netcoreapp2.0) (>= net46)) (&& (== netcoreapp2.2) (>= net46)) (&& (== netstandard2.0) (>= net46))
      BenchmarkDotNet.Core (>= 0.10.14) - restriction: || (== net461) (&& (== netcoreapp2.0) (>= net46)) (&& (== netcoreapp2.2) (>= net46)) (&& (== netstandard2.0) (>= net46))
      Microsoft.CodeAnalysis.CSharp (>= 2.6.1) - restriction: || (== net461) (&& (== netcoreapp2.0) (>= net46)) (&& (== netcoreapp2.2) (>= net46)) (&& (== netstandard2.0) (>= net46))
      System.Threading.Tasks (>= 4.3) - restriction: || (== net461) (&& (== netcoreapp2.0) (>= net46)) (&& (== netcoreapp2.2) (>= net46)) (&& (== netstandard2.0) (>= net46))
    Expecto (8.6.5)
      Argu (>= 5.1)
      Mono.Cecil (>= 0.10)
      System.Diagnostics.FileVersionInfo (>= 4.3) - restriction: || (== netcoreapp2.0) (== netcoreapp2.2) (== netstandard2.0)
    Expecto.BenchmarkDotNet (8.6.5)
      BenchmarkDotNet (>= 0.10.14) - restriction: || (== net461) (== netcoreapp2.0) (== netcoreapp2.2) (&& (== netstandard2.0) (>= net461)) (&& (== netstandard2.0) (>= netcoreapp2.0))
      FSharp.Core (>= 4.3.4) - restriction: || (== net461) (== netcoreapp2.0) (== netcoreapp2.2) (&& (== netstandard2.0) (>= net461)) (&& (== netstandard2.0) (>= netcoreapp2.0))
    FParsec (1.0.3)
      FSharp.Core (>= 4.0.0.1) - restriction: || (== net461) (&& (== netcoreapp2.0) (>= net40)) (&& (== netcoreapp2.2) (>= net40)) (&& (== netstandard2.0) (>= net40))
      FSharp.Core (>= 4.2.3) - restriction: || (&& (== net461) (< net40) (>= netstandard1.6)) (== netcoreapp2.0) (== netcoreapp2.2) (== netstandard2.0)
      NETStandard.Library (>= 1.6.1) - restriction: || (&& (== net461) (< net40) (>= netstandard1.6)) (== netcoreapp2.0) (== netcoreapp2.2) (== netstandard2.0)
    FSharp.Core (4.5.4)
    Hopac (0.4.1)
      FSharp.Core (>= 4.5 < 5.0) - restriction: || (&& (== net461) (>= netstandard2.0)) (== netcoreapp2.0) (== netcoreapp2.2) (== netstandard2.0)
    Microsoft.CodeAnalysis.Analyzers (2.6.2) - restriction: || (== net461) (&& (== netcoreapp2.0) (>= net46)) (&& (== netcoreapp2.2) (>= net46)) (&& (== netstandard2.0) (>= net46))
    Microsoft.CodeAnalysis.Common (2.10) - restriction: || (== net461) (&& (== netcoreapp2.0) (>= net46)) (&& (== netcoreapp2.2) (>= net46)) (&& (== netstandard2.0) (>= net46))
      Microsoft.CodeAnalysis.Analyzers (>= 2.6.1)
      System.AppContext (>= 4.3)
      System.Collections (>= 4.3)
      System.Collections.Concurrent (>= 4.3)
      System.Collections.Immutable (>= 1.5)
      System.Console (>= 4.3)
      System.Diagnostics.Debug (>= 4.3)
      System.Diagnostics.FileVersionInfo (>= 4.3)
      System.Diagnostics.StackTrace (>= 4.3)
      System.Diagnostics.Tools (>= 4.3)
      System.Dynamic.Runtime (>= 4.3)
      System.Globalization (>= 4.3)
      System.IO.Compression (>= 4.3)
      System.IO.FileSystem (>= 4.3)
      System.IO.FileSystem.Primitives (>= 4.3)
      System.Linq (>= 4.3)
      System.Linq.Expressions (>= 4.3)
      System.Reflection (>= 4.3)
      System.Reflection.Metadata (>= 1.6)
      System.Resources.ResourceManager (>= 4.3)
      System.Runtime (>= 4.3)
      System.Runtime.Extensions (>= 4.3)
      System.Runtime.InteropServices (>= 4.3)
      System.Runtime.Numerics (>= 4.3)
      System.Security.Cryptography.Algorithms (>= 4.3)
      System.Security.Cryptography.Encoding (>= 4.3)
      System.Security.Cryptography.X509Certificates (>= 4.3)
      System.Text.Encoding (>= 4.3)
      System.Text.Encoding.CodePages (>= 4.3)
      System.Text.Encoding.Extensions (>= 4.3)
      System.Threading (>= 4.3)
      System.Threading.Tasks (>= 4.3)
      System.Threading.Tasks.Extensions (>= 4.3)
      System.Threading.Tasks.Parallel (>= 4.3)
      System.Threading.Thread (>= 4.3)
      System.ValueTuple (>= 4.3)
      System.Xml.ReaderWriter (>= 4.3)
      System.Xml.XDocument (>= 4.3)
      System.Xml.XmlDocument (>= 4.3)
      System.Xml.XPath.XDocument (>= 4.3)
    Microsoft.CodeAnalysis.CSharp (2.10) - restriction: || (== net461) (&& (== netcoreapp2.0) (>= net46)) (&& (== netcoreapp2.2) (>= net46)) (&& (== netstandard2.0) (>= net46))
      Microsoft.CodeAnalysis.Common (2.10)
    Microsoft.DotNet.InternalAbstractions (1.0) - restriction: || (== net461) (== netcoreapp2.0) (== netcoreapp2.2) (&& (== netstandard2.0) (>= net46)) (&& (== netstandard2.0) (>= netcoreapp1.1))
      System.AppContext (>= 4.1) - restriction: || (&& (== net461) (< net451)) (== netcoreapp2.0) (== netcoreapp2.2) (== netstandard2.0)
      System.Collections (>= 4.0.11) - restriction: || (&& (== net461) (< net451)) (== netcoreapp2.0) (== netcoreapp2.2) (== netstandard2.0)
      System.IO (>= 4.1) - restriction: || (&& (== net461) (< net451)) (== netcoreapp2.0) (== netcoreapp2.2) (== netstandard2.0)
      System.IO.FileSystem (>= 4.0.1) - restriction: || (&& (== net461) (< net451)) (== netcoreapp2.0) (== netcoreapp2.2) (== netstandard2.0)
      System.Reflection.TypeExtensions (>= 4.1) - restriction: || (&& (== net461) (< net451)) (== netcoreapp2.0) (== netcoreapp2.2) (== netstandard2.0)
      System.Runtime.Extensions (>= 4.1) - restriction: || (&& (== net461) (< net451)) (== netcoreapp2.0) (== netcoreapp2.2) (== netstandard2.0)
      System.Runtime.InteropServices (>= 4.1) - restriction: || (&& (== net461) (< net451)) (== netcoreapp2.0) (== netcoreapp2.2) (== netstandard2.0)
      System.Runtime.InteropServices.RuntimeInformation (>= 4.0) - restriction: || (&& (== net461) (< net451)) (== netcoreapp2.0) (== netcoreapp2.2) (== netstandard2.0)
    Microsoft.DotNet.PlatformAbstractions (2.1) - restriction: || (== net461) (== netcoreapp2.0) (== netcoreapp2.2) (&& (== netstandard2.0) (>= net46)) (&& (== netstandard2.0) (>= netcoreapp1.1))
      System.AppContext (>= 4.1) - restriction: || (&& (== net461) (< net45)) (== netcoreapp2.0) (== netcoreapp2.2) (== netstandard2.0)
      System.Collections (>= 4.0.11) - restriction: || (&& (== net461) (< net45)) (== netcoreapp2.0) (== netcoreapp2.2) (== netstandard2.0)
      System.IO (>= 4.1) - restriction: || (&& (== net461) (< net45)) (== netcoreapp2.0) (== netcoreapp2.2) (== netstandard2.0)
      System.IO.FileSystem (>= 4.0.1) - restriction: || (&& (== net461) (< net45)) (== netcoreapp2.0) (== netcoreapp2.2) (== netstandard2.0)
      System.Reflection.TypeExtensions (>= 4.1) - restriction: || (&& (== net461) (< net45)) (== netcoreapp2.0) (== netcoreapp2.2) (== netstandard2.0)
      System.Runtime.Extensions (>= 4.1) - restriction: || (&& (== net461) (< net45)) (== netcoreapp2.0) (== netcoreapp2.2) (== netstandard2.0)
      System.Runtime.InteropServices (>= 4.1) - restriction: || (&& (== net461) (< net45)) (== netcoreapp2.0) (== netcoreapp2.2) (== netstandard2.0)
      System.Runtime.InteropServices.RuntimeInformation (>= 4.0)
    Microsoft.NETCore.Platforms (2.2) - restriction: || (&& (== net461) (>= netcoreapp2.0)) (== netcoreapp2.0) (== netcoreapp2.2) (== netstandard2.0)
    Microsoft.NETCore.Targets (2.1) - restriction: || (&& (== net461) (< net45)) (== netcoreapp2.0) (== netcoreapp2.2) (== netstandard2.0)
    Microsoft.Win32.Registry (4.5) - restriction: || (== net461) (== netcoreapp2.0) (== netcoreapp2.2) (&& (== netstandard2.0) (>= net46)) (&& (== netstandard2.0) (>= netcoreapp1.1))
      System.Memory (>= 4.5) - restriction: || (&& (== net461) (< net46) (>= netstandard2.0)) (&& (== net461) (>= netcoreapp2.0)) (&& (== net461) (>= uap10.1)) (== netcoreapp2.0) (&& (== netcoreapp2.2) (< netcoreapp2.0)) (&& (== netcoreapp2.2) (< netcoreapp2.1)) (&& (== netcoreapp2.2) (>= uap10.1)) (== netstandard2.0)
      System.Security.AccessControl (>= 4.5)
      System.Security.Principal.Windows (>= 4.5)
    Mono.Cecil (0.10.1)
      System.Collections (>= 4.0.11) - restriction: || (&& (== net461) (< net35)) (== netcoreapp2.0) (== netcoreapp2.2) (== netstandard2.0)
      System.IO.FileSystem (>= 4.0.1) - restriction: || (&& (== net461) (< net35)) (== netcoreapp2.0) (== netcoreapp2.2) (== netstandard2.0)
      System.IO.FileSystem.Primitives (>= 4.0.1) - restriction: || (&& (== net461) (< net35)) (== netcoreapp2.0) (== netcoreapp2.2) (== netstandard2.0)
      System.Reflection (>= 4.1) - restriction: || (&& (== net461) (< net35)) (== netcoreapp2.0) (== netcoreapp2.2) (== netstandard2.0)
      System.Runtime.Extensions (>= 4.1) - restriction: || (&& (== net461) (< net35)) (== netcoreapp2.0) (== netcoreapp2.2) (== netstandard2.0)
      System.Security.Cryptography.Algorithms (>= 4.2) - restriction: || (&& (== net461) (< net35)) (== netcoreapp2.0) (== netcoreapp2.2) (== netstandard2.0)
      System.Security.Cryptography.Csp (>= 4.0) - restriction: || (&& (== net461) (< net35)) (== netcoreapp2.0) (== netcoreapp2.2) (== netstandard2.0)
      System.Threading (>= 4.0.11) - restriction: || (&& (== net461) (< net35)) (== netcoreapp2.0) (== netcoreapp2.2) (== netstandard2.0)
    NETStandard.Library (2.0.3) - restriction: || (&& (== net461) (< net40) (>= netstandard1.6)) (== netcoreapp2.0) (== netcoreapp2.2) (== netstandard2.0)
      Microsoft.NETCore.Platforms (>= 1.1)
    NodaTime (2.4.2)
    runtime.debian.8-x64.runtime.native.System.Security.Cryptography.OpenSsl (4.3.3) - restriction: || (&& (== net461) (< net35) (>= netstandard1.6)) (== netcoreapp2.0) (== netcoreapp2.2) (== netstandard2.0)
    runtime.debian.9-x64.runtime.native.System.Security.Cryptography.OpenSsl (4.3.3) - restriction: || (&& (== net461) (< net35) (>= netstandard1.6)) (== netcoreapp2.0) (== netcoreapp2.2) (== netstandard2.0)
    runtime.fedora.23-x64.runtime.native.System.Security.Cryptography.OpenSsl (4.3.3) - restriction: || (&& (== net461) (< net35) (>= netstandard1.6)) (== netcoreapp2.0) (== netcoreapp2.2) (== netstandard2.0)
    runtime.fedora.24-x64.runtime.native.System.Security.Cryptography.OpenSsl (4.3.3) - restriction: || (&& (== net461) (< net35) (>= netstandard1.6)) (== netcoreapp2.0) (== netcoreapp2.2) (== netstandard2.0)
    runtime.fedora.27-x64.runtime.native.System.Security.Cryptography.OpenSsl (4.3.3) - restriction: || (&& (== net461) (< net35) (>= netstandard1.6)) (== netcoreapp2.0) (== netcoreapp2.2) (== netstandard2.0)
    runtime.fedora.28-x64.runtime.native.System.Security.Cryptography.OpenSsl (4.3.3) - restriction: || (&& (== net461) (< net35) (>= netstandard1.6)) (== netcoreapp2.0) (== netcoreapp2.2) (== netstandard2.0)
    runtime.native.System (4.3.1) - restriction: || (&& (== net461) (== netstandard2.0)) (&& (== net461) (< net45)) (== netcoreapp2.0) (== netcoreapp2.2) (&& (== netstandard2.0) (>= net46)) (&& (== netstandard2.0) (>= netcoreapp1.1))
      Microsoft.NETCore.Platforms (>= 1.1.1)
      Microsoft.NETCore.Targets (>= 1.1.3)
    runtime.native.System.Security.Cryptography.Apple (4.3.1) - restriction: || (&& (== net461) (< net35) (>= netstandard1.6)) (== netcoreapp2.0) (== netcoreapp2.2) (== netstandard2.0)
      runtime.osx.10.10-x64.runtime.native.System.Security.Cryptography.Apple (>= 4.3.1)
    runtime.native.System.Security.Cryptography.OpenSsl (4.3.3) - restriction: || (&& (== net461) (< net35) (>= netstandard1.6)) (== netcoreapp2.0) (== netcoreapp2.2) (== netstandard2.0)
      runtime.debian.8-x64.runtime.native.System.Security.Cryptography.OpenSsl (>= 4.3.3)
      runtime.debian.9-x64.runtime.native.System.Security.Cryptography.OpenSsl (>= 4.3.3)
      runtime.fedora.23-x64.runtime.native.System.Security.Cryptography.OpenSsl (>= 4.3.3)
      runtime.fedora.24-x64.runtime.native.System.Security.Cryptography.OpenSsl (>= 4.3.3)
      runtime.fedora.27-x64.runtime.native.System.Security.Cryptography.OpenSsl (>= 4.3.3)
      runtime.fedora.28-x64.runtime.native.System.Security.Cryptography.OpenSsl (>= 4.3.3)
      runtime.opensuse.13.2-x64.runtime.native.System.Security.Cryptography.OpenSsl (>= 4.3.3)
      runtime.opensuse.42.1-x64.runtime.native.System.Security.Cryptography.OpenSsl (>= 4.3.3)
      runtime.opensuse.42.3-x64.runtime.native.System.Security.Cryptography.OpenSsl (>= 4.3.3)
      runtime.osx.10.10-x64.runtime.native.System.Security.Cryptography.OpenSsl (>= 4.3.3)
      runtime.rhel.7-x64.runtime.native.System.Security.Cryptography.OpenSsl (>= 4.3.3)
      runtime.ubuntu.14.04-x64.runtime.native.System.Security.Cryptography.OpenSsl (>= 4.3.3)
      runtime.ubuntu.16.04-x64.runtime.native.System.Security.Cryptography.OpenSsl (>= 4.3.3)
      runtime.ubuntu.16.10-x64.runtime.native.System.Security.Cryptography.OpenSsl (>= 4.3.3)
      runtime.ubuntu.18.04-x64.runtime.native.System.Security.Cryptography.OpenSsl (>= 4.3.3)
    runtime.opensuse.13.2-x64.runtime.native.System.Security.Cryptography.OpenSsl (4.3.3) - restriction: || (&& (== net461) (< net35) (>= netstandard1.6)) (== netcoreapp2.0) (== netcoreapp2.2) (== netstandard2.0)
    runtime.opensuse.42.1-x64.runtime.native.System.Security.Cryptography.OpenSsl (4.3.3) - restriction: || (&& (== net461) (< net35) (>= netstandard1.6)) (== netcoreapp2.0) (== netcoreapp2.2) (== netstandard2.0)
    runtime.opensuse.42.3-x64.runtime.native.System.Security.Cryptography.OpenSsl (4.3.3) - restriction: || (&& (== net461) (< net35) (>= netstandard1.6)) (== netcoreapp2.0) (== netcoreapp2.2) (== netstandard2.0)
    runtime.osx.10.10-x64.runtime.native.System.Security.Cryptography.Apple (4.3.1) - restriction: || (&& (== net461) (< net35) (>= netstandard1.6)) (== netcoreapp2.0) (== netcoreapp2.2) (== netstandard2.0)
    runtime.osx.10.10-x64.runtime.native.System.Security.Cryptography.OpenSsl (4.3.3) - restriction: || (&& (== net461) (< net35) (>= netstandard1.6)) (== netcoreapp2.0) (== netcoreapp2.2) (== netstandard2.0)
    runtime.rhel.7-x64.runtime.native.System.Security.Cryptography.OpenSsl (4.3.3) - restriction: || (&& (== net461) (< net35) (>= netstandard1.6)) (== netcoreapp2.0) (== netcoreapp2.2) (== netstandard2.0)
    runtime.ubuntu.14.04-x64.runtime.native.System.Security.Cryptography.OpenSsl (4.3.3) - restriction: || (&& (== net461) (< net35) (>= netstandard1.6)) (== netcoreapp2.0) (== netcoreapp2.2) (== netstandard2.0)
    runtime.ubuntu.16.04-x64.runtime.native.System.Security.Cryptography.OpenSsl (4.3.3) - restriction: || (&& (== net461) (< net35) (>= netstandard1.6)) (== netcoreapp2.0) (== netcoreapp2.2) (== netstandard2.0)
    runtime.ubuntu.16.10-x64.runtime.native.System.Security.Cryptography.OpenSsl (4.3.3) - restriction: || (&& (== net461) (< net35) (>= netstandard1.6)) (== netcoreapp2.0) (== netcoreapp2.2) (== netstandard2.0)
    runtime.ubuntu.18.04-x64.runtime.native.System.Security.Cryptography.OpenSsl (4.3.3) - restriction: || (&& (== net461) (< net35) (>= netstandard1.6)) (== netcoreapp2.0) (== netcoreapp2.2) (== netstandard2.0)
    System.AppContext (4.3) - restriction: || (== net461) (== netcoreapp2.0) (== netcoreapp2.2) (&& (== netstandard2.0) (>= net46)) (&& (== netstandard2.0) (>= netcoreapp1.1))
      System.Runtime (>= 4.3) - restriction: || (&& (== net461) (>= dnxcore50)) (&& (== net461) (< net46)) (== netcoreapp2.0) (== netcoreapp2.2) (== netstandard2.0)
    System.Collections (4.3)
      Microsoft.NETCore.Platforms (>= 1.1) - restriction: || (&& (== net461) (>= dnxcore50)) (&& (== net461) (< net45)) (== netcoreapp2.0) (== netcoreapp2.2) (== netstandard2.0)
      Microsoft.NETCore.Targets (>= 1.1) - restriction: || (&& (== net461) (>= dnxcore50)) (&& (== net461) (< net45)) (== netcoreapp2.0) (== netcoreapp2.2) (== netstandard2.0)
      System.Runtime (>= 4.3) - restriction: || (&& (== net461) (>= dnxcore50)) (&& (== net461) (< net45)) (== netcoreapp2.0) (== netcoreapp2.2) (== netstandard2.0)
    System.Collections.Concurrent (4.3)
    System.Collections.Immutable (1.5) - restriction: || (== net461) (== netcoreapp2.0) (&& (== netcoreapp2.2) (>= net45)) (&& (== netcoreapp2.2) (>= net46)) (&& (== netcoreapp2.2) (< netcoreapp2.1)) (&& (== netcoreapp2.2) (< netstandard1.1)) (&& (== netcoreapp2.2) (< netstandard2.0)) (== netstandard2.0)
    System.Configuration.ConfigurationManager (4.5) - restriction: || (&& (== net461) (< net45) (>= netstandard2.0)) (== netcoreapp2.0) (== netcoreapp2.2) (== netstandard2.0)
      System.Security.Cryptography.ProtectedData (>= 4.5) - restriction: || (== netcoreapp2.0) (== netcoreapp2.2) (== netstandard2.0)
      System.Security.Permissions (>= 4.5)
    System.Console (4.3.1) - restriction: || (== net461) (&& (== netcoreapp2.0) (>= net46)) (&& (== netcoreapp2.2) (>= net46)) (&& (== netstandard2.0) (>= net46))
    System.Diagnostics.Debug (4.3)
    System.Diagnostics.FileVersionInfo (4.3)
      Microsoft.NETCore.Platforms (>= 1.1) - restriction: || (&& (== net461) (>= dnxcore50)) (&& (== net461) (< net46)) (== netcoreapp2.0) (== netcoreapp2.2) (== netstandard2.0)
      System.Globalization (>= 4.3) - restriction: || (&& (== net461) (< net46)) (== netcoreapp2.0) (== netcoreapp2.2) (== netstandard2.0)
      System.IO (>= 4.3) - restriction: || (&& (== net461) (>= dnxcore50)) (&& (== net461) (< net46)) (== netcoreapp2.0) (== netcoreapp2.2) (== netstandard2.0)
      System.IO.FileSystem (>= 4.3) - restriction: || (&& (== net461) (>= dnxcore50)) (&& (== net461) (< net46)) (== netcoreapp2.0) (== netcoreapp2.2) (== netstandard2.0)
      System.IO.FileSystem.Primitives (>= 4.3) - restriction: || (&& (== net461) (>= dnxcore50)) (&& (== net461) (< net46)) (== netcoreapp2.0) (== netcoreapp2.2) (== netstandard2.0)
      System.Reflection.Metadata (>= 1.4.1) - restriction: || (&& (== net461) (>= dnxcore50)) (&& (== net461) (< net46)) (== netcoreapp2.0) (== netcoreapp2.2) (== netstandard2.0)
      System.Runtime (>= 4.3) - restriction: || (&& (== net461) (>= dnxcore50)) (&& (== net461) (< net46)) (== netcoreapp2.0) (== netcoreapp2.2) (== netstandard2.0)
      System.Runtime.Extensions (>= 4.3) - restriction: || (&& (== net461) (>= dnxcore50)) (&& (== net461) (< net46)) (== netcoreapp2.0) (== netcoreapp2.2) (== netstandard2.0)
      System.Runtime.InteropServices (>= 4.3) - restriction: || (&& (== net461) (< net46)) (== netcoreapp2.0) (== netcoreapp2.2) (== netstandard2.0)
    System.Diagnostics.StackTrace (4.3) - restriction: || (== net461) (&& (== netcoreapp2.0) (>= net46)) (&& (== netcoreapp2.2) (>= net46)) (&& (== netstandard2.0) (>= net46))
    System.Diagnostics.Tools (4.3) - restriction: || (== net461) (&& (== netcoreapp2.0) (>= net46)) (&& (== netcoreapp2.2) (>= net46)) (&& (== netstandard2.0) (>= net46))
    System.Dynamic.Runtime (4.3) - restriction: || (== net461) (&& (== netcoreapp2.0) (>= net46)) (&& (== netcoreapp2.2) (>= net46)) (&& (== netstandard2.0) (>= net46))
    System.Globalization (4.3)
      Microsoft.NETCore.Platforms (>= 1.1) - restriction: || (&& (== net461) (< net45)) (&& (== net461) (< portable-net45+win8+wp8+wpa81)) (== netcoreapp2.0) (== netcoreapp2.2) (== netstandard2.0)
      Microsoft.NETCore.Targets (>= 1.1) - restriction: || (&& (== net461) (< net45)) (&& (== net461) (< portable-net45+win8+wp8+wpa81)) (== netcoreapp2.0) (== netcoreapp2.2) (== netstandard2.0)
      System.Runtime (>= 4.3) - restriction: || (&& (== net461) (< net45)) (&& (== net461) (< portable-net45+win8+wp8+wpa81)) (== netcoreapp2.0) (== netcoreapp2.2) (== netstandard2.0)
    System.IO (4.3) - restriction: || (&& (== net461) (>= dnxcore50)) (&& (== net461) (< net45)) (== netcoreapp2.0) (== netcoreapp2.2) (== netstandard2.0)
      Microsoft.NETCore.Platforms (>= 1.1) - restriction: || (&& (== net461) (>= dnxcore50)) (&& (== net461) (< net45)) (== netcoreapp2.0) (== netcoreapp2.2) (== netstandard2.0)
      Microsoft.NETCore.Targets (>= 1.1) - restriction: || (&& (== net461) (>= dnxcore50)) (&& (== net461) (< net45)) (== netcoreapp2.0) (== netcoreapp2.2) (== netstandard2.0)
      System.Runtime (>= 4.3) - restriction: || (&& (== net461) (>= dnxcore50)) (&& (== net461) (< net45)) (== netcoreapp2.0) (== netcoreapp2.2) (== netstandard2.0)
      System.Text.Encoding (>= 4.3) - restriction: || (&& (== net461) (>= dnxcore50)) (&& (== net461) (< net45)) (== netcoreapp2.0) (== netcoreapp2.2) (== netstandard2.0)
      System.Threading.Tasks (>= 4.3) - restriction: || (&& (== net461) (>= dnxcore50)) (&& (== net461) (< net45)) (== netcoreapp2.0) (== netcoreapp2.2) (== netstandard2.0)
    System.IO.Compression (4.3) - restriction: || (== net461) (&& (== netcoreapp2.0) (>= net46)) (&& (== netcoreapp2.2) (>= net46)) (&& (== netstandard2.0) (>= net46))
    System.IO.FileSystem (4.3)
      Microsoft.NETCore.Platforms (>= 1.1) - restriction: || (&& (== net461) (< net46)) (== netcoreapp2.0) (== netcoreapp2.2) (== netstandard2.0)
      Microsoft.NETCore.Targets (>= 1.1) - restriction: || (&& (== net461) (< net46)) (== netcoreapp2.0) (== netcoreapp2.2) (== netstandard2.0)
      System.IO (>= 4.3) - restriction: || (&& (== net461) (< net46)) (== netcoreapp2.0) (== netcoreapp2.2) (== netstandard2.0)
      System.IO.FileSystem.Primitives (>= 4.3)
      System.Runtime (>= 4.3) - restriction: || (&& (== net461) (< net46)) (== netcoreapp2.0) (== netcoreapp2.2) (== netstandard2.0)
      System.Runtime.Handles (>= 4.3) - restriction: || (&& (== net461) (< net46)) (== netcoreapp2.0) (== netcoreapp2.2) (== netstandard2.0)
      System.Text.Encoding (>= 4.3) - restriction: || (&& (== net461) (< net46)) (== netcoreapp2.0) (== netcoreapp2.2) (== netstandard2.0)
      System.Threading.Tasks (>= 4.3) - restriction: || (&& (== net461) (< net46)) (== netcoreapp2.0) (== netcoreapp2.2) (== netstandard2.0)
    System.IO.FileSystem.Primitives (4.3)
      System.Runtime (>= 4.3) - restriction: || (&& (== net461) (< net46)) (== netcoreapp2.0) (== netcoreapp2.2) (== netstandard2.0)
    System.Linq (4.3)
      System.Collections (>= 4.3) - restriction: || (&& (== net461) (>= dnxcore50)) (&& (== net461) (< net45)) (== netcoreapp2.0) (== netcoreapp2.2) (== netstandard2.0)
      System.Diagnostics.Debug (>= 4.3) - restriction: || (&& (== net461) (>= dnxcore50)) (&& (== net461) (< net45) (>= netstandard1.6)) (== netcoreapp2.0) (== netcoreapp2.2) (== netstandard2.0)
      System.Resources.ResourceManager (>= 4.3) - restriction: || (&& (== net461) (>= dnxcore50)) (&& (== net461) (< net45) (>= netstandard1.6)) (== netcoreapp2.0) (== netcoreapp2.2) (== netstandard2.0)
      System.Runtime (>= 4.3) - restriction: || (&& (== net461) (>= dnxcore50)) (&& (== net461) (< net45)) (== netcoreapp2.0) (== netcoreapp2.2) (== netstandard2.0)
      System.Runtime.Extensions (>= 4.3) - restriction: || (&& (== net461) (>= dnxcore50)) (&& (== net461) (< net45) (>= netstandard1.6)) (== netcoreapp2.0) (== netcoreapp2.2) (== netstandard2.0)
    System.Linq.Expressions (4.3) - restriction: || (== net461) (&& (== netcoreapp2.0) (>= net46)) (&& (== netcoreapp2.2) (>= net46)) (&& (== netstandard2.0) (>= net46))
    System.Memory (4.5.1) - restriction: || (&& (== net461) (== netcoreapp2.2)) (&& (== net461) (< net45) (>= netstandard2.0)) (&& (== net461) (< net46) (>= netstandard2.0)) (&& (== net461) (>= netcoreapp2.0)) (&& (== net461) (>= uap10.1)) (== netcoreapp2.0) (&& (== netcoreapp2.2) (< netcoreapp2.0)) (&& (== netcoreapp2.2) (< netcoreapp2.1)) (&& (== netcoreapp2.2) (>= uap10.1)) (== netstandard2.0)
      System.Runtime.CompilerServices.Unsafe (>= 4.5) - restriction: || (== net461) (== netcoreapp2.0) (&& (== netcoreapp2.2) (>= monotouch)) (&& (== netcoreapp2.2) (>= net461)) (&& (== netcoreapp2.2) (< netcoreapp2.0)) (&& (== netcoreapp2.2) (< netcoreapp2.1)) (&& (== netcoreapp2.2) (< netstandard1.1)) (&& (== netcoreapp2.2) (< netstandard2.0)) (&& (== netcoreapp2.2) (>= uap10.1)) (&& (== netcoreapp2.2) (>= xamarinios)) (&& (== netcoreapp2.2) (>= xamarinmac)) (&& (== netcoreapp2.2) (>= xamarintvos)) (&& (== netcoreapp2.2) (>= xamarinwatchos)) (== netstandard2.0)
    System.Reflection (4.3)
      Microsoft.NETCore.Platforms (>= 1.1) - restriction: || (&& (== net461) (>= dnxcore50)) (&& (== net461) (< net45)) (== netcoreapp2.0) (== netcoreapp2.2) (== netstandard2.0)
      Microsoft.NETCore.Targets (>= 1.1) - restriction: || (&& (== net461) (>= dnxcore50)) (&& (== net461) (< net45)) (== netcoreapp2.0) (== netcoreapp2.2) (== netstandard2.0)
      System.IO (>= 4.3) - restriction: || (&& (== net461) (>= dnxcore50)) (&& (== net461) (< net45)) (== netcoreapp2.0) (== netcoreapp2.2) (== netstandard2.0)
      System.Reflection.Primitives (>= 4.3) - restriction: || (&& (== net461) (>= dnxcore50)) (&& (== net461) (< net45)) (== netcoreapp2.0) (== netcoreapp2.2) (== netstandard2.0)
      System.Runtime (>= 4.3) - restriction: || (&& (== net461) (>= dnxcore50)) (&& (== net461) (< net45)) (== netcoreapp2.0) (== netcoreapp2.2) (== netstandard2.0)
    System.Reflection.Emit (4.3) - restriction: || (&& (== net461) (== netstandard2.0)) (&& (== net461) (>= dnxcore50)) (&& (== net461) (< net45)) (== netcoreapp2.0) (== netcoreapp2.2) (&& (== netstandard2.0) (>= net46)) (&& (== netstandard2.0) (>= netcoreapp1.1))
      System.IO (>= 4.3) - restriction: || (&& (== net461) (< net45)) (== netcoreapp2.0) (== netcoreapp2.2) (== netstandard2.0)
      System.Reflection (>= 4.3) - restriction: || (&& (== net461) (< net45)) (== netcoreapp2.0) (== netcoreapp2.2) (== netstandard2.0)
      System.Reflection.Emit.ILGeneration (>= 4.3) - restriction: || (&& (== net461) (< net45)) (== netcoreapp2.0) (== netcoreapp2.2) (== netstandard2.0)
      System.Reflection.Primitives (>= 4.3) - restriction: || (&& (== net461) (< net45)) (== netcoreapp2.0) (== netcoreapp2.2) (== netstandard2.0)
      System.Runtime (>= 4.3) - restriction: || (&& (== net461) (< net45)) (== netcoreapp2.0) (== netcoreapp2.2) (== netstandard2.0)
    System.Reflection.Emit.ILGeneration (4.3) - restriction: || (&& (== net461) (>= netcoreapp1.1)) (== netcoreapp2.0) (== netcoreapp2.2) (&& (== netstandard2.0) (>= netcoreapp1.1))
      System.Reflection (>= 4.3) - restriction: || (&& (== net461) (< net45)) (== netcoreapp2.0) (== netcoreapp2.2) (== netstandard2.0)
      System.Reflection.Primitives (>= 4.3) - restriction: || (&& (== net461) (< net45)) (== netcoreapp2.0) (== netcoreapp2.2) (== netstandard2.0)
      System.Runtime (>= 4.3) - restriction: || (&& (== net461) (< net45)) (== netcoreapp2.0) (== netcoreapp2.2) (== netstandard2.0)
    System.Reflection.Emit.Lightweight (4.3) - restriction: || (&& (== net461) (>= netcoreapp1.1)) (== netcoreapp2.0) (== netcoreapp2.2) (&& (== netstandard2.0) (>= netcoreapp1.1))
      System.Reflection (>= 4.3) - restriction: || (&& (== net461) (< net45)) (== netcoreapp2.0) (== netcoreapp2.2) (== netstandard2.0)
      System.Reflection.Emit.ILGeneration (>= 4.3) - restriction: || (&& (== net461) (< net45)) (== netcoreapp2.0) (== netcoreapp2.2) (== netstandard2.0)
      System.Reflection.Primitives (>= 4.3) - restriction: || (&& (== net461) (< net45)) (== netcoreapp2.0) (== netcoreapp2.2) (== netstandard2.0)
      System.Runtime (>= 4.3) - restriction: || (&& (== net461) (< net45)) (== netcoreapp2.0) (== netcoreapp2.2) (== netstandard2.0)
    System.Reflection.Extensions (4.3) - restriction: || (&& (== net461) (== netstandard2.0)) (&& (== net461) (>= dnxcore50)) (&& (== net461) (< net45)) (== netcoreapp2.0) (== netcoreapp2.2) (&& (== netstandard2.0) (>= net46)) (&& (== netstandard2.0) (>= netcoreapp1.1))
      Microsoft.NETCore.Platforms (>= 1.1) - restriction: || (&& (== net461) (>= dnxcore50)) (&& (== net461) (< net45)) (== netcoreapp2.0) (== netcoreapp2.2) (== netstandard2.0)
      Microsoft.NETCore.Targets (>= 1.1) - restriction: || (&& (== net461) (>= dnxcore50)) (&& (== net461) (< net45)) (== netcoreapp2.0) (== netcoreapp2.2) (== netstandard2.0)
      System.Reflection (>= 4.3) - restriction: || (&& (== net461) (>= dnxcore50)) (&& (== net461) (< net45)) (== netcoreapp2.0) (== netcoreapp2.2) (== netstandard2.0)
      System.Runtime (>= 4.3) - restriction: || (&& (== net461) (>= dnxcore50)) (&& (== net461) (< net45)) (== netcoreapp2.0) (== netcoreapp2.2) (== netstandard2.0)
    System.Reflection.Metadata (1.6)
      System.Collections.Immutable (>= 1.5) - restriction: || (== net461) (== netcoreapp2.0) (&& (== netcoreapp2.2) (>= net45)) (&& (== netcoreapp2.2) (< netcoreapp2.1)) (&& (== netcoreapp2.2) (< netstandard1.1)) (&& (== netcoreapp2.2) (< netstandard2.0)) (== netstandard2.0)
    System.Reflection.Primitives (4.3) - restriction: || (&& (== net461) (>= netcoreapp1.1)) (== netcoreapp2.0) (== netcoreapp2.2) (== netstandard2.0)
      Microsoft.NETCore.Platforms (>= 1.1) - restriction: || (&& (== net461) (>= dnxcore50)) (&& (== net461) (< net45)) (== netcoreapp2.0) (== netcoreapp2.2) (== netstandard2.0)
      Microsoft.NETCore.Targets (>= 1.1) - restriction: || (&& (== net461) (>= dnxcore50)) (&& (== net461) (< net45)) (== netcoreapp2.0) (== netcoreapp2.2) (== netstandard2.0)
      System.Runtime (>= 4.3) - restriction: || (&& (== net461) (>= dnxcore50)) (&& (== net461) (< net45)) (== netcoreapp2.0) (== netcoreapp2.2) (== netstandard2.0)
    System.Reflection.TypeExtensions (4.5.1) - restriction: || (&& (== net461) (== netstandard2.0)) (&& (== net461) (>= dnxcore50)) (&& (== net461) (< net45)) (== netcoreapp2.0) (== netcoreapp2.2) (&& (== netstandard2.0) (>= net46)) (&& (== netstandard2.0) (>= netcoreapp1.1))
    System.Resources.ResourceManager (4.3)
      Microsoft.NETCore.Platforms (>= 1.1) - restriction: || (&& (== net461) (>= dnxcore50)) (&& (== net461) (< net45)) (== netcoreapp2.0) (== netcoreapp2.2) (== netstandard2.0)
      Microsoft.NETCore.Targets (>= 1.1) - restriction: || (&& (== net461) (>= dnxcore50)) (&& (== net461) (< net45)) (== netcoreapp2.0) (== netcoreapp2.2) (== netstandard2.0)
      System.Globalization (>= 4.3) - restriction: || (&& (== net461) (>= dnxcore50)) (&& (== net461) (< net45)) (== netcoreapp2.0) (== netcoreapp2.2) (== netstandard2.0)
      System.Reflection (>= 4.3) - restriction: || (&& (== net461) (>= dnxcore50)) (&& (== net461) (< net45)) (== netcoreapp2.0) (== netcoreapp2.2) (== netstandard2.0)
      System.Runtime (>= 4.3) - restriction: || (&& (== net461) (>= dnxcore50)) (&& (== net461) (< net45)) (== netcoreapp2.0) (== netcoreapp2.2) (== netstandard2.0)
    System.Runtime (4.3)
      Microsoft.NETCore.Platforms (>= 1.1) - restriction: || (&& (== net461) (>= dnxcore50)) (&& (== net461) (< net45)) (== netcoreapp2.0) (== netcoreapp2.2) (== netstandard2.0)
      Microsoft.NETCore.Targets (>= 1.1) - restriction: || (&& (== net461) (>= dnxcore50)) (&& (== net461) (< net45)) (== netcoreapp2.0) (== netcoreapp2.2) (== netstandard2.0)
    System.Runtime.CompilerServices.Unsafe (4.5.2) - restriction: || (== net461) (== netcoreapp2.0) (&& (== netcoreapp2.2) (== netstandard2.0)) (&& (== netcoreapp2.2) (>= monotouch)) (&& (== netcoreapp2.2) (>= net46)) (&& (== netcoreapp2.2) (>= net461)) (&& (== netcoreapp2.2) (< netcoreapp2.0)) (&& (== netcoreapp2.2) (< netcoreapp2.1)) (&& (== netcoreapp2.2) (< netstandard1.1)) (&& (== netcoreapp2.2) (< netstandard2.0)) (&& (== netcoreapp2.2) (>= uap10.1)) (&& (== netcoreapp2.2) (>= xamarinios)) (&& (== netcoreapp2.2) (>= xamarinmac)) (&& (== netcoreapp2.2) (>= xamarintvos)) (&& (== netcoreapp2.2) (>= xamarinwatchos)) (&& (== netstandard2.0) (>= net46)) (&& (== netstandard2.0) (>= net461)) (&& (== netstandard2.0) (>= netcoreapp1.1)) (&& (== netstandard2.0) (>= netcoreapp2.0))
    System.Runtime.Extensions (4.3)
      Microsoft.NETCore.Platforms (>= 1.1) - restriction: || (&& (== net461) (>= dnxcore50)) (&& (== net461) (< net45)) (== netcoreapp2.0) (== netcoreapp2.2) (== netstandard2.0)
      Microsoft.NETCore.Targets (>= 1.1) - restriction: || (&& (== net461) (>= dnxcore50)) (&& (== net461) (< net45)) (== netcoreapp2.0) (== netcoreapp2.2) (== netstandard2.0)
      System.Runtime (>= 4.3) - restriction: || (&& (== net461) (>= dnxcore50)) (&& (== net461) (< net45)) (== netcoreapp2.0) (== netcoreapp2.2) (== netstandard2.0)
    System.Runtime.Handles (4.3) - restriction: || (== netcoreapp2.0) (== netcoreapp2.2) (== netstandard2.0)
      Microsoft.NETCore.Platforms (>= 1.1) - restriction: || (&& (== net461) (< net46)) (== netcoreapp2.0) (== netcoreapp2.2) (== netstandard2.0)
      Microsoft.NETCore.Targets (>= 1.1) - restriction: || (&& (== net461) (< net46)) (== netcoreapp2.0) (== netcoreapp2.2) (== netstandard2.0)
      System.Runtime (>= 4.3) - restriction: || (&& (== net461) (< net46)) (== netcoreapp2.0) (== netcoreapp2.2) (== netstandard2.0)
    System.Runtime.InteropServices (4.3)
      Microsoft.NETCore.Platforms (>= 1.1) - restriction: || (&& (== net461) (>= dnxcore50)) (&& (== net461) (< net45)) (&& (== net461) (>= netcoreapp1.1)) (== netcoreapp2.0) (== netcoreapp2.2) (== netstandard2.0)
      Microsoft.NETCore.Targets (>= 1.1) - restriction: || (&& (== net461) (>= dnxcore50)) (&& (== net461) (< net45)) (&& (== net461) (>= netcoreapp1.1)) (== netcoreapp2.0) (== netcoreapp2.2) (== netstandard2.0)
      System.Reflection (>= 4.3) - restriction: || (&& (== net461) (>= dnxcore50)) (&& (== net461) (< net45)) (&& (== net461) (>= netcoreapp1.1)) (== netcoreapp2.0) (== netcoreapp2.2) (== netstandard2.0)
      System.Reflection.Primitives (>= 4.3) - restriction: || (&& (== net461) (>= dnxcore50)) (&& (== net461) (< net45)) (&& (== net461) (>= netcoreapp1.1)) (== netcoreapp2.0) (== netcoreapp2.2) (== netstandard2.0)
      System.Runtime (>= 4.3) - restriction: || (&& (== net461) (>= dnxcore50)) (&& (== net461) (< net45)) (&& (== net461) (>= net462)) (&& (== net461) (>= netcoreapp1.1)) (== netcoreapp2.0) (== netcoreapp2.2) (== netstandard2.0)
      System.Runtime.Handles (>= 4.3) - restriction: || (&& (== net461) (>= dnxcore50)) (&& (== net461) (< net45)) (&& (== net461) (>= netcoreapp1.1)) (== netcoreapp2.0) (== netcoreapp2.2) (== netstandard2.0)
    System.Runtime.InteropServices.RuntimeInformation (4.3) - restriction: || (== net461) (== netcoreapp2.0) (== netcoreapp2.2) (&& (== netstandard2.0) (>= net46)) (&& (== netstandard2.0) (>= netcoreapp1.1))
      runtime.native.System (>= 4.3) - restriction: || (&& (== net461) (< net45)) (== netcoreapp2.0) (== netcoreapp2.2) (== netstandard2.0)
      System.Reflection (>= 4.3) - restriction: || (&& (== net461) (>= dnxcore50)) (&& (== net461) (< net45)) (== netcoreapp2.0) (== netcoreapp2.2) (== netstandard2.0)
      System.Reflection.Extensions (>= 4.3) - restriction: || (&& (== net461) (>= dnxcore50)) (&& (== net461) (< net45)) (== netcoreapp2.0) (== netcoreapp2.2) (== netstandard2.0)
      System.Resources.ResourceManager (>= 4.3) - restriction: || (&& (== net461) (>= dnxcore50)) (&& (== net461) (< net45)) (== netcoreapp2.0) (== netcoreapp2.2) (== netstandard2.0)
      System.Runtime (>= 4.3) - restriction: || (&& (== net461) (>= dnxcore50)) (&& (== net461) (< net45)) (== netcoreapp2.0) (== netcoreapp2.2) (== netstandard2.0)
      System.Runtime.InteropServices (>= 4.3) - restriction: || (&& (== net461) (< net45)) (== netcoreapp2.0) (== netcoreapp2.2) (== netstandard2.0)
      System.Threading (>= 4.3) - restriction: || (&& (== net461) (>= dnxcore50)) (&& (== net461) (< net45)) (== netcoreapp2.0) (== netcoreapp2.2) (== netstandard2.0)
    System.Runtime.Numerics (4.3)
      System.Globalization (>= 4.3) - restriction: || (&& (== net461) (>= dnxcore50)) (&& (== net461) (< net45)) (== netcoreapp2.0) (== netcoreapp2.2) (== netstandard2.0)
      System.Resources.ResourceManager (>= 4.3) - restriction: || (&& (== net461) (>= dnxcore50)) (&& (== net461) (< net45)) (== netcoreapp2.0) (== netcoreapp2.2) (== netstandard2.0)
      System.Runtime (>= 4.3) - restriction: || (&& (== net461) (>= dnxcore50)) (&& (== net461) (< net45)) (== netcoreapp2.0) (== netcoreapp2.2) (== netstandard2.0)
      System.Runtime.Extensions (>= 4.3) - restriction: || (&& (== net461) (>= dnxcore50)) (&& (== net461) (< net45)) (== netcoreapp2.0) (== netcoreapp2.2) (== netstandard2.0)
    System.Runtime.Serialization.Primitives (4.3) - restriction: || (&& (== net461) (>= netcoreapp1.1)) (== netcoreapp2.0) (== netcoreapp2.2) (&& (== netstandard2.0) (>= netcoreapp1.1))
      System.Resources.ResourceManager (>= 4.3) - restriction: || (&& (== net461) (>= dnxcore50)) (&& (== net461) (< net45)) (== netcoreapp2.0) (== netcoreapp2.2) (== netstandard2.0)
      System.Runtime (>= 4.3) - restriction: || (&& (== net461) (>= dnxcore50)) (&& (== net461) (< net45)) (== netcoreapp2.0) (== netcoreapp2.2) (== netstandard2.0)
    System.Security.AccessControl (4.5)
      Microsoft.NETCore.Platforms (>= 2.0) - restriction: || (&& (== net461) (>= netcoreapp2.0)) (== netcoreapp2.0) (== netcoreapp2.2) (&& (== netstandard2.0) (>= netcoreapp2.0))
      System.Security.Principal.Windows (>= 4.5)
    System.Security.Cryptography.Algorithms (4.3.1)
      Microsoft.NETCore.Platforms (>= 1.1) - restriction: || (&& (== net461) (>= dnxcore50)) (&& (== net461) (< net46) (>= netstandard1.6)) (== netcoreapp2.0) (== netcoreapp2.2) (== netstandard2.0)
      runtime.native.System.Security.Cryptography.Apple (>= 4.3.1) - restriction: || (&& (== net461) (< net46) (>= netstandard1.6)) (== netcoreapp2.0) (== netcoreapp2.2) (== netstandard2.0)
      runtime.native.System.Security.Cryptography.OpenSsl (>= 4.3.2) - restriction: || (&& (== net461) (< net46) (>= netstandard1.6)) (== netcoreapp2.0) (== netcoreapp2.2) (== netstandard2.0)
      System.Collections (>= 4.3) - restriction: || (&& (== net461) (< net46) (>= netstandard1.6)) (== netcoreapp2.0) (== netcoreapp2.2) (== netstandard2.0)
      System.IO (>= 4.3) - restriction: || (&& (== net461) (>= dnxcore50)) (&& (== net461) (< net46)) (&& (== net461) (>= net463)) (== netcoreapp2.0) (== netcoreapp2.2) (== netstandard2.0)
      System.Resources.ResourceManager (>= 4.3) - restriction: || (&& (== net461) (>= dnxcore50)) (&& (== net461) (< net46) (>= netstandard1.6)) (== netcoreapp2.0) (== netcoreapp2.2) (== netstandard2.0)
      System.Runtime (>= 4.3) - restriction: || (&& (== net461) (>= dnxcore50)) (&& (== net461) (< net46)) (&& (== net461) (>= net463)) (== netcoreapp2.0) (== netcoreapp2.2) (== netstandard2.0)
      System.Runtime.Extensions (>= 4.3) - restriction: || (&& (== net461) (>= dnxcore50)) (&& (== net461) (< net46) (>= netstandard1.6)) (== netcoreapp2.0) (== netcoreapp2.2) (== netstandard2.0)
      System.Runtime.Handles (>= 4.3) - restriction: || (&& (== net461) (>= dnxcore50)) (&& (== net461) (< net46) (>= netstandard1.6)) (== netcoreapp2.0) (== netcoreapp2.2) (== netstandard2.0)
      System.Runtime.InteropServices (>= 4.3) - restriction: || (&& (== net461) (>= dnxcore50)) (&& (== net461) (< net46) (>= netstandard1.6)) (== netcoreapp2.0) (== netcoreapp2.2) (== netstandard2.0)
      System.Runtime.Numerics (>= 4.3) - restriction: || (&& (== net461) (< net46) (>= netstandard1.6)) (== netcoreapp2.0) (== netcoreapp2.2) (== netstandard2.0)
      System.Security.Cryptography.Encoding (>= 4.3) - restriction: || (&& (== net461) (>= dnxcore50)) (&& (== net461) (< net46) (>= netstandard1.6)) (&& (== net461) (>= net463)) (== netcoreapp2.0) (== netcoreapp2.2) (== netstandard2.0)
      System.Security.Cryptography.Primitives (>= 4.3)
      System.Text.Encoding (>= 4.3) - restriction: || (&& (== net461) (>= dnxcore50)) (&& (== net461) (< net46) (>= netstandard1.6)) (== netcoreapp2.0) (== netcoreapp2.2) (== netstandard2.0)
    System.Security.Cryptography.Csp (4.3) - restriction: || (&& (== net461) (< net35)) (== netcoreapp2.0) (== netcoreapp2.2) (== netstandard2.0)
      Microsoft.NETCore.Platforms (>= 1.1) - restriction: || (&& (== net461) (< net46)) (== netcoreapp2.0) (== netcoreapp2.2) (== netstandard2.0)
      System.IO (>= 4.3) - restriction: || (&& (== net461) (< net46)) (== netcoreapp2.0) (== netcoreapp2.2) (== netstandard2.0)
      System.Reflection (>= 4.3) - restriction: || (&& (== net461) (< net46)) (== netcoreapp2.0) (== netcoreapp2.2) (== netstandard2.0)
      System.Resources.ResourceManager (>= 4.3) - restriction: || (&& (== net461) (< net46)) (== netcoreapp2.0) (== netcoreapp2.2) (== netstandard2.0)
      System.Runtime (>= 4.3) - restriction: || (&& (== net461) (< net46)) (== netcoreapp2.0) (== netcoreapp2.2) (== netstandard2.0)
      System.Runtime.Extensions (>= 4.3) - restriction: || (&& (== net461) (< net46)) (== netcoreapp2.0) (== netcoreapp2.2) (== netstandard2.0)
      System.Runtime.Handles (>= 4.3) - restriction: || (&& (== net461) (< net46)) (== netcoreapp2.0) (== netcoreapp2.2) (== netstandard2.0)
      System.Runtime.InteropServices (>= 4.3) - restriction: || (&& (== net461) (< net46)) (== netcoreapp2.0) (== netcoreapp2.2) (== netstandard2.0)
      System.Security.Cryptography.Algorithms (>= 4.3)
      System.Security.Cryptography.Encoding (>= 4.3) - restriction: || (&& (== net461) (< net46)) (== netcoreapp2.0) (== netcoreapp2.2) (== netstandard2.0)
      System.Security.Cryptography.Primitives (>= 4.3)
      System.Text.Encoding (>= 4.3) - restriction: || (&& (== net461) (< net46)) (== netcoreapp2.0) (== netcoreapp2.2) (== netstandard2.0)
      System.Threading (>= 4.3) - restriction: || (&& (== net461) (< net46)) (== netcoreapp2.0) (== netcoreapp2.2) (== netstandard2.0)
    System.Security.Cryptography.Encoding (4.3)
      Microsoft.NETCore.Platforms (>= 1.1) - restriction: || (&& (== net461) (< net46)) (== netcoreapp2.0) (== netcoreapp2.2) (== netstandard2.0)
      runtime.native.System.Security.Cryptography.OpenSsl (>= 4.3) - restriction: || (&& (== net461) (< net46)) (== netcoreapp2.0) (== netcoreapp2.2) (== netstandard2.0)
      System.Collections (>= 4.3) - restriction: || (&& (== net461) (< net46)) (== netcoreapp2.0) (== netcoreapp2.2) (== netstandard2.0)
      System.Collections.Concurrent (>= 4.3) - restriction: || (&& (== net461) (< net46)) (== netcoreapp2.0) (== netcoreapp2.2) (== netstandard2.0)
      System.Linq (>= 4.3) - restriction: || (&& (== net461) (< net46)) (== netcoreapp2.0) (== netcoreapp2.2) (== netstandard2.0)
      System.Resources.ResourceManager (>= 4.3) - restriction: || (&& (== net461) (< net46)) (== netcoreapp2.0) (== netcoreapp2.2) (== netstandard2.0)
      System.Runtime (>= 4.3) - restriction: || (&& (== net461) (< net46)) (== netcoreapp2.0) (== netcoreapp2.2) (== netstandard2.0)
      System.Runtime.Extensions (>= 4.3) - restriction: || (&& (== net461) (< net46)) (== netcoreapp2.0) (== netcoreapp2.2) (== netstandard2.0)
      System.Runtime.Handles (>= 4.3) - restriction: || (&& (== net461) (< net46)) (== netcoreapp2.0) (== netcoreapp2.2) (== netstandard2.0)
      System.Runtime.InteropServices (>= 4.3) - restriction: || (&& (== net461) (< net46)) (== netcoreapp2.0) (== netcoreapp2.2) (== netstandard2.0)
      System.Security.Cryptography.Primitives (>= 4.3) - restriction: || (&& (== net461) (< net46)) (== netcoreapp2.0) (== netcoreapp2.2) (== netstandard2.0)
      System.Text.Encoding (>= 4.3) - restriction: || (&& (== net461) (< net46)) (== netcoreapp2.0) (== netcoreapp2.2) (== netstandard2.0)
    System.Security.Cryptography.Primitives (4.3) - restriction: || (&& (== net461) (>= dnxcore50)) (&& (== net461) (< net35)) (== netcoreapp2.0) (== netcoreapp2.2) (== netstandard2.0)
      System.Diagnostics.Debug (>= 4.3) - restriction: || (&& (== net461) (< net46)) (== netcoreapp2.0) (== netcoreapp2.2) (== netstandard2.0)
      System.Globalization (>= 4.3) - restriction: || (&& (== net461) (< net46)) (== netcoreapp2.0) (== netcoreapp2.2) (== netstandard2.0)
      System.IO (>= 4.3) - restriction: || (&& (== net461) (< net46)) (== netcoreapp2.0) (== netcoreapp2.2) (== netstandard2.0)
      System.Resources.ResourceManager (>= 4.3) - restriction: || (&& (== net461) (< net46)) (== netcoreapp2.0) (== netcoreapp2.2) (== netstandard2.0)
      System.Runtime (>= 4.3) - restriction: || (&& (== net461) (< net46)) (== netcoreapp2.0) (== netcoreapp2.2) (== netstandard2.0)
      System.Threading (>= 4.3) - restriction: || (&& (== net461) (< net46)) (== netcoreapp2.0) (== netcoreapp2.2) (== netstandard2.0)
      System.Threading.Tasks (>= 4.3) - restriction: || (&& (== net461) (< net46)) (== netcoreapp2.0) (== netcoreapp2.2) (== netstandard2.0)
    System.Security.Cryptography.ProtectedData (4.5) - restriction: || (&& (== net461) (< net45) (>= netstandard2.0)) (== netcoreapp2.0) (== netcoreapp2.2) (== netstandard2.0)
      System.Memory (>= 4.5) - restriction: || (&& (== net461) (< net46) (>= netstandard2.0)) (== netcoreapp2.0) (&& (== netcoreapp2.2) (< netcoreapp2.1)) (== netstandard2.0)
    System.Security.Cryptography.X509Certificates (4.3.2) - restriction: || (== net461) (&& (== netcoreapp2.0) (>= net46)) (&& (== netcoreapp2.2) (>= net46)) (&& (== netstandard2.0) (>= net46))
      System.Security.Cryptography.Algorithms (>= 4.3)
      System.Security.Cryptography.Encoding (>= 4.3)
    System.Security.Permissions (4.5) - restriction: || (&& (== net461) (>= monoandroid) (>= netstandard2.0)) (&& (== net461) (>= monotouch) (>= netstandard2.0)) (&& (== net461) (< net45) (>= netstandard2.0)) (&& (== net461) (>= netstandard2.0) (>= xamarinmac)) (&& (== net461) (>= netstandard2.0) (>= xamarintvos)) (&& (== net461) (>= netstandard2.0) (>= xamarinwatchos)) (== netcoreapp2.0) (== netcoreapp2.2) (== netstandard2.0)
      System.Security.AccessControl (>= 4.5)
    System.Security.Principal.Windows (4.5.1) - restriction: || (== net461) (== netcoreapp2.0) (== netcoreapp2.2) (&& (== netstandard2.0) (>= net46)) (&& (== netstandard2.0) (>= net461)) (&& (== netstandard2.0) (>= netcoreapp1.1)) (&& (== netstandard2.0) (>= netcoreapp2.0))
      Microsoft.NETCore.Platforms (>= 2.0) - restriction: || (&& (== net461) (>= netcoreapp2.0)) (== netcoreapp2.0) (== netcoreapp2.2) (&& (== netstandard2.0) (>= netcoreapp2.0))
    System.Text.Encoding (4.3)
      Microsoft.NETCore.Platforms (>= 1.1) - restriction: || (&& (== net461) (>= dnxcore50)) (&& (== net461) (< net45)) (== netcoreapp2.0) (== netcoreapp2.2) (== netstandard2.0)
      Microsoft.NETCore.Targets (>= 1.1) - restriction: || (&& (== net461) (>= dnxcore50)) (&& (== net461) (< net45)) (== netcoreapp2.0) (== netcoreapp2.2) (== netstandard2.0)
      System.Runtime (>= 4.3) - restriction: || (&& (== net461) (>= dnxcore50)) (&& (== net461) (< net45)) (== netcoreapp2.0) (== netcoreapp2.2) (== netstandard2.0)
    System.Text.Encoding.CodePages (4.5) - restriction: || (== net461) (&& (== netcoreapp2.0) (>= net46)) (&& (== netcoreapp2.2) (>= net46)) (&& (== netstandard2.0) (>= net46))
      System.Runtime.CompilerServices.Unsafe (>= 4.5)
    System.Text.Encoding.Extensions (4.3) - restriction: || (== net461) (== netcoreapp2.0) (== netcoreapp2.2) (&& (== netstandard2.0) (>= net46)) (&& (== netstandard2.0) (>= netcoreapp1.1))
    System.Text.RegularExpressions (4.3) - restriction: || (&& (== net461) (== netstandard2.0)) (&& (== net461) (>= dnxcore50)) (&& (== net461) (< net45)) (== netcoreapp2.0) (== netcoreapp2.2) (&& (== netstandard2.0) (>= net46)) (&& (== netstandard2.0) (>= netcoreapp1.1))
      System.Runtime (>= 4.3) - restriction: || (&& (== net461) (>= dnxcore50)) (&& (== net461) (< net45)) (&& (== net461) (>= netcoreapp1.1)) (== netcoreapp2.0) (== netcoreapp2.2) (== netstandard2.0)
    System.Threading (4.3)
      System.Runtime (>= 4.3) - restriction: || (&& (== net461) (>= dnxcore50)) (&& (== net461) (< net45)) (== netcoreapp2.0) (== netcoreapp2.2) (== netstandard2.0)
      System.Threading.Tasks (>= 4.3) - restriction: || (&& (== net461) (>= dnxcore50)) (&& (== net461) (< net45)) (== netcoreapp2.0) (== netcoreapp2.2) (== netstandard2.0)
    System.Threading.Tasks (4.3)
    System.Threading.Tasks.Extensions (4.5.1) - restriction: || (== net461) (== netcoreapp2.0) (== netcoreapp2.2) (&& (== netstandard2.0) (>= net46)) (&& (== netstandard2.0) (>= netcoreapp1.1))
      System.Runtime.CompilerServices.Unsafe (>= 4.5) - restriction: || (== net461) (== netcoreapp2.0) (&& (== netcoreapp2.2) (>= net45)) (&& (== netcoreapp2.2) (< netcoreapp2.1)) (&& (== netcoreapp2.2) (< netstandard1.0)) (&& (== netcoreapp2.2) (< netstandard2.0)) (&& (== netcoreapp2.2) (>= wp8)) (== netstandard2.0)
    System.Threading.Tasks.Parallel (4.3) - restriction: || (== net461) (&& (== netcoreapp2.0) (>= net46)) (&& (== netcoreapp2.2) (>= net46)) (&& (== netstandard2.0) (>= net46))
    System.Threading.Thread (4.3) - restriction: || (== net461) (&& (== netcoreapp2.0) (>= net46)) (&& (== netcoreapp2.2) (>= net46)) (&& (== netstandard2.0) (>= net46))
    System.ValueTuple (4.5) - restriction: || (== net461) (== netcoreapp2.0) (== netcoreapp2.2) (&& (== netstandard2.0) (>= net46)) (&& (== netstandard2.0) (>= netcoreapp1.1))
    System.Xml.ReaderWriter (4.3.1) - restriction: || (== net461) (== netcoreapp2.0) (== netcoreapp2.2) (&& (== netstandard2.0) (>= net46)) (&& (== netstandard2.0) (>= netcoreapp1.1))
      System.Collections (>= 4.3) - restriction: || (&& (== net461) (>= dnxcore50)) (&& (== net461) (< net45)) (== netcoreapp2.0) (== netcoreapp2.2) (== netstandard2.0)
      System.Diagnostics.Debug (>= 4.3) - restriction: || (&& (== net461) (>= dnxcore50)) (&& (== net461) (< net45)) (== netcoreapp2.0) (== netcoreapp2.2) (== netstandard2.0)
      System.Globalization (>= 4.3) - restriction: || (&& (== net461) (>= dnxcore50)) (&& (== net461) (< net45)) (== netcoreapp2.0) (== netcoreapp2.2) (== netstandard2.0)
      System.IO (>= 4.3) - restriction: || (&& (== net461) (>= dnxcore50)) (&& (== net461) (< net45)) (== netcoreapp2.0) (== netcoreapp2.2) (== netstandard2.0)
      System.IO.FileSystem (>= 4.3) - restriction: || (&& (== net461) (>= dnxcore50)) (&& (== net461) (< net45)) (== netcoreapp2.0) (== netcoreapp2.2) (== netstandard2.0)
      System.IO.FileSystem.Primitives (>= 4.3) - restriction: || (&& (== net461) (>= dnxcore50)) (&& (== net461) (< net45)) (== netcoreapp2.0) (== netcoreapp2.2) (== netstandard2.0)
      System.Resources.ResourceManager (>= 4.3) - restriction: || (&& (== net461) (>= dnxcore50)) (&& (== net461) (< net45)) (== netcoreapp2.0) (== netcoreapp2.2) (== netstandard2.0)
      System.Runtime (>= 4.3) - restriction: || (&& (== net461) (>= dnxcore50)) (&& (== net461) (< net45)) (== netcoreapp2.0) (== netcoreapp2.2) (== netstandard2.0)
      System.Runtime.Extensions (>= 4.3) - restriction: || (&& (== net461) (>= dnxcore50)) (&& (== net461) (< net45)) (== netcoreapp2.0) (== netcoreapp2.2) (== netstandard2.0)
      System.Runtime.InteropServices (>= 4.3) - restriction: || (&& (== net461) (>= dnxcore50)) (&& (== net461) (< net45)) (== netcoreapp2.0) (== netcoreapp2.2) (== netstandard2.0)
      System.Text.Encoding (>= 4.3) - restriction: || (&& (== net461) (>= dnxcore50)) (&& (== net461) (< net45)) (== netcoreapp2.0) (== netcoreapp2.2) (== netstandard2.0)
      System.Text.Encoding.Extensions (>= 4.3) - restriction: || (&& (== net461) (>= dnxcore50)) (&& (== net461) (< net45)) (== netcoreapp2.0) (== netcoreapp2.2) (== netstandard2.0)
      System.Text.RegularExpressions (>= 4.3) - restriction: || (&& (== net461) (>= dnxcore50)) (&& (== net461) (< net45)) (== netcoreapp2.0) (== netcoreapp2.2) (== netstandard2.0)
      System.Threading.Tasks (>= 4.3) - restriction: || (&& (== net461) (>= dnxcore50)) (&& (== net461) (< net45)) (== netcoreapp2.0) (== netcoreapp2.2) (== netstandard2.0)
      System.Threading.Tasks.Extensions (>= 4.3) - restriction: || (&& (== net461) (>= dnxcore50)) (&& (== net461) (< net45)) (== netcoreapp2.0) (== netcoreapp2.2) (== netstandard2.0)
    System.Xml.XDocument (4.3) - restriction: || (== net461) (&& (== netcoreapp2.0) (>= net46)) (&& (== netcoreapp2.2) (>= net46)) (&& (== netstandard2.0) (>= net46))
    System.Xml.XmlDocument (4.3) - restriction: || (== net461) (== netcoreapp2.0) (== netcoreapp2.2) (&& (== netstandard2.0) (>= net46)) (&& (== netstandard2.0) (>= netcoreapp1.1))
      System.Collections (>= 4.3) - restriction: || (&& (== net461) (< net46)) (== netcoreapp2.0) (== netcoreapp2.2) (== netstandard2.0)
      System.Diagnostics.Debug (>= 4.3) - restriction: || (&& (== net461) (< net46)) (== netcoreapp2.0) (== netcoreapp2.2) (== netstandard2.0)
      System.Globalization (>= 4.3) - restriction: || (&& (== net461) (< net46)) (== netcoreapp2.0) (== netcoreapp2.2) (== netstandard2.0)
      System.IO (>= 4.3) - restriction: || (&& (== net461) (< net46)) (== netcoreapp2.0) (== netcoreapp2.2) (== netstandard2.0)
      System.Resources.ResourceManager (>= 4.3) - restriction: || (&& (== net461) (< net46)) (== netcoreapp2.0) (== netcoreapp2.2) (== netstandard2.0)
      System.Runtime (>= 4.3) - restriction: || (&& (== net461) (< net46)) (== netcoreapp2.0) (== netcoreapp2.2) (== netstandard2.0)
      System.Runtime.Extensions (>= 4.3) - restriction: || (&& (== net461) (< net46)) (== netcoreapp2.0) (== netcoreapp2.2) (== netstandard2.0)
      System.Text.Encoding (>= 4.3) - restriction: || (&& (== net461) (< net46)) (== netcoreapp2.0) (== netcoreapp2.2) (== netstandard2.0)
      System.Threading (>= 4.3) - restriction: || (&& (== net461) (< net46)) (== netcoreapp2.0) (== netcoreapp2.2) (== netstandard2.0)
      System.Xml.ReaderWriter (>= 4.3) - restriction: || (&& (== net461) (< net46)) (== netcoreapp2.0) (== netcoreapp2.2) (== netstandard2.0)
    System.Xml.XmlSerializer (4.3) - restriction: || (== net461) (== netcoreapp2.0) (== netcoreapp2.2) (&& (== netstandard2.0) (>= net46)) (&& (== netstandard2.0) (>= netcoreapp1.1))
      System.Collections (>= 4.3) - restriction: || (&& (== net461) (>= dnxcore50)) (&& (== net461) (< net45)) (== netcoreapp2.0) (== netcoreapp2.2) (== netstandard2.0)
      System.Globalization (>= 4.3) - restriction: || (&& (== net461) (>= dnxcore50)) (&& (== net461) (< net45)) (== netcoreapp2.0) (== netcoreapp2.2) (== netstandard2.0)
      System.IO (>= 4.3) - restriction: || (&& (== net461) (>= dnxcore50)) (&& (== net461) (< net45)) (== netcoreapp2.0) (== netcoreapp2.2) (== netstandard2.0)
      System.Linq (>= 4.3) - restriction: || (&& (== net461) (>= dnxcore50)) (&& (== net461) (< net45)) (== netcoreapp2.0) (== netcoreapp2.2) (== netstandard2.0)
      System.Reflection (>= 4.3) - restriction: || (&& (== net461) (>= dnxcore50)) (&& (== net461) (< net45)) (== netcoreapp2.0) (== netcoreapp2.2) (== netstandard2.0)
      System.Reflection.Emit (>= 4.3) - restriction: || (&& (== net461) (>= dnxcore50)) (&& (== net461) (< net45)) (== netcoreapp2.0) (== netcoreapp2.2) (== netstandard2.0)
      System.Reflection.Emit.ILGeneration (>= 4.3) - restriction: || (&& (== net461) (>= dnxcore50)) (&& (== net461) (< net45)) (== netcoreapp2.0) (== netcoreapp2.2) (== netstandard2.0)
      System.Reflection.Extensions (>= 4.3) - restriction: || (&& (== net461) (>= dnxcore50)) (&& (== net461) (< net45)) (== netcoreapp2.0) (== netcoreapp2.2) (== netstandard2.0)
      System.Reflection.Primitives (>= 4.3) - restriction: || (&& (== net461) (>= dnxcore50)) (&& (== net461) (< net45)) (== netcoreapp2.0) (== netcoreapp2.2) (== netstandard2.0)
      System.Reflection.TypeExtensions (>= 4.3) - restriction: || (&& (== net461) (>= dnxcore50)) (&& (== net461) (< net45)) (== netcoreapp2.0) (== netcoreapp2.2) (== netstandard2.0)
      System.Resources.ResourceManager (>= 4.3) - restriction: || (&& (== net461) (>= dnxcore50)) (&& (== net461) (< net45)) (== netcoreapp2.0) (== netcoreapp2.2) (== netstandard2.0)
      System.Runtime (>= 4.3) - restriction: || (&& (== net461) (>= dnxcore50)) (&& (== net461) (< net45)) (== netcoreapp2.0) (== netcoreapp2.2) (== netstandard2.0)
      System.Runtime.Extensions (>= 4.3) - restriction: || (&& (== net461) (>= dnxcore50)) (&& (== net461) (< net45)) (== netcoreapp2.0) (== netcoreapp2.2) (== netstandard2.0)
      System.Text.RegularExpressions (>= 4.3) - restriction: || (&& (== net461) (>= dnxcore50)) (&& (== net461) (< net45)) (== netcoreapp2.0) (== netcoreapp2.2) (== netstandard2.0)
      System.Threading (>= 4.3) - restriction: || (&& (== net461) (>= dnxcore50)) (&& (== net461) (< net45)) (== netcoreapp2.0) (== netcoreapp2.2) (== netstandard2.0)
      System.Xml.ReaderWriter (>= 4.3) - restriction: || (&& (== net461) (>= dnxcore50)) (&& (== net461) (< net45)) (== netcoreapp2.0) (== netcoreapp2.2) (== netstandard2.0)
      System.Xml.XmlDocument (>= 4.3) - restriction: || (&& (== net461) (>= dnxcore50)) (&& (== net461) (< net45)) (== netcoreapp2.0) (== netcoreapp2.2) (== netstandard2.0)
    System.Xml.XPath (4.3) - restriction: || (== net461) (== netcoreapp2.0) (== netcoreapp2.2) (&& (== netstandard2.0) (>= net46)) (&& (== netstandard2.0) (>= netcoreapp1.1))
      System.Collections (>= 4.3) - restriction: || (&& (== net461) (< net46)) (== netcoreapp2.0) (== netcoreapp2.2) (== netstandard2.0)
      System.Diagnostics.Debug (>= 4.3) - restriction: || (&& (== net461) (< net46)) (== netcoreapp2.0) (== netcoreapp2.2) (== netstandard2.0)
      System.Globalization (>= 4.3) - restriction: || (&& (== net461) (< net46)) (== netcoreapp2.0) (== netcoreapp2.2) (== netstandard2.0)
      System.IO (>= 4.3) - restriction: || (&& (== net461) (< net46)) (== netcoreapp2.0) (== netcoreapp2.2) (== netstandard2.0)
      System.Resources.ResourceManager (>= 4.3) - restriction: || (&& (== net461) (< net46)) (== netcoreapp2.0) (== netcoreapp2.2) (== netstandard2.0)
      System.Runtime (>= 4.3) - restriction: || (&& (== net461) (< net46)) (== netcoreapp2.0) (== netcoreapp2.2) (== netstandard2.0)
      System.Runtime.Extensions (>= 4.3) - restriction: || (&& (== net461) (< net46)) (== netcoreapp2.0) (== netcoreapp2.2) (== netstandard2.0)
      System.Threading (>= 4.3) - restriction: || (&& (== net461) (< net46)) (== netcoreapp2.0) (== netcoreapp2.2) (== netstandard2.0)
      System.Xml.ReaderWriter (>= 4.3) - restriction: || (&& (== net461) (< net46)) (== netcoreapp2.0) (== netcoreapp2.2) (== netstandard2.0)
    System.Xml.XPath.XDocument (4.3) - restriction: || (== net461) (&& (== netcoreapp2.0) (>= net46)) (&& (== netcoreapp2.2) (>= net46)) (&& (== netstandard2.0) (>= net46))
      System.Xml.XPath (>= 4.3)
    System.Xml.XPath.XmlDocument (4.3) - restriction: || (&& (== net461) (>= netcoreapp1.1)) (== netcoreapp2.0) (== netcoreapp2.2) (&& (== netstandard2.0) (>= netcoreapp1.1))
      System.Collections (>= 4.3) - restriction: || (&& (== net461) (< net46)) (== netcoreapp2.0) (== netcoreapp2.2) (== netstandard2.0)
      System.Globalization (>= 4.3) - restriction: || (&& (== net461) (< net46)) (== netcoreapp2.0) (== netcoreapp2.2) (== netstandard2.0)
      System.IO (>= 4.3) - restriction: || (&& (== net461) (< net46)) (== netcoreapp2.0) (== netcoreapp2.2) (== netstandard2.0)
      System.Resources.ResourceManager (>= 4.3) - restriction: || (&& (== net461) (< net46)) (== netcoreapp2.0) (== netcoreapp2.2) (== netstandard2.0)
      System.Runtime (>= 4.3) - restriction: || (&& (== net461) (< net46)) (== netcoreapp2.0) (== netcoreapp2.2) (== netstandard2.0)
      System.Runtime.Extensions (>= 4.3) - restriction: || (&& (== net461) (< net46)) (== netcoreapp2.0) (== netcoreapp2.2) (== netstandard2.0)
      System.Threading (>= 4.3) - restriction: || (&& (== net461) (< net46)) (== netcoreapp2.0) (== netcoreapp2.2) (== netstandard2.0)
      System.Xml.ReaderWriter (>= 4.3) - restriction: || (&& (== net461) (< net46)) (== netcoreapp2.0) (== netcoreapp2.2) (== netstandard2.0)
      System.Xml.XmlDocument (>= 4.3)
      System.Xml.XPath (>= 4.3)

GROUP Build
STORAGE: NONE
RESTRICTION: || (== net461) (== netcoreapp2.0) (== netcoreapp2.2) (== netstandard2.0)
NUGET
  remote: https://api.nuget.org/v3/index.json
    BlackFox.VsWhere (1.0) - restriction: || (&& (== net461) (>= net462)) (&& (== net461) (>= netstandard2.0)) (== netcoreapp2.0) (== netcoreapp2.2) (== netstandard2.0)
      FSharp.Core (>= 4.2.3) - restriction: || (&& (== net461) (< net45) (>= netstandard2.0)) (== netcoreapp2.0) (== netcoreapp2.2) (== netstandard2.0)
    Fake.Api.GitHub (5.11.1)
      FSharp.Core (>= 4.3.4)
      Octokit (>= 0.32)
    Fake.BuildServer.TeamCity (5.11.1)
      Fake.Core.Environment (>= 5.11.1)
      Fake.Core.String (>= 5.11.1)
      Fake.Core.Trace (>= 5.11.1)
      Fake.Core.Xml (>= 5.11.1)
      Fake.IO.FileSystem (>= 5.11.1)
      Fake.Net.Http (>= 5.11.1)
      FSharp.Core (>= 4.3.4)
      System.Diagnostics.FileVersionInfo (>= 4.3)
      System.Diagnostics.Process (>= 4.3)
      System.IO.FileSystem.Watcher (>= 4.3)
      System.Net.Http (>= 4.3.4)
      System.Xml.ReaderWriter (>= 4.3.1)
      System.Xml.XDocument (>= 4.3) - restriction: || (&& (== net461) (< net46) (>= netstandard1.6)) (&& (== net461) (< net46) (>= netstandard2.0)) (== netcoreapp2.0) (== netcoreapp2.2) (== netstandard2.0)
      System.Xml.XmlDocument (>= 4.3)
      System.Xml.XPath (>= 4.3)
      System.Xml.XPath.XDocument (>= 4.3)
      System.Xml.XPath.XmlDocument (>= 4.3)
    Fake.Core.CommandLineParsing (5.11.1)
      FParsec (>= 1.0.3)
      FSharp.Core (>= 4.3.4)
    Fake.Core.Context (5.11.1)
      FSharp.Core (>= 4.3.4)
    Fake.Core.Environment (5.11.1)
      FSharp.Core (>= 4.3.4)
    Fake.Core.FakeVar (5.11.1)
      Fake.Core.Context (>= 5.11.1)
      FSharp.Core (>= 4.3.4)
    Fake.Core.Process (5.11.1)
      Fake.Core.Environment (>= 5.11.1)
      Fake.Core.FakeVar (>= 5.11.1)
      Fake.Core.String (>= 5.11.1)
      Fake.Core.Trace (>= 5.11.1)
      Fake.IO.FileSystem (>= 5.11.1)
      FSharp.Core (>= 4.3.4)
      System.Diagnostics.Process (>= 4.3)
    Fake.Core.ReleaseNotes (5.11.1)
      Fake.Core.SemVer (>= 5.11.1)
      Fake.Core.String (>= 5.11.1)
      FSharp.Core (>= 4.3.4)
    Fake.Core.SemVer (5.11.1)
      FSharp.Core (>= 4.3.4)
      System.Runtime.Numerics (>= 4.3)
    Fake.Core.String (5.11.1)
      FSharp.Core (>= 4.3.4)
    Fake.Core.Target (5.11.1)
      Fake.Core.CommandLineParsing (>= 5.11.1)
      Fake.Core.Context (>= 5.11.1)
      Fake.Core.Environment (>= 5.11.1)
      Fake.Core.FakeVar (>= 5.11.1)
      Fake.Core.Process (>= 5.11.1)
      Fake.Core.String (>= 5.11.1)
      Fake.Core.Trace (>= 5.11.1)
      FSharp.Control.Reactive (>= 4.1)
      FSharp.Core (>= 4.3.4)
      System.Reactive.Compatibility (>= 4.1.2)
    Fake.Core.Trace (5.11.1)
      Fake.Core.Environment (>= 5.11.1)
      Fake.Core.FakeVar (>= 5.11.1)
      FSharp.Core (>= 4.3.4)
    Fake.Core.Xml (5.11.1)
      Fake.Core.String (>= 5.11.1)
      FSharp.Core (>= 4.3.4)
      System.Xml.ReaderWriter (>= 4.3.1)
      System.Xml.XDocument (>= 4.3) - restriction: || (&& (== net461) (< net46) (>= netstandard1.6)) (&& (== net461) (< net46) (>= netstandard2.0)) (== netcoreapp2.0) (== netcoreapp2.2) (== netstandard2.0)
      System.Xml.XPath (>= 4.3)
      System.Xml.XPath.XDocument (>= 4.3)
      System.Xml.XPath.XmlDocument (>= 4.3)
    Fake.DotNet.AssemblyInfoFile (5.11.1)
      Fake.Core.Environment (>= 5.11.1)
      Fake.Core.String (>= 5.11.1)
      Fake.Core.Trace (>= 5.11.1)
      Fake.IO.FileSystem (>= 5.11.1)
      FSharp.Core (>= 4.3.4)
    Fake.DotNet.Cli (5.11.1)
      Fake.Core.Environment (>= 5.11.1) - restriction: || (&& (== net461) (>= net462)) (&& (== net461) (>= netstandard2.0)) (== netcoreapp2.0) (== netcoreapp2.2) (== netstandard2.0)
      Fake.Core.Process (>= 5.11.1) - restriction: || (&& (== net461) (>= net462)) (&& (== net461) (>= netstandard2.0)) (== netcoreapp2.0) (== netcoreapp2.2) (== netstandard2.0)
      Fake.Core.String (>= 5.11.1) - restriction: || (&& (== net461) (>= net462)) (&& (== net461) (>= netstandard2.0)) (== netcoreapp2.0) (== netcoreapp2.2) (== netstandard2.0)
      Fake.Core.Trace (>= 5.11.1) - restriction: || (&& (== net461) (>= net462)) (&& (== net461) (>= netstandard2.0)) (== netcoreapp2.0) (== netcoreapp2.2) (== netstandard2.0)
      Fake.DotNet.MSBuild (>= 5.11.1) - restriction: || (&& (== net461) (>= net462)) (&& (== net461) (>= netstandard2.0)) (== netcoreapp2.0) (== netcoreapp2.2) (== netstandard2.0)
      Fake.IO.FileSystem (>= 5.11.1) - restriction: || (&& (== net461) (>= net462)) (&& (== net461) (>= netstandard2.0)) (== netcoreapp2.0) (== netcoreapp2.2) (== netstandard2.0)
      FSharp.Core (>= 4.3.4) - restriction: || (&& (== net461) (>= net462)) (&& (== net461) (>= netstandard2.0)) (== netcoreapp2.0) (== netcoreapp2.2) (== netstandard2.0)
      Newtonsoft.Json (>= 12.0.1) - restriction: || (&& (== net461) (>= net462)) (&& (== net461) (>= netstandard2.0)) (== netcoreapp2.0) (== netcoreapp2.2) (== netstandard2.0)
    Fake.DotNet.MSBuild (5.11.1) - restriction: || (&& (== net461) (>= net462)) (&& (== net461) (>= netstandard2.0)) (== netcoreapp2.0) (== netcoreapp2.2) (== netstandard2.0)
      BlackFox.VsWhere (>= 1.0) - restriction: || (&& (== net461) (>= net462)) (&& (== net461) (>= netstandard2.0)) (== netcoreapp2.0) (== netcoreapp2.2) (== netstandard2.0)
      Fake.Core.Environment (>= 5.11.1) - restriction: || (&& (== net461) (>= net462)) (&& (== net461) (>= netstandard2.0)) (== netcoreapp2.0) (== netcoreapp2.2) (== netstandard2.0)
      Fake.Core.Process (>= 5.11.1) - restriction: || (&& (== net461) (>= net462)) (&& (== net461) (>= netstandard2.0)) (== netcoreapp2.0) (== netcoreapp2.2) (== netstandard2.0)
      Fake.Core.String (>= 5.11.1) - restriction: || (&& (== net461) (>= net462)) (&& (== net461) (>= netstandard2.0)) (== netcoreapp2.0) (== netcoreapp2.2) (== netstandard2.0)
      Fake.Core.Trace (>= 5.11.1) - restriction: || (&& (== net461) (>= net462)) (&& (== net461) (>= netstandard2.0)) (== netcoreapp2.0) (== netcoreapp2.2) (== netstandard2.0)
      Fake.IO.FileSystem (>= 5.11.1) - restriction: || (&& (== net461) (>= net462)) (&& (== net461) (>= netstandard2.0)) (== netcoreapp2.0) (== netcoreapp2.2) (== netstandard2.0)
      FSharp.Core (>= 4.3.4) - restriction: || (&& (== net461) (>= net462)) (&& (== net461) (>= netstandard2.0)) (== netcoreapp2.0) (== netcoreapp2.2) (== netstandard2.0)
      MSBuild.StructuredLogger (>= 2.0.61) - restriction: || (&& (== net461) (>= net462)) (&& (== net461) (>= netstandard2.0)) (== netcoreapp2.0) (== netcoreapp2.2) (== netstandard2.0)
    Fake.DotNet.Paket (5.11.1)
      Fake.Core.Process (>= 5.11.1)
      Fake.Core.String (>= 5.11.1)
      Fake.Core.Trace (>= 5.11.1)
      Fake.IO.FileSystem (>= 5.11.1)
      FSharp.Core (>= 4.3.4)
    Fake.IO.FileSystem (5.11.1)
      Fake.Core.String (>= 5.11.1)
      FSharp.Core (>= 4.3.4)
      System.Diagnostics.FileVersionInfo (>= 4.3)
      System.IO.FileSystem.Watcher (>= 4.3)
    Fake.IO.Zip (5.11.1)
      Fake.Core.String (>= 5.11.1)
      Fake.IO.FileSystem (>= 5.11.1)
      FSharp.Core (>= 4.3.4)
      System.IO.Compression (>= 4.3)
      System.IO.Compression.ZipFile (>= 4.3)
    Fake.Net.Http (5.11.1)
      Fake.Core.Trace (>= 5.11.1)
      FSharp.Core (>= 4.3.4)
      System.Net.Http (>= 4.3.4)
    Fake.Tools.Git (5.11.1)
      Fake.Core.Environment (>= 5.11.1)
      Fake.Core.Process (>= 5.11.1)
      Fake.Core.SemVer (>= 5.11.1)
      Fake.Core.String (>= 5.11.1)
      Fake.Core.Trace (>= 5.11.1)
      Fake.IO.FileSystem (>= 5.11.1)
      FSharp.Core (>= 4.3.4)
    Fake.Tools.Octo (5.11.1)
      Fake.Core.Environment (>= 5.11.1)
      Fake.Core.Process (>= 5.11.1)
      Fake.IO.FileSystem (>= 5.11.1)
      FSharp.Core (>= 4.3.4)
    FParsec (1.0.3)
      FSharp.Core (>= 4.0.0.1) - restriction: || (== net461) (&& (== netcoreapp2.0) (>= net40)) (&& (== netcoreapp2.2) (>= net40)) (&& (== netstandard2.0) (>= net40))
      FSharp.Core (>= 4.2.3) - restriction: || (&& (== net461) (< net40) (>= netstandard1.6)) (== netcoreapp2.0) (== netcoreapp2.2) (== netstandard2.0)
      NETStandard.Library (>= 1.6.1) - restriction: || (&& (== net461) (< net40) (>= netstandard1.6)) (== netcoreapp2.0) (== netcoreapp2.2) (== netstandard2.0)
    FSharp.Control.Reactive (4.1)
      FSharp.Core (>= 4.2.3)
      System.Reactive (>= 4.0)
    FSharp.Core (4.5.4)
    Microsoft.Build (15.9.20) - restriction: || (&& (== net461) (< net46) (>= netstandard2.0)) (== netcoreapp2.0) (== netcoreapp2.2) (== netstandard2.0)
      Microsoft.Build.Framework (>= 15.9.20)
      Microsoft.Win32.Registry (>= 4.3) - restriction: || (&& (== net461) (< net46) (>= netstandard2.0)) (&& (== net461) (>= netcoreapp2.1)) (== netcoreapp2.0) (== netcoreapp2.2) (== netstandard2.0)
      System.Collections.Immutable (>= 1.5)
      System.Diagnostics.TraceSource (>= 4.0) - restriction: || (&& (== net461) (< net46) (>= netstandard2.0)) (&& (== net461) (>= netcoreapp2.1)) (== netcoreapp2.0) (== netcoreapp2.2) (== netstandard2.0)
      System.IO.Compression (>= 4.3)
      System.Reflection.Metadata (>= 1.6) - restriction: || (&& (== net461) (< net46) (>= netstandard2.0)) (&& (== net461) (>= netcoreapp2.1)) (== netcoreapp2.0) (== netcoreapp2.2) (== netstandard2.0)
      System.Reflection.TypeExtensions (>= 4.1) - restriction: || (&& (== net461) (< net46) (>= netstandard2.0)) (&& (== net461) (>= netcoreapp2.1)) (== netcoreapp2.0) (== netcoreapp2.2) (== netstandard2.0)
      System.Runtime.InteropServices.RuntimeInformation (>= 4.3)
      System.Runtime.Loader (>= 4.0) - restriction: || (&& (== net461) (< net46) (>= netstandard2.0)) (&& (== net461) (>= netcoreapp2.1)) (== netcoreapp2.0) (== netcoreapp2.2) (== netstandard2.0)
      System.Security.Principal.Windows (>= 4.3) - restriction: || (&& (== net461) (>= netcoreapp2.1)) (&& (== netcoreapp2.0) (>= netcoreapp2.1)) (== netcoreapp2.2) (&& (== netstandard2.0) (>= netcoreapp2.1))
      System.Text.Encoding.CodePages (>= 4.0.1) - restriction: || (&& (== net461) (< net46) (>= netstandard2.0)) (&& (== net461) (>= netcoreapp2.1)) (== netcoreapp2.0) (== netcoreapp2.2) (== netstandard2.0)
      System.Threading.Tasks.Dataflow (>= 4.6) - restriction: || (&& (== net461) (< net46) (>= netstandard2.0)) (&& (== net461) (>= netcoreapp2.1)) (== netcoreapp2.0) (== netcoreapp2.2) (== netstandard2.0)
    Microsoft.Build.Framework (15.9.20) - restriction: || (&& (== net461) (< net46) (>= netstandard2.0)) (== netcoreapp2.0) (== netcoreapp2.2) (== netstandard2.0)
      System.Runtime.Serialization.Primitives (>= 4.1.1) - restriction: || (&& (== net461) (< net46) (>= netstandard2.0)) (== netcoreapp2.0) (== netcoreapp2.2) (== netstandard2.0)
      System.Threading.Thread (>= 4.0) - restriction: || (&& (== net461) (< net46) (>= netstandard2.0)) (== netcoreapp2.0) (== netcoreapp2.2) (== netstandard2.0)
    Microsoft.Build.Tasks.Core (15.9.20) - restriction: || (&& (== net461) (< net46) (>= netstandard2.0)) (== netcoreapp2.0) (== netcoreapp2.2) (== netstandard2.0)
      Microsoft.Build.Framework (>= 15.9.20)
      Microsoft.Build.Utilities.Core (>= 15.9.20)
      Microsoft.Win32.Registry (>= 4.3) - restriction: || (&& (== net461) (< net46) (>= netstandard2.0)) (== netcoreapp2.0) (== netcoreapp2.2) (== netstandard2.0)
      System.CodeDom (>= 4.4) - restriction: || (&& (== net461) (< net46) (>= netstandard2.0)) (== netcoreapp2.0) (== netcoreapp2.2) (== netstandard2.0)
      System.Collections.Immutable (>= 1.5)
      System.Linq.Parallel (>= 4.0.1) - restriction: || (&& (== net461) (< net46) (>= netstandard2.0)) (== netcoreapp2.0) (== netcoreapp2.2) (== netstandard2.0)
      System.Net.Http (>= 4.3) - restriction: || (&& (== net461) (< net46) (>= netstandard2.0)) (== netcoreapp2.0) (== netcoreapp2.2) (== netstandard2.0)
      System.Reflection.Metadata (>= 1.6) - restriction: || (&& (== net461) (< net46) (>= netstandard2.0)) (== netcoreapp2.0) (== netcoreapp2.2) (== netstandard2.0)
      System.Reflection.TypeExtensions (>= 4.1) - restriction: || (&& (== net461) (< net46) (>= netstandard2.0)) (== netcoreapp2.0) (== netcoreapp2.2) (== netstandard2.0)
      System.Resources.Writer (>= 4.0) - restriction: || (&& (== net461) (< net46) (>= netstandard2.0)) (== netcoreapp2.0) (== netcoreapp2.2) (== netstandard2.0)
      System.Threading.Tasks.Dataflow (>= 4.6) - restriction: || (&& (== net461) (< net46) (>= netstandard2.0)) (== netcoreapp2.0) (== netcoreapp2.2) (== netstandard2.0)
    Microsoft.Build.Utilities.Core (15.9.20) - restriction: || (&& (== net461) (< net46) (>= netstandard2.0)) (== netcoreapp2.0) (== netcoreapp2.2) (== netstandard2.0)
      Microsoft.Build.Framework (>= 15.9.20)
      Microsoft.Win32.Registry (>= 4.3) - restriction: || (&& (== net461) (< net46) (>= netstandard2.0)) (== netcoreapp2.0) (== netcoreapp2.2) (== netstandard2.0)
      System.Collections.Immutable (>= 1.5)
      System.Runtime.InteropServices.RuntimeInformation (>= 4.3)
      System.Text.Encoding.CodePages (>= 4.4) - restriction: || (&& (== net461) (< net46) (>= netstandard2.0)) (== netcoreapp2.0) (== netcoreapp2.2) (== netstandard2.0)
    Microsoft.NETCore.Platforms (2.2) - restriction: || (&& (== net461) (>= dnxcore50)) (&& (== net461) (< net45)) (&& (== net461) (>= netcoreapp2.0)) (== netcoreapp2.0) (== netcoreapp2.2) (== netstandard2.0)
    Microsoft.NETCore.Targets (2.1) - restriction: || (&& (== net461) (>= dnxcore50)) (&& (== net461) (< net45)) (== netcoreapp2.0) (== netcoreapp2.2) (== netstandard2.0)
    Microsoft.Win32.Primitives (4.3) - restriction: || (&& (== net461) (< net46)) (== netcoreapp2.0) (== netcoreapp2.2) (== netstandard2.0)
      Microsoft.NETCore.Platforms (>= 1.1) - restriction: || (&& (== net461) (< net46)) (== netcoreapp2.0) (== netcoreapp2.2) (== netstandard2.0)
      Microsoft.NETCore.Targets (>= 1.1) - restriction: || (&& (== net461) (< net46)) (== netcoreapp2.0) (== netcoreapp2.2) (== netstandard2.0)
      System.Runtime (>= 4.3) - restriction: || (&& (== net461) (< net46)) (== netcoreapp2.0) (== netcoreapp2.2) (== netstandard2.0)
    Microsoft.Win32.Registry (4.5) - restriction: || (&& (== net461) (< net46)) (== netcoreapp2.0) (== netcoreapp2.2) (== netstandard2.0)
      System.Buffers (>= 4.4) - restriction: || (&& (== net461) (>= monoandroid)) (&& (== net461) (>= monotouch)) (&& (== net461) (< net46) (>= netstandard2.0)) (&& (== net461) (>= xamarinios)) (&& (== net461) (>= xamarinmac)) (&& (== net461) (>= xamarintvos)) (&& (== net461) (>= xamarinwatchos)) (&& (== netcoreapp2.0) (>= monoandroid) (< netstandard2.0)) (&& (== netcoreapp2.0) (>= monotouch)) (&& (== netcoreapp2.0) (>= xamarinios)) (&& (== netcoreapp2.0) (>= xamarinmac)) (&& (== netcoreapp2.0) (>= xamarintvos)) (&& (== netcoreapp2.0) (>= xamarinwatchos)) (&& (== netcoreapp2.2) (>= monoandroid) (< netstandard2.0)) (&& (== netcoreapp2.2) (>= monotouch)) (&& (== netcoreapp2.2) (< netcoreapp2.0)) (&& (== netcoreapp2.2) (>= xamarinios)) (&& (== netcoreapp2.2) (>= xamarinmac)) (&& (== netcoreapp2.2) (>= xamarintvos)) (&& (== netcoreapp2.2) (>= xamarinwatchos)) (== netstandard2.0)
      System.Memory (>= 4.5) - restriction: || (&& (== net461) (< net46) (>= netstandard2.0)) (&& (== net461) (>= netcoreapp2.0)) (&& (== net461) (>= uap10.1)) (== netcoreapp2.0) (&& (== netcoreapp2.2) (< netcoreapp2.0)) (&& (== netcoreapp2.2) (< netcoreapp2.1)) (&& (== netcoreapp2.2) (>= uap10.1)) (== netstandard2.0)
      System.Security.AccessControl (>= 4.5)
      System.Security.Principal.Windows (>= 4.5)
    MSBuild.StructuredLogger (2.0.64) - restriction: || (&& (== net461) (>= net462)) (&& (== net461) (>= netstandard2.0)) (== netcoreapp2.0) (== netcoreapp2.2) (== netstandard2.0)
      Microsoft.Build (>= 15.8.166) - restriction: || (&& (== net461) (< net46) (>= netstandard2.0)) (== netcoreapp2.0) (== netcoreapp2.2) (== netstandard2.0)
      Microsoft.Build.Framework (>= 15.8.166) - restriction: || (&& (== net461) (< net46) (>= netstandard2.0)) (== netcoreapp2.0) (== netcoreapp2.2) (== netstandard2.0)
      Microsoft.Build.Tasks.Core (>= 15.8.166) - restriction: || (&& (== net461) (< net46) (>= netstandard2.0)) (== netcoreapp2.0) (== netcoreapp2.2) (== netstandard2.0)
      Microsoft.Build.Utilities.Core (>= 15.8.166) - restriction: || (&& (== net461) (< net46) (>= netstandard2.0)) (== netcoreapp2.0) (== netcoreapp2.2) (== netstandard2.0)
    NETStandard.Library (2.0.3) - restriction: || (&& (== net461) (< net40) (>= netstandard1.6)) (&& (== net461) (< net45)) (== netcoreapp2.0) (== netcoreapp2.2) (== netstandard2.0)
      Microsoft.NETCore.Platforms (>= 1.1)
    Newtonsoft.Json (12.0.1) - restriction: || (&& (== net461) (>= net462)) (&& (== net461) (>= netstandard2.0)) (== netcoreapp2.0) (== netcoreapp2.2) (== netstandard2.0)
    Octokit (0.32)
      NETStandard.Library (>= 1.6) - restriction: || (&& (== net461) (< net45)) (== netcoreapp2.0) (== netcoreapp2.2) (== netstandard2.0)
    runtime.debian.8-x64.runtime.native.System.Security.Cryptography.OpenSsl (4.3.3) - restriction: || (&& (== net461) (< net45) (>= netstandard1.6)) (== netcoreapp2.0) (== netcoreapp2.2) (== netstandard2.0)
    runtime.debian.9-x64.runtime.native.System.Security.Cryptography.OpenSsl (4.3.3) - restriction: || (&& (== net461) (< net45) (>= netstandard1.6)) (== netcoreapp2.0) (== netcoreapp2.2) (== netstandard2.0)
    runtime.fedora.23-x64.runtime.native.System.Security.Cryptography.OpenSsl (4.3.3) - restriction: || (&& (== net461) (< net45) (>= netstandard1.6)) (== netcoreapp2.0) (== netcoreapp2.2) (== netstandard2.0)
    runtime.fedora.24-x64.runtime.native.System.Security.Cryptography.OpenSsl (4.3.3) - restriction: || (&& (== net461) (< net45) (>= netstandard1.6)) (== netcoreapp2.0) (== netcoreapp2.2) (== netstandard2.0)
    runtime.fedora.27-x64.runtime.native.System.Security.Cryptography.OpenSsl (4.3.3) - restriction: || (&& (== net461) (< net45) (>= netstandard1.6)) (== netcoreapp2.0) (== netcoreapp2.2) (== netstandard2.0)
    runtime.fedora.28-x64.runtime.native.System.Security.Cryptography.OpenSsl (4.3.3) - restriction: || (&& (== net461) (< net45) (>= netstandard1.6)) (== netcoreapp2.0) (== netcoreapp2.2) (== netstandard2.0)
    runtime.native.System (4.3.1) - restriction: || (&& (== net461) (< net45) (>= netstandard1.6)) (== netcoreapp2.0) (== netcoreapp2.2) (== netstandard2.0)
      Microsoft.NETCore.Platforms (>= 1.1.1)
      Microsoft.NETCore.Targets (>= 1.1.3)
    runtime.native.System.IO.Compression (4.3.2) - restriction: || (&& (== net461) (>= dnxcore50)) (&& (== net461) (< net45)) (== netcoreapp2.0) (== netcoreapp2.2) (== netstandard2.0)
      Microsoft.NETCore.Platforms (>= 1.1.1)
      Microsoft.NETCore.Targets (>= 1.1.3)
    runtime.native.System.Net.Http (4.3.1) - restriction: || (&& (== net461) (< net45) (>= netstandard1.6)) (== netcoreapp2.0) (== netcoreapp2.2) (== netstandard2.0)
      Microsoft.NETCore.Platforms (>= 1.1.1)
      Microsoft.NETCore.Targets (>= 1.1.3)
    runtime.native.System.Security.Cryptography.Apple (4.3.1) - restriction: || (&& (== net461) (< net45) (>= netstandard1.6)) (== netcoreapp2.0) (== netcoreapp2.2) (== netstandard2.0)
      runtime.osx.10.10-x64.runtime.native.System.Security.Cryptography.Apple (>= 4.3.1)
    runtime.native.System.Security.Cryptography.OpenSsl (4.3.3) - restriction: || (&& (== net461) (< net45) (>= netstandard1.6)) (== netcoreapp2.0) (== netcoreapp2.2) (== netstandard2.0)
      runtime.debian.8-x64.runtime.native.System.Security.Cryptography.OpenSsl (>= 4.3.3)
      runtime.debian.9-x64.runtime.native.System.Security.Cryptography.OpenSsl (>= 4.3.3)
      runtime.fedora.23-x64.runtime.native.System.Security.Cryptography.OpenSsl (>= 4.3.3)
      runtime.fedora.24-x64.runtime.native.System.Security.Cryptography.OpenSsl (>= 4.3.3)
      runtime.fedora.27-x64.runtime.native.System.Security.Cryptography.OpenSsl (>= 4.3.3)
      runtime.fedora.28-x64.runtime.native.System.Security.Cryptography.OpenSsl (>= 4.3.3)
      runtime.opensuse.13.2-x64.runtime.native.System.Security.Cryptography.OpenSsl (>= 4.3.3)
      runtime.opensuse.42.1-x64.runtime.native.System.Security.Cryptography.OpenSsl (>= 4.3.3)
      runtime.opensuse.42.3-x64.runtime.native.System.Security.Cryptography.OpenSsl (>= 4.3.3)
      runtime.osx.10.10-x64.runtime.native.System.Security.Cryptography.OpenSsl (>= 4.3.3)
      runtime.rhel.7-x64.runtime.native.System.Security.Cryptography.OpenSsl (>= 4.3.3)
      runtime.ubuntu.14.04-x64.runtime.native.System.Security.Cryptography.OpenSsl (>= 4.3.3)
      runtime.ubuntu.16.04-x64.runtime.native.System.Security.Cryptography.OpenSsl (>= 4.3.3)
      runtime.ubuntu.16.10-x64.runtime.native.System.Security.Cryptography.OpenSsl (>= 4.3.3)
      runtime.ubuntu.18.04-x64.runtime.native.System.Security.Cryptography.OpenSsl (>= 4.3.3)
    runtime.opensuse.13.2-x64.runtime.native.System.Security.Cryptography.OpenSsl (4.3.3) - restriction: || (&& (== net461) (< net45) (>= netstandard1.6)) (== netcoreapp2.0) (== netcoreapp2.2) (== netstandard2.0)
    runtime.opensuse.42.1-x64.runtime.native.System.Security.Cryptography.OpenSsl (4.3.3) - restriction: || (&& (== net461) (< net45) (>= netstandard1.6)) (== netcoreapp2.0) (== netcoreapp2.2) (== netstandard2.0)
    runtime.opensuse.42.3-x64.runtime.native.System.Security.Cryptography.OpenSsl (4.3.3) - restriction: || (&& (== net461) (< net45) (>= netstandard1.6)) (== netcoreapp2.0) (== netcoreapp2.2) (== netstandard2.0)
    runtime.osx.10.10-x64.runtime.native.System.Security.Cryptography.Apple (4.3.1) - restriction: || (&& (== net461) (< net45) (>= netstandard1.6)) (== netcoreapp2.0) (== netcoreapp2.2) (== netstandard2.0)
    runtime.osx.10.10-x64.runtime.native.System.Security.Cryptography.OpenSsl (4.3.3) - restriction: || (&& (== net461) (< net45) (>= netstandard1.6)) (== netcoreapp2.0) (== netcoreapp2.2) (== netstandard2.0)
    runtime.rhel.7-x64.runtime.native.System.Security.Cryptography.OpenSsl (4.3.3) - restriction: || (&& (== net461) (< net45) (>= netstandard1.6)) (== netcoreapp2.0) (== netcoreapp2.2) (== netstandard2.0)
    runtime.ubuntu.14.04-x64.runtime.native.System.Security.Cryptography.OpenSsl (4.3.3) - restriction: || (&& (== net461) (< net45) (>= netstandard1.6)) (== netcoreapp2.0) (== netcoreapp2.2) (== netstandard2.0)
    runtime.ubuntu.16.04-x64.runtime.native.System.Security.Cryptography.OpenSsl (4.3.3) - restriction: || (&& (== net461) (< net45) (>= netstandard1.6)) (== netcoreapp2.0) (== netcoreapp2.2) (== netstandard2.0)
    runtime.ubuntu.16.10-x64.runtime.native.System.Security.Cryptography.OpenSsl (4.3.3) - restriction: || (&& (== net461) (< net45) (>= netstandard1.6)) (== netcoreapp2.0) (== netcoreapp2.2) (== netstandard2.0)
    runtime.ubuntu.18.04-x64.runtime.native.System.Security.Cryptography.OpenSsl (4.3.3) - restriction: || (&& (== net461) (< net45) (>= netstandard1.6)) (== netcoreapp2.0) (== netcoreapp2.2) (== netstandard2.0)
    System.Buffers (4.5) - restriction: || (&& (== net461) (>= dnxcore50)) (&& (== net461) (>= monoandroid)) (&& (== net461) (>= monotouch)) (&& (== net461) (< net45)) (&& (== net461) (< net46) (>= netstandard2.0)) (&& (== net461) (>= xamarinios)) (&& (== net461) (>= xamarinmac)) (&& (== net461) (>= xamarintvos)) (&& (== net461) (>= xamarinwatchos)) (== netcoreapp2.0) (== netcoreapp2.2) (== netstandard2.0)
    System.CodeDom (4.5) - restriction: || (&& (== net461) (< net46) (>= netstandard2.0)) (== netcoreapp2.0) (== netcoreapp2.2) (== netstandard2.0)
    System.Collections (4.3) - restriction: || (&& (== net461) (>= dnxcore50)) (&& (== net461) (< net45)) (== netcoreapp2.0) (== netcoreapp2.2) (== netstandard2.0)
      Microsoft.NETCore.Platforms (>= 1.1) - restriction: || (&& (== net461) (>= dnxcore50)) (&& (== net461) (< net45)) (== netcoreapp2.0) (== netcoreapp2.2) (== netstandard2.0)
      Microsoft.NETCore.Targets (>= 1.1) - restriction: || (&& (== net461) (>= dnxcore50)) (&& (== net461) (< net45)) (== netcoreapp2.0) (== netcoreapp2.2) (== netstandard2.0)
      System.Runtime (>= 4.3) - restriction: || (&& (== net461) (>= dnxcore50)) (&& (== net461) (< net45)) (== netcoreapp2.0) (== netcoreapp2.2) (== netstandard2.0)
    System.Collections.Concurrent (4.3) - restriction: || (&& (== net461) (< net45)) (== netcoreapp2.0) (== netcoreapp2.2) (== netstandard2.0)
      System.Collections (>= 4.3) - restriction: || (&& (== net461) (>= dnxcore50)) (&& (== net461) (< net45)) (== netcoreapp2.0) (== netcoreapp2.2) (== netstandard2.0)
      System.Diagnostics.Debug (>= 4.3) - restriction: || (&& (== net461) (>= dnxcore50)) (&& (== net461) (< net45)) (== netcoreapp2.0) (== netcoreapp2.2) (== netstandard2.0)
      System.Diagnostics.Tracing (>= 4.3) - restriction: || (&& (== net461) (>= dnxcore50)) (&& (== net461) (< net45)) (== netcoreapp2.0) (== netcoreapp2.2) (== netstandard2.0)
      System.Globalization (>= 4.3) - restriction: || (&& (== net461) (>= dnxcore50)) (&& (== net461) (< net45)) (== netcoreapp2.0) (== netcoreapp2.2) (== netstandard2.0)
      System.Reflection (>= 4.3) - restriction: || (&& (== net461) (< net45)) (== netcoreapp2.0) (== netcoreapp2.2) (== netstandard2.0)
      System.Resources.ResourceManager (>= 4.3) - restriction: || (&& (== net461) (>= dnxcore50)) (&& (== net461) (< net45)) (== netcoreapp2.0) (== netcoreapp2.2) (== netstandard2.0)
      System.Runtime (>= 4.3) - restriction: || (&& (== net461) (>= dnxcore50)) (&& (== net461) (< net45)) (== netcoreapp2.0) (== netcoreapp2.2) (== netstandard2.0)
      System.Runtime.Extensions (>= 4.3) - restriction: || (&& (== net461) (>= dnxcore50)) (&& (== net461) (< net45)) (== netcoreapp2.0) (== netcoreapp2.2) (== netstandard2.0)
      System.Threading (>= 4.3) - restriction: || (&& (== net461) (>= dnxcore50)) (&& (== net461) (< net45)) (== netcoreapp2.0) (== netcoreapp2.2) (== netstandard2.0)
      System.Threading.Tasks (>= 4.3) - restriction: || (&& (== net461) (>= dnxcore50)) (&& (== net461) (< net45)) (== netcoreapp2.0) (== netcoreapp2.2) (== netstandard2.0)
    System.Collections.Immutable (1.5) - restriction: || (&& (== net461) (>= dnxcore50)) (&& (== net461) (< net46)) (&& (== net461) (< netstandard1.1)) (&& (== net461) (>= wpa81)) (== netcoreapp2.0) (== netcoreapp2.2) (== netstandard2.0)
    System.Diagnostics.Debug (4.3) - restriction: || (&& (== net461) (>= dnxcore50)) (&& (== net461) (< net45)) (== netcoreapp2.0) (== netcoreapp2.2) (== netstandard2.0)
      Microsoft.NETCore.Platforms (>= 1.1) - restriction: || (&& (== net461) (>= dnxcore50)) (&& (== net461) (< net45)) (== netcoreapp2.0) (== netcoreapp2.2) (== netstandard2.0)
      Microsoft.NETCore.Targets (>= 1.1) - restriction: || (&& (== net461) (>= dnxcore50)) (&& (== net461) (< net45)) (== netcoreapp2.0) (== netcoreapp2.2) (== netstandard2.0)
      System.Runtime (>= 4.3) - restriction: || (&& (== net461) (>= dnxcore50)) (&& (== net461) (< net45)) (== netcoreapp2.0) (== netcoreapp2.2) (== netstandard2.0)
    System.Diagnostics.DiagnosticSource (4.5.1) - restriction: || (&& (== net461) (>= dnxcore50)) (&& (== net461) (< net45)) (== netcoreapp2.0) (== netcoreapp2.2) (== netstandard2.0)
    System.Diagnostics.FileVersionInfo (4.3)
      Microsoft.NETCore.Platforms (>= 1.1) - restriction: || (&& (== net461) (>= dnxcore50)) (&& (== net461) (< net46)) (== netcoreapp2.0) (== netcoreapp2.2) (== netstandard2.0)
      System.Globalization (>= 4.3) - restriction: || (&& (== net461) (< net46)) (== netcoreapp2.0) (== netcoreapp2.2) (== netstandard2.0)
      System.IO (>= 4.3) - restriction: || (&& (== net461) (>= dnxcore50)) (&& (== net461) (< net46)) (== netcoreapp2.0) (== netcoreapp2.2) (== netstandard2.0)
      System.IO.FileSystem (>= 4.3) - restriction: || (&& (== net461) (>= dnxcore50)) (&& (== net461) (< net46)) (== netcoreapp2.0) (== netcoreapp2.2) (== netstandard2.0)
      System.IO.FileSystem.Primitives (>= 4.3) - restriction: || (&& (== net461) (>= dnxcore50)) (&& (== net461) (< net46)) (== netcoreapp2.0) (== netcoreapp2.2) (== netstandard2.0)
      System.Reflection.Metadata (>= 1.4.1) - restriction: || (&& (== net461) (>= dnxcore50)) (&& (== net461) (< net46)) (== netcoreapp2.0) (== netcoreapp2.2) (== netstandard2.0)
      System.Runtime (>= 4.3) - restriction: || (&& (== net461) (>= dnxcore50)) (&& (== net461) (< net46)) (== netcoreapp2.0) (== netcoreapp2.2) (== netstandard2.0)
      System.Runtime.Extensions (>= 4.3) - restriction: || (&& (== net461) (>= dnxcore50)) (&& (== net461) (< net46)) (== netcoreapp2.0) (== netcoreapp2.2) (== netstandard2.0)
      System.Runtime.InteropServices (>= 4.3) - restriction: || (&& (== net461) (< net46)) (== netcoreapp2.0) (== netcoreapp2.2) (== netstandard2.0)
    System.Diagnostics.Process (4.3)
      Microsoft.NETCore.Platforms (>= 1.1) - restriction: || (&& (== net461) (< net46)) (== netcoreapp2.0) (== netcoreapp2.2) (== netstandard2.0)
      Microsoft.Win32.Primitives (>= 4.3) - restriction: || (&& (== net461) (< net46)) (== netcoreapp2.0) (== netcoreapp2.2) (== netstandard2.0)
      Microsoft.Win32.Registry (>= 4.3) - restriction: || (&& (== net461) (< net46)) (== netcoreapp2.0) (== netcoreapp2.2) (== netstandard2.0)
      runtime.native.System (>= 4.3) - restriction: || (&& (== net461) (< net46)) (== netcoreapp2.0) (== netcoreapp2.2) (== netstandard2.0)
      System.Collections (>= 4.3) - restriction: || (&& (== net461) (< net46)) (== netcoreapp2.0) (== netcoreapp2.2) (== netstandard2.0)
      System.Diagnostics.Debug (>= 4.3) - restriction: || (&& (== net461) (< net46)) (== netcoreapp2.0) (== netcoreapp2.2) (== netstandard2.0)
      System.Globalization (>= 4.3) - restriction: || (&& (== net461) (< net46)) (== netcoreapp2.0) (== netcoreapp2.2) (== netstandard2.0)
      System.IO (>= 4.3) - restriction: || (&& (== net461) (< net46)) (== netcoreapp2.0) (== netcoreapp2.2) (== netstandard2.0)
      System.IO.FileSystem (>= 4.3) - restriction: || (&& (== net461) (< net46)) (== netcoreapp2.0) (== netcoreapp2.2) (== netstandard2.0)
      System.IO.FileSystem.Primitives (>= 4.3) - restriction: || (&& (== net461) (< net46)) (== netcoreapp2.0) (== netcoreapp2.2) (== netstandard2.0)
      System.Resources.ResourceManager (>= 4.3) - restriction: || (&& (== net461) (< net46)) (== netcoreapp2.0) (== netcoreapp2.2) (== netstandard2.0)
      System.Runtime (>= 4.3) - restriction: || (&& (== net461) (< net46)) (== netcoreapp2.0) (== netcoreapp2.2) (== netstandard2.0)
      System.Runtime.Extensions (>= 4.3) - restriction: || (&& (== net461) (< net46)) (== netcoreapp2.0) (== netcoreapp2.2) (== netstandard2.0)
      System.Runtime.Handles (>= 4.3) - restriction: || (&& (== net461) (< net46)) (== netcoreapp2.0) (== netcoreapp2.2) (== netstandard2.0)
      System.Runtime.InteropServices (>= 4.3) - restriction: || (&& (== net461) (< net46)) (== netcoreapp2.0) (== netcoreapp2.2) (== netstandard2.0)
      System.Text.Encoding (>= 4.3) - restriction: || (&& (== net461) (< net46)) (== netcoreapp2.0) (== netcoreapp2.2) (== netstandard2.0)
      System.Text.Encoding.Extensions (>= 4.3) - restriction: || (&& (== net461) (< net46)) (== netcoreapp2.0) (== netcoreapp2.2) (== netstandard2.0)
      System.Threading (>= 4.3) - restriction: || (&& (== net461) (< net46)) (== netcoreapp2.0) (== netcoreapp2.2) (== netstandard2.0)
      System.Threading.Tasks (>= 4.3) - restriction: || (&& (== net461) (< net46)) (== netcoreapp2.0) (== netcoreapp2.2) (== netstandard2.0)
      System.Threading.Thread (>= 4.3) - restriction: || (&& (== net461) (< net46)) (== netcoreapp2.0) (== netcoreapp2.2) (== netstandard2.0)
      System.Threading.ThreadPool (>= 4.3) - restriction: || (&& (== net461) (< net46)) (== netcoreapp2.0) (== netcoreapp2.2) (== netstandard2.0)
    System.Diagnostics.Tools (4.3) - restriction: || (&& (== net461) (>= dnxcore50) (>= netstandard1.6)) (&& (== net461) (>= dnxcore50) (>= netstandard2.0)) (&& (== net461) (< net45) (>= netstandard1.6)) (&& (== net461) (< net45) (>= netstandard2.0)) (== netcoreapp2.0) (== netcoreapp2.2) (== netstandard2.0)
      Microsoft.NETCore.Platforms (>= 1.1) - restriction: || (&& (== net461) (>= dnxcore50)) (&& (== net461) (< net45)) (== netcoreapp2.0) (== netcoreapp2.2) (== netstandard2.0)
      Microsoft.NETCore.Targets (>= 1.1) - restriction: || (&& (== net461) (>= dnxcore50)) (&& (== net461) (< net45)) (== netcoreapp2.0) (== netcoreapp2.2) (== netstandard2.0)
      System.Runtime (>= 4.3) - restriction: || (&& (== net461) (>= dnxcore50)) (&& (== net461) (< net45)) (== netcoreapp2.0) (== netcoreapp2.2) (== netstandard2.0)
    System.Diagnostics.TraceSource (4.3) - restriction: || (&& (== net461) (< net46) (>= netstandard2.0)) (&& (== net461) (>= netcoreapp2.1)) (== netcoreapp2.0) (== netcoreapp2.2) (== netstandard2.0)
      Microsoft.NETCore.Platforms (>= 1.1) - restriction: || (&& (== net461) (< net46)) (== netcoreapp2.0) (== netcoreapp2.2) (== netstandard2.0)
      runtime.native.System (>= 4.3) - restriction: || (&& (== net461) (< net46)) (== netcoreapp2.0) (== netcoreapp2.2) (== netstandard2.0)
      System.Collections (>= 4.3) - restriction: || (&& (== net461) (< net46)) (== netcoreapp2.0) (== netcoreapp2.2) (== netstandard2.0)
      System.Diagnostics.Debug (>= 4.3) - restriction: || (&& (== net461) (< net46)) (== netcoreapp2.0) (== netcoreapp2.2) (== netstandard2.0)
      System.Globalization (>= 4.3) - restriction: || (&& (== net461) (< net46)) (== netcoreapp2.0) (== netcoreapp2.2) (== netstandard2.0)
      System.Resources.ResourceManager (>= 4.3) - restriction: || (&& (== net461) (< net46)) (== netcoreapp2.0) (== netcoreapp2.2) (== netstandard2.0)
      System.Runtime (>= 4.3) - restriction: || (&& (== net461) (< net46)) (== netcoreapp2.0) (== netcoreapp2.2) (== netstandard2.0)
      System.Runtime.Extensions (>= 4.3) - restriction: || (&& (== net461) (< net46)) (== netcoreapp2.0) (== netcoreapp2.2) (== netstandard2.0)
      System.Threading (>= 4.3) - restriction: || (&& (== net461) (< net46)) (== netcoreapp2.0) (== netcoreapp2.2) (== netstandard2.0)
    System.Diagnostics.Tracing (4.3) - restriction: || (&& (== net461) (>= dnxcore50)) (&& (== net461) (< net45)) (== netcoreapp2.0) (== netcoreapp2.2) (== netstandard2.0)
      Microsoft.NETCore.Platforms (>= 1.1) - restriction: || (&& (== net461) (>= dnxcore50)) (&& (== net461) (< net45)) (== netcoreapp2.0) (== netcoreapp2.2) (== netstandard2.0)
      Microsoft.NETCore.Targets (>= 1.1) - restriction: || (&& (== net461) (>= dnxcore50)) (&& (== net461) (< net45)) (== netcoreapp2.0) (== netcoreapp2.2) (== netstandard2.0)
      System.Runtime (>= 4.3) - restriction: || (&& (== net461) (>= dnxcore50)) (&& (== net461) (< net45)) (== netcoreapp2.0) (== netcoreapp2.2) (== netstandard2.0)
    System.Globalization (4.3) - restriction: || (&& (== net461) (>= dnxcore50)) (&& (== net461) (< net45)) (== netcoreapp2.0) (== netcoreapp2.2) (== netstandard2.0)
      Microsoft.NETCore.Platforms (>= 1.1) - restriction: || (&& (== net461) (< net45)) (&& (== net461) (< portable-net45+win8+wp8+wpa81)) (== netcoreapp2.0) (== netcoreapp2.2) (== netstandard2.0)
      Microsoft.NETCore.Targets (>= 1.1) - restriction: || (&& (== net461) (< net45)) (&& (== net461) (< portable-net45+win8+wp8+wpa81)) (== netcoreapp2.0) (== netcoreapp2.2) (== netstandard2.0)
      System.Runtime (>= 4.3) - restriction: || (&& (== net461) (< net45)) (&& (== net461) (< portable-net45+win8+wp8+wpa81)) (== netcoreapp2.0) (== netcoreapp2.2) (== netstandard2.0)
    System.Globalization.Calendars (4.3) - restriction: || (&& (== net461) (>= dnxcore50)) (&& (== net461) (< net46) (>= netstandard1.6)) (== netcoreapp2.0) (== netcoreapp2.2) (== netstandard2.0)
      Microsoft.NETCore.Platforms (>= 1.1) - restriction: || (&& (== net461) (< net46)) (== netcoreapp2.0) (== netcoreapp2.2) (== netstandard2.0)
      Microsoft.NETCore.Targets (>= 1.1) - restriction: || (&& (== net461) (< net46)) (== netcoreapp2.0) (== netcoreapp2.2) (== netstandard2.0)
      System.Globalization (>= 4.3) - restriction: || (&& (== net461) (< net46)) (== netcoreapp2.0) (== netcoreapp2.2) (== netstandard2.0)
      System.Runtime (>= 4.3) - restriction: || (&& (== net461) (< net46)) (== netcoreapp2.0) (== netcoreapp2.2) (== netstandard2.0)
    System.Globalization.Extensions (4.3) - restriction: || (&& (== net461) (< net45) (>= netstandard1.6)) (== netcoreapp2.0) (== netcoreapp2.2) (== netstandard2.0)
      Microsoft.NETCore.Platforms (>= 1.1) - restriction: || (&& (== net461) (< net46)) (== netcoreapp2.0) (== netcoreapp2.2) (== netstandard2.0)
      System.Globalization (>= 4.3) - restriction: || (&& (== net461) (< net46)) (== netcoreapp2.0) (== netcoreapp2.2) (== netstandard2.0)
      System.Resources.ResourceManager (>= 4.3) - restriction: || (&& (== net461) (< net46)) (== netcoreapp2.0) (== netcoreapp2.2) (== netstandard2.0)
      System.Runtime (>= 4.3) - restriction: || (&& (== net461) (< net46)) (== netcoreapp2.0) (== netcoreapp2.2) (== netstandard2.0)
      System.Runtime.Extensions (>= 4.3) - restriction: || (&& (== net461) (< net46)) (== netcoreapp2.0) (== netcoreapp2.2) (== netstandard2.0)
      System.Runtime.InteropServices (>= 4.3) - restriction: || (&& (== net461) (< net46)) (== netcoreapp2.0) (== netcoreapp2.2) (== netstandard2.0)
    System.IO (4.3) - restriction: || (&& (== net461) (>= dnxcore50)) (&& (== net461) (< net45)) (== netcoreapp2.0) (== netcoreapp2.2) (== netstandard2.0)
      Microsoft.NETCore.Platforms (>= 1.1) - restriction: || (&& (== net461) (>= dnxcore50)) (&& (== net461) (< net45)) (== netcoreapp2.0) (== netcoreapp2.2) (== netstandard2.0)
      Microsoft.NETCore.Targets (>= 1.1) - restriction: || (&& (== net461) (>= dnxcore50)) (&& (== net461) (< net45)) (== netcoreapp2.0) (== netcoreapp2.2) (== netstandard2.0)
      System.Runtime (>= 4.3) - restriction: || (&& (== net461) (>= dnxcore50)) (&& (== net461) (< net45)) (== netcoreapp2.0) (== netcoreapp2.2) (== netstandard2.0)
      System.Text.Encoding (>= 4.3) - restriction: || (&& (== net461) (>= dnxcore50)) (&& (== net461) (< net45)) (== netcoreapp2.0) (== netcoreapp2.2) (== netstandard2.0)
      System.Threading.Tasks (>= 4.3) - restriction: || (&& (== net461) (>= dnxcore50)) (&& (== net461) (< net45)) (== netcoreapp2.0) (== netcoreapp2.2) (== netstandard2.0)
    System.IO.Compression (4.3)
      Microsoft.NETCore.Platforms (>= 1.1) - restriction: || (&& (== net461) (< net45)) (== netcoreapp2.0) (== netcoreapp2.2) (== netstandard2.0)
      runtime.native.System (>= 4.3) - restriction: || (&& (== net461) (< net45)) (== netcoreapp2.0) (== netcoreapp2.2) (== netstandard2.0)
      runtime.native.System.IO.Compression (>= 4.3) - restriction: || (&& (== net461) (>= dnxcore50)) (&& (== net461) (< net45)) (== netcoreapp2.0) (== netcoreapp2.2) (== netstandard2.0)
      System.Buffers (>= 4.3) - restriction: || (&& (== net461) (>= dnxcore50)) (&& (== net461) (< net45)) (== netcoreapp2.0) (== netcoreapp2.2) (== netstandard2.0)
      System.Collections (>= 4.3) - restriction: || (&& (== net461) (>= dnxcore50)) (&& (== net461) (< net45)) (== netcoreapp2.0) (== netcoreapp2.2) (== netstandard2.0)
      System.Diagnostics.Debug (>= 4.3) - restriction: || (&& (== net461) (>= dnxcore50)) (&& (== net461) (< net45)) (== netcoreapp2.0) (== netcoreapp2.2) (== netstandard2.0)
      System.IO (>= 4.3) - restriction: || (&& (== net461) (>= dnxcore50)) (&& (== net461) (< net45)) (== netcoreapp2.0) (== netcoreapp2.2) (== netstandard2.0)
      System.Resources.ResourceManager (>= 4.3) - restriction: || (&& (== net461) (>= dnxcore50)) (&& (== net461) (< net45)) (== netcoreapp2.0) (== netcoreapp2.2) (== netstandard2.0)
      System.Runtime (>= 4.3) - restriction: || (&& (== net461) (>= dnxcore50)) (&& (== net461) (< net45)) (== netcoreapp2.0) (== netcoreapp2.2) (== netstandard2.0)
      System.Runtime.Extensions (>= 4.3) - restriction: || (&& (== net461) (>= dnxcore50)) (&& (== net461) (< net45)) (== netcoreapp2.0) (== netcoreapp2.2) (== netstandard2.0)
      System.Runtime.Handles (>= 4.3) - restriction: || (&& (== net461) (>= dnxcore50)) (&& (== net461) (< net45)) (== netcoreapp2.0) (== netcoreapp2.2) (== netstandard2.0)
      System.Runtime.InteropServices (>= 4.3) - restriction: || (&& (== net461) (>= dnxcore50)) (&& (== net461) (< net45)) (== netcoreapp2.0) (== netcoreapp2.2) (== netstandard2.0)
      System.Text.Encoding (>= 4.3) - restriction: || (&& (== net461) (>= dnxcore50)) (&& (== net461) (< net45)) (== netcoreapp2.0) (== netcoreapp2.2) (== netstandard2.0)
      System.Threading (>= 4.3) - restriction: || (&& (== net461) (>= dnxcore50)) (&& (== net461) (< net45)) (== netcoreapp2.0) (== netcoreapp2.2) (== netstandard2.0)
      System.Threading.Tasks (>= 4.3) - restriction: || (&& (== net461) (>= dnxcore50)) (&& (== net461) (< net45)) (== netcoreapp2.0) (== netcoreapp2.2) (== netstandard2.0)
    System.IO.Compression.ZipFile (4.3)
      System.Buffers (>= 4.3) - restriction: || (&& (== net461) (< net46)) (== netcoreapp2.0) (== netcoreapp2.2) (== netstandard2.0)
      System.IO (>= 4.3) - restriction: || (&& (== net461) (< net46)) (== netcoreapp2.0) (== netcoreapp2.2) (== netstandard2.0)
      System.IO.Compression (>= 4.3) - restriction: || (&& (== net461) (< net46)) (== netcoreapp2.0) (== netcoreapp2.2) (== netstandard2.0)
      System.IO.FileSystem (>= 4.3) - restriction: || (&& (== net461) (< net46)) (== netcoreapp2.0) (== netcoreapp2.2) (== netstandard2.0)
      System.IO.FileSystem.Primitives (>= 4.3) - restriction: || (&& (== net461) (< net46)) (== netcoreapp2.0) (== netcoreapp2.2) (== netstandard2.0)
      System.Resources.ResourceManager (>= 4.3) - restriction: || (&& (== net461) (< net46)) (== netcoreapp2.0) (== netcoreapp2.2) (== netstandard2.0)
      System.Runtime (>= 4.3) - restriction: || (&& (== net461) (< net46)) (== netcoreapp2.0) (== netcoreapp2.2) (== netstandard2.0)
      System.Runtime.Extensions (>= 4.3) - restriction: || (&& (== net461) (< net46)) (== netcoreapp2.0) (== netcoreapp2.2) (== netstandard2.0)
      System.Text.Encoding (>= 4.3) - restriction: || (&& (== net461) (< net46)) (== netcoreapp2.0) (== netcoreapp2.2) (== netstandard2.0)
    System.IO.FileSystem (4.3) - restriction: || (&& (== net461) (< net45) (>= netstandard1.6)) (== netcoreapp2.0) (== netcoreapp2.2) (== netstandard2.0)
      Microsoft.NETCore.Platforms (>= 1.1) - restriction: || (&& (== net461) (< net46)) (== netcoreapp2.0) (== netcoreapp2.2) (== netstandard2.0)
      Microsoft.NETCore.Targets (>= 1.1) - restriction: || (&& (== net461) (< net46)) (== netcoreapp2.0) (== netcoreapp2.2) (== netstandard2.0)
      System.IO (>= 4.3) - restriction: || (&& (== net461) (< net46)) (== netcoreapp2.0) (== netcoreapp2.2) (== netstandard2.0)
      System.IO.FileSystem.Primitives (>= 4.3)
      System.Runtime (>= 4.3) - restriction: || (&& (== net461) (< net46)) (== netcoreapp2.0) (== netcoreapp2.2) (== netstandard2.0)
      System.Runtime.Handles (>= 4.3) - restriction: || (&& (== net461) (< net46)) (== netcoreapp2.0) (== netcoreapp2.2) (== netstandard2.0)
      System.Text.Encoding (>= 4.3) - restriction: || (&& (== net461) (< net46)) (== netcoreapp2.0) (== netcoreapp2.2) (== netstandard2.0)
      System.Threading.Tasks (>= 4.3) - restriction: || (&& (== net461) (< net46)) (== netcoreapp2.0) (== netcoreapp2.2) (== netstandard2.0)
    System.IO.FileSystem.Primitives (4.3) - restriction: || (&& (== net461) (>= dnxcore50)) (&& (== net461) (< net45)) (== netcoreapp2.0) (== netcoreapp2.2) (== netstandard2.0)
      System.Runtime (>= 4.3) - restriction: || (&& (== net461) (< net46)) (== netcoreapp2.0) (== netcoreapp2.2) (== netstandard2.0)
    System.IO.FileSystem.Watcher (4.3)
      Microsoft.NETCore.Platforms (>= 1.1) - restriction: || (&& (== net461) (< net46)) (== netcoreapp2.0) (== netcoreapp2.2) (== netstandard2.0)
      Microsoft.Win32.Primitives (>= 4.3) - restriction: || (&& (== net461) (< net46)) (== netcoreapp2.0) (== netcoreapp2.2) (== netstandard2.0)
      runtime.native.System (>= 4.3) - restriction: || (&& (== net461) (< net46)) (== netcoreapp2.0) (== netcoreapp2.2) (== netstandard2.0)
      System.Collections (>= 4.3) - restriction: || (&& (== net461) (< net46)) (== netcoreapp2.0) (== netcoreapp2.2) (== netstandard2.0)
      System.IO.FileSystem (>= 4.3) - restriction: || (&& (== net461) (< net46)) (== netcoreapp2.0) (== netcoreapp2.2) (== netstandard2.0)
      System.IO.FileSystem.Primitives (>= 4.3) - restriction: || (&& (== net461) (< net46)) (== netcoreapp2.0) (== netcoreapp2.2) (== netstandard2.0)
      System.Resources.ResourceManager (>= 4.3) - restriction: || (&& (== net461) (< net46)) (== netcoreapp2.0) (== netcoreapp2.2) (== netstandard2.0)
      System.Runtime (>= 4.3) - restriction: || (&& (== net461) (< net46)) (== netcoreapp2.0) (== netcoreapp2.2) (== netstandard2.0)
      System.Runtime.Extensions (>= 4.3) - restriction: || (&& (== net461) (< net46)) (== netcoreapp2.0) (== netcoreapp2.2) (== netstandard2.0)
      System.Runtime.Handles (>= 4.3) - restriction: || (&& (== net461) (< net46)) (== netcoreapp2.0) (== netcoreapp2.2) (== netstandard2.0)
      System.Runtime.InteropServices (>= 4.3) - restriction: || (&& (== net461) (< net46)) (== netcoreapp2.0) (== netcoreapp2.2) (== netstandard2.0)
      System.Text.Encoding (>= 4.3) - restriction: || (&& (== net461) (< net46)) (== netcoreapp2.0) (== netcoreapp2.2) (== netstandard2.0)
      System.Threading (>= 4.3) - restriction: || (&& (== net461) (< net46)) (== netcoreapp2.0) (== netcoreapp2.2) (== netstandard2.0)
      System.Threading.Overlapped (>= 4.3) - restriction: || (&& (== net461) (< net46)) (== netcoreapp2.0) (== netcoreapp2.2) (== netstandard2.0)
      System.Threading.Tasks (>= 4.3) - restriction: || (&& (== net461) (< net46)) (== netcoreapp2.0) (== netcoreapp2.2) (== netstandard2.0)
      System.Threading.Thread (>= 4.3) - restriction: || (&& (== net461) (< net46)) (== netcoreapp2.0) (== netcoreapp2.2) (== netstandard2.0)
    System.Linq (4.3) - restriction: || (&& (== net461) (< net46)) (== netcoreapp2.0) (== netcoreapp2.2) (== netstandard2.0)
      System.Collections (>= 4.3) - restriction: || (&& (== net461) (>= dnxcore50)) (&& (== net461) (< net45)) (== netcoreapp2.0) (== netcoreapp2.2) (== netstandard2.0)
      System.Diagnostics.Debug (>= 4.3) - restriction: || (&& (== net461) (>= dnxcore50)) (&& (== net461) (< net45) (>= netstandard1.6)) (== netcoreapp2.0) (== netcoreapp2.2) (== netstandard2.0)
      System.Resources.ResourceManager (>= 4.3) - restriction: || (&& (== net461) (>= dnxcore50)) (&& (== net461) (< net45) (>= netstandard1.6)) (== netcoreapp2.0) (== netcoreapp2.2) (== netstandard2.0)
      System.Runtime (>= 4.3) - restriction: || (&& (== net461) (>= dnxcore50)) (&& (== net461) (< net45)) (== netcoreapp2.0) (== netcoreapp2.2) (== netstandard2.0)
      System.Runtime.Extensions (>= 4.3) - restriction: || (&& (== net461) (>= dnxcore50)) (&& (== net461) (< net45) (>= netstandard1.6)) (== netcoreapp2.0) (== netcoreapp2.2) (== netstandard2.0)
    System.Linq.Parallel (4.3) - restriction: || (&& (== net461) (< net46) (>= netstandard2.0)) (== netcoreapp2.0) (== netcoreapp2.2) (== netstandard2.0)
      System.Collections (>= 4.3) - restriction: || (&& (== net461) (>= dnxcore50)) (&& (== net461) (< net45)) (== netcoreapp2.0) (== netcoreapp2.2) (== netstandard2.0)
      System.Collections.Concurrent (>= 4.3) - restriction: || (&& (== net461) (>= dnxcore50)) (&& (== net461) (< net45)) (== netcoreapp2.0) (== netcoreapp2.2) (== netstandard2.0)
      System.Diagnostics.Debug (>= 4.3) - restriction: || (&& (== net461) (>= dnxcore50)) (&& (== net461) (< net45)) (== netcoreapp2.0) (== netcoreapp2.2) (== netstandard2.0)
      System.Diagnostics.Tracing (>= 4.3) - restriction: || (&& (== net461) (>= dnxcore50)) (&& (== net461) (< net45)) (== netcoreapp2.0) (== netcoreapp2.2) (== netstandard2.0)
      System.Linq (>= 4.3) - restriction: || (&& (== net461) (>= dnxcore50)) (&& (== net461) (< net45)) (== netcoreapp2.0) (== netcoreapp2.2) (== netstandard2.0)
      System.Resources.ResourceManager (>= 4.3) - restriction: || (&& (== net461) (>= dnxcore50)) (&& (== net461) (< net45)) (== netcoreapp2.0) (== netcoreapp2.2) (== netstandard2.0)
      System.Runtime (>= 4.3) - restriction: || (&& (== net461) (>= dnxcore50)) (&& (== net461) (< net45)) (== netcoreapp2.0) (== netcoreapp2.2) (== netstandard2.0)
      System.Runtime.Extensions (>= 4.3) - restriction: || (&& (== net461) (>= dnxcore50)) (&& (== net461) (< net45)) (== netcoreapp2.0) (== netcoreapp2.2) (== netstandard2.0)
      System.Threading (>= 4.3) - restriction: || (&& (== net461) (>= dnxcore50)) (&& (== net461) (< net45)) (== netcoreapp2.0) (== netcoreapp2.2) (== netstandard2.0)
      System.Threading.Tasks (>= 4.3) - restriction: || (&& (== net461) (>= dnxcore50)) (&& (== net461) (< net45)) (== netcoreapp2.0) (== netcoreapp2.2) (== netstandard2.0)
    System.Memory (4.5.1) - restriction: || (&& (== net461) (== netcoreapp2.2)) (&& (== net461) (< net46) (>= netstandard2.0)) (&& (== net461) (>= netcoreapp2.0)) (&& (== net461) (>= uap10.1)) (== netcoreapp2.0) (&& (== netcoreapp2.2) (< netcoreapp2.0)) (&& (== netcoreapp2.2) (< netcoreapp2.1)) (&& (== netcoreapp2.2) (>= uap10.1)) (== netstandard2.0)
      System.Buffers (>= 4.4) - restriction: || (== net461) (&& (== netcoreapp2.0) (>= monotouch)) (&& (== netcoreapp2.0) (>= net461)) (&& (== netcoreapp2.0) (< netstandard1.1)) (&& (== netcoreapp2.0) (< netstandard2.0)) (&& (== netcoreapp2.0) (>= xamarinios)) (&& (== netcoreapp2.0) (>= xamarinmac)) (&& (== netcoreapp2.0) (>= xamarintvos)) (&& (== netcoreapp2.0) (>= xamarinwatchos)) (&& (== netcoreapp2.2) (>= monotouch)) (&& (== netcoreapp2.2) (>= net461)) (&& (== netcoreapp2.2) (< netcoreapp2.0)) (&& (== netcoreapp2.2) (< netstandard1.1)) (&& (== netcoreapp2.2) (< netstandard2.0)) (&& (== netcoreapp2.2) (>= xamarinios)) (&& (== netcoreapp2.2) (>= xamarinmac)) (&& (== netcoreapp2.2) (>= xamarintvos)) (&& (== netcoreapp2.2) (>= xamarinwatchos)) (== netstandard2.0)
      System.Numerics.Vectors (>= 4.4) - restriction: || (== net461) (&& (== netcoreapp2.0) (>= net461)) (&& (== netcoreapp2.2) (>= net461)) (&& (== netcoreapp2.2) (< netcoreapp2.0)) (== netstandard2.0)
      System.Runtime.CompilerServices.Unsafe (>= 4.5) - restriction: || (== net461) (== netcoreapp2.0) (&& (== netcoreapp2.2) (>= monotouch)) (&& (== netcoreapp2.2) (>= net461)) (&& (== netcoreapp2.2) (< netcoreapp2.0)) (&& (== netcoreapp2.2) (< netcoreapp2.1)) (&& (== netcoreapp2.2) (< netstandard1.1)) (&& (== netcoreapp2.2) (< netstandard2.0)) (&& (== netcoreapp2.2) (>= uap10.1)) (&& (== netcoreapp2.2) (>= xamarinios)) (&& (== netcoreapp2.2) (>= xamarinmac)) (&& (== netcoreapp2.2) (>= xamarintvos)) (&& (== netcoreapp2.2) (>= xamarinwatchos)) (== netstandard2.0)
    System.Net.Http (4.3.4)
      Microsoft.NETCore.Platforms (>= 1.1.1) - restriction: || (&& (== net461) (>= dnxcore50)) (&& (== net461) (< net45)) (== netcoreapp2.0) (== netcoreapp2.2) (== netstandard2.0)
      runtime.native.System (>= 4.3) - restriction: || (&& (== net461) (< net45) (>= netstandard1.6)) (== netcoreapp2.0) (== netcoreapp2.2) (== netstandard2.0)
      runtime.native.System.Net.Http (>= 4.3) - restriction: || (&& (== net461) (< net45) (>= netstandard1.6)) (== netcoreapp2.0) (== netcoreapp2.2) (== netstandard2.0)
      runtime.native.System.Security.Cryptography.OpenSsl (>= 4.3.2) - restriction: || (&& (== net461) (< net45) (>= netstandard1.6)) (== netcoreapp2.0) (== netcoreapp2.2) (== netstandard2.0)
      System.Collections (>= 4.3) - restriction: || (&& (== net461) (>= dnxcore50)) (&& (== net461) (< net45)) (== netcoreapp2.0) (== netcoreapp2.2) (== netstandard2.0)
      System.Diagnostics.Debug (>= 4.3) - restriction: || (&& (== net461) (>= dnxcore50)) (&& (== net461) (< net45)) (== netcoreapp2.0) (== netcoreapp2.2) (== netstandard2.0)
      System.Diagnostics.DiagnosticSource (>= 4.3) - restriction: || (&& (== net461) (>= dnxcore50)) (&& (== net461) (< net45)) (== netcoreapp2.0) (== netcoreapp2.2) (== netstandard2.0)
      System.Diagnostics.Tracing (>= 4.3) - restriction: || (&& (== net461) (>= dnxcore50)) (&& (== net461) (< net45)) (== netcoreapp2.0) (== netcoreapp2.2) (== netstandard2.0)
      System.Globalization (>= 4.3) - restriction: || (&& (== net461) (>= dnxcore50)) (&& (== net461) (< net45)) (== netcoreapp2.0) (== netcoreapp2.2) (== netstandard2.0)
      System.Globalization.Extensions (>= 4.3) - restriction: || (&& (== net461) (< net45) (>= netstandard1.6)) (== netcoreapp2.0) (== netcoreapp2.2) (== netstandard2.0)
      System.IO (>= 4.3) - restriction: || (&& (== net461) (>= dnxcore50)) (&& (== net461) (< net45)) (== netcoreapp2.0) (== netcoreapp2.2) (== netstandard2.0)
      System.IO.FileSystem (>= 4.3) - restriction: || (&& (== net461) (< net45) (>= netstandard1.6)) (== netcoreapp2.0) (== netcoreapp2.2) (== netstandard2.0)
      System.Net.Primitives (>= 4.3) - restriction: || (&& (== net461) (>= dnxcore50)) (&& (== net461) (< net45)) (== netcoreapp2.0) (== netcoreapp2.2) (== netstandard2.0)
      System.Resources.ResourceManager (>= 4.3) - restriction: || (&& (== net461) (>= dnxcore50)) (&& (== net461) (< net45)) (== netcoreapp2.0) (== netcoreapp2.2) (== netstandard2.0)
      System.Runtime (>= 4.3) - restriction: || (&& (== net461) (>= dnxcore50)) (&& (== net461) (< net45)) (== netcoreapp2.0) (== netcoreapp2.2) (== netstandard2.0)
      System.Runtime.Extensions (>= 4.3) - restriction: || (&& (== net461) (>= dnxcore50)) (&& (== net461) (< net45)) (== netcoreapp2.0) (== netcoreapp2.2) (== netstandard2.0)
      System.Runtime.Handles (>= 4.3) - restriction: || (&& (== net461) (< net45)) (== netcoreapp2.0) (== netcoreapp2.2) (== netstandard2.0)
      System.Runtime.InteropServices (>= 4.3) - restriction: || (&& (== net461) (>= dnxcore50)) (&& (== net461) (< net45)) (== netcoreapp2.0) (== netcoreapp2.2) (== netstandard2.0)
      System.Security.Cryptography.Algorithms (>= 4.3) - restriction: || (&& (== net461) (< net45) (>= netstandard1.6)) (== netcoreapp2.0) (== netcoreapp2.2) (== netstandard2.0)
      System.Security.Cryptography.Encoding (>= 4.3) - restriction: || (&& (== net461) (< net45)) (== netcoreapp2.0) (== netcoreapp2.2) (== netstandard2.0)
      System.Security.Cryptography.OpenSsl (>= 4.3) - restriction: || (&& (== net461) (< net45) (>= netstandard1.6)) (== netcoreapp2.0) (== netcoreapp2.2) (== netstandard2.0)
      System.Security.Cryptography.Primitives (>= 4.3) - restriction: || (&& (== net461) (< net45) (>= netstandard1.6)) (== netcoreapp2.0) (== netcoreapp2.2) (== netstandard2.0)
      System.Security.Cryptography.X509Certificates (>= 4.3)
      System.Text.Encoding (>= 4.3) - restriction: || (&& (== net461) (>= dnxcore50)) (&& (== net461) (< net45)) (== netcoreapp2.0) (== netcoreapp2.2) (== netstandard2.0)
      System.Threading (>= 4.3) - restriction: || (&& (== net461) (>= dnxcore50)) (&& (== net461) (< net45)) (== netcoreapp2.0) (== netcoreapp2.2) (== netstandard2.0)
      System.Threading.Tasks (>= 4.3) - restriction: || (&& (== net461) (>= dnxcore50)) (&& (== net461) (< net45)) (== netcoreapp2.0) (== netcoreapp2.2) (== netstandard2.0)
    System.Net.Primitives (4.3) - restriction: || (&& (== net461) (>= dnxcore50)) (&& (== net461) (< net45)) (== netcoreapp2.0) (== netcoreapp2.2) (== netstandard2.0)
      Microsoft.NETCore.Platforms (>= 1.1) - restriction: || (&& (== net461) (>= dnxcore50)) (&& (== net461) (< net45)) (&& (== net461) (< netstandard1.1)) (== netcoreapp2.0) (== netcoreapp2.2) (== netstandard2.0)
      Microsoft.NETCore.Targets (>= 1.1) - restriction: || (&& (== net461) (>= dnxcore50)) (&& (== net461) (< net45)) (&& (== net461) (< netstandard1.1)) (== netcoreapp2.0) (== netcoreapp2.2) (== netstandard2.0)
      System.Runtime (>= 4.3) - restriction: || (&& (== net461) (>= dnxcore50)) (&& (== net461) (< net45)) (&& (== net461) (< netstandard1.1)) (== netcoreapp2.0) (== netcoreapp2.2) (== netstandard2.0)
      System.Runtime.Handles (>= 4.3) - restriction: || (&& (== net461) (>= dnxcore50)) (&& (== net461) (< net45)) (== netcoreapp2.0) (== netcoreapp2.2) (== netstandard2.0)
    System.Numerics.Vectors (4.5) - restriction: || (&& (== net461) (== netcoreapp2.0)) (&& (== net461) (== netcoreapp2.2)) (&& (== net461) (< net45) (>= netstandard2.0)) (&& (== net461) (< net46) (>= netstandard2.0)) (&& (== net461) (>= netcoreapp2.0)) (&& (== net461) (>= uap10.1)) (&& (== netcoreapp2.0) (>= net461)) (&& (== netcoreapp2.2) (>= net461)) (&& (== netcoreapp2.2) (< netcoreapp2.0)) (&& (== netcoreapp2.2) (>= uap10.1)) (== netstandard2.0)
    System.Reactive (4.1.2)
      System.Runtime.InteropServices.WindowsRuntime (>= 4.3) - restriction: || (&& (== net461) (< net46) (>= netstandard2.0)) (== netcoreapp2.0) (== netcoreapp2.2) (== netstandard2.0)
      System.Threading.Tasks.Extensions (>= 4.5.1)
      System.ValueTuple (>= 4.4) - restriction: || (== net461) (&& (== netcoreapp2.0) (>= net46)) (&& (== netcoreapp2.0) (< netstandard2.0) (>= uap10.0)) (&& (== netcoreapp2.2) (>= net46)) (&& (== netcoreapp2.2) (< netstandard2.0) (>= uap10.0)) (&& (== netstandard2.0) (>= net46))
    System.Reactive.Compatibility (4.1.2)
      System.Reactive.Core (>= 4.1.2)
      System.Reactive.Experimental (>= 4.1.2) - restriction: || (== net461) (&& (== netcoreapp2.0) (>= net45)) (&& (== netcoreapp2.2) (>= net45)) (&& (== netstandard2.0) (>= net45))
      System.Reactive.Interfaces (>= 4.1.2)
      System.Reactive.Linq (>= 4.1.2)
      System.Reactive.PlatformServices (>= 4.1.2)
      System.Reactive.Providers (>= 4.1.2)
      System.Reactive.Runtime.Remoting (>= 4.1.2) - restriction: || (== net461) (&& (== netcoreapp2.0) (>= net45)) (&& (== netcoreapp2.2) (>= net45)) (&& (== netstandard2.0) (>= net45))
      System.Reactive.Windows.Forms (>= 4.1.2) - restriction: || (== net461) (&& (== netcoreapp2.0) (>= net45)) (&& (== netcoreapp2.2) (>= net45)) (&& (== netstandard2.0) (>= net45))
      System.Reactive.Windows.Threading (>= 4.1.2) - restriction: || (== net461) (&& (== netcoreapp2.0) (>= net45)) (&& (== netcoreapp2.0) (>= uap10.0)) (&& (== netcoreapp2.2) (>= net45)) (&& (== netcoreapp2.2) (>= uap10.0)) (&& (== netstandard2.0) (>= net45)) (&& (== netstandard2.0) (>= uap10.0))
    System.Reactive.Core (4.1.2)
      System.Reactive (>= 4.1.2)
      System.Threading.Tasks.Extensions (>= 4.5.1)
    System.Reactive.Experimental (4.1.2) - restriction: || (== net461) (&& (== netcoreapp2.0) (>= net45)) (&& (== netcoreapp2.2) (>= net45)) (&& (== netstandard2.0) (>= net45))
      System.Reactive (>= 4.1.2) - restriction: || (== net461) (&& (== netcoreapp2.0) (>= net46)) (&& (== netcoreapp2.2) (>= net46)) (&& (== netstandard2.0) (>= net46))
      System.Threading.Tasks.Extensions (>= 4.5.1) - restriction: || (== net461) (&& (== netcoreapp2.0) (>= net46)) (&& (== netcoreapp2.2) (>= net46)) (&& (== netstandard2.0) (>= net46))
    System.Reactive.Interfaces (4.1.2)
      System.Reactive (>= 4.1.2)
      System.Threading.Tasks.Extensions (>= 4.5.1)
    System.Reactive.Linq (4.1.2)
      System.Reactive (>= 4.1.2)
      System.Threading.Tasks.Extensions (>= 4.5.1)
    System.Reactive.PlatformServices (4.1.2)
      System.Reactive (>= 4.1.2)
      System.Threading.Tasks.Extensions (>= 4.5.1)
    System.Reactive.Providers (4.1.2)
      System.Reactive (>= 4.1.2)
      System.Threading.Tasks.Extensions (>= 4.5.1)
    System.Reactive.Runtime.Remoting (4.1.2) - restriction: || (== net461) (&& (== netcoreapp2.0) (>= net45)) (&& (== netcoreapp2.2) (>= net45)) (&& (== netstandard2.0) (>= net45))
      System.Reactive (>= 4.1.2) - restriction: || (== net461) (&& (== netcoreapp2.0) (>= net46)) (&& (== netcoreapp2.2) (>= net46)) (&& (== netstandard2.0) (>= net46))
      System.Threading.Tasks.Extensions (>= 4.5.1) - restriction: || (== net461) (&& (== netcoreapp2.0) (>= net46)) (&& (== netcoreapp2.2) (>= net46)) (&& (== netstandard2.0) (>= net46))
    System.Reactive.Windows.Forms (4.1.2) - restriction: || (== net461) (&& (== netcoreapp2.0) (>= net45)) (&& (== netcoreapp2.2) (>= net45)) (&& (== netstandard2.0) (>= net45))
      System.Reactive (>= 4.1.2) - restriction: || (== net461) (&& (== netcoreapp2.0) (>= net46)) (&& (== netcoreapp2.2) (>= net46)) (&& (== netstandard2.0) (>= net46))
      System.Threading.Tasks.Extensions (>= 4.5.1) - restriction: || (== net461) (&& (== netcoreapp2.0) (>= net46)) (&& (== netcoreapp2.2) (>= net46)) (&& (== netstandard2.0) (>= net46))
    System.Reactive.Windows.Threading (4.1.2) - restriction: || (== net461) (&& (== netcoreapp2.0) (>= net45)) (&& (== netcoreapp2.0) (>= uap10.0)) (&& (== netcoreapp2.2) (>= net45)) (&& (== netcoreapp2.2) (>= uap10.0)) (&& (== netstandard2.0) (>= net45)) (&& (== netstandard2.0) (>= uap10.0))
      System.Reactive (>= 4.1.2) - restriction: || (== net461) (&& (== netcoreapp2.0) (>= net46)) (&& (== netcoreapp2.0) (>= uap10.0)) (&& (== netcoreapp2.2) (>= net46)) (&& (== netcoreapp2.2) (>= uap10.0)) (&& (== netstandard2.0) (>= net46)) (&& (== netstandard2.0) (>= uap10.0))
      System.Threading.Tasks.Extensions (>= 4.5.1) - restriction: || (== net461) (&& (== netcoreapp2.0) (>= net46)) (&& (== netcoreapp2.0) (>= uap10.0)) (&& (== netcoreapp2.2) (>= net46)) (&& (== netcoreapp2.2) (>= uap10.0)) (&& (== netstandard2.0) (>= net46)) (&& (== netstandard2.0) (>= uap10.0))
    System.Reflection (4.3) - restriction: || (&& (== net461) (>= dnxcore50) (>= netstandard1.6)) (&& (== net461) (>= dnxcore50) (>= netstandard2.0)) (&& (== net461) (< net45) (>= netstandard1.6)) (&& (== net461) (< net45) (>= netstandard2.0)) (== netcoreapp2.0) (== netcoreapp2.2) (== netstandard2.0)
      Microsoft.NETCore.Platforms (>= 1.1) - restriction: || (&& (== net461) (>= dnxcore50)) (&& (== net461) (< net45)) (== netcoreapp2.0) (== netcoreapp2.2) (== netstandard2.0)
      Microsoft.NETCore.Targets (>= 1.1) - restriction: || (&& (== net461) (>= dnxcore50)) (&& (== net461) (< net45)) (== netcoreapp2.0) (== netcoreapp2.2) (== netstandard2.0)
      System.IO (>= 4.3) - restriction: || (&& (== net461) (>= dnxcore50)) (&& (== net461) (< net45)) (== netcoreapp2.0) (== netcoreapp2.2) (== netstandard2.0)
      System.Reflection.Primitives (>= 4.3) - restriction: || (&& (== net461) (>= dnxcore50)) (&& (== net461) (< net45)) (== netcoreapp2.0) (== netcoreapp2.2) (== netstandard2.0)
      System.Runtime (>= 4.3) - restriction: || (&& (== net461) (>= dnxcore50)) (&& (== net461) (< net45)) (== netcoreapp2.0) (== netcoreapp2.2) (== netstandard2.0)
    System.Reflection.Extensions (4.3) - restriction: || (&& (== net461) (>= dnxcore50) (>= netstandard2.0)) (&& (== net461) (< net45) (>= netstandard2.0)) (== netcoreapp2.0) (== netcoreapp2.2) (== netstandard2.0)
      Microsoft.NETCore.Platforms (>= 1.1) - restriction: || (&& (== net461) (>= dnxcore50)) (&& (== net461) (< net45)) (== netcoreapp2.0) (== netcoreapp2.2) (== netstandard2.0)
      Microsoft.NETCore.Targets (>= 1.1) - restriction: || (&& (== net461) (>= dnxcore50)) (&& (== net461) (< net45)) (== netcoreapp2.0) (== netcoreapp2.2) (== netstandard2.0)
      System.Reflection (>= 4.3) - restriction: || (&& (== net461) (>= dnxcore50)) (&& (== net461) (< net45)) (== netcoreapp2.0) (== netcoreapp2.2) (== netstandard2.0)
      System.Runtime (>= 4.3) - restriction: || (&& (== net461) (>= dnxcore50)) (&& (== net461) (< net45)) (== netcoreapp2.0) (== netcoreapp2.2) (== netstandard2.0)
    System.Reflection.Metadata (1.6) - restriction: || (&& (== net461) (>= dnxcore50)) (&& (== net461) (< net46)) (&& (== net461) (>= netcoreapp2.1)) (== netcoreapp2.0) (== netcoreapp2.2) (== netstandard2.0)
      System.Collections.Immutable (>= 1.5) - restriction: || (== net461) (== netcoreapp2.0) (&& (== netcoreapp2.2) (>= net45)) (&& (== netcoreapp2.2) (< netcoreapp2.1)) (&& (== netcoreapp2.2) (< netstandard1.1)) (&& (== netcoreapp2.2) (< netstandard2.0)) (== netstandard2.0)
    System.Reflection.Primitives (4.3) - restriction: || (&& (== net461) (>= dnxcore50)) (&& (== net461) (< net45)) (&& (== net461) (>= netcoreapp1.1)) (== netcoreapp2.0) (== netcoreapp2.2) (== netstandard2.0)
      Microsoft.NETCore.Platforms (>= 1.1) - restriction: || (&& (== net461) (>= dnxcore50)) (&& (== net461) (< net45)) (== netcoreapp2.0) (== netcoreapp2.2) (== netstandard2.0)
      Microsoft.NETCore.Targets (>= 1.1) - restriction: || (&& (== net461) (>= dnxcore50)) (&& (== net461) (< net45)) (== netcoreapp2.0) (== netcoreapp2.2) (== netstandard2.0)
      System.Runtime (>= 4.3) - restriction: || (&& (== net461) (>= dnxcore50)) (&& (== net461) (< net45)) (== netcoreapp2.0) (== netcoreapp2.2) (== netstandard2.0)
    System.Reflection.TypeExtensions (4.5.1) - restriction: || (&& (== net461) (< net46) (>= netstandard2.0)) (&& (== net461) (>= netcoreapp2.1)) (== netcoreapp2.0) (== netcoreapp2.2) (== netstandard2.0)
    System.Resources.ResourceManager (4.3) - restriction: || (&& (== net461) (>= dnxcore50)) (&& (== net461) (< net45)) (== netcoreapp2.0) (== netcoreapp2.2) (== netstandard2.0)
      Microsoft.NETCore.Platforms (>= 1.1) - restriction: || (&& (== net461) (>= dnxcore50)) (&& (== net461) (< net45)) (== netcoreapp2.0) (== netcoreapp2.2) (== netstandard2.0)
      Microsoft.NETCore.Targets (>= 1.1) - restriction: || (&& (== net461) (>= dnxcore50)) (&& (== net461) (< net45)) (== netcoreapp2.0) (== netcoreapp2.2) (== netstandard2.0)
      System.Globalization (>= 4.3) - restriction: || (&& (== net461) (>= dnxcore50)) (&& (== net461) (< net45)) (== netcoreapp2.0) (== netcoreapp2.2) (== netstandard2.0)
      System.Reflection (>= 4.3) - restriction: || (&& (== net461) (>= dnxcore50)) (&& (== net461) (< net45)) (== netcoreapp2.0) (== netcoreapp2.2) (== netstandard2.0)
      System.Runtime (>= 4.3) - restriction: || (&& (== net461) (>= dnxcore50)) (&& (== net461) (< net45)) (== netcoreapp2.0) (== netcoreapp2.2) (== netstandard2.0)
    System.Resources.Writer (4.3) - restriction: || (&& (== net461) (< net46) (>= netstandard2.0)) (== netcoreapp2.0) (== netcoreapp2.2) (== netstandard2.0)
      System.Collections (>= 4.3) - restriction: || (&& (== net461) (< net46)) (== netcoreapp2.0) (== netcoreapp2.2) (== netstandard2.0)
      System.IO (>= 4.3) - restriction: || (&& (== net461) (< net46)) (== netcoreapp2.0) (== netcoreapp2.2) (== netstandard2.0)
      System.Resources.ResourceManager (>= 4.3) - restriction: || (&& (== net461) (< net46)) (== netcoreapp2.0) (== netcoreapp2.2) (== netstandard2.0)
      System.Runtime (>= 4.3) - restriction: || (&& (== net461) (< net46)) (== netcoreapp2.0) (== netcoreapp2.2) (== netstandard2.0)
      System.Runtime.Extensions (>= 4.3) - restriction: || (&& (== net461) (< net46)) (== netcoreapp2.0) (== netcoreapp2.2) (== netstandard2.0)
      System.Text.Encoding (>= 4.3) - restriction: || (&& (== net461) (< net46)) (== netcoreapp2.0) (== netcoreapp2.2) (== netstandard2.0)
    System.Runtime (4.3) - restriction: || (&& (== net461) (>= dnxcore50)) (&& (== net461) (< net45)) (== netcoreapp2.0) (== netcoreapp2.2) (== netstandard2.0)
      Microsoft.NETCore.Platforms (>= 1.1) - restriction: || (&& (== net461) (>= dnxcore50)) (&& (== net461) (< net45)) (== netcoreapp2.0) (== netcoreapp2.2) (== netstandard2.0)
      Microsoft.NETCore.Targets (>= 1.1) - restriction: || (&& (== net461) (>= dnxcore50)) (&& (== net461) (< net45)) (== netcoreapp2.0) (== netcoreapp2.2) (== netstandard2.0)
    System.Runtime.CompilerServices.Unsafe (4.5.2) - restriction: || (&& (== net461) (>= dnxcore50)) (&& (== net461) (< net45)) (&& (== net461) (< net46) (>= netstandard2.0)) (&& (== net461) (>= netcoreapp2.0)) (&& (== net461) (< netstandard1.0)) (&& (== net461) (>= wp8)) (&& (== net461) (>= wpa81)) (== netcoreapp2.0) (== netcoreapp2.2) (== netstandard2.0)
    System.Runtime.Extensions (4.3) - restriction: || (&& (== net461) (>= dnxcore50)) (&& (== net461) (< net45)) (== netcoreapp2.0) (== netcoreapp2.2) (== netstandard2.0)
      Microsoft.NETCore.Platforms (>= 1.1) - restriction: || (&& (== net461) (>= dnxcore50)) (&& (== net461) (< net45)) (== netcoreapp2.0) (== netcoreapp2.2) (== netstandard2.0)
      Microsoft.NETCore.Targets (>= 1.1) - restriction: || (&& (== net461) (>= dnxcore50)) (&& (== net461) (< net45)) (== netcoreapp2.0) (== netcoreapp2.2) (== netstandard2.0)
      System.Runtime (>= 4.3) - restriction: || (&& (== net461) (>= dnxcore50)) (&& (== net461) (< net45)) (== netcoreapp2.0) (== netcoreapp2.2) (== netstandard2.0)
    System.Runtime.Handles (4.3) - restriction: || (&& (== net461) (< net45)) (== netcoreapp2.0) (== netcoreapp2.2) (== netstandard2.0)
      Microsoft.NETCore.Platforms (>= 1.1) - restriction: || (&& (== net461) (< net46)) (== netcoreapp2.0) (== netcoreapp2.2) (== netstandard2.0)
      Microsoft.NETCore.Targets (>= 1.1) - restriction: || (&& (== net461) (< net46)) (== netcoreapp2.0) (== netcoreapp2.2) (== netstandard2.0)
      System.Runtime (>= 4.3) - restriction: || (&& (== net461) (< net46)) (== netcoreapp2.0) (== netcoreapp2.2) (== netstandard2.0)
    System.Runtime.InteropServices (4.3) - restriction: || (&& (== net461) (>= dnxcore50)) (&& (== net461) (< net45)) (== netcoreapp2.0) (== netcoreapp2.2) (== netstandard2.0)
      Microsoft.NETCore.Platforms (>= 1.1) - restriction: || (&& (== net461) (>= dnxcore50)) (&& (== net461) (< net45)) (&& (== net461) (>= netcoreapp1.1)) (== netcoreapp2.0) (== netcoreapp2.2) (== netstandard2.0)
      Microsoft.NETCore.Targets (>= 1.1) - restriction: || (&& (== net461) (>= dnxcore50)) (&& (== net461) (< net45)) (&& (== net461) (>= netcoreapp1.1)) (== netcoreapp2.0) (== netcoreapp2.2) (== netstandard2.0)
      System.Reflection (>= 4.3) - restriction: || (&& (== net461) (>= dnxcore50)) (&& (== net461) (< net45)) (&& (== net461) (>= netcoreapp1.1)) (== netcoreapp2.0) (== netcoreapp2.2) (== netstandard2.0)
      System.Reflection.Primitives (>= 4.3) - restriction: || (&& (== net461) (>= dnxcore50)) (&& (== net461) (< net45)) (&& (== net461) (>= netcoreapp1.1)) (== netcoreapp2.0) (== netcoreapp2.2) (== netstandard2.0)
      System.Runtime (>= 4.3) - restriction: || (&& (== net461) (>= dnxcore50)) (&& (== net461) (< net45)) (&& (== net461) (>= net462)) (&& (== net461) (>= netcoreapp1.1)) (== netcoreapp2.0) (== netcoreapp2.2) (== netstandard2.0)
      System.Runtime.Handles (>= 4.3) - restriction: || (&& (== net461) (>= dnxcore50)) (&& (== net461) (< net45)) (&& (== net461) (>= netcoreapp1.1)) (== netcoreapp2.0) (== netcoreapp2.2) (== netstandard2.0)
    System.Runtime.InteropServices.RuntimeInformation (4.3) - restriction: || (&& (== net461) (< net46) (>= netstandard2.0)) (== netcoreapp2.0) (== netcoreapp2.2) (== netstandard2.0)
      runtime.native.System (>= 4.3) - restriction: || (&& (== net461) (< net45)) (== netcoreapp2.0) (== netcoreapp2.2) (== netstandard2.0)
      System.Reflection (>= 4.3) - restriction: || (&& (== net461) (>= dnxcore50)) (&& (== net461) (< net45)) (== netcoreapp2.0) (== netcoreapp2.2) (== netstandard2.0)
      System.Reflection.Extensions (>= 4.3) - restriction: || (&& (== net461) (>= dnxcore50)) (&& (== net461) (< net45)) (== netcoreapp2.0) (== netcoreapp2.2) (== netstandard2.0)
      System.Resources.ResourceManager (>= 4.3) - restriction: || (&& (== net461) (>= dnxcore50)) (&& (== net461) (< net45)) (== netcoreapp2.0) (== netcoreapp2.2) (== netstandard2.0)
      System.Runtime (>= 4.3) - restriction: || (&& (== net461) (>= dnxcore50)) (&& (== net461) (< net45)) (== netcoreapp2.0) (== netcoreapp2.2) (== netstandard2.0)
      System.Runtime.InteropServices (>= 4.3) - restriction: || (&& (== net461) (< net45)) (== netcoreapp2.0) (== netcoreapp2.2) (== netstandard2.0)
      System.Threading (>= 4.3) - restriction: || (&& (== net461) (>= dnxcore50)) (&& (== net461) (< net45)) (== netcoreapp2.0) (== netcoreapp2.2) (== netstandard2.0)
    System.Runtime.InteropServices.WindowsRuntime (4.3) - restriction: || (&& (== net461) (< net46) (>= netstandard2.0)) (== netcoreapp2.0) (== netcoreapp2.2) (== netstandard2.0)
      System.Runtime (>= 4.3) - restriction: || (&& (== net461) (>= dnxcore50)) (&& (== net461) (< net45)) (== netcoreapp2.0) (== netcoreapp2.2) (== netstandard2.0)
    System.Runtime.Loader (4.3) - restriction: || (&& (== net461) (< net46) (>= netstandard2.0)) (&& (== net461) (>= netcoreapp2.1)) (== netcoreapp2.0) (== netcoreapp2.2) (== netstandard2.0)
      System.IO (>= 4.3) - restriction: || (&& (== net461) (>= netstandard1.5)) (== netcoreapp2.0) (== netcoreapp2.2) (== netstandard2.0)
      System.Reflection (>= 4.3) - restriction: || (&& (== net461) (>= netstandard1.5)) (== netcoreapp2.0) (== netcoreapp2.2) (== netstandard2.0)
      System.Runtime (>= 4.3) - restriction: || (&& (== net461) (>= netstandard1.5)) (== netcoreapp2.0) (== netcoreapp2.2) (== netstandard2.0)
    System.Runtime.Numerics (4.3)
      System.Globalization (>= 4.3) - restriction: || (&& (== net461) (>= dnxcore50)) (&& (== net461) (< net45)) (== netcoreapp2.0) (== netcoreapp2.2) (== netstandard2.0)
      System.Resources.ResourceManager (>= 4.3) - restriction: || (&& (== net461) (>= dnxcore50)) (&& (== net461) (< net45)) (== netcoreapp2.0) (== netcoreapp2.2) (== netstandard2.0)
      System.Runtime (>= 4.3) - restriction: || (&& (== net461) (>= dnxcore50)) (&& (== net461) (< net45)) (== netcoreapp2.0) (== netcoreapp2.2) (== netstandard2.0)
      System.Runtime.Extensions (>= 4.3) - restriction: || (&& (== net461) (>= dnxcore50)) (&& (== net461) (< net45)) (== netcoreapp2.0) (== netcoreapp2.2) (== netstandard2.0)
    System.Runtime.Serialization.Primitives (4.3) - restriction: || (&& (== net461) (< net46) (>= netstandard2.0)) (== netcoreapp2.0) (== netcoreapp2.2) (== netstandard2.0)
      System.Resources.ResourceManager (>= 4.3) - restriction: || (&& (== net461) (>= dnxcore50)) (&& (== net461) (< net45)) (== netcoreapp2.0) (== netcoreapp2.2) (== netstandard2.0)
      System.Runtime (>= 4.3) - restriction: || (&& (== net461) (>= dnxcore50)) (&& (== net461) (< net45)) (== netcoreapp2.0) (== netcoreapp2.2) (== netstandard2.0)
    System.Security.AccessControl (4.5) - restriction: || (&& (== net461) (>= monoandroid)) (&& (== net461) (>= monotouch)) (&& (== net461) (< net46)) (&& (== net461) (>= netcoreapp2.0)) (&& (== net461) (>= xamarinios)) (&& (== net461) (>= xamarinmac)) (&& (== net461) (>= xamarintvos)) (&& (== net461) (>= xamarinwatchos)) (== netcoreapp2.0) (== netcoreapp2.2) (== netstandard2.0)
      Microsoft.NETCore.Platforms (>= 2.0) - restriction: || (&& (== net461) (>= netcoreapp2.0)) (== netcoreapp2.0) (== netcoreapp2.2) (&& (== netstandard2.0) (>= netcoreapp2.0))
      System.Security.Principal.Windows (>= 4.5)
    System.Security.Cryptography.Algorithms (4.3.1)
      Microsoft.NETCore.Platforms (>= 1.1) - restriction: || (&& (== net461) (>= dnxcore50)) (&& (== net461) (< net46) (>= netstandard1.6)) (== netcoreapp2.0) (== netcoreapp2.2) (== netstandard2.0)
      runtime.native.System.Security.Cryptography.Apple (>= 4.3.1) - restriction: || (&& (== net461) (< net46) (>= netstandard1.6)) (== netcoreapp2.0) (== netcoreapp2.2) (== netstandard2.0)
      runtime.native.System.Security.Cryptography.OpenSsl (>= 4.3.2) - restriction: || (&& (== net461) (< net46) (>= netstandard1.6)) (== netcoreapp2.0) (== netcoreapp2.2) (== netstandard2.0)
      System.Collections (>= 4.3) - restriction: || (&& (== net461) (< net46) (>= netstandard1.6)) (== netcoreapp2.0) (== netcoreapp2.2) (== netstandard2.0)
      System.IO (>= 4.3) - restriction: || (&& (== net461) (>= dnxcore50)) (&& (== net461) (< net46)) (&& (== net461) (>= net463)) (== netcoreapp2.0) (== netcoreapp2.2) (== netstandard2.0)
      System.Resources.ResourceManager (>= 4.3) - restriction: || (&& (== net461) (>= dnxcore50)) (&& (== net461) (< net46) (>= netstandard1.6)) (== netcoreapp2.0) (== netcoreapp2.2) (== netstandard2.0)
      System.Runtime (>= 4.3) - restriction: || (&& (== net461) (>= dnxcore50)) (&& (== net461) (< net46)) (&& (== net461) (>= net463)) (== netcoreapp2.0) (== netcoreapp2.2) (== netstandard2.0)
      System.Runtime.Extensions (>= 4.3) - restriction: || (&& (== net461) (>= dnxcore50)) (&& (== net461) (< net46) (>= netstandard1.6)) (== netcoreapp2.0) (== netcoreapp2.2) (== netstandard2.0)
      System.Runtime.Handles (>= 4.3) - restriction: || (&& (== net461) (>= dnxcore50)) (&& (== net461) (< net46) (>= netstandard1.6)) (== netcoreapp2.0) (== netcoreapp2.2) (== netstandard2.0)
      System.Runtime.InteropServices (>= 4.3) - restriction: || (&& (== net461) (>= dnxcore50)) (&& (== net461) (< net46) (>= netstandard1.6)) (== netcoreapp2.0) (== netcoreapp2.2) (== netstandard2.0)
      System.Runtime.Numerics (>= 4.3) - restriction: || (&& (== net461) (< net46) (>= netstandard1.6)) (== netcoreapp2.0) (== netcoreapp2.2) (== netstandard2.0)
      System.Security.Cryptography.Encoding (>= 4.3) - restriction: || (&& (== net461) (>= dnxcore50)) (&& (== net461) (< net46) (>= netstandard1.6)) (&& (== net461) (>= net463)) (== netcoreapp2.0) (== netcoreapp2.2) (== netstandard2.0)
      System.Security.Cryptography.Primitives (>= 4.3)
      System.Text.Encoding (>= 4.3) - restriction: || (&& (== net461) (>= dnxcore50)) (&& (== net461) (< net46) (>= netstandard1.6)) (== netcoreapp2.0) (== netcoreapp2.2) (== netstandard2.0)
    System.Security.Cryptography.Cng (4.5) - restriction: || (&& (== net461) (>= dnxcore50)) (&& (== net461) (< net46) (>= netstandard1.6)) (== netcoreapp2.0) (== netcoreapp2.2) (== netstandard2.0)
      Microsoft.NETCore.Platforms (>= 2.0) - restriction: || (&& (== net461) (>= netcoreapp2.0)) (== netcoreapp2.0) (&& (== netcoreapp2.2) (< netcoreapp2.1)) (&& (== netstandard2.0) (>= netcoreapp2.0))
    System.Security.Cryptography.Csp (4.3) - restriction: || (&& (== net461) (< net46) (>= netstandard1.6)) (== netcoreapp2.0) (== netcoreapp2.2) (== netstandard2.0)
      Microsoft.NETCore.Platforms (>= 1.1) - restriction: || (&& (== net461) (< net46)) (== netcoreapp2.0) (== netcoreapp2.2) (== netstandard2.0)
      System.IO (>= 4.3) - restriction: || (&& (== net461) (< net46)) (== netcoreapp2.0) (== netcoreapp2.2) (== netstandard2.0)
      System.Reflection (>= 4.3) - restriction: || (&& (== net461) (< net46)) (== netcoreapp2.0) (== netcoreapp2.2) (== netstandard2.0)
      System.Resources.ResourceManager (>= 4.3) - restriction: || (&& (== net461) (< net46)) (== netcoreapp2.0) (== netcoreapp2.2) (== netstandard2.0)
      System.Runtime (>= 4.3) - restriction: || (&& (== net461) (< net46)) (== netcoreapp2.0) (== netcoreapp2.2) (== netstandard2.0)
      System.Runtime.Extensions (>= 4.3) - restriction: || (&& (== net461) (< net46)) (== netcoreapp2.0) (== netcoreapp2.2) (== netstandard2.0)
      System.Runtime.Handles (>= 4.3) - restriction: || (&& (== net461) (< net46)) (== netcoreapp2.0) (== netcoreapp2.2) (== netstandard2.0)
      System.Runtime.InteropServices (>= 4.3) - restriction: || (&& (== net461) (< net46)) (== netcoreapp2.0) (== netcoreapp2.2) (== netstandard2.0)
      System.Security.Cryptography.Algorithms (>= 4.3)
      System.Security.Cryptography.Encoding (>= 4.3) - restriction: || (&& (== net461) (< net46)) (== netcoreapp2.0) (== netcoreapp2.2) (== netstandard2.0)
      System.Security.Cryptography.Primitives (>= 4.3)
      System.Text.Encoding (>= 4.3) - restriction: || (&& (== net461) (< net46)) (== netcoreapp2.0) (== netcoreapp2.2) (== netstandard2.0)
      System.Threading (>= 4.3) - restriction: || (&& (== net461) (< net46)) (== netcoreapp2.0) (== netcoreapp2.2) (== netstandard2.0)
    System.Security.Cryptography.Encoding (4.3)
      Microsoft.NETCore.Platforms (>= 1.1) - restriction: || (&& (== net461) (< net46)) (== netcoreapp2.0) (== netcoreapp2.2) (== netstandard2.0)
      runtime.native.System.Security.Cryptography.OpenSsl (>= 4.3) - restriction: || (&& (== net461) (< net46)) (== netcoreapp2.0) (== netcoreapp2.2) (== netstandard2.0)
      System.Collections (>= 4.3) - restriction: || (&& (== net461) (< net46)) (== netcoreapp2.0) (== netcoreapp2.2) (== netstandard2.0)
      System.Collections.Concurrent (>= 4.3) - restriction: || (&& (== net461) (< net46)) (== netcoreapp2.0) (== netcoreapp2.2) (== netstandard2.0)
      System.Linq (>= 4.3) - restriction: || (&& (== net461) (< net46)) (== netcoreapp2.0) (== netcoreapp2.2) (== netstandard2.0)
      System.Resources.ResourceManager (>= 4.3) - restriction: || (&& (== net461) (< net46)) (== netcoreapp2.0) (== netcoreapp2.2) (== netstandard2.0)
      System.Runtime (>= 4.3) - restriction: || (&& (== net461) (< net46)) (== netcoreapp2.0) (== netcoreapp2.2) (== netstandard2.0)
      System.Runtime.Extensions (>= 4.3) - restriction: || (&& (== net461) (< net46)) (== netcoreapp2.0) (== netcoreapp2.2) (== netstandard2.0)
      System.Runtime.Handles (>= 4.3) - restriction: || (&& (== net461) (< net46)) (== netcoreapp2.0) (== netcoreapp2.2) (== netstandard2.0)
      System.Runtime.InteropServices (>= 4.3) - restriction: || (&& (== net461) (< net46)) (== netcoreapp2.0) (== netcoreapp2.2) (== netstandard2.0)
      System.Security.Cryptography.Primitives (>= 4.3) - restriction: || (&& (== net461) (< net46)) (== netcoreapp2.0) (== netcoreapp2.2) (== netstandard2.0)
      System.Text.Encoding (>= 4.3) - restriction: || (&& (== net461) (< net46)) (== netcoreapp2.0) (== netcoreapp2.2) (== netstandard2.0)
    System.Security.Cryptography.OpenSsl (4.5) - restriction: || (&& (== net461) (< net45) (>= netstandard1.6)) (== netcoreapp2.0) (== netcoreapp2.2) (== netstandard2.0)
      Microsoft.NETCore.Platforms (>= 2.0) - restriction: || (&& (== net461) (>= netcoreapp2.0)) (== netcoreapp2.0) (&& (== netcoreapp2.2) (< netcoreapp2.1)) (&& (== netstandard2.0) (>= netcoreapp2.0))
    System.Security.Cryptography.Primitives (4.3) - restriction: || (&& (== net461) (< net45) (>= netstandard1.6)) (== netcoreapp2.0) (== netcoreapp2.2) (== netstandard2.0)
      System.Diagnostics.Debug (>= 4.3) - restriction: || (&& (== net461) (< net46)) (== netcoreapp2.0) (== netcoreapp2.2) (== netstandard2.0)
      System.Globalization (>= 4.3) - restriction: || (&& (== net461) (< net46)) (== netcoreapp2.0) (== netcoreapp2.2) (== netstandard2.0)
      System.IO (>= 4.3) - restriction: || (&& (== net461) (< net46)) (== netcoreapp2.0) (== netcoreapp2.2) (== netstandard2.0)
      System.Resources.ResourceManager (>= 4.3) - restriction: || (&& (== net461) (< net46)) (== netcoreapp2.0) (== netcoreapp2.2) (== netstandard2.0)
      System.Runtime (>= 4.3) - restriction: || (&& (== net461) (< net46)) (== netcoreapp2.0) (== netcoreapp2.2) (== netstandard2.0)
      System.Threading (>= 4.3) - restriction: || (&& (== net461) (< net46)) (== netcoreapp2.0) (== netcoreapp2.2) (== netstandard2.0)
      System.Threading.Tasks (>= 4.3) - restriction: || (&& (== net461) (< net46)) (== netcoreapp2.0) (== netcoreapp2.2) (== netstandard2.0)
    System.Security.Cryptography.X509Certificates (4.3.2)
      Microsoft.NETCore.Platforms (>= 1.1) - restriction: || (&& (== net461) (>= dnxcore50)) (&& (== net461) (< net46) (>= netstandard1.6)) (== netcoreapp2.0) (== netcoreapp2.2) (== netstandard2.0)
      runtime.native.System (>= 4.3) - restriction: || (&& (== net461) (< net46) (>= netstandard1.6)) (== netcoreapp2.0) (== netcoreapp2.2) (== netstandard2.0)
      runtime.native.System.Net.Http (>= 4.3) - restriction: || (&& (== net461) (< net46) (>= netstandard1.6)) (== netcoreapp2.0) (== netcoreapp2.2) (== netstandard2.0)
      runtime.native.System.Security.Cryptography.OpenSsl (>= 4.3.2) - restriction: || (&& (== net461) (< net46) (>= netstandard1.6)) (== netcoreapp2.0) (== netcoreapp2.2) (== netstandard2.0)
      System.Collections (>= 4.3) - restriction: || (&& (== net461) (>= dnxcore50)) (&& (== net461) (< net46) (>= netstandard1.6)) (== netcoreapp2.0) (== netcoreapp2.2) (== netstandard2.0)
      System.Diagnostics.Debug (>= 4.3) - restriction: || (&& (== net461) (< net46) (>= netstandard1.6)) (== netcoreapp2.0) (== netcoreapp2.2) (== netstandard2.0)
      System.Globalization (>= 4.3) - restriction: || (&& (== net461) (>= dnxcore50)) (&& (== net461) (< net46) (>= netstandard1.6)) (== netcoreapp2.0) (== netcoreapp2.2) (== netstandard2.0)
      System.Globalization.Calendars (>= 4.3) - restriction: || (&& (== net461) (>= dnxcore50)) (&& (== net461) (< net46) (>= netstandard1.6)) (== netcoreapp2.0) (== netcoreapp2.2) (== netstandard2.0)
      System.IO (>= 4.3) - restriction: || (&& (== net461) (>= dnxcore50)) (&& (== net461) (< net46) (>= netstandard1.6)) (== netcoreapp2.0) (== netcoreapp2.2) (== netstandard2.0)
      System.IO.FileSystem (>= 4.3) - restriction: || (&& (== net461) (>= dnxcore50)) (&& (== net461) (< net46) (>= netstandard1.6)) (== netcoreapp2.0) (== netcoreapp2.2) (== netstandard2.0)
      System.IO.FileSystem.Primitives (>= 4.3) - restriction: || (&& (== net461) (< net46) (>= netstandard1.6)) (== netcoreapp2.0) (== netcoreapp2.2) (== netstandard2.0)
      System.Resources.ResourceManager (>= 4.3) - restriction: || (&& (== net461) (>= dnxcore50)) (&& (== net461) (< net46) (>= netstandard1.6)) (== netcoreapp2.0) (== netcoreapp2.2) (== netstandard2.0)
      System.Runtime (>= 4.3) - restriction: || (&& (== net461) (>= dnxcore50)) (&& (== net461) (< net46)) (== netcoreapp2.0) (== netcoreapp2.2) (== netstandard2.0)
      System.Runtime.Extensions (>= 4.3) - restriction: || (&& (== net461) (>= dnxcore50)) (&& (== net461) (< net46) (>= netstandard1.6)) (== netcoreapp2.0) (== netcoreapp2.2) (== netstandard2.0)
      System.Runtime.Handles (>= 4.3) - restriction: || (&& (== net461) (>= dnxcore50)) (&& (== net461) (< net46)) (== netcoreapp2.0) (== netcoreapp2.2) (== netstandard2.0)
      System.Runtime.InteropServices (>= 4.3) - restriction: || (&& (== net461) (>= dnxcore50)) (&& (== net461) (< net46) (>= netstandard1.6)) (== netcoreapp2.0) (== netcoreapp2.2) (== netstandard2.0)
      System.Runtime.Numerics (>= 4.3) - restriction: || (&& (== net461) (>= dnxcore50)) (&& (== net461) (< net46) (>= netstandard1.6)) (== netcoreapp2.0) (== netcoreapp2.2) (== netstandard2.0)
      System.Security.Cryptography.Algorithms (>= 4.3)
      System.Security.Cryptography.Cng (>= 4.3) - restriction: || (&& (== net461) (>= dnxcore50)) (&& (== net461) (< net46) (>= netstandard1.6)) (== netcoreapp2.0) (== netcoreapp2.2) (== netstandard2.0)
      System.Security.Cryptography.Csp (>= 4.3) - restriction: || (&& (== net461) (< net46) (>= netstandard1.6)) (== netcoreapp2.0) (== netcoreapp2.2) (== netstandard2.0)
      System.Security.Cryptography.Encoding (>= 4.3)
      System.Security.Cryptography.OpenSsl (>= 4.3) - restriction: || (&& (== net461) (< net46) (>= netstandard1.6)) (== netcoreapp2.0) (== netcoreapp2.2) (== netstandard2.0)
      System.Security.Cryptography.Primitives (>= 4.3) - restriction: || (&& (== net461) (>= dnxcore50)) (&& (== net461) (< net46) (>= netstandard1.6)) (== netcoreapp2.0) (== netcoreapp2.2) (== netstandard2.0)
      System.Text.Encoding (>= 4.3) - restriction: || (&& (== net461) (>= dnxcore50)) (&& (== net461) (< net46) (>= netstandard1.6)) (== netcoreapp2.0) (== netcoreapp2.2) (== netstandard2.0)
      System.Threading (>= 4.3) - restriction: || (&& (== net461) (>= dnxcore50)) (&& (== net461) (< net46) (>= netstandard1.6)) (== netcoreapp2.0) (== netcoreapp2.2) (== netstandard2.0)
    System.Security.Principal.Windows (4.5.1) - restriction: || (&& (== net461) (>= monoandroid)) (&& (== net461) (>= monotouch)) (&& (== net461) (< net46)) (&& (== net461) (>= netcoreapp2.0)) (&& (== net461) (>= netcoreapp2.1)) (&& (== net461) (>= xamarinios)) (&& (== net461) (>= xamarinmac)) (&& (== net461) (>= xamarintvos)) (&& (== net461) (>= xamarinwatchos)) (== netcoreapp2.0) (== netcoreapp2.2) (== netstandard2.0)
      Microsoft.NETCore.Platforms (>= 2.0) - restriction: || (&& (== net461) (>= netcoreapp2.0)) (== netcoreapp2.0) (== netcoreapp2.2) (&& (== netstandard2.0) (>= netcoreapp2.0))
    System.Text.Encoding (4.3) - restriction: || (&& (== net461) (>= dnxcore50)) (&& (== net461) (< net45)) (== netcoreapp2.0) (== netcoreapp2.2) (== netstandard2.0)
      Microsoft.NETCore.Platforms (>= 1.1) - restriction: || (&& (== net461) (>= dnxcore50)) (&& (== net461) (< net45)) (== netcoreapp2.0) (== netcoreapp2.2) (== netstandard2.0)
      Microsoft.NETCore.Targets (>= 1.1) - restriction: || (&& (== net461) (>= dnxcore50)) (&& (== net461) (< net45)) (== netcoreapp2.0) (== netcoreapp2.2) (== netstandard2.0)
      System.Runtime (>= 4.3) - restriction: || (&& (== net461) (>= dnxcore50)) (&& (== net461) (< net45)) (== netcoreapp2.0) (== netcoreapp2.2) (== netstandard2.0)
    System.Text.Encoding.CodePages (4.5) - restriction: || (&& (== net461) (< net46) (>= netstandard2.0)) (== netcoreapp2.0) (== netcoreapp2.2) (== netstandard2.0)
      Microsoft.NETCore.Platforms (>= 2.0) - restriction: || (&& (== net461) (>= netcoreapp2.0)) (== netcoreapp2.0) (== netcoreapp2.2) (&& (== netstandard2.0) (>= netcoreapp2.0))
      System.Runtime.CompilerServices.Unsafe (>= 4.5)
    System.Text.Encoding.Extensions (4.3) - restriction: || (&& (== net461) (>= dnxcore50)) (&& (== net461) (< net45)) (== netcoreapp2.0) (== netcoreapp2.2) (== netstandard2.0)
      Microsoft.NETCore.Platforms (>= 1.1) - restriction: || (&& (== net461) (>= dnxcore50)) (&& (== net461) (< net45)) (== netcoreapp2.0) (== netcoreapp2.2) (== netstandard2.0)
      Microsoft.NETCore.Targets (>= 1.1) - restriction: || (&& (== net461) (>= dnxcore50)) (&& (== net461) (< net45)) (== netcoreapp2.0) (== netcoreapp2.2) (== netstandard2.0)
      System.Runtime (>= 4.3) - restriction: || (&& (== net461) (>= dnxcore50)) (&& (== net461) (< net45)) (== netcoreapp2.0) (== netcoreapp2.2) (== netstandard2.0)
      System.Text.Encoding (>= 4.3) - restriction: || (&& (== net461) (>= dnxcore50)) (&& (== net461) (< net45)) (== netcoreapp2.0) (== netcoreapp2.2) (== netstandard2.0)
    System.Text.RegularExpressions (4.3) - restriction: || (&& (== net461) (>= dnxcore50)) (&& (== net461) (< net45)) (== netcoreapp2.0) (== netcoreapp2.2) (== netstandard2.0)
      System.Collections (>= 4.3) - restriction: || (&& (== net461) (>= dnxcore50)) (&& (== net461) (< net45) (>= netstandard1.6)) (&& (== netcoreapp2.0) (>= dnxcore50)) (&& (== netcoreapp2.0) (< netcoreapp1.1)) (&& (== netcoreapp2.2) (>= dnxcore50)) (&& (== netcoreapp2.2) (< netcoreapp1.1)) (== netstandard2.0)
      System.Globalization (>= 4.3) - restriction: || (&& (== net461) (>= dnxcore50)) (&& (== net461) (< net45) (>= netstandard1.6)) (&& (== netcoreapp2.0) (>= dnxcore50)) (&& (== netcoreapp2.0) (< netcoreapp1.1)) (&& (== netcoreapp2.2) (>= dnxcore50)) (&& (== netcoreapp2.2) (< netcoreapp1.1)) (== netstandard2.0)
      System.Resources.ResourceManager (>= 4.3) - restriction: || (&& (== net461) (>= dnxcore50)) (&& (== net461) (< net45) (>= netstandard1.6)) (&& (== netcoreapp2.0) (>= dnxcore50)) (&& (== netcoreapp2.0) (< netcoreapp1.1)) (&& (== netcoreapp2.2) (>= dnxcore50)) (&& (== netcoreapp2.2) (< netcoreapp1.1)) (== netstandard2.0)
      System.Runtime (>= 4.3) - restriction: || (&& (== net461) (>= dnxcore50)) (&& (== net461) (< net45)) (&& (== net461) (>= netcoreapp1.1)) (== netcoreapp2.0) (== netcoreapp2.2) (== netstandard2.0)
      System.Runtime.Extensions (>= 4.3) - restriction: || (&& (== net461) (>= dnxcore50)) (&& (== net461) (< net45) (>= netstandard1.6)) (&& (== netcoreapp2.0) (>= dnxcore50)) (&& (== netcoreapp2.0) (< netcoreapp1.1)) (&& (== netcoreapp2.2) (>= dnxcore50)) (&& (== netcoreapp2.2) (< netcoreapp1.1)) (== netstandard2.0)
      System.Threading (>= 4.3) - restriction: || (&& (== net461) (>= dnxcore50)) (&& (== net461) (< net45) (>= netstandard1.6)) (&& (== netcoreapp2.0) (>= dnxcore50)) (&& (== netcoreapp2.0) (< netcoreapp1.1)) (&& (== netcoreapp2.2) (>= dnxcore50)) (&& (== netcoreapp2.2) (< netcoreapp1.1)) (== netstandard2.0)
    System.Threading (4.3) - restriction: || (&& (== net461) (>= dnxcore50)) (&& (== net461) (< net45)) (== netcoreapp2.0) (== netcoreapp2.2) (== netstandard2.0)
      System.Runtime (>= 4.3) - restriction: || (&& (== net461) (>= dnxcore50)) (&& (== net461) (< net45)) (== netcoreapp2.0) (== netcoreapp2.2) (== netstandard2.0)
      System.Threading.Tasks (>= 4.3) - restriction: || (&& (== net461) (>= dnxcore50)) (&& (== net461) (< net45)) (== netcoreapp2.0) (== netcoreapp2.2) (== netstandard2.0)
    System.Threading.Overlapped (4.3) - restriction: || (&& (== net461) (< net46)) (== netcoreapp2.0) (== netcoreapp2.2) (== netstandard2.0)
      Microsoft.NETCore.Platforms (>= 1.1) - restriction: || (&& (== net461) (>= dnxcore50)) (&& (== net461) (< net46)) (== netcoreapp2.0) (== netcoreapp2.2) (== netstandard2.0)
      System.Resources.ResourceManager (>= 4.3) - restriction: || (&& (== net461) (>= dnxcore50)) (&& (== net461) (< net46)) (== netcoreapp2.0) (== netcoreapp2.2) (== netstandard2.0)
      System.Runtime (>= 4.3) - restriction: || (&& (== net461) (>= dnxcore50)) (&& (== net461) (< net46)) (== netcoreapp2.0) (== netcoreapp2.2) (== netstandard2.0)
      System.Runtime.Handles (>= 4.3) - restriction: || (&& (== net461) (>= dnxcore50)) (&& (== net461) (< net46)) (== netcoreapp2.0) (== netcoreapp2.2) (== netstandard2.0)
    System.Threading.Tasks (4.3) - restriction: || (&& (== net461) (>= dnxcore50)) (&& (== net461) (< net45)) (== netcoreapp2.0) (== netcoreapp2.2) (== netstandard2.0)
      Microsoft.NETCore.Platforms (>= 1.1) - restriction: || (&& (== net461) (>= dnxcore50)) (&& (== net461) (< net45)) (== netcoreapp2.0) (== netcoreapp2.2) (== netstandard2.0)
      Microsoft.NETCore.Targets (>= 1.1) - restriction: || (&& (== net461) (>= dnxcore50)) (&& (== net461) (< net45)) (== netcoreapp2.0) (== netcoreapp2.2) (== netstandard2.0)
      System.Runtime (>= 4.3) - restriction: || (&& (== net461) (>= dnxcore50)) (&& (== net461) (< net45)) (== netcoreapp2.0) (== netcoreapp2.2) (== netstandard2.0)
    System.Threading.Tasks.Dataflow (4.9) - restriction: || (&& (== net461) (< net46) (>= netstandard2.0)) (&& (== net461) (>= netcoreapp2.1)) (== netcoreapp2.0) (== netcoreapp2.2) (== netstandard2.0)
    System.Threading.Tasks.Extensions (4.5.1)
      System.Runtime.CompilerServices.Unsafe (>= 4.5) - restriction: || (== net461) (== netcoreapp2.0) (&& (== netcoreapp2.2) (>= net45)) (&& (== netcoreapp2.2) (< netcoreapp2.1)) (&& (== netcoreapp2.2) (< netstandard1.0)) (&& (== netcoreapp2.2) (< netstandard2.0)) (&& (== netcoreapp2.2) (>= wp8)) (== netstandard2.0)
    System.Threading.Thread (4.3) - restriction: || (&& (== net461) (< net46)) (== netcoreapp2.0) (== netcoreapp2.2) (== netstandard2.0)
      System.Runtime (>= 4.3) - restriction: || (&& (== net461) (< net46)) (== netcoreapp2.0) (== netcoreapp2.2) (== netstandard2.0)
    System.Threading.ThreadPool (4.3) - restriction: || (&& (== net461) (< net46)) (== netcoreapp2.0) (== netcoreapp2.2) (== netstandard2.0)
      System.Runtime (>= 4.3) - restriction: || (&& (== net461) (< net46)) (== netcoreapp2.0) (== netcoreapp2.2) (== netstandard2.0)
      System.Runtime.Handles (>= 4.3) - restriction: || (&& (== net461) (< net46)) (== netcoreapp2.0) (== netcoreapp2.2) (== netstandard2.0)
    System.ValueTuple (4.5) - restriction: || (== net461) (&& (== netcoreapp2.0) (>= net46)) (&& (== netcoreapp2.0) (< netstandard2.0) (>= uap10.0)) (&& (== netcoreapp2.2) (>= net46)) (&& (== netcoreapp2.2) (< netstandard2.0) (>= uap10.0)) (&& (== netstandard2.0) (>= net46))
    System.Xml.ReaderWriter (4.3.1)
      System.Collections (>= 4.3) - restriction: || (&& (== net461) (>= dnxcore50)) (&& (== net461) (< net45)) (== netcoreapp2.0) (== netcoreapp2.2) (== netstandard2.0)
      System.Diagnostics.Debug (>= 4.3) - restriction: || (&& (== net461) (>= dnxcore50)) (&& (== net461) (< net45)) (== netcoreapp2.0) (== netcoreapp2.2) (== netstandard2.0)
      System.Globalization (>= 4.3) - restriction: || (&& (== net461) (>= dnxcore50)) (&& (== net461) (< net45)) (== netcoreapp2.0) (== netcoreapp2.2) (== netstandard2.0)
      System.IO (>= 4.3) - restriction: || (&& (== net461) (>= dnxcore50)) (&& (== net461) (< net45)) (== netcoreapp2.0) (== netcoreapp2.2) (== netstandard2.0)
      System.IO.FileSystem (>= 4.3) - restriction: || (&& (== net461) (>= dnxcore50)) (&& (== net461) (< net45)) (== netcoreapp2.0) (== netcoreapp2.2) (== netstandard2.0)
      System.IO.FileSystem.Primitives (>= 4.3) - restriction: || (&& (== net461) (>= dnxcore50)) (&& (== net461) (< net45)) (== netcoreapp2.0) (== netcoreapp2.2) (== netstandard2.0)
      System.Resources.ResourceManager (>= 4.3) - restriction: || (&& (== net461) (>= dnxcore50)) (&& (== net461) (< net45)) (== netcoreapp2.0) (== netcoreapp2.2) (== netstandard2.0)
      System.Runtime (>= 4.3) - restriction: || (&& (== net461) (>= dnxcore50)) (&& (== net461) (< net45)) (== netcoreapp2.0) (== netcoreapp2.2) (== netstandard2.0)
      System.Runtime.Extensions (>= 4.3) - restriction: || (&& (== net461) (>= dnxcore50)) (&& (== net461) (< net45)) (== netcoreapp2.0) (== netcoreapp2.2) (== netstandard2.0)
      System.Runtime.InteropServices (>= 4.3) - restriction: || (&& (== net461) (>= dnxcore50)) (&& (== net461) (< net45)) (== netcoreapp2.0) (== netcoreapp2.2) (== netstandard2.0)
      System.Text.Encoding (>= 4.3) - restriction: || (&& (== net461) (>= dnxcore50)) (&& (== net461) (< net45)) (== netcoreapp2.0) (== netcoreapp2.2) (== netstandard2.0)
      System.Text.Encoding.Extensions (>= 4.3) - restriction: || (&& (== net461) (>= dnxcore50)) (&& (== net461) (< net45)) (== netcoreapp2.0) (== netcoreapp2.2) (== netstandard2.0)
      System.Text.RegularExpressions (>= 4.3) - restriction: || (&& (== net461) (>= dnxcore50)) (&& (== net461) (< net45)) (== netcoreapp2.0) (== netcoreapp2.2) (== netstandard2.0)
      System.Threading.Tasks (>= 4.3) - restriction: || (&& (== net461) (>= dnxcore50)) (&& (== net461) (< net45)) (== netcoreapp2.0) (== netcoreapp2.2) (== netstandard2.0)
      System.Threading.Tasks.Extensions (>= 4.3) - restriction: || (&& (== net461) (>= dnxcore50)) (&& (== net461) (< net45)) (== netcoreapp2.0) (== netcoreapp2.2) (== netstandard2.0)
    System.Xml.XDocument (4.3) - restriction: || (&& (== net461) (< net46) (>= netstandard1.6)) (&& (== net461) (< net46) (>= netstandard2.0)) (== netcoreapp2.0) (== netcoreapp2.2) (== netstandard2.0)
      System.Collections (>= 4.3) - restriction: || (&& (== net461) (>= dnxcore50)) (&& (== net461) (< net45)) (== netcoreapp2.0) (== netcoreapp2.2) (== netstandard2.0)
      System.Diagnostics.Debug (>= 4.3) - restriction: || (&& (== net461) (>= dnxcore50)) (&& (== net461) (< net45)) (== netcoreapp2.0) (== netcoreapp2.2) (== netstandard2.0)
      System.Diagnostics.Tools (>= 4.3) - restriction: || (&& (== net461) (>= dnxcore50)) (&& (== net461) (< net45)) (== netcoreapp2.0) (== netcoreapp2.2) (== netstandard2.0)
      System.Globalization (>= 4.3) - restriction: || (&& (== net461) (>= dnxcore50)) (&& (== net461) (< net45)) (== netcoreapp2.0) (== netcoreapp2.2) (== netstandard2.0)
      System.IO (>= 4.3) - restriction: || (&& (== net461) (>= dnxcore50)) (&& (== net461) (< net45)) (== netcoreapp2.0) (== netcoreapp2.2) (== netstandard2.0)
      System.Reflection (>= 4.3) - restriction: || (&& (== net461) (>= dnxcore50)) (&& (== net461) (< net45)) (== netcoreapp2.0) (== netcoreapp2.2) (== netstandard2.0)
      System.Resources.ResourceManager (>= 4.3) - restriction: || (&& (== net461) (>= dnxcore50)) (&& (== net461) (< net45)) (== netcoreapp2.0) (== netcoreapp2.2) (== netstandard2.0)
      System.Runtime (>= 4.3) - restriction: || (&& (== net461) (>= dnxcore50)) (&& (== net461) (< net45)) (== netcoreapp2.0) (== netcoreapp2.2) (== netstandard2.0)
      System.Runtime.Extensions (>= 4.3) - restriction: || (&& (== net461) (>= dnxcore50)) (&& (== net461) (< net45)) (== netcoreapp2.0) (== netcoreapp2.2) (== netstandard2.0)
      System.Text.Encoding (>= 4.3) - restriction: || (&& (== net461) (>= dnxcore50)) (&& (== net461) (< net45)) (== netcoreapp2.0) (== netcoreapp2.2) (== netstandard2.0)
      System.Threading (>= 4.3) - restriction: || (&& (== net461) (>= dnxcore50)) (&& (== net461) (< net45)) (== netcoreapp2.0) (== netcoreapp2.2) (== netstandard2.0)
      System.Xml.ReaderWriter (>= 4.3) - restriction: || (&& (== net461) (>= dnxcore50)) (&& (== net461) (< net45)) (== netcoreapp2.0) (== netcoreapp2.2) (== netstandard2.0)
    System.Xml.XmlDocument (4.3)
      System.Collections (>= 4.3) - restriction: || (&& (== net461) (< net46)) (== netcoreapp2.0) (== netcoreapp2.2) (== netstandard2.0)
      System.Diagnostics.Debug (>= 4.3) - restriction: || (&& (== net461) (< net46)) (== netcoreapp2.0) (== netcoreapp2.2) (== netstandard2.0)
      System.Globalization (>= 4.3) - restriction: || (&& (== net461) (< net46)) (== netcoreapp2.0) (== netcoreapp2.2) (== netstandard2.0)
      System.IO (>= 4.3) - restriction: || (&& (== net461) (< net46)) (== netcoreapp2.0) (== netcoreapp2.2) (== netstandard2.0)
      System.Resources.ResourceManager (>= 4.3) - restriction: || (&& (== net461) (< net46)) (== netcoreapp2.0) (== netcoreapp2.2) (== netstandard2.0)
      System.Runtime (>= 4.3) - restriction: || (&& (== net461) (< net46)) (== netcoreapp2.0) (== netcoreapp2.2) (== netstandard2.0)
      System.Runtime.Extensions (>= 4.3) - restriction: || (&& (== net461) (< net46)) (== netcoreapp2.0) (== netcoreapp2.2) (== netstandard2.0)
      System.Text.Encoding (>= 4.3) - restriction: || (&& (== net461) (< net46)) (== netcoreapp2.0) (== netcoreapp2.2) (== netstandard2.0)
      System.Threading (>= 4.3) - restriction: || (&& (== net461) (< net46)) (== netcoreapp2.0) (== netcoreapp2.2) (== netstandard2.0)
      System.Xml.ReaderWriter (>= 4.3) - restriction: || (&& (== net461) (< net46)) (== netcoreapp2.0) (== netcoreapp2.2) (== netstandard2.0)
    System.Xml.XPath (4.3)
      System.Collections (>= 4.3) - restriction: || (&& (== net461) (< net46)) (== netcoreapp2.0) (== netcoreapp2.2) (== netstandard2.0)
      System.Diagnostics.Debug (>= 4.3) - restriction: || (&& (== net461) (< net46)) (== netcoreapp2.0) (== netcoreapp2.2) (== netstandard2.0)
      System.Globalization (>= 4.3) - restriction: || (&& (== net461) (< net46)) (== netcoreapp2.0) (== netcoreapp2.2) (== netstandard2.0)
      System.IO (>= 4.3) - restriction: || (&& (== net461) (< net46)) (== netcoreapp2.0) (== netcoreapp2.2) (== netstandard2.0)
      System.Resources.ResourceManager (>= 4.3) - restriction: || (&& (== net461) (< net46)) (== netcoreapp2.0) (== netcoreapp2.2) (== netstandard2.0)
      System.Runtime (>= 4.3) - restriction: || (&& (== net461) (< net46)) (== netcoreapp2.0) (== netcoreapp2.2) (== netstandard2.0)
      System.Runtime.Extensions (>= 4.3) - restriction: || (&& (== net461) (< net46)) (== netcoreapp2.0) (== netcoreapp2.2) (== netstandard2.0)
      System.Threading (>= 4.3) - restriction: || (&& (== net461) (< net46)) (== netcoreapp2.0) (== netcoreapp2.2) (== netstandard2.0)
      System.Xml.ReaderWriter (>= 4.3) - restriction: || (&& (== net461) (< net46)) (== netcoreapp2.0) (== netcoreapp2.2) (== netstandard2.0)
    System.Xml.XPath.XDocument (4.3)
      System.Diagnostics.Debug (>= 4.3) - restriction: || (&& (== net461) (< net46)) (== netcoreapp2.0) (== netcoreapp2.2) (== netstandard2.0)
      System.Linq (>= 4.3) - restriction: || (&& (== net461) (< net46)) (== netcoreapp2.0) (== netcoreapp2.2) (== netstandard2.0)
      System.Resources.ResourceManager (>= 4.3) - restriction: || (&& (== net461) (< net46)) (== netcoreapp2.0) (== netcoreapp2.2) (== netstandard2.0)
      System.Runtime (>= 4.3) - restriction: || (&& (== net461) (< net46)) (== netcoreapp2.0) (== netcoreapp2.2) (== netstandard2.0)
      System.Runtime.Extensions (>= 4.3) - restriction: || (&& (== net461) (< net46)) (== netcoreapp2.0) (== netcoreapp2.2) (== netstandard2.0)
      System.Threading (>= 4.3) - restriction: || (&& (== net461) (< net46)) (== netcoreapp2.0) (== netcoreapp2.2) (== netstandard2.0)
      System.Xml.ReaderWriter (>= 4.3) - restriction: || (&& (== net461) (< net46)) (== netcoreapp2.0) (== netcoreapp2.2) (== netstandard2.0)
      System.Xml.XDocument (>= 4.3) - restriction: || (&& (== net461) (< net46)) (== netcoreapp2.0) (== netcoreapp2.2) (== netstandard2.0)
      System.Xml.XPath (>= 4.3)
    System.Xml.XPath.XmlDocument (4.3)
      System.Collections (>= 4.3) - restriction: || (&& (== net461) (< net46)) (== netcoreapp2.0) (== netcoreapp2.2) (== netstandard2.0)
      System.Globalization (>= 4.3) - restriction: || (&& (== net461) (< net46)) (== netcoreapp2.0) (== netcoreapp2.2) (== netstandard2.0)
      System.IO (>= 4.3) - restriction: || (&& (== net461) (< net46)) (== netcoreapp2.0) (== netcoreapp2.2) (== netstandard2.0)
      System.Resources.ResourceManager (>= 4.3) - restriction: || (&& (== net461) (< net46)) (== netcoreapp2.0) (== netcoreapp2.2) (== netstandard2.0)
      System.Runtime (>= 4.3) - restriction: || (&& (== net461) (< net46)) (== netcoreapp2.0) (== netcoreapp2.2) (== netstandard2.0)
      System.Runtime.Extensions (>= 4.3) - restriction: || (&& (== net461) (< net46)) (== netcoreapp2.0) (== netcoreapp2.2) (== netstandard2.0)
      System.Threading (>= 4.3) - restriction: || (&& (== net461) (< net46)) (== netcoreapp2.0) (== netcoreapp2.2) (== netstandard2.0)
      System.Xml.ReaderWriter (>= 4.3) - restriction: || (&& (== net461) (< net46)) (== netcoreapp2.0) (== netcoreapp2.2) (== netstandard2.0)
      System.Xml.XmlDocument (>= 4.3)
      System.Xml.XPath (>= 4.3)

GROUP Examples
REDIRECTS: ON
STORAGE: NONE
RESTRICTION: || (== net461) (== netcoreapp2.0) (== netcoreapp2.2) (== netstandard2.0)
NUGET
  remote: https://api.nuget.org/v3/index.json
    Argu (5.1)
      FSharp.Core (>= 4.0.0.1) - restriction: || (== net461) (&& (== netcoreapp2.0) (>= net45)) (&& (== netcoreapp2.2) (>= net45)) (&& (== netstandard2.0) (>= net45))
      FSharp.Core (>= 4.3.2) - restriction: || (&& (== net461) (< net45) (>= netstandard2.0)) (== netcoreapp2.0) (== netcoreapp2.2) (== netstandard2.0)
      System.Configuration.ConfigurationManager (>= 4.4) - restriction: || (&& (== net461) (< net45) (>= netstandard2.0)) (== netcoreapp2.0) (== netcoreapp2.2) (== netstandard2.0)
    Castle.Core (4.3.1)
      NETStandard.Library (>= 1.6.1) - restriction: || (&& (== net461) (< net35)) (== netcoreapp2.0) (== netcoreapp2.2) (== netstandard2.0)
      System.Collections.Specialized (>= 4.3) - restriction: || (&& (== net461) (< net35)) (== netcoreapp2.0) (== netcoreapp2.2) (== netstandard2.0)
      System.ComponentModel (>= 4.3) - restriction: || (&& (== net461) (< net35)) (== netcoreapp2.0) (== netcoreapp2.2) (== netstandard2.0)
      System.ComponentModel.TypeConverter (>= 4.3) - restriction: || (&& (== net461) (< net35)) (== netcoreapp2.0) (== netcoreapp2.2) (== netstandard2.0)
      System.Diagnostics.TraceSource (>= 4.3) - restriction: || (&& (== net461) (< net35)) (== netcoreapp2.0) (== netcoreapp2.2) (== netstandard2.0)
      System.Dynamic.Runtime (>= 4.3) - restriction: || (&& (== net461) (< net35)) (== netcoreapp2.0) (== netcoreapp2.2) (== netstandard2.0)
      System.Reflection (>= 4.3) - restriction: || (&& (== net461) (< net35)) (== netcoreapp2.0) (== netcoreapp2.2) (== netstandard2.0)
      System.Reflection.Emit (>= 4.3) - restriction: || (&& (== net461) (< net35)) (== netcoreapp2.0) (== netcoreapp2.2) (== netstandard2.0)
      System.Reflection.TypeExtensions (>= 4.3) - restriction: || (&& (== net461) (< net35)) (== netcoreapp2.0) (== netcoreapp2.2) (== netstandard2.0)
      System.Xml.XmlDocument (>= 4.3) - restriction: || (&& (== net461) (< net35)) (== netcoreapp2.0) (== netcoreapp2.2) (== netstandard2.0)
    Chiron (7.0.0-beta-180105)
      FParsec (>= 1.0.2) - restriction: || (== net461) (&& (== netcoreapp2.0) (>= net45)) (&& (== netcoreapp2.2) (>= net45)) (&& (== netstandard2.0) (>= net45))
      FParsec (>= 1.0.3) - restriction: || (&& (== net461) (< net45) (>= netstandard1.6)) (== netcoreapp2.0) (== netcoreapp2.2) (== netstandard2.0)
      FSharp.Core (>= 4.1)
      NETStandard.Library (>= 1.6.1) - restriction: || (&& (== net461) (< net45) (>= netstandard1.6)) (== netcoreapp2.0) (== netcoreapp2.2) (== netstandard2.0)
    FParsec (1.0.3)
      FSharp.Core (>= 4.0.0.1) - restriction: || (== net461) (&& (== netcoreapp2.0) (>= net40)) (&& (== netcoreapp2.2) (>= net40)) (&& (== netstandard2.0) (>= net40))
      FSharp.Core (>= 4.2.3) - restriction: || (&& (== net461) (< net40) (>= netstandard1.6)) (== netcoreapp2.0) (== netcoreapp2.2) (== netstandard2.0)
      NETStandard.Library (>= 1.6.1) - restriction: || (&& (== net461) (< net40) (>= netstandard1.6)) (== netcoreapp2.0) (== netcoreapp2.2) (== netstandard2.0)
    FSharp.Core (4.5.4)
    Hopac (0.4.1)
      FSharp.Core (>= 4.5 < 5.0) - restriction: || (&& (== net461) (>= netstandard2.0)) (== netcoreapp2.0) (== netcoreapp2.2) (== netstandard2.0)
    Microsoft.Diagnostics.Tracing.EventSource.Redist (2.0.1) - restriction: || (== net461) (&& (== netcoreapp2.0) (>= net451)) (&& (== netcoreapp2.2) (>= net451)) (&& (== netstandard2.0) (>= net451))
    Microsoft.NETCore.Platforms (2.2) - restriction: || (&& (== net461) (< net35)) (&& (== net461) (>= netcoreapp2.0)) (== netcoreapp2.0) (== netcoreapp2.2) (== netstandard2.0)
    Microsoft.NETCore.Targets (2.1) - restriction: || (&& (== net461) (< net35)) (== netcoreapp2.0) (== netcoreapp2.2) (== netstandard2.0)
    Microsoft.Win32.Primitives (4.3) - restriction: || (&& (== net461) (< net451) (>= netstandard1.5)) (&& (== net461) (< net451) (>= netstandard1.6)) (== netcoreapp2.0) (== netcoreapp2.2) (== netstandard2.0)
      Microsoft.NETCore.Platforms (>= 1.1) - restriction: || (&& (== net461) (< net46)) (== netcoreapp2.0) (== netcoreapp2.2) (== netstandard2.0)
      Microsoft.NETCore.Targets (>= 1.1) - restriction: || (&& (== net461) (< net46)) (== netcoreapp2.0) (== netcoreapp2.2) (== netstandard2.0)
      System.Runtime (>= 4.3) - restriction: || (&& (== net461) (< net46)) (== netcoreapp2.0) (== netcoreapp2.2) (== netstandard2.0)
    NETStandard.Library (2.0.3) - restriction: || (&& (== net461) (< net45) (>= netstandard1.6)) (== netcoreapp2.0) (== netcoreapp2.2) (== netstandard2.0)
      Microsoft.NETCore.Platforms (>= 1.1)
    NodaTime (2.4.2)
    RabbitMQ.Client (5.1)
      Microsoft.Diagnostics.Tracing.EventSource.Redist (>= 1.1.28) - restriction: || (== net461) (&& (== netcoreapp2.0) (>= net451)) (&& (== netcoreapp2.2) (>= net451)) (&& (== netstandard2.0) (>= net451))
      NETStandard.Library (>= 1.6.1) - restriction: || (&& (== net461) (< net451) (>= netstandard1.5)) (== netcoreapp2.0) (== netcoreapp2.2) (== netstandard2.0)
      System.Collections.Concurrent (>= 4.3) - restriction: || (&& (== net461) (< net451) (>= netstandard1.5)) (== netcoreapp2.0) (== netcoreapp2.2) (== netstandard2.0)
      System.Console (>= 4.3) - restriction: || (&& (== net461) (< net451) (>= netstandard1.5)) (== netcoreapp2.0) (== netcoreapp2.2) (== netstandard2.0)
      System.Diagnostics.Debug (>= 4.3) - restriction: || (&& (== net461) (< net451) (>= netstandard1.5)) (== netcoreapp2.0) (== netcoreapp2.2) (== netstandard2.0)
      System.Diagnostics.Tracing (>= 4.3) - restriction: || (&& (== net461) (< net451) (>= netstandard1.5)) (== netcoreapp2.0) (== netcoreapp2.2) (== netstandard2.0)
      System.IO (>= 4.3) - restriction: || (&& (== net461) (< net451) (>= netstandard1.5)) (== netcoreapp2.0) (== netcoreapp2.2) (== netstandard2.0)
      System.Linq (>= 4.3) - restriction: || (&& (== net461) (< net451) (>= netstandard1.5)) (== netcoreapp2.0) (== netcoreapp2.2) (== netstandard2.0)
      System.Net.NameResolution (>= 4.3) - restriction: || (&& (== net461) (< net451) (>= netstandard1.5)) (== netcoreapp2.0) (== netcoreapp2.2) (== netstandard2.0)
      System.Net.Security (>= 4.3) - restriction: || (&& (== net461) (< net451) (>= netstandard1.5)) (== netcoreapp2.0) (== netcoreapp2.2) (== netstandard2.0)
      System.Net.Sockets (>= 4.3) - restriction: || (&& (== net461) (< net451) (>= netstandard1.5)) (== netcoreapp2.0) (== netcoreapp2.2) (== netstandard2.0)
      System.Reflection.Extensions (>= 4.3) - restriction: || (&& (== net461) (< net451) (>= netstandard1.5)) (== netcoreapp2.0) (== netcoreapp2.2) (== netstandard2.0)
      System.Reflection.TypeExtensions (>= 4.3) - restriction: || (&& (== net461) (< net451) (>= netstandard1.5)) (== netcoreapp2.0) (== netcoreapp2.2) (== netstandard2.0)
      System.Runtime (>= 4.3) - restriction: || (&& (== net461) (< net451) (>= netstandard1.5)) (== netcoreapp2.0) (== netcoreapp2.2) (== netstandard2.0)
      System.Runtime.Extensions (>= 4.3) - restriction: || (&& (== net461) (< net451) (>= netstandard1.5)) (== netcoreapp2.0) (== netcoreapp2.2) (== netstandard2.0)
      System.Text.RegularExpressions (>= 4.3) - restriction: || (&& (== net461) (< net451) (>= netstandard1.5)) (== netcoreapp2.0) (== netcoreapp2.2) (== netstandard2.0)
      System.Threading (>= 4.3) - restriction: || (&& (== net461) (< net451) (>= netstandard1.5)) (== netcoreapp2.0) (== netcoreapp2.2) (== netstandard2.0)
      System.Threading.Thread (>= 4.3) - restriction: || (&& (== net461) (< net451) (>= netstandard1.5)) (== netcoreapp2.0) (== netcoreapp2.2) (== netstandard2.0)
      System.Threading.Timer (>= 4.3) - restriction: || (&& (== net461) (< net451) (>= netstandard1.5)) (== netcoreapp2.0) (== netcoreapp2.2) (== netstandard2.0)
    runtime.debian.8-x64.runtime.native.System.Security.Cryptography.OpenSsl (4.3.3) - restriction: || (&& (== net461) (< net451) (>= netstandard1.6)) (== netcoreapp2.0) (== netcoreapp2.2) (== netstandard2.0)
    runtime.debian.9-x64.runtime.native.System.Security.Cryptography.OpenSsl (4.3.3) - restriction: || (&& (== net461) (< net451) (>= netstandard1.6)) (== netcoreapp2.0) (== netcoreapp2.2) (== netstandard2.0)
    runtime.fedora.23-x64.runtime.native.System.Security.Cryptography.OpenSsl (4.3.3) - restriction: || (&& (== net461) (< net451) (>= netstandard1.6)) (== netcoreapp2.0) (== netcoreapp2.2) (== netstandard2.0)
    runtime.fedora.24-x64.runtime.native.System.Security.Cryptography.OpenSsl (4.3.3) - restriction: || (&& (== net461) (< net451) (>= netstandard1.6)) (== netcoreapp2.0) (== netcoreapp2.2) (== netstandard2.0)
    runtime.fedora.27-x64.runtime.native.System.Security.Cryptography.OpenSsl (4.3.3) - restriction: || (&& (== net461) (< net451) (>= netstandard1.6)) (== netcoreapp2.0) (== netcoreapp2.2) (== netstandard2.0)
    runtime.fedora.28-x64.runtime.native.System.Security.Cryptography.OpenSsl (4.3.3) - restriction: || (&& (== net461) (< net451) (>= netstandard1.6)) (== netcoreapp2.0) (== netcoreapp2.2) (== netstandard2.0)
    runtime.native.System (4.3.1) - restriction: || (&& (== net461) (< net35)) (== netcoreapp2.0) (== netcoreapp2.2) (== netstandard2.0)
      Microsoft.NETCore.Platforms (>= 1.1.1)
      Microsoft.NETCore.Targets (>= 1.1.3)
    runtime.native.System.Net.Http (4.3.1) - restriction: || (&& (== net461) (< net451) (>= netstandard1.6)) (== netcoreapp2.0) (== netcoreapp2.2) (== netstandard2.0)
      Microsoft.NETCore.Platforms (>= 1.1.1)
      Microsoft.NETCore.Targets (>= 1.1.3)
    runtime.native.System.Net.Security (4.3.1) - restriction: || (&& (== net461) (< net451) (>= netstandard1.6)) (== netcoreapp2.0) (== netcoreapp2.2) (== netstandard2.0)
      Microsoft.NETCore.Platforms (>= 1.1.1)
      Microsoft.NETCore.Targets (>= 1.1.3)
    runtime.native.System.Security.Cryptography.Apple (4.3.1) - restriction: || (&& (== net461) (< net451) (>= netstandard1.6)) (== netcoreapp2.0) (== netcoreapp2.2) (== netstandard2.0)
      runtime.osx.10.10-x64.runtime.native.System.Security.Cryptography.Apple (>= 4.3.1)
    runtime.native.System.Security.Cryptography.OpenSsl (4.3.3) - restriction: || (&& (== net461) (< net451) (>= netstandard1.6)) (== netcoreapp2.0) (== netcoreapp2.2) (== netstandard2.0)
      runtime.debian.8-x64.runtime.native.System.Security.Cryptography.OpenSsl (>= 4.3.3)
      runtime.debian.9-x64.runtime.native.System.Security.Cryptography.OpenSsl (>= 4.3.3)
      runtime.fedora.23-x64.runtime.native.System.Security.Cryptography.OpenSsl (>= 4.3.3)
      runtime.fedora.24-x64.runtime.native.System.Security.Cryptography.OpenSsl (>= 4.3.3)
      runtime.fedora.27-x64.runtime.native.System.Security.Cryptography.OpenSsl (>= 4.3.3)
      runtime.fedora.28-x64.runtime.native.System.Security.Cryptography.OpenSsl (>= 4.3.3)
      runtime.opensuse.13.2-x64.runtime.native.System.Security.Cryptography.OpenSsl (>= 4.3.3)
      runtime.opensuse.42.1-x64.runtime.native.System.Security.Cryptography.OpenSsl (>= 4.3.3)
      runtime.opensuse.42.3-x64.runtime.native.System.Security.Cryptography.OpenSsl (>= 4.3.3)
      runtime.osx.10.10-x64.runtime.native.System.Security.Cryptography.OpenSsl (>= 4.3.3)
      runtime.rhel.7-x64.runtime.native.System.Security.Cryptography.OpenSsl (>= 4.3.3)
      runtime.ubuntu.14.04-x64.runtime.native.System.Security.Cryptography.OpenSsl (>= 4.3.3)
      runtime.ubuntu.16.04-x64.runtime.native.System.Security.Cryptography.OpenSsl (>= 4.3.3)
      runtime.ubuntu.16.10-x64.runtime.native.System.Security.Cryptography.OpenSsl (>= 4.3.3)
      runtime.ubuntu.18.04-x64.runtime.native.System.Security.Cryptography.OpenSsl (>= 4.3.3)
    runtime.opensuse.13.2-x64.runtime.native.System.Security.Cryptography.OpenSsl (4.3.3) - restriction: || (&& (== net461) (< net451) (>= netstandard1.6)) (== netcoreapp2.0) (== netcoreapp2.2) (== netstandard2.0)
    runtime.opensuse.42.1-x64.runtime.native.System.Security.Cryptography.OpenSsl (4.3.3) - restriction: || (&& (== net461) (< net451) (>= netstandard1.6)) (== netcoreapp2.0) (== netcoreapp2.2) (== netstandard2.0)
    runtime.opensuse.42.3-x64.runtime.native.System.Security.Cryptography.OpenSsl (4.3.3) - restriction: || (&& (== net461) (< net451) (>= netstandard1.6)) (== netcoreapp2.0) (== netcoreapp2.2) (== netstandard2.0)
    runtime.osx.10.10-x64.runtime.native.System.Security.Cryptography.Apple (4.3.1) - restriction: || (&& (== net461) (< net451) (>= netstandard1.6)) (== netcoreapp2.0) (== netcoreapp2.2) (== netstandard2.0)
    runtime.osx.10.10-x64.runtime.native.System.Security.Cryptography.OpenSsl (4.3.3) - restriction: || (&& (== net461) (< net451) (>= netstandard1.6)) (== netcoreapp2.0) (== netcoreapp2.2) (== netstandard2.0)
    runtime.rhel.7-x64.runtime.native.System.Security.Cryptography.OpenSsl (4.3.3) - restriction: || (&& (== net461) (< net451) (>= netstandard1.6)) (== netcoreapp2.0) (== netcoreapp2.2) (== netstandard2.0)
    runtime.ubuntu.14.04-x64.runtime.native.System.Security.Cryptography.OpenSsl (4.3.3) - restriction: || (&& (== net461) (< net451) (>= netstandard1.6)) (== netcoreapp2.0) (== netcoreapp2.2) (== netstandard2.0)
    runtime.ubuntu.16.04-x64.runtime.native.System.Security.Cryptography.OpenSsl (4.3.3) - restriction: || (&& (== net461) (< net451) (>= netstandard1.6)) (== netcoreapp2.0) (== netcoreapp2.2) (== netstandard2.0)
    runtime.ubuntu.16.10-x64.runtime.native.System.Security.Cryptography.OpenSsl (4.3.3) - restriction: || (&& (== net461) (< net451) (>= netstandard1.6)) (== netcoreapp2.0) (== netcoreapp2.2) (== netstandard2.0)
    runtime.ubuntu.18.04-x64.runtime.native.System.Security.Cryptography.OpenSsl (4.3.3) - restriction: || (&& (== net461) (< net451) (>= netstandard1.6)) (== netcoreapp2.0) (== netcoreapp2.2) (== netstandard2.0)
    System.Buffers (4.5) - restriction: || (&& (== net461) (== netcoreapp2.0)) (&& (== net461) (== netcoreapp2.2)) (&& (== net461) (>= monoandroid) (>= netstandard2.0)) (&& (== net461) (>= monotouch) (>= netstandard2.0)) (&& (== net461) (< net45) (>= netstandard2.0)) (&& (== net461) (< netstandard1.1) (>= netstandard2.0)) (&& (== net461) (>= netstandard2.0) (>= wpa81)) (&& (== net461) (>= netstandard2.0) (>= xamarinmac)) (&& (== net461) (>= netstandard2.0) (>= xamarintvos)) (&& (== net461) (>= netstandard2.0) (>= xamarinwatchos)) (&& (== net461) (>= xamarinios)) (&& (== netcoreapp2.0) (>= monotouch)) (&& (== netcoreapp2.0) (>= net461)) (&& (== netcoreapp2.0) (< netstandard1.1)) (&& (== netcoreapp2.0) (< netstandard2.0)) (&& (== netcoreapp2.0) (>= xamarinios)) (&& (== netcoreapp2.0) (>= xamarinmac)) (&& (== netcoreapp2.0) (>= xamarintvos)) (&& (== netcoreapp2.0) (>= xamarinwatchos)) (&& (== netcoreapp2.2) (>= monotouch)) (&& (== netcoreapp2.2) (>= net461)) (&& (== netcoreapp2.2) (< netcoreapp2.0)) (&& (== netcoreapp2.2) (< netstandard1.1)) (&& (== netcoreapp2.2) (< netstandard2.0)) (&& (== netcoreapp2.2) (>= xamarinios)) (&& (== netcoreapp2.2) (>= xamarinmac)) (&& (== netcoreapp2.2) (>= xamarintvos)) (&& (== netcoreapp2.2) (>= xamarinwatchos)) (== netstandard2.0)
    System.Collections (4.3) - restriction: || (&& (== net461) (>= dnxcore50) (>= netstandard1.5)) (&& (== net461) (< net35)) (&& (== net461) (< net45) (>= netstandard1.6)) (== netcoreapp2.0) (== netcoreapp2.2) (== netstandard2.0)
      Microsoft.NETCore.Platforms (>= 1.1) - restriction: || (&& (== net461) (>= dnxcore50)) (&& (== net461) (< net45)) (== netcoreapp2.0) (== netcoreapp2.2) (== netstandard2.0)
      Microsoft.NETCore.Targets (>= 1.1) - restriction: || (&& (== net461) (>= dnxcore50)) (&& (== net461) (< net45)) (== netcoreapp2.0) (== netcoreapp2.2) (== netstandard2.0)
      System.Runtime (>= 4.3) - restriction: || (&& (== net461) (>= dnxcore50)) (&& (== net461) (< net45)) (== netcoreapp2.0) (== netcoreapp2.2) (== netstandard2.0)
    System.Collections.Concurrent (4.3) - restriction: || (&& (== net461) (< net451) (>= netstandard1.5)) (== netcoreapp2.0) (== netcoreapp2.2) (== netstandard2.0)
      System.Collections (>= 4.3) - restriction: || (&& (== net461) (>= dnxcore50)) (&& (== net461) (< net45)) (== netcoreapp2.0) (== netcoreapp2.2) (== netstandard2.0)
      System.Diagnostics.Debug (>= 4.3) - restriction: || (&& (== net461) (>= dnxcore50)) (&& (== net461) (< net45)) (== netcoreapp2.0) (== netcoreapp2.2) (== netstandard2.0)
      System.Diagnostics.Tracing (>= 4.3) - restriction: || (&& (== net461) (>= dnxcore50)) (&& (== net461) (< net45)) (== netcoreapp2.0) (== netcoreapp2.2) (== netstandard2.0)
      System.Globalization (>= 4.3) - restriction: || (&& (== net461) (>= dnxcore50)) (&& (== net461) (< net45)) (== netcoreapp2.0) (== netcoreapp2.2) (== netstandard2.0)
      System.Reflection (>= 4.3) - restriction: || (&& (== net461) (< net45)) (== netcoreapp2.0) (== netcoreapp2.2) (== netstandard2.0)
      System.Resources.ResourceManager (>= 4.3) - restriction: || (&& (== net461) (>= dnxcore50)) (&& (== net461) (< net45)) (== netcoreapp2.0) (== netcoreapp2.2) (== netstandard2.0)
      System.Runtime (>= 4.3) - restriction: || (&& (== net461) (>= dnxcore50)) (&& (== net461) (< net45)) (== netcoreapp2.0) (== netcoreapp2.2) (== netstandard2.0)
      System.Runtime.Extensions (>= 4.3) - restriction: || (&& (== net461) (>= dnxcore50)) (&& (== net461) (< net45)) (== netcoreapp2.0) (== netcoreapp2.2) (== netstandard2.0)
      System.Threading (>= 4.3) - restriction: || (&& (== net461) (>= dnxcore50)) (&& (== net461) (< net45)) (== netcoreapp2.0) (== netcoreapp2.2) (== netstandard2.0)
      System.Threading.Tasks (>= 4.3) - restriction: || (&& (== net461) (>= dnxcore50)) (&& (== net461) (< net45)) (== netcoreapp2.0) (== netcoreapp2.2) (== netstandard2.0)
    System.Collections.NonGeneric (4.3) - restriction: || (&& (== net461) (< net35)) (== netcoreapp2.0) (== netcoreapp2.2) (== netstandard2.0)
      System.Diagnostics.Debug (>= 4.3) - restriction: || (&& (== net461) (< net46)) (== netcoreapp2.0) (== netcoreapp2.2) (== netstandard2.0)
      System.Globalization (>= 4.3) - restriction: || (&& (== net461) (< net46)) (== netcoreapp2.0) (== netcoreapp2.2) (== netstandard2.0)
      System.Resources.ResourceManager (>= 4.3) - restriction: || (&& (== net461) (< net46)) (== netcoreapp2.0) (== netcoreapp2.2) (== netstandard2.0)
      System.Runtime (>= 4.3) - restriction: || (&& (== net461) (< net46)) (== netcoreapp2.0) (== netcoreapp2.2) (== netstandard2.0)
      System.Runtime.Extensions (>= 4.3) - restriction: || (&& (== net461) (< net46)) (== netcoreapp2.0) (== netcoreapp2.2) (== netstandard2.0)
      System.Threading (>= 4.3) - restriction: || (&& (== net461) (< net46)) (== netcoreapp2.0) (== netcoreapp2.2) (== netstandard2.0)
    System.Collections.Specialized (4.3) - restriction: || (&& (== net461) (< net35)) (== netcoreapp2.0) (== netcoreapp2.2) (== netstandard2.0)
      System.Collections.NonGeneric (>= 4.3) - restriction: || (&& (== net461) (< net46)) (== netcoreapp2.0) (== netcoreapp2.2) (== netstandard2.0)
      System.Globalization (>= 4.3) - restriction: || (&& (== net461) (< net46)) (== netcoreapp2.0) (== netcoreapp2.2) (== netstandard2.0)
      System.Globalization.Extensions (>= 4.3) - restriction: || (&& (== net461) (< net46)) (== netcoreapp2.0) (== netcoreapp2.2) (== netstandard2.0)
      System.Resources.ResourceManager (>= 4.3) - restriction: || (&& (== net461) (< net46)) (== netcoreapp2.0) (== netcoreapp2.2) (== netstandard2.0)
      System.Runtime (>= 4.3) - restriction: || (&& (== net461) (< net46)) (== netcoreapp2.0) (== netcoreapp2.2) (== netstandard2.0)
      System.Runtime.Extensions (>= 4.3) - restriction: || (&& (== net461) (< net46)) (== netcoreapp2.0) (== netcoreapp2.2) (== netstandard2.0)
      System.Threading (>= 4.3) - restriction: || (&& (== net461) (< net46)) (== netcoreapp2.0) (== netcoreapp2.2) (== netstandard2.0)
    System.ComponentModel (4.3) - restriction: || (&& (== net461) (< net35)) (== netcoreapp2.0) (== netcoreapp2.2) (== netstandard2.0)
      System.Runtime (>= 4.3) - restriction: || (&& (== net461) (>= dnxcore50)) (&& (== net461) (< net45)) (== netcoreapp2.0) (== netcoreapp2.2) (== netstandard2.0)
    System.ComponentModel.Primitives (4.3) - restriction: || (&& (== net461) (< net35)) (&& (== net461) (< netstandard1.0) (>= win8)) (&& (== net461) (>= wp8)) (&& (== net461) (>= wpa81)) (== netcoreapp2.0) (== netcoreapp2.2) (== netstandard2.0)
      System.ComponentModel (>= 4.3) - restriction: || (&& (== net461) (< net45)) (== netcoreapp2.0) (== netcoreapp2.2) (== netstandard2.0)
      System.Resources.ResourceManager (>= 4.3) - restriction: || (&& (== net461) (< net45)) (== netcoreapp2.0) (== netcoreapp2.2) (== netstandard2.0)
      System.Runtime (>= 4.3) - restriction: || (&& (== net461) (< net45)) (== netcoreapp2.0) (== netcoreapp2.2) (== netstandard2.0)
    System.ComponentModel.TypeConverter (4.3) - restriction: || (&& (== net461) (< net35)) (== netcoreapp2.0) (== netcoreapp2.2) (== netstandard2.0)
      System.Collections (>= 4.3) - restriction: || (&& (== net461) (< net45)) (== netcoreapp2.0) (== netcoreapp2.2) (== netstandard2.0)
      System.Collections.NonGeneric (>= 4.3) - restriction: || (&& (== net461) (< net45) (>= netstandard1.5)) (&& (== net461) (>= net462)) (== netcoreapp2.0) (== netcoreapp2.2) (== netstandard2.0)
      System.Collections.Specialized (>= 4.3) - restriction: || (&& (== net461) (< net45) (>= netstandard1.5)) (== netcoreapp2.0) (== netcoreapp2.2) (== netstandard2.0)
      System.ComponentModel (>= 4.3) - restriction: || (&& (== net461) (< net45)) (== netcoreapp2.0) (== netcoreapp2.2) (== netstandard2.0)
      System.ComponentModel.Primitives (>= 4.3)
      System.Globalization (>= 4.3) - restriction: || (&& (== net461) (< net45)) (== netcoreapp2.0) (== netcoreapp2.2) (== netstandard2.0)
      System.Linq (>= 4.3) - restriction: || (&& (== net461) (< net45) (>= netstandard1.5)) (== netcoreapp2.0) (== netcoreapp2.2) (== netstandard2.0)
      System.Reflection (>= 4.3) - restriction: || (&& (== net461) (< net45)) (== netcoreapp2.0) (== netcoreapp2.2) (== netstandard2.0)
      System.Reflection.Extensions (>= 4.3) - restriction: || (&& (== net461) (< net45)) (== netcoreapp2.0) (== netcoreapp2.2) (== netstandard2.0)
      System.Reflection.Primitives (>= 4.3) - restriction: || (&& (== net461) (< net45)) (== netcoreapp2.0) (== netcoreapp2.2) (== netstandard2.0)
      System.Reflection.TypeExtensions (>= 4.3) - restriction: || (&& (== net461) (< net45) (>= netstandard1.5)) (== netcoreapp2.0) (== netcoreapp2.2) (== netstandard2.0)
      System.Resources.ResourceManager (>= 4.3) - restriction: || (&& (== net461) (< net45)) (== netcoreapp2.0) (== netcoreapp2.2) (== netstandard2.0)
      System.Runtime (>= 4.3) - restriction: || (&& (== net461) (< net45)) (== netcoreapp2.0) (== netcoreapp2.2) (== netstandard2.0)
      System.Runtime.Extensions (>= 4.3) - restriction: || (&& (== net461) (< net45)) (== netcoreapp2.0) (== netcoreapp2.2) (== netstandard2.0)
      System.Threading (>= 4.3) - restriction: || (&& (== net461) (< net45)) (== netcoreapp2.0) (== netcoreapp2.2) (== netstandard2.0)
    System.Configuration.ConfigurationManager (4.5) - restriction: || (&& (== net461) (< net45) (>= netstandard2.0)) (== netcoreapp2.0) (== netcoreapp2.2) (== netstandard2.0)
      System.Security.Cryptography.ProtectedData (>= 4.5) - restriction: || (== netcoreapp2.0) (== netcoreapp2.2) (== netstandard2.0)
      System.Security.Permissions (>= 4.5)
    System.Console (4.3.1) - restriction: || (&& (== net461) (< net451) (>= netstandard1.5)) (== netcoreapp2.0) (== netcoreapp2.2) (== netstandard2.0)
      Microsoft.NETCore.Platforms (>= 1.1) - restriction: || (&& (== net461) (< net46)) (== netcoreapp2.0) (== netcoreapp2.2) (== netstandard2.0)
      Microsoft.NETCore.Targets (>= 1.1.2) - restriction: || (&& (== net461) (< net46)) (== netcoreapp2.0) (== netcoreapp2.2) (== netstandard2.0)
      System.IO (>= 4.3) - restriction: || (&& (== net461) (< net46)) (== netcoreapp2.0) (== netcoreapp2.2) (== netstandard2.0)
      System.Runtime (>= 4.3) - restriction: || (&& (== net461) (< net46)) (== netcoreapp2.0) (== netcoreapp2.2) (== netstandard2.0)
      System.Text.Encoding (>= 4.3) - restriction: || (&& (== net461) (< net46)) (== netcoreapp2.0) (== netcoreapp2.2) (== netstandard2.0)
    System.Diagnostics.Debug (4.3) - restriction: || (&& (== net461) (< net451) (>= netstandard1.5)) (== netcoreapp2.0) (== netcoreapp2.2) (== netstandard2.0)
      Microsoft.NETCore.Platforms (>= 1.1) - restriction: || (&& (== net461) (>= dnxcore50)) (&& (== net461) (< net45)) (== netcoreapp2.0) (== netcoreapp2.2) (== netstandard2.0)
      Microsoft.NETCore.Targets (>= 1.1) - restriction: || (&& (== net461) (>= dnxcore50)) (&& (== net461) (< net45)) (== netcoreapp2.0) (== netcoreapp2.2) (== netstandard2.0)
      System.Runtime (>= 4.3) - restriction: || (&& (== net461) (>= dnxcore50)) (&& (== net461) (< net45)) (== netcoreapp2.0) (== netcoreapp2.2) (== netstandard2.0)
    System.Diagnostics.TraceSource (4.3) - restriction: || (&& (== net461) (< net35)) (== netcoreapp2.0) (== netcoreapp2.2) (== netstandard2.0)
      Microsoft.NETCore.Platforms (>= 1.1) - restriction: || (&& (== net461) (< net46)) (== netcoreapp2.0) (== netcoreapp2.2) (== netstandard2.0)
      runtime.native.System (>= 4.3) - restriction: || (&& (== net461) (< net46)) (== netcoreapp2.0) (== netcoreapp2.2) (== netstandard2.0)
      System.Collections (>= 4.3) - restriction: || (&& (== net461) (< net46)) (== netcoreapp2.0) (== netcoreapp2.2) (== netstandard2.0)
      System.Diagnostics.Debug (>= 4.3) - restriction: || (&& (== net461) (< net46)) (== netcoreapp2.0) (== netcoreapp2.2) (== netstandard2.0)
      System.Globalization (>= 4.3) - restriction: || (&& (== net461) (< net46)) (== netcoreapp2.0) (== netcoreapp2.2) (== netstandard2.0)
      System.Resources.ResourceManager (>= 4.3) - restriction: || (&& (== net461) (< net46)) (== netcoreapp2.0) (== netcoreapp2.2) (== netstandard2.0)
      System.Runtime (>= 4.3) - restriction: || (&& (== net461) (< net46)) (== netcoreapp2.0) (== netcoreapp2.2) (== netstandard2.0)
      System.Runtime.Extensions (>= 4.3) - restriction: || (&& (== net461) (< net46)) (== netcoreapp2.0) (== netcoreapp2.2) (== netstandard2.0)
      System.Threading (>= 4.3) - restriction: || (&& (== net461) (< net46)) (== netcoreapp2.0) (== netcoreapp2.2) (== netstandard2.0)
    System.Diagnostics.Tracing (4.3) - restriction: || (&& (== net461) (< net451) (>= netstandard1.5)) (== netcoreapp2.0) (== netcoreapp2.2) (== netstandard2.0)
      Microsoft.NETCore.Platforms (>= 1.1) - restriction: || (&& (== net461) (>= dnxcore50)) (&& (== net461) (< net45)) (== netcoreapp2.0) (== netcoreapp2.2) (== netstandard2.0)
      Microsoft.NETCore.Targets (>= 1.1) - restriction: || (&& (== net461) (>= dnxcore50)) (&& (== net461) (< net45)) (== netcoreapp2.0) (== netcoreapp2.2) (== netstandard2.0)
      System.Runtime (>= 4.3) - restriction: || (&& (== net461) (>= dnxcore50)) (&& (== net461) (< net45)) (== netcoreapp2.0) (== netcoreapp2.2) (== netstandard2.0)
    System.Dynamic.Runtime (4.3) - restriction: || (&& (== net461) (< net35)) (== netcoreapp2.0) (== netcoreapp2.2) (== netstandard2.0)
      System.Collections (>= 4.3) - restriction: || (&& (== net461) (>= dnxcore50)) (&& (== net461) (< net45)) (== netcoreapp2.0) (== netcoreapp2.2) (== netstandard2.0)
      System.Diagnostics.Debug (>= 4.3) - restriction: || (&& (== net461) (>= dnxcore50)) (&& (== net461) (< net45)) (== netcoreapp2.0) (== netcoreapp2.2) (== netstandard2.0)
      System.Linq (>= 4.3) - restriction: || (&& (== net461) (>= dnxcore50)) (&& (== net461) (< net45)) (== netcoreapp2.0) (== netcoreapp2.2) (== netstandard2.0)
      System.Linq.Expressions (>= 4.3) - restriction: || (&& (== net461) (>= dnxcore50)) (&& (== net461) (< net45)) (== netcoreapp2.0) (== netcoreapp2.2) (== netstandard2.0)
      System.ObjectModel (>= 4.3) - restriction: || (&& (== net461) (>= dnxcore50)) (&& (== net461) (< net45)) (== netcoreapp2.0) (== netcoreapp2.2) (== netstandard2.0)
      System.Reflection (>= 4.3) - restriction: || (&& (== net461) (>= dnxcore50)) (&& (== net461) (< net45)) (== netcoreapp2.0) (== netcoreapp2.2) (== netstandard2.0)
      System.Reflection.Emit (>= 4.3) - restriction: || (&& (== net461) (< net45)) (== netcoreapp2.0) (== netcoreapp2.2) (== netstandard2.0)
      System.Reflection.Emit.ILGeneration (>= 4.3) - restriction: || (&& (== net461) (< net45)) (== netcoreapp2.0) (== netcoreapp2.2) (== netstandard2.0)
      System.Reflection.Primitives (>= 4.3) - restriction: || (&& (== net461) (< net45)) (== netcoreapp2.0) (== netcoreapp2.2) (== netstandard2.0)
      System.Reflection.TypeExtensions (>= 4.3) - restriction: || (&& (== net461) (>= dnxcore50)) (&& (== net461) (< net45)) (== netcoreapp2.0) (== netcoreapp2.2) (== netstandard2.0)
      System.Resources.ResourceManager (>= 4.3) - restriction: || (&& (== net461) (>= dnxcore50)) (&& (== net461) (< net45)) (== netcoreapp2.0) (== netcoreapp2.2) (== netstandard2.0)
      System.Runtime (>= 4.3) - restriction: || (&& (== net461) (>= dnxcore50)) (&& (== net461) (< net45)) (== netcoreapp2.0) (== netcoreapp2.2) (== netstandard2.0)
      System.Runtime.Extensions (>= 4.3) - restriction: || (&& (== net461) (>= dnxcore50)) (&& (== net461) (< net45)) (== netcoreapp2.0) (== netcoreapp2.2) (== netstandard2.0)
      System.Threading (>= 4.3) - restriction: || (&& (== net461) (>= dnxcore50)) (&& (== net461) (< net45)) (== netcoreapp2.0) (== netcoreapp2.2) (== netstandard2.0)
    System.Globalization (4.3) - restriction: || (&& (== net461) (>= dnxcore50) (>= netstandard1.5)) (&& (== net461) (< net35)) (&& (== net461) (< net45) (>= netstandard1.6)) (== netcoreapp2.0) (== netcoreapp2.2) (== netstandard2.0)
      Microsoft.NETCore.Platforms (>= 1.1) - restriction: || (&& (== net461) (< net45)) (&& (== net461) (< portable-net45+win8+wp8+wpa81)) (== netcoreapp2.0) (== netcoreapp2.2) (== netstandard2.0)
      Microsoft.NETCore.Targets (>= 1.1) - restriction: || (&& (== net461) (< net45)) (&& (== net461) (< portable-net45+win8+wp8+wpa81)) (== netcoreapp2.0) (== netcoreapp2.2) (== netstandard2.0)
      System.Runtime (>= 4.3) - restriction: || (&& (== net461) (< net45)) (&& (== net461) (< portable-net45+win8+wp8+wpa81)) (== netcoreapp2.0) (== netcoreapp2.2) (== netstandard2.0)
    System.Globalization.Calendars (4.3) - restriction: || (&& (== net461) (>= dnxcore50) (>= netstandard1.5)) (&& (== net461) (>= dnxcore50) (>= netstandard1.6)) (&& (== net461) (< net451) (>= netstandard1.6)) (== netcoreapp2.0) (== netcoreapp2.2) (== netstandard2.0)
      Microsoft.NETCore.Platforms (>= 1.1) - restriction: || (&& (== net461) (< net46)) (== netcoreapp2.0) (== netcoreapp2.2) (== netstandard2.0)
      Microsoft.NETCore.Targets (>= 1.1) - restriction: || (&& (== net461) (< net46)) (== netcoreapp2.0) (== netcoreapp2.2) (== netstandard2.0)
      System.Globalization (>= 4.3) - restriction: || (&& (== net461) (< net46)) (== netcoreapp2.0) (== netcoreapp2.2) (== netstandard2.0)
      System.Runtime (>= 4.3) - restriction: || (&& (== net461) (< net46)) (== netcoreapp2.0) (== netcoreapp2.2) (== netstandard2.0)
    System.Globalization.Extensions (4.3) - restriction: || (&& (== net461) (< net35)) (== netcoreapp2.0) (== netcoreapp2.2) (== netstandard2.0)
      Microsoft.NETCore.Platforms (>= 1.1) - restriction: || (&& (== net461) (< net46)) (== netcoreapp2.0) (== netcoreapp2.2) (== netstandard2.0)
      System.Globalization (>= 4.3) - restriction: || (&& (== net461) (< net46)) (== netcoreapp2.0) (== netcoreapp2.2) (== netstandard2.0)
      System.Resources.ResourceManager (>= 4.3) - restriction: || (&& (== net461) (< net46)) (== netcoreapp2.0) (== netcoreapp2.2) (== netstandard2.0)
      System.Runtime (>= 4.3) - restriction: || (&& (== net461) (< net46)) (== netcoreapp2.0) (== netcoreapp2.2) (== netstandard2.0)
      System.Runtime.Extensions (>= 4.3) - restriction: || (&& (== net461) (< net46)) (== netcoreapp2.0) (== netcoreapp2.2) (== netstandard2.0)
      System.Runtime.InteropServices (>= 4.3) - restriction: || (&& (== net461) (< net46)) (== netcoreapp2.0) (== netcoreapp2.2) (== netstandard2.0)
    System.IO (4.3) - restriction: || (&& (== net461) (< net451) (>= netstandard1.5)) (== netcoreapp2.0) (== netcoreapp2.2) (== netstandard2.0)
      Microsoft.NETCore.Platforms (>= 1.1) - restriction: || (&& (== net461) (>= dnxcore50)) (&& (== net461) (< net45)) (== netcoreapp2.0) (== netcoreapp2.2) (== netstandard2.0)
      Microsoft.NETCore.Targets (>= 1.1) - restriction: || (&& (== net461) (>= dnxcore50)) (&& (== net461) (< net45)) (== netcoreapp2.0) (== netcoreapp2.2) (== netstandard2.0)
      System.Runtime (>= 4.3) - restriction: || (&& (== net461) (>= dnxcore50)) (&& (== net461) (< net45)) (== netcoreapp2.0) (== netcoreapp2.2) (== netstandard2.0)
      System.Text.Encoding (>= 4.3) - restriction: || (&& (== net461) (>= dnxcore50)) (&& (== net461) (< net45)) (== netcoreapp2.0) (== netcoreapp2.2) (== netstandard2.0)
      System.Threading.Tasks (>= 4.3) - restriction: || (&& (== net461) (>= dnxcore50)) (&& (== net461) (< net45)) (== netcoreapp2.0) (== netcoreapp2.2) (== netstandard2.0)
    System.IO.FileSystem (4.3) - restriction: || (&& (== net461) (>= dnxcore50) (>= netstandard1.5)) (&& (== net461) (>= dnxcore50) (>= netstandard1.6)) (&& (== net461) (< net451) (>= netstandard1.6)) (== netcoreapp2.0) (== netcoreapp2.2) (== netstandard2.0)
      Microsoft.NETCore.Platforms (>= 1.1) - restriction: || (&& (== net461) (< net46)) (== netcoreapp2.0) (== netcoreapp2.2) (== netstandard2.0)
      Microsoft.NETCore.Targets (>= 1.1) - restriction: || (&& (== net461) (< net46)) (== netcoreapp2.0) (== netcoreapp2.2) (== netstandard2.0)
      System.IO (>= 4.3) - restriction: || (&& (== net461) (< net46)) (== netcoreapp2.0) (== netcoreapp2.2) (== netstandard2.0)
      System.IO.FileSystem.Primitives (>= 4.3)
      System.Runtime (>= 4.3) - restriction: || (&& (== net461) (< net46)) (== netcoreapp2.0) (== netcoreapp2.2) (== netstandard2.0)
      System.Runtime.Handles (>= 4.3) - restriction: || (&& (== net461) (< net46)) (== netcoreapp2.0) (== netcoreapp2.2) (== netstandard2.0)
      System.Text.Encoding (>= 4.3) - restriction: || (&& (== net461) (< net46)) (== netcoreapp2.0) (== netcoreapp2.2) (== netstandard2.0)
      System.Threading.Tasks (>= 4.3) - restriction: || (&& (== net461) (< net46)) (== netcoreapp2.0) (== netcoreapp2.2) (== netstandard2.0)
    System.IO.FileSystem.Primitives (4.3) - restriction: || (&& (== net461) (< net451) (>= netstandard1.6)) (== netcoreapp2.0) (== netcoreapp2.2) (== netstandard2.0)
      System.Runtime (>= 4.3) - restriction: || (&& (== net461) (< net46)) (== netcoreapp2.0) (== netcoreapp2.2) (== netstandard2.0)
    System.Linq (4.3) - restriction: || (&& (== net461) (< net451) (>= netstandard1.5)) (== netcoreapp2.0) (== netcoreapp2.2) (== netstandard2.0)
      System.Collections (>= 4.3) - restriction: || (&& (== net461) (>= dnxcore50)) (&& (== net461) (< net45)) (== netcoreapp2.0) (== netcoreapp2.2) (== netstandard2.0)
      System.Diagnostics.Debug (>= 4.3) - restriction: || (&& (== net461) (>= dnxcore50)) (&& (== net461) (< net45) (>= netstandard1.6)) (== netcoreapp2.0) (== netcoreapp2.2) (== netstandard2.0)
      System.Resources.ResourceManager (>= 4.3) - restriction: || (&& (== net461) (>= dnxcore50)) (&& (== net461) (< net45) (>= netstandard1.6)) (== netcoreapp2.0) (== netcoreapp2.2) (== netstandard2.0)
      System.Runtime (>= 4.3) - restriction: || (&& (== net461) (>= dnxcore50)) (&& (== net461) (< net45)) (== netcoreapp2.0) (== netcoreapp2.2) (== netstandard2.0)
      System.Runtime.Extensions (>= 4.3) - restriction: || (&& (== net461) (>= dnxcore50)) (&& (== net461) (< net45) (>= netstandard1.6)) (== netcoreapp2.0) (== netcoreapp2.2) (== netstandard2.0)
    System.Linq.Expressions (4.3) - restriction: || (&& (== net461) (>= dnxcore50)) (&& (== net461) (< net35)) (== netcoreapp2.0) (== netcoreapp2.2) (== netstandard2.0)
      System.Collections (>= 4.3) - restriction: || (&& (== net461) (>= dnxcore50)) (&& (== net461) (< net45) (>= netstandard1.6)) (== netcoreapp2.0) (== netcoreapp2.2) (== netstandard2.0)
      System.Diagnostics.Debug (>= 4.3) - restriction: || (&& (== net461) (>= dnxcore50)) (&& (== net461) (< net45) (>= netstandard1.6)) (== netcoreapp2.0) (== netcoreapp2.2) (== netstandard2.0)
      System.Globalization (>= 4.3) - restriction: || (&& (== net461) (>= dnxcore50)) (&& (== net461) (< net45) (>= netstandard1.6)) (== netcoreapp2.0) (== netcoreapp2.2) (== netstandard2.0)
      System.IO (>= 4.3) - restriction: || (&& (== net461) (>= dnxcore50)) (&& (== net461) (< net45) (>= netstandard1.6)) (== netcoreapp2.0) (== netcoreapp2.2) (== netstandard2.0)
      System.Linq (>= 4.3) - restriction: || (&& (== net461) (>= dnxcore50)) (&& (== net461) (< net45) (>= netstandard1.6)) (== netcoreapp2.0) (== netcoreapp2.2) (== netstandard2.0)
      System.ObjectModel (>= 4.3) - restriction: || (&& (== net461) (< net45) (>= netstandard1.6)) (== netcoreapp2.0) (== netcoreapp2.2) (== netstandard2.0)
      System.Reflection (>= 4.3) - restriction: || (&& (== net461) (>= dnxcore50)) (&& (== net461) (< net45)) (== netcoreapp2.0) (== netcoreapp2.2) (== netstandard2.0)
      System.Reflection.Emit (>= 4.3) - restriction: || (&& (== net461) (< net45) (>= netstandard1.6)) (== netcoreapp2.0) (== netcoreapp2.2) (== netstandard2.0)
      System.Reflection.Emit.ILGeneration (>= 4.3) - restriction: || (&& (== net461) (>= dnxcore50)) (&& (== net461) (< net45) (>= netstandard1.6)) (== netcoreapp2.0) (== netcoreapp2.2) (== netstandard2.0)
      System.Reflection.Emit.Lightweight (>= 4.3) - restriction: || (&& (== net461) (>= dnxcore50)) (&& (== net461) (< net45) (>= netstandard1.6)) (== netcoreapp2.0) (== netcoreapp2.2) (== netstandard2.0)
      System.Reflection.Extensions (>= 4.3) - restriction: || (&& (== net461) (>= dnxcore50)) (&& (== net461) (< net45) (>= netstandard1.6)) (== netcoreapp2.0) (== netcoreapp2.2) (== netstandard2.0)
      System.Reflection.Primitives (>= 4.3) - restriction: || (&& (== net461) (>= dnxcore50)) (&& (== net461) (< net45) (>= netstandard1.6)) (== netcoreapp2.0) (== netcoreapp2.2) (== netstandard2.0)
      System.Reflection.TypeExtensions (>= 4.3) - restriction: || (&& (== net461) (>= dnxcore50)) (&& (== net461) (< net45) (>= netstandard1.6)) (== netcoreapp2.0) (== netcoreapp2.2) (== netstandard2.0)
      System.Resources.ResourceManager (>= 4.3) - restriction: || (&& (== net461) (>= dnxcore50)) (&& (== net461) (< net45) (>= netstandard1.6)) (== netcoreapp2.0) (== netcoreapp2.2) (== netstandard2.0)
      System.Runtime (>= 4.3) - restriction: || (&& (== net461) (>= dnxcore50)) (&& (== net461) (< net45)) (== netcoreapp2.0) (== netcoreapp2.2) (== netstandard2.0)
      System.Runtime.Extensions (>= 4.3) - restriction: || (&& (== net461) (>= dnxcore50)) (&& (== net461) (< net45) (>= netstandard1.6)) (== netcoreapp2.0) (== netcoreapp2.2) (== netstandard2.0)
      System.Threading (>= 4.3) - restriction: || (&& (== net461) (>= dnxcore50)) (&& (== net461) (< net45) (>= netstandard1.6)) (== netcoreapp2.0) (== netcoreapp2.2) (== netstandard2.0)
    System.Memory (4.5.1) - restriction: || (&& (== net461) (== netcoreapp2.2)) (&& (== net461) (< net45) (>= netstandard2.0)) (== netcoreapp2.0) (&& (== netcoreapp2.2) (< netcoreapp2.1)) (== netstandard2.0)
      System.Buffers (>= 4.4) - restriction: || (== net461) (&& (== netcoreapp2.0) (>= monotouch)) (&& (== netcoreapp2.0) (>= net461)) (&& (== netcoreapp2.0) (< netstandard1.1)) (&& (== netcoreapp2.0) (< netstandard2.0)) (&& (== netcoreapp2.0) (>= xamarinios)) (&& (== netcoreapp2.0) (>= xamarinmac)) (&& (== netcoreapp2.0) (>= xamarintvos)) (&& (== netcoreapp2.0) (>= xamarinwatchos)) (&& (== netcoreapp2.2) (>= monotouch)) (&& (== netcoreapp2.2) (>= net461)) (&& (== netcoreapp2.2) (< netcoreapp2.0)) (&& (== netcoreapp2.2) (< netstandard1.1)) (&& (== netcoreapp2.2) (< netstandard2.0)) (&& (== netcoreapp2.2) (>= xamarinios)) (&& (== netcoreapp2.2) (>= xamarinmac)) (&& (== netcoreapp2.2) (>= xamarintvos)) (&& (== netcoreapp2.2) (>= xamarinwatchos)) (== netstandard2.0)
      System.Numerics.Vectors (>= 4.4) - restriction: || (== net461) (&& (== netcoreapp2.0) (>= net461)) (&& (== netcoreapp2.2) (>= net461)) (&& (== netcoreapp2.2) (< netcoreapp2.0)) (== netstandard2.0)
      System.Runtime.CompilerServices.Unsafe (>= 4.5) - restriction: || (== net461) (== netcoreapp2.0) (&& (== netcoreapp2.2) (>= monotouch)) (&& (== netcoreapp2.2) (>= net461)) (&& (== netcoreapp2.2) (< netcoreapp2.0)) (&& (== netcoreapp2.2) (< netcoreapp2.1)) (&& (== netcoreapp2.2) (< netstandard1.1)) (&& (== netcoreapp2.2) (< netstandard2.0)) (&& (== netcoreapp2.2) (>= uap10.1)) (&& (== netcoreapp2.2) (>= xamarinios)) (&& (== netcoreapp2.2) (>= xamarinmac)) (&& (== netcoreapp2.2) (>= xamarintvos)) (&& (== netcoreapp2.2) (>= xamarinwatchos)) (== netstandard2.0)
    System.Net.NameResolution (4.3) - restriction: || (&& (== net461) (< net451) (>= netstandard1.5)) (== netcoreapp2.0) (== netcoreapp2.2) (== netstandard2.0)
      Microsoft.NETCore.Platforms (>= 1.1) - restriction: || (&& (== net461) (>= dnxcore50)) (&& (== net461) (< net46)) (== netcoreapp2.0) (== netcoreapp2.2) (== netstandard2.0)
      runtime.native.System (>= 4.3) - restriction: || (&& (== net461) (< net46)) (== netcoreapp2.0) (== netcoreapp2.2) (== netstandard2.0)
      System.Collections (>= 4.3) - restriction: || (&& (== net461) (>= dnxcore50)) (&& (== net461) (< net46)) (== netcoreapp2.0) (== netcoreapp2.2) (== netstandard2.0)
      System.Diagnostics.Tracing (>= 4.3) - restriction: || (&& (== net461) (>= dnxcore50)) (&& (== net461) (< net46)) (== netcoreapp2.0) (== netcoreapp2.2) (== netstandard2.0)
      System.Globalization (>= 4.3) - restriction: || (&& (== net461) (>= dnxcore50)) (&& (== net461) (< net46)) (== netcoreapp2.0) (== netcoreapp2.2) (== netstandard2.0)
      System.Net.Primitives (>= 4.3) - restriction: || (&& (== net461) (>= dnxcore50)) (&& (== net461) (< net46)) (== netcoreapp2.0) (== netcoreapp2.2) (== netstandard2.0)
      System.Resources.ResourceManager (>= 4.3) - restriction: || (&& (== net461) (>= dnxcore50)) (&& (== net461) (< net46)) (== netcoreapp2.0) (== netcoreapp2.2) (== netstandard2.0)
      System.Runtime (>= 4.3) - restriction: || (&& (== net461) (>= dnxcore50)) (&& (== net461) (< net46)) (== netcoreapp2.0) (== netcoreapp2.2) (== netstandard2.0)
      System.Runtime.Extensions (>= 4.3) - restriction: || (&& (== net461) (>= dnxcore50)) (&& (== net461) (< net46)) (== netcoreapp2.0) (== netcoreapp2.2) (== netstandard2.0)
      System.Runtime.Handles (>= 4.3) - restriction: || (&& (== net461) (>= dnxcore50)) (&& (== net461) (< net46)) (== netcoreapp2.0) (== netcoreapp2.2) (== netstandard2.0)
      System.Runtime.InteropServices (>= 4.3) - restriction: || (&& (== net461) (>= dnxcore50)) (&& (== net461) (< net46)) (== netcoreapp2.0) (== netcoreapp2.2) (== netstandard2.0)
      System.Security.Principal.Windows (>= 4.3) - restriction: || (&& (== net461) (< net46)) (== netcoreapp2.0) (== netcoreapp2.2) (== netstandard2.0)
      System.Threading (>= 4.3) - restriction: || (&& (== net461) (>= dnxcore50)) (&& (== net461) (< net46)) (== netcoreapp2.0) (== netcoreapp2.2) (== netstandard2.0)
      System.Threading.Tasks (>= 4.3) - restriction: || (&& (== net461) (>= dnxcore50)) (&& (== net461) (< net46)) (== netcoreapp2.0) (== netcoreapp2.2) (== netstandard2.0)
    System.Net.Primitives (4.3) - restriction: || (&& (== net461) (>= dnxcore50) (>= netstandard1.5)) (&& (== net461) (< net451) (>= netstandard1.5)) (== netcoreapp2.0) (== netcoreapp2.2) (== netstandard2.0)
      Microsoft.NETCore.Platforms (>= 1.1) - restriction: || (&& (== net461) (>= dnxcore50)) (&& (== net461) (< net45)) (&& (== net461) (< netstandard1.1)) (== netcoreapp2.0) (== netcoreapp2.2) (== netstandard2.0)
      Microsoft.NETCore.Targets (>= 1.1) - restriction: || (&& (== net461) (>= dnxcore50)) (&& (== net461) (< net45)) (&& (== net461) (< netstandard1.1)) (== netcoreapp2.0) (== netcoreapp2.2) (== netstandard2.0)
      System.Runtime (>= 4.3) - restriction: || (&& (== net461) (>= dnxcore50)) (&& (== net461) (< net45)) (&& (== net461) (< netstandard1.1)) (== netcoreapp2.0) (== netcoreapp2.2) (== netstandard2.0)
      System.Runtime.Handles (>= 4.3) - restriction: || (&& (== net461) (>= dnxcore50)) (&& (== net461) (< net45)) (== netcoreapp2.0) (== netcoreapp2.2) (== netstandard2.0)
    System.Net.Security (4.3.2) - restriction: || (&& (== net461) (< net451) (>= netstandard1.5)) (== netcoreapp2.0) (== netcoreapp2.2) (== netstandard2.0)
      Microsoft.NETCore.Platforms (>= 1.1) - restriction: || (&& (== net461) (< net46)) (== netcoreapp2.0) (== netcoreapp2.2) (== netstandard2.0)
      Microsoft.Win32.Primitives (>= 4.3) - restriction: || (&& (== net461) (< net46)) (== netcoreapp2.0) (== netcoreapp2.2) (== netstandard2.0)
      runtime.native.System (>= 4.3) - restriction: || (&& (== net461) (< net46) (>= netstandard1.6)) (== netcoreapp2.0) (== netcoreapp2.2) (== netstandard2.0)
      runtime.native.System.Net.Security (>= 4.3) - restriction: || (&& (== net461) (< net46) (>= netstandard1.6)) (== netcoreapp2.0) (== netcoreapp2.2) (== netstandard2.0)
      runtime.native.System.Security.Cryptography.OpenSsl (>= 4.3.2) - restriction: || (&& (== net461) (< net46) (>= netstandard1.6)) (== netcoreapp2.0) (== netcoreapp2.2) (== netstandard2.0)
      System.Collections (>= 4.3) - restriction: || (&& (== net461) (< net46)) (== netcoreapp2.0) (== netcoreapp2.2) (== netstandard2.0)
      System.Collections.Concurrent (>= 4.3) - restriction: || (&& (== net461) (< net46)) (== netcoreapp2.0) (== netcoreapp2.2) (== netstandard2.0)
      System.Diagnostics.Tracing (>= 4.3) - restriction: || (&& (== net461) (< net46)) (== netcoreapp2.0) (== netcoreapp2.2) (== netstandard2.0)
      System.Globalization (>= 4.3) - restriction: || (&& (== net461) (< net46)) (== netcoreapp2.0) (== netcoreapp2.2) (== netstandard2.0)
      System.Globalization.Extensions (>= 4.3) - restriction: || (&& (== net461) (< net46) (>= netstandard1.6)) (== netcoreapp2.0) (== netcoreapp2.2) (== netstandard2.0)
      System.IO (>= 4.3) - restriction: || (&& (== net461) (< net46)) (== netcoreapp2.0) (== netcoreapp2.2) (== netstandard2.0)
      System.Net.Primitives (>= 4.3) - restriction: || (&& (== net461) (< net46)) (== netcoreapp2.0) (== netcoreapp2.2) (== netstandard2.0)
      System.Resources.ResourceManager (>= 4.3) - restriction: || (&& (== net461) (< net46)) (== netcoreapp2.0) (== netcoreapp2.2) (== netstandard2.0)
      System.Runtime (>= 4.3) - restriction: || (&& (== net461) (< net46)) (== netcoreapp2.0) (== netcoreapp2.2) (== netstandard2.0)
      System.Runtime.Extensions (>= 4.3) - restriction: || (&& (== net461) (< net46)) (== netcoreapp2.0) (== netcoreapp2.2) (== netstandard2.0)
      System.Runtime.Handles (>= 4.3) - restriction: || (&& (== net461) (< net46)) (== netcoreapp2.0) (== netcoreapp2.2) (== netstandard2.0)
      System.Runtime.InteropServices (>= 4.3) - restriction: || (&& (== net461) (< net46)) (== netcoreapp2.0) (== netcoreapp2.2) (== netstandard2.0)
      System.Security.Claims (>= 4.3) - restriction: || (&& (== net461) (< net46)) (== netcoreapp2.0) (== netcoreapp2.2) (== netstandard2.0)
      System.Security.Cryptography.Algorithms (>= 4.3) - restriction: || (&& (== net461) (< net46) (>= netstandard1.6)) (== netcoreapp2.0) (== netcoreapp2.2) (== netstandard2.0)
      System.Security.Cryptography.Encoding (>= 4.3) - restriction: || (&& (== net461) (< net46)) (== netcoreapp2.0) (== netcoreapp2.2) (== netstandard2.0)
      System.Security.Cryptography.OpenSsl (>= 4.3) - restriction: || (&& (== net461) (< net46) (>= netstandard1.6)) (== netcoreapp2.0) (== netcoreapp2.2) (== netstandard2.0)
      System.Security.Cryptography.Primitives (>= 4.3) - restriction: || (&& (== net461) (< net46)) (== netcoreapp2.0) (== netcoreapp2.2) (== netstandard2.0)
      System.Security.Cryptography.X509Certificates (>= 4.3)
      System.Security.Principal (>= 4.3) - restriction: || (&& (== net461) (< net46)) (== netcoreapp2.0) (== netcoreapp2.2) (== netstandard2.0)
      System.Text.Encoding (>= 4.3) - restriction: || (&& (== net461) (< net46) (>= netstandard1.6)) (== netcoreapp2.0) (== netcoreapp2.2) (== netstandard2.0)
      System.Threading (>= 4.3) - restriction: || (&& (== net461) (< net46)) (== netcoreapp2.0) (== netcoreapp2.2) (== netstandard2.0)
      System.Threading.Tasks (>= 4.3) - restriction: || (&& (== net461) (< net46)) (== netcoreapp2.0) (== netcoreapp2.2) (== netstandard2.0)
      System.Threading.ThreadPool (>= 4.3) - restriction: || (&& (== net461) (< net46)) (== netcoreapp2.0) (== netcoreapp2.2) (== netstandard2.0)
    System.Net.Sockets (4.3) - restriction: || (&& (== net461) (< net451) (>= netstandard1.5)) (== netcoreapp2.0) (== netcoreapp2.2) (== netstandard2.0)
      Microsoft.NETCore.Platforms (>= 1.1) - restriction: || (&& (== net461) (< net46)) (== netcoreapp2.0) (== netcoreapp2.2) (== netstandard2.0)
      Microsoft.NETCore.Targets (>= 1.1) - restriction: || (&& (== net461) (< net46)) (== netcoreapp2.0) (== netcoreapp2.2) (== netstandard2.0)
      System.IO (>= 4.3) - restriction: || (&& (== net461) (< net46)) (== netcoreapp2.0) (== netcoreapp2.2) (== netstandard2.0)
      System.Net.Primitives (>= 4.3) - restriction: || (&& (== net461) (< net46)) (== netcoreapp2.0) (== netcoreapp2.2) (== netstandard2.0)
      System.Runtime (>= 4.3) - restriction: || (&& (== net461) (< net46)) (== netcoreapp2.0) (== netcoreapp2.2) (== netstandard2.0)
      System.Threading.Tasks (>= 4.3) - restriction: || (&& (== net461) (< net46)) (== netcoreapp2.0) (== netcoreapp2.2) (== netstandard2.0)
    System.Numerics.Vectors (4.5) - restriction: || (&& (== net461) (== netcoreapp2.0)) (&& (== net461) (== netcoreapp2.2)) (&& (== net461) (< net45) (>= netstandard2.0)) (&& (== netcoreapp2.0) (>= net461)) (&& (== netcoreapp2.2) (>= net461)) (&& (== netcoreapp2.2) (< netcoreapp2.0)) (== netstandard2.0)
    System.ObjectModel (4.3) - restriction: || (&& (== net461) (>= dnxcore50)) (&& (== net461) (< net35)) (== netcoreapp2.0) (== netcoreapp2.2) (== netstandard2.0)
      System.Collections (>= 4.3) - restriction: || (&& (== net461) (>= dnxcore50)) (&& (== net461) (< net45)) (== netcoreapp2.0) (== netcoreapp2.2) (== netstandard2.0)
      System.Diagnostics.Debug (>= 4.3) - restriction: || (&& (== net461) (>= dnxcore50)) (&& (== net461) (< net45)) (== netcoreapp2.0) (== netcoreapp2.2) (== netstandard2.0)
      System.Resources.ResourceManager (>= 4.3) - restriction: || (&& (== net461) (>= dnxcore50)) (&& (== net461) (< net45)) (== netcoreapp2.0) (== netcoreapp2.2) (== netstandard2.0)
      System.Runtime (>= 4.3) - restriction: || (&& (== net461) (>= dnxcore50)) (&& (== net461) (< net45)) (== netcoreapp2.0) (== netcoreapp2.2) (== netstandard2.0)
      System.Threading (>= 4.3) - restriction: || (&& (== net461) (>= dnxcore50)) (&& (== net461) (< net45)) (== netcoreapp2.0) (== netcoreapp2.2) (== netstandard2.0)
    System.Reflection (4.3) - restriction: || (&& (== net461) (< net35)) (== netcoreapp2.0) (== netcoreapp2.2) (== netstandard2.0)
      Microsoft.NETCore.Platforms (>= 1.1) - restriction: || (&& (== net461) (>= dnxcore50)) (&& (== net461) (< net45)) (== netcoreapp2.0) (== netcoreapp2.2) (== netstandard2.0)
      Microsoft.NETCore.Targets (>= 1.1) - restriction: || (&& (== net461) (>= dnxcore50)) (&& (== net461) (< net45)) (== netcoreapp2.0) (== netcoreapp2.2) (== netstandard2.0)
      System.IO (>= 4.3) - restriction: || (&& (== net461) (>= dnxcore50)) (&& (== net461) (< net45)) (== netcoreapp2.0) (== netcoreapp2.2) (== netstandard2.0)
      System.Reflection.Primitives (>= 4.3) - restriction: || (&& (== net461) (>= dnxcore50)) (&& (== net461) (< net45)) (== netcoreapp2.0) (== netcoreapp2.2) (== netstandard2.0)
      System.Runtime (>= 4.3) - restriction: || (&& (== net461) (>= dnxcore50)) (&& (== net461) (< net45)) (== netcoreapp2.0) (== netcoreapp2.2) (== netstandard2.0)
    System.Reflection.Emit (4.3) - restriction: || (&& (== net461) (< net35)) (== netcoreapp2.0) (== netcoreapp2.2) (== netstandard2.0)
      System.IO (>= 4.3) - restriction: || (&& (== net461) (< net45)) (== netcoreapp2.0) (== netcoreapp2.2) (== netstandard2.0)
      System.Reflection (>= 4.3) - restriction: || (&& (== net461) (< net45)) (== netcoreapp2.0) (== netcoreapp2.2) (== netstandard2.0)
      System.Reflection.Emit.ILGeneration (>= 4.3) - restriction: || (&& (== net461) (< net45)) (== netcoreapp2.0) (== netcoreapp2.2) (== netstandard2.0)
      System.Reflection.Primitives (>= 4.3) - restriction: || (&& (== net461) (< net45)) (== netcoreapp2.0) (== netcoreapp2.2) (== netstandard2.0)
      System.Runtime (>= 4.3) - restriction: || (&& (== net461) (< net45)) (== netcoreapp2.0) (== netcoreapp2.2) (== netstandard2.0)
    System.Reflection.Emit.ILGeneration (4.3) - restriction: || (&& (== net461) (< net35)) (== netcoreapp2.0) (== netcoreapp2.2) (== netstandard2.0)
      System.Reflection (>= 4.3) - restriction: || (&& (== net461) (< net45)) (== netcoreapp2.0) (== netcoreapp2.2) (== netstandard2.0)
      System.Reflection.Primitives (>= 4.3) - restriction: || (&& (== net461) (< net45)) (== netcoreapp2.0) (== netcoreapp2.2) (== netstandard2.0)
      System.Runtime (>= 4.3) - restriction: || (&& (== net461) (< net45)) (== netcoreapp2.0) (== netcoreapp2.2) (== netstandard2.0)
    System.Reflection.Emit.Lightweight (4.3) - restriction: || (&& (== net461) (>= dnxcore50)) (&& (== net461) (< net35) (>= netstandard1.6)) (== netcoreapp2.0) (== netcoreapp2.2) (== netstandard2.0)
      System.Reflection (>= 4.3) - restriction: || (&& (== net461) (< net45)) (== netcoreapp2.0) (== netcoreapp2.2) (== netstandard2.0)
      System.Reflection.Emit.ILGeneration (>= 4.3) - restriction: || (&& (== net461) (< net45)) (== netcoreapp2.0) (== netcoreapp2.2) (== netstandard2.0)
      System.Reflection.Primitives (>= 4.3) - restriction: || (&& (== net461) (< net45)) (== netcoreapp2.0) (== netcoreapp2.2) (== netstandard2.0)
      System.Runtime (>= 4.3) - restriction: || (&& (== net461) (< net45)) (== netcoreapp2.0) (== netcoreapp2.2) (== netstandard2.0)
    System.Reflection.Extensions (4.3) - restriction: || (&& (== net461) (< net451) (>= netstandard1.5)) (== netcoreapp2.0) (== netcoreapp2.2) (== netstandard2.0)
      Microsoft.NETCore.Platforms (>= 1.1) - restriction: || (&& (== net461) (>= dnxcore50)) (&& (== net461) (< net45)) (== netcoreapp2.0) (== netcoreapp2.2) (== netstandard2.0)
      Microsoft.NETCore.Targets (>= 1.1) - restriction: || (&& (== net461) (>= dnxcore50)) (&& (== net461) (< net45)) (== netcoreapp2.0) (== netcoreapp2.2) (== netstandard2.0)
      System.Reflection (>= 4.3) - restriction: || (&& (== net461) (>= dnxcore50)) (&& (== net461) (< net45)) (== netcoreapp2.0) (== netcoreapp2.2) (== netstandard2.0)
      System.Runtime (>= 4.3) - restriction: || (&& (== net461) (>= dnxcore50)) (&& (== net461) (< net45)) (== netcoreapp2.0) (== netcoreapp2.2) (== netstandard2.0)
    System.Reflection.Primitives (4.3) - restriction: || (&& (== net461) (< net35)) (== netcoreapp2.0) (== netcoreapp2.2) (== netstandard2.0)
      Microsoft.NETCore.Platforms (>= 1.1) - restriction: || (&& (== net461) (>= dnxcore50)) (&& (== net461) (< net45)) (== netcoreapp2.0) (== netcoreapp2.2) (== netstandard2.0)
      Microsoft.NETCore.Targets (>= 1.1) - restriction: || (&& (== net461) (>= dnxcore50)) (&& (== net461) (< net45)) (== netcoreapp2.0) (== netcoreapp2.2) (== netstandard2.0)
      System.Runtime (>= 4.3) - restriction: || (&& (== net461) (>= dnxcore50)) (&& (== net461) (< net45)) (== netcoreapp2.0) (== netcoreapp2.2) (== netstandard2.0)
    System.Reflection.TypeExtensions (4.5.1) - restriction: || (&& (== net461) (< net35)) (== netcoreapp2.0) (== netcoreapp2.2) (== netstandard2.0)
    System.Resources.ResourceManager (4.3) - restriction: || (&& (== net461) (>= dnxcore50) (>= netstandard1.5)) (&& (== net461) (< net35)) (&& (== net461) (< net45) (>= netstandard1.6)) (== netcoreapp2.0) (== netcoreapp2.2) (== netstandard2.0)
      Microsoft.NETCore.Platforms (>= 1.1) - restriction: || (&& (== net461) (>= dnxcore50)) (&& (== net461) (< net45)) (== netcoreapp2.0) (== netcoreapp2.2) (== netstandard2.0)
      Microsoft.NETCore.Targets (>= 1.1) - restriction: || (&& (== net461) (>= dnxcore50)) (&& (== net461) (< net45)) (== netcoreapp2.0) (== netcoreapp2.2) (== netstandard2.0)
      System.Globalization (>= 4.3) - restriction: || (&& (== net461) (>= dnxcore50)) (&& (== net461) (< net45)) (== netcoreapp2.0) (== netcoreapp2.2) (== netstandard2.0)
      System.Reflection (>= 4.3) - restriction: || (&& (== net461) (>= dnxcore50)) (&& (== net461) (< net45)) (== netcoreapp2.0) (== netcoreapp2.2) (== netstandard2.0)
      System.Runtime (>= 4.3) - restriction: || (&& (== net461) (>= dnxcore50)) (&& (== net461) (< net45)) (== netcoreapp2.0) (== netcoreapp2.2) (== netstandard2.0)
    System.Runtime (4.3) - restriction: || (&& (== net461) (< net451) (>= netstandard1.5)) (== netcoreapp2.0) (== netcoreapp2.2) (== netstandard2.0)
      Microsoft.NETCore.Platforms (>= 1.1) - restriction: || (&& (== net461) (>= dnxcore50)) (&& (== net461) (< net45)) (== netcoreapp2.0) (== netcoreapp2.2) (== netstandard2.0)
      Microsoft.NETCore.Targets (>= 1.1) - restriction: || (&& (== net461) (>= dnxcore50)) (&& (== net461) (< net45)) (== netcoreapp2.0) (== netcoreapp2.2) (== netstandard2.0)
    System.Runtime.CompilerServices.Unsafe (4.5.2) - restriction: || (&& (== net461) (== netcoreapp2.2)) (&& (== net461) (>= monoandroid) (>= netstandard2.0)) (&& (== net461) (>= monotouch) (>= netstandard2.0)) (&& (== net461) (< net45) (>= netstandard2.0)) (&& (== net461) (>= netcoreapp2.0)) (&& (== net461) (< netstandard1.1) (>= netstandard2.0)) (&& (== net461) (>= netstandard2.0) (>= uap10.1)) (&& (== net461) (>= netstandard2.0) (>= wpa81)) (&& (== net461) (>= netstandard2.0) (>= xamarinmac)) (&& (== net461) (>= netstandard2.0) (>= xamarintvos)) (&& (== net461) (>= netstandard2.0) (>= xamarinwatchos)) (&& (== net461) (>= xamarinios)) (== netcoreapp2.0) (&& (== netcoreapp2.2) (>= monotouch)) (&& (== netcoreapp2.2) (>= net461)) (&& (== netcoreapp2.2) (< netcoreapp2.0)) (&& (== netcoreapp2.2) (< netcoreapp2.1)) (&& (== netcoreapp2.2) (< netstandard1.1)) (&& (== netcoreapp2.2) (< netstandard2.0)) (&& (== netcoreapp2.2) (>= uap10.1)) (&& (== netcoreapp2.2) (>= xamarinios)) (&& (== netcoreapp2.2) (>= xamarinmac)) (&& (== netcoreapp2.2) (>= xamarintvos)) (&& (== netcoreapp2.2) (>= xamarinwatchos)) (== netstandard2.0)
    System.Runtime.Extensions (4.3) - restriction: || (&& (== net461) (>= dnxcore50) (>= netstandard1.5)) (&& (== net461) (< net45) (>= netstandard1.6)) (&& (== net461) (< net451) (>= netstandard1.5)) (== netcoreapp2.0) (== netcoreapp2.2) (== netstandard2.0)
      Microsoft.NETCore.Platforms (>= 1.1) - restriction: || (&& (== net461) (>= dnxcore50)) (&& (== net461) (< net45)) (== netcoreapp2.0) (== netcoreapp2.2) (== netstandard2.0)
      Microsoft.NETCore.Targets (>= 1.1) - restriction: || (&& (== net461) (>= dnxcore50)) (&& (== net461) (< net45)) (== netcoreapp2.0) (== netcoreapp2.2) (== netstandard2.0)
      System.Runtime (>= 4.3) - restriction: || (&& (== net461) (>= dnxcore50)) (&& (== net461) (< net45)) (== netcoreapp2.0) (== netcoreapp2.2) (== netstandard2.0)
    System.Runtime.Handles (4.3) - restriction: || (&& (== net461) (>= dnxcore50) (>= netstandard1.5)) (&& (== net461) (< net451) (>= netstandard1.5)) (== netcoreapp2.0) (== netcoreapp2.2) (== netstandard2.0)
      Microsoft.NETCore.Platforms (>= 1.1) - restriction: || (&& (== net461) (< net46)) (== netcoreapp2.0) (== netcoreapp2.2) (== netstandard2.0)
      Microsoft.NETCore.Targets (>= 1.1) - restriction: || (&& (== net461) (< net46)) (== netcoreapp2.0) (== netcoreapp2.2) (== netstandard2.0)
      System.Runtime (>= 4.3) - restriction: || (&& (== net461) (< net46)) (== netcoreapp2.0) (== netcoreapp2.2) (== netstandard2.0)
    System.Runtime.InteropServices (4.3) - restriction: || (&& (== net461) (>= dnxcore50) (>= netstandard1.5)) (&& (== net461) (< net451) (>= netstandard1.5)) (== netcoreapp2.0) (== netcoreapp2.2) (== netstandard2.0)
      Microsoft.NETCore.Platforms (>= 1.1) - restriction: || (&& (== net461) (>= dnxcore50)) (&& (== net461) (< net45)) (&& (== net461) (>= netcoreapp1.1)) (== netcoreapp2.0) (== netcoreapp2.2) (== netstandard2.0)
      Microsoft.NETCore.Targets (>= 1.1) - restriction: || (&& (== net461) (>= dnxcore50)) (&& (== net461) (< net45)) (&& (== net461) (>= netcoreapp1.1)) (== netcoreapp2.0) (== netcoreapp2.2) (== netstandard2.0)
      System.Reflection (>= 4.3) - restriction: || (&& (== net461) (>= dnxcore50)) (&& (== net461) (< net45)) (&& (== net461) (>= netcoreapp1.1)) (== netcoreapp2.0) (== netcoreapp2.2) (== netstandard2.0)
      System.Reflection.Primitives (>= 4.3) - restriction: || (&& (== net461) (>= dnxcore50)) (&& (== net461) (< net45)) (&& (== net461) (>= netcoreapp1.1)) (== netcoreapp2.0) (== netcoreapp2.2) (== netstandard2.0)
      System.Runtime (>= 4.3) - restriction: || (&& (== net461) (>= dnxcore50)) (&& (== net461) (< net45)) (&& (== net461) (>= net462)) (&& (== net461) (>= netcoreapp1.1)) (== netcoreapp2.0) (== netcoreapp2.2) (== netstandard2.0)
      System.Runtime.Handles (>= 4.3) - restriction: || (&& (== net461) (>= dnxcore50)) (&& (== net461) (< net45)) (&& (== net461) (>= netcoreapp1.1)) (== netcoreapp2.0) (== netcoreapp2.2) (== netstandard2.0)
    System.Runtime.Numerics (4.3) - restriction: || (&& (== net461) (< net451) (>= netstandard1.6)) (== netcoreapp2.0) (== netcoreapp2.2) (== netstandard2.0)
      System.Globalization (>= 4.3) - restriction: || (&& (== net461) (>= dnxcore50)) (&& (== net461) (< net45)) (== netcoreapp2.0) (== netcoreapp2.2) (== netstandard2.0)
      System.Resources.ResourceManager (>= 4.3) - restriction: || (&& (== net461) (>= dnxcore50)) (&& (== net461) (< net45)) (== netcoreapp2.0) (== netcoreapp2.2) (== netstandard2.0)
      System.Runtime (>= 4.3) - restriction: || (&& (== net461) (>= dnxcore50)) (&& (== net461) (< net45)) (== netcoreapp2.0) (== netcoreapp2.2) (== netstandard2.0)
      System.Runtime.Extensions (>= 4.3) - restriction: || (&& (== net461) (>= dnxcore50)) (&& (== net461) (< net45)) (== netcoreapp2.0) (== netcoreapp2.2) (== netstandard2.0)
    System.Security.AccessControl (4.5) - restriction: || (&& (== net461) (>= monoandroid) (>= netstandard2.0)) (&& (== net461) (>= monotouch) (>= netstandard2.0)) (&& (== net461) (< net45) (>= netstandard2.0)) (&& (== net461) (>= netstandard2.0) (>= xamarinmac)) (&& (== net461) (>= netstandard2.0) (>= xamarintvos)) (&& (== net461) (>= netstandard2.0) (>= xamarinwatchos)) (== netcoreapp2.0) (== netcoreapp2.2) (== netstandard2.0)
      Microsoft.NETCore.Platforms (>= 2.0) - restriction: || (&& (== net461) (>= netcoreapp2.0)) (== netcoreapp2.0) (== netcoreapp2.2) (&& (== netstandard2.0) (>= netcoreapp2.0))
      System.Security.Principal.Windows (>= 4.5)
    System.Security.Claims (4.3) - restriction: || (&& (== net461) (< net451) (>= netstandard1.5)) (&& (== net461) (< net451) (>= netstandard1.6)) (== netcoreapp2.0) (== netcoreapp2.2) (== netstandard2.0)
      System.Collections (>= 4.3) - restriction: || (&& (== net461) (< net46)) (== netcoreapp2.0) (== netcoreapp2.2) (== netstandard2.0)
      System.Globalization (>= 4.3) - restriction: || (&& (== net461) (< net46)) (== netcoreapp2.0) (== netcoreapp2.2) (== netstandard2.0)
      System.IO (>= 4.3) - restriction: || (&& (== net461) (< net46)) (== netcoreapp2.0) (== netcoreapp2.2) (== netstandard2.0)
      System.Resources.ResourceManager (>= 4.3) - restriction: || (&& (== net461) (< net46)) (== netcoreapp2.0) (== netcoreapp2.2) (== netstandard2.0)
      System.Runtime (>= 4.3) - restriction: || (&& (== net461) (< net46)) (== netcoreapp2.0) (== netcoreapp2.2) (== netstandard2.0)
      System.Runtime.Extensions (>= 4.3) - restriction: || (&& (== net461) (< net46)) (== netcoreapp2.0) (== netcoreapp2.2) (== netstandard2.0)
      System.Security.Principal (>= 4.3) - restriction: || (&& (== net461) (< net46)) (== netcoreapp2.0) (== netcoreapp2.2) (== netstandard2.0)
    System.Security.Cryptography.Algorithms (4.3.1) - restriction: || (&& (== net461) (< net451) (>= netstandard1.6)) (== netcoreapp2.0) (== netcoreapp2.2) (== netstandard2.0)
      Microsoft.NETCore.Platforms (>= 1.1) - restriction: || (&& (== net461) (>= dnxcore50)) (&& (== net461) (< net46) (>= netstandard1.6)) (== netcoreapp2.0) (== netcoreapp2.2) (== netstandard2.0)
      runtime.native.System.Security.Cryptography.Apple (>= 4.3.1) - restriction: || (&& (== net461) (< net46) (>= netstandard1.6)) (== netcoreapp2.0) (== netcoreapp2.2) (== netstandard2.0)
      runtime.native.System.Security.Cryptography.OpenSsl (>= 4.3.2) - restriction: || (&& (== net461) (< net46) (>= netstandard1.6)) (== netcoreapp2.0) (== netcoreapp2.2) (== netstandard2.0)
      System.Collections (>= 4.3) - restriction: || (&& (== net461) (< net46) (>= netstandard1.6)) (== netcoreapp2.0) (== netcoreapp2.2) (== netstandard2.0)
      System.IO (>= 4.3) - restriction: || (&& (== net461) (>= dnxcore50)) (&& (== net461) (< net46)) (&& (== net461) (>= net463)) (== netcoreapp2.0) (== netcoreapp2.2) (== netstandard2.0)
      System.Resources.ResourceManager (>= 4.3) - restriction: || (&& (== net461) (>= dnxcore50)) (&& (== net461) (< net46) (>= netstandard1.6)) (== netcoreapp2.0) (== netcoreapp2.2) (== netstandard2.0)
      System.Runtime (>= 4.3) - restriction: || (&& (== net461) (>= dnxcore50)) (&& (== net461) (< net46)) (&& (== net461) (>= net463)) (== netcoreapp2.0) (== netcoreapp2.2) (== netstandard2.0)
      System.Runtime.Extensions (>= 4.3) - restriction: || (&& (== net461) (>= dnxcore50)) (&& (== net461) (< net46) (>= netstandard1.6)) (== netcoreapp2.0) (== netcoreapp2.2) (== netstandard2.0)
      System.Runtime.Handles (>= 4.3) - restriction: || (&& (== net461) (>= dnxcore50)) (&& (== net461) (< net46) (>= netstandard1.6)) (== netcoreapp2.0) (== netcoreapp2.2) (== netstandard2.0)
      System.Runtime.InteropServices (>= 4.3) - restriction: || (&& (== net461) (>= dnxcore50)) (&& (== net461) (< net46) (>= netstandard1.6)) (== netcoreapp2.0) (== netcoreapp2.2) (== netstandard2.0)
      System.Runtime.Numerics (>= 4.3) - restriction: || (&& (== net461) (< net46) (>= netstandard1.6)) (== netcoreapp2.0) (== netcoreapp2.2) (== netstandard2.0)
      System.Security.Cryptography.Encoding (>= 4.3) - restriction: || (&& (== net461) (>= dnxcore50)) (&& (== net461) (< net46) (>= netstandard1.6)) (&& (== net461) (>= net463)) (== netcoreapp2.0) (== netcoreapp2.2) (== netstandard2.0)
      System.Security.Cryptography.Primitives (>= 4.3)
      System.Text.Encoding (>= 4.3) - restriction: || (&& (== net461) (>= dnxcore50)) (&& (== net461) (< net46) (>= netstandard1.6)) (== netcoreapp2.0) (== netcoreapp2.2) (== netstandard2.0)
    System.Security.Cryptography.Cng (4.5) - restriction: || (&& (== net461) (>= dnxcore50) (>= netstandard1.5)) (&& (== net461) (>= dnxcore50) (>= netstandard1.6)) (&& (== net461) (< net451) (>= netstandard1.6)) (== netcoreapp2.0) (== netcoreapp2.2) (== netstandard2.0)
      Microsoft.NETCore.Platforms (>= 2.0) - restriction: || (&& (== net461) (>= netcoreapp2.0)) (== netcoreapp2.0) (&& (== netcoreapp2.2) (< netcoreapp2.1)) (&& (== netstandard2.0) (>= netcoreapp2.0))
    System.Security.Cryptography.Csp (4.3) - restriction: || (&& (== net461) (< net451) (>= netstandard1.6)) (== netcoreapp2.0) (== netcoreapp2.2) (== netstandard2.0)
      Microsoft.NETCore.Platforms (>= 1.1) - restriction: || (&& (== net461) (< net46)) (== netcoreapp2.0) (== netcoreapp2.2) (== netstandard2.0)
      System.IO (>= 4.3) - restriction: || (&& (== net461) (< net46)) (== netcoreapp2.0) (== netcoreapp2.2) (== netstandard2.0)
      System.Reflection (>= 4.3) - restriction: || (&& (== net461) (< net46)) (== netcoreapp2.0) (== netcoreapp2.2) (== netstandard2.0)
      System.Resources.ResourceManager (>= 4.3) - restriction: || (&& (== net461) (< net46)) (== netcoreapp2.0) (== netcoreapp2.2) (== netstandard2.0)
      System.Runtime (>= 4.3) - restriction: || (&& (== net461) (< net46)) (== netcoreapp2.0) (== netcoreapp2.2) (== netstandard2.0)
      System.Runtime.Extensions (>= 4.3) - restriction: || (&& (== net461) (< net46)) (== netcoreapp2.0) (== netcoreapp2.2) (== netstandard2.0)
      System.Runtime.Handles (>= 4.3) - restriction: || (&& (== net461) (< net46)) (== netcoreapp2.0) (== netcoreapp2.2) (== netstandard2.0)
      System.Runtime.InteropServices (>= 4.3) - restriction: || (&& (== net461) (< net46)) (== netcoreapp2.0) (== netcoreapp2.2) (== netstandard2.0)
      System.Security.Cryptography.Algorithms (>= 4.3)
      System.Security.Cryptography.Encoding (>= 4.3) - restriction: || (&& (== net461) (< net46)) (== netcoreapp2.0) (== netcoreapp2.2) (== netstandard2.0)
      System.Security.Cryptography.Primitives (>= 4.3)
      System.Text.Encoding (>= 4.3) - restriction: || (&& (== net461) (< net46)) (== netcoreapp2.0) (== netcoreapp2.2) (== netstandard2.0)
      System.Threading (>= 4.3) - restriction: || (&& (== net461) (< net46)) (== netcoreapp2.0) (== netcoreapp2.2) (== netstandard2.0)
    System.Security.Cryptography.Encoding (4.3) - restriction: || (&& (== net461) (< net451) (>= netstandard1.5)) (&& (== net461) (< net451) (>= netstandard1.6)) (== netcoreapp2.0) (== netcoreapp2.2) (== netstandard2.0)
      Microsoft.NETCore.Platforms (>= 1.1) - restriction: || (&& (== net461) (< net46)) (== netcoreapp2.0) (== netcoreapp2.2) (== netstandard2.0)
      runtime.native.System.Security.Cryptography.OpenSsl (>= 4.3) - restriction: || (&& (== net461) (< net46)) (== netcoreapp2.0) (== netcoreapp2.2) (== netstandard2.0)
      System.Collections (>= 4.3) - restriction: || (&& (== net461) (< net46)) (== netcoreapp2.0) (== netcoreapp2.2) (== netstandard2.0)
      System.Collections.Concurrent (>= 4.3) - restriction: || (&& (== net461) (< net46)) (== netcoreapp2.0) (== netcoreapp2.2) (== netstandard2.0)
      System.Linq (>= 4.3) - restriction: || (&& (== net461) (< net46)) (== netcoreapp2.0) (== netcoreapp2.2) (== netstandard2.0)
      System.Resources.ResourceManager (>= 4.3) - restriction: || (&& (== net461) (< net46)) (== netcoreapp2.0) (== netcoreapp2.2) (== netstandard2.0)
      System.Runtime (>= 4.3) - restriction: || (&& (== net461) (< net46)) (== netcoreapp2.0) (== netcoreapp2.2) (== netstandard2.0)
      System.Runtime.Extensions (>= 4.3) - restriction: || (&& (== net461) (< net46)) (== netcoreapp2.0) (== netcoreapp2.2) (== netstandard2.0)
      System.Runtime.Handles (>= 4.3) - restriction: || (&& (== net461) (< net46)) (== netcoreapp2.0) (== netcoreapp2.2) (== netstandard2.0)
      System.Runtime.InteropServices (>= 4.3) - restriction: || (&& (== net461) (< net46)) (== netcoreapp2.0) (== netcoreapp2.2) (== netstandard2.0)
      System.Security.Cryptography.Primitives (>= 4.3) - restriction: || (&& (== net461) (< net46)) (== netcoreapp2.0) (== netcoreapp2.2) (== netstandard2.0)
      System.Text.Encoding (>= 4.3) - restriction: || (&& (== net461) (< net46)) (== netcoreapp2.0) (== netcoreapp2.2) (== netstandard2.0)
    System.Security.Cryptography.OpenSsl (4.5) - restriction: || (&& (== net461) (< net451) (>= netstandard1.6)) (== netcoreapp2.0) (== netcoreapp2.2) (== netstandard2.0)
      Microsoft.NETCore.Platforms (>= 2.0) - restriction: || (&& (== net461) (>= netcoreapp2.0)) (== netcoreapp2.0) (&& (== netcoreapp2.2) (< netcoreapp2.1)) (&& (== netstandard2.0) (>= netcoreapp2.0))
    System.Security.Cryptography.Primitives (4.3) - restriction: || (&& (== net461) (< net451) (>= netstandard1.5)) (&& (== net461) (< net451) (>= netstandard1.6)) (== netcoreapp2.0) (== netcoreapp2.2) (== netstandard2.0)
      System.Diagnostics.Debug (>= 4.3) - restriction: || (&& (== net461) (< net46)) (== netcoreapp2.0) (== netcoreapp2.2) (== netstandard2.0)
      System.Globalization (>= 4.3) - restriction: || (&& (== net461) (< net46)) (== netcoreapp2.0) (== netcoreapp2.2) (== netstandard2.0)
      System.IO (>= 4.3) - restriction: || (&& (== net461) (< net46)) (== netcoreapp2.0) (== netcoreapp2.2) (== netstandard2.0)
      System.Resources.ResourceManager (>= 4.3) - restriction: || (&& (== net461) (< net46)) (== netcoreapp2.0) (== netcoreapp2.2) (== netstandard2.0)
      System.Runtime (>= 4.3) - restriction: || (&& (== net461) (< net46)) (== netcoreapp2.0) (== netcoreapp2.2) (== netstandard2.0)
      System.Threading (>= 4.3) - restriction: || (&& (== net461) (< net46)) (== netcoreapp2.0) (== netcoreapp2.2) (== netstandard2.0)
      System.Threading.Tasks (>= 4.3) - restriction: || (&& (== net461) (< net46)) (== netcoreapp2.0) (== netcoreapp2.2) (== netstandard2.0)
    System.Security.Cryptography.ProtectedData (4.5) - restriction: || (&& (== net461) (< net45) (>= netstandard2.0)) (== netcoreapp2.0) (== netcoreapp2.2) (== netstandard2.0)
      System.Memory (>= 4.5) - restriction: || (&& (== net461) (< net46) (>= netstandard2.0)) (== netcoreapp2.0) (&& (== netcoreapp2.2) (< netcoreapp2.1)) (== netstandard2.0)
    System.Security.Cryptography.X509Certificates (4.3.2) - restriction: || (&& (== net461) (< net451) (>= netstandard1.5)) (&& (== net461) (< net451) (>= netstandard1.6)) (== netcoreapp2.0) (== netcoreapp2.2) (== netstandard2.0)
      Microsoft.NETCore.Platforms (>= 1.1) - restriction: || (&& (== net461) (>= dnxcore50)) (&& (== net461) (< net46) (>= netstandard1.6)) (== netcoreapp2.0) (== netcoreapp2.2) (== netstandard2.0)
      runtime.native.System (>= 4.3) - restriction: || (&& (== net461) (< net46) (>= netstandard1.6)) (== netcoreapp2.0) (== netcoreapp2.2) (== netstandard2.0)
      runtime.native.System.Net.Http (>= 4.3) - restriction: || (&& (== net461) (< net46) (>= netstandard1.6)) (== netcoreapp2.0) (== netcoreapp2.2) (== netstandard2.0)
      runtime.native.System.Security.Cryptography.OpenSsl (>= 4.3.2) - restriction: || (&& (== net461) (< net46) (>= netstandard1.6)) (== netcoreapp2.0) (== netcoreapp2.2) (== netstandard2.0)
      System.Collections (>= 4.3) - restriction: || (&& (== net461) (>= dnxcore50)) (&& (== net461) (< net46) (>= netstandard1.6)) (== netcoreapp2.0) (== netcoreapp2.2) (== netstandard2.0)
      System.Diagnostics.Debug (>= 4.3) - restriction: || (&& (== net461) (< net46) (>= netstandard1.6)) (== netcoreapp2.0) (== netcoreapp2.2) (== netstandard2.0)
      System.Globalization (>= 4.3) - restriction: || (&& (== net461) (>= dnxcore50)) (&& (== net461) (< net46) (>= netstandard1.6)) (== netcoreapp2.0) (== netcoreapp2.2) (== netstandard2.0)
      System.Globalization.Calendars (>= 4.3) - restriction: || (&& (== net461) (>= dnxcore50)) (&& (== net461) (< net46) (>= netstandard1.6)) (== netcoreapp2.0) (== netcoreapp2.2) (== netstandard2.0)
      System.IO (>= 4.3) - restriction: || (&& (== net461) (>= dnxcore50)) (&& (== net461) (< net46) (>= netstandard1.6)) (== netcoreapp2.0) (== netcoreapp2.2) (== netstandard2.0)
      System.IO.FileSystem (>= 4.3) - restriction: || (&& (== net461) (>= dnxcore50)) (&& (== net461) (< net46) (>= netstandard1.6)) (== netcoreapp2.0) (== netcoreapp2.2) (== netstandard2.0)
      System.IO.FileSystem.Primitives (>= 4.3) - restriction: || (&& (== net461) (< net46) (>= netstandard1.6)) (== netcoreapp2.0) (== netcoreapp2.2) (== netstandard2.0)
      System.Resources.ResourceManager (>= 4.3) - restriction: || (&& (== net461) (>= dnxcore50)) (&& (== net461) (< net46) (>= netstandard1.6)) (== netcoreapp2.0) (== netcoreapp2.2) (== netstandard2.0)
      System.Runtime (>= 4.3) - restriction: || (&& (== net461) (>= dnxcore50)) (&& (== net461) (< net46)) (== netcoreapp2.0) (== netcoreapp2.2) (== netstandard2.0)
      System.Runtime.Extensions (>= 4.3) - restriction: || (&& (== net461) (>= dnxcore50)) (&& (== net461) (< net46) (>= netstandard1.6)) (== netcoreapp2.0) (== netcoreapp2.2) (== netstandard2.0)
      System.Runtime.Handles (>= 4.3) - restriction: || (&& (== net461) (>= dnxcore50)) (&& (== net461) (< net46)) (== netcoreapp2.0) (== netcoreapp2.2) (== netstandard2.0)
      System.Runtime.InteropServices (>= 4.3) - restriction: || (&& (== net461) (>= dnxcore50)) (&& (== net461) (< net46) (>= netstandard1.6)) (== netcoreapp2.0) (== netcoreapp2.2) (== netstandard2.0)
      System.Runtime.Numerics (>= 4.3) - restriction: || (&& (== net461) (>= dnxcore50)) (&& (== net461) (< net46) (>= netstandard1.6)) (== netcoreapp2.0) (== netcoreapp2.2) (== netstandard2.0)
      System.Security.Cryptography.Algorithms (>= 4.3)
      System.Security.Cryptography.Cng (>= 4.3) - restriction: || (&& (== net461) (>= dnxcore50)) (&& (== net461) (< net46) (>= netstandard1.6)) (== netcoreapp2.0) (== netcoreapp2.2) (== netstandard2.0)
      System.Security.Cryptography.Csp (>= 4.3) - restriction: || (&& (== net461) (< net46) (>= netstandard1.6)) (== netcoreapp2.0) (== netcoreapp2.2) (== netstandard2.0)
      System.Security.Cryptography.Encoding (>= 4.3)
      System.Security.Cryptography.OpenSsl (>= 4.3) - restriction: || (&& (== net461) (< net46) (>= netstandard1.6)) (== netcoreapp2.0) (== netcoreapp2.2) (== netstandard2.0)
      System.Security.Cryptography.Primitives (>= 4.3) - restriction: || (&& (== net461) (>= dnxcore50)) (&& (== net461) (< net46) (>= netstandard1.6)) (== netcoreapp2.0) (== netcoreapp2.2) (== netstandard2.0)
      System.Text.Encoding (>= 4.3) - restriction: || (&& (== net461) (>= dnxcore50)) (&& (== net461) (< net46) (>= netstandard1.6)) (== netcoreapp2.0) (== netcoreapp2.2) (== netstandard2.0)
      System.Threading (>= 4.3) - restriction: || (&& (== net461) (>= dnxcore50)) (&& (== net461) (< net46) (>= netstandard1.6)) (== netcoreapp2.0) (== netcoreapp2.2) (== netstandard2.0)
    System.Security.Permissions (4.5) - restriction: || (&& (== net461) (>= monoandroid) (>= netstandard2.0)) (&& (== net461) (>= monotouch) (>= netstandard2.0)) (&& (== net461) (< net45) (>= netstandard2.0)) (&& (== net461) (>= netstandard2.0) (>= xamarinmac)) (&& (== net461) (>= netstandard2.0) (>= xamarintvos)) (&& (== net461) (>= netstandard2.0) (>= xamarinwatchos)) (== netcoreapp2.0) (== netcoreapp2.2) (== netstandard2.0)
      System.Security.AccessControl (>= 4.5)
    System.Security.Principal (4.3) - restriction: || (&& (== net461) (< net451) (>= netstandard1.5)) (&& (== net461) (< net451) (>= netstandard1.6)) (== netcoreapp2.0) (== netcoreapp2.2) (== netstandard2.0)
      System.Runtime (>= 4.3) - restriction: || (&& (== net461) (>= dnxcore50)) (&& (== net461) (< net45)) (== netcoreapp2.0) (== netcoreapp2.2) (== netstandard2.0)
    System.Security.Principal.Windows (4.5.1) - restriction: || (&& (== net461) (>= monoandroid) (>= netstandard2.0)) (&& (== net461) (>= monotouch) (>= netstandard2.0)) (&& (== net461) (< net45) (>= netstandard2.0)) (&& (== net461) (< net451) (>= netstandard1.5)) (&& (== net461) (>= netcoreapp2.0)) (&& (== net461) (>= netstandard2.0) (>= xamarinmac)) (&& (== net461) (>= netstandard2.0) (>= xamarintvos)) (&& (== net461) (>= netstandard2.0) (>= xamarinwatchos)) (== netcoreapp2.0) (== netcoreapp2.2) (== netstandard2.0)
      Microsoft.NETCore.Platforms (>= 2.0) - restriction: || (&& (== net461) (>= netcoreapp2.0)) (== netcoreapp2.0) (== netcoreapp2.2) (&& (== netstandard2.0) (>= netcoreapp2.0))
    System.Text.Encoding (4.3) - restriction: || (&& (== net461) (< net35)) (== netcoreapp2.0) (== netcoreapp2.2) (== netstandard2.0)
      Microsoft.NETCore.Platforms (>= 1.1) - restriction: || (&& (== net461) (>= dnxcore50)) (&& (== net461) (< net45)) (== netcoreapp2.0) (== netcoreapp2.2) (== netstandard2.0)
      Microsoft.NETCore.Targets (>= 1.1) - restriction: || (&& (== net461) (>= dnxcore50)) (&& (== net461) (< net45)) (== netcoreapp2.0) (== netcoreapp2.2) (== netstandard2.0)
      System.Runtime (>= 4.3) - restriction: || (&& (== net461) (>= dnxcore50)) (&& (== net461) (< net45)) (== netcoreapp2.0) (== netcoreapp2.2) (== netstandard2.0)
    System.Text.Encoding.Extensions (4.3) - restriction: || (&& (== net461) (>= dnxcore50)) (&& (== net461) (< net35)) (== netcoreapp2.0) (== netcoreapp2.2) (== netstandard2.0)
      Microsoft.NETCore.Platforms (>= 1.1) - restriction: || (&& (== net461) (>= dnxcore50)) (&& (== net461) (< net45)) (== netcoreapp2.0) (== netcoreapp2.2) (== netstandard2.0)
      Microsoft.NETCore.Targets (>= 1.1) - restriction: || (&& (== net461) (>= dnxcore50)) (&& (== net461) (< net45)) (== netcoreapp2.0) (== netcoreapp2.2) (== netstandard2.0)
      System.Runtime (>= 4.3) - restriction: || (&& (== net461) (>= dnxcore50)) (&& (== net461) (< net45)) (== netcoreapp2.0) (== netcoreapp2.2) (== netstandard2.0)
      System.Text.Encoding (>= 4.3) - restriction: || (&& (== net461) (>= dnxcore50)) (&& (== net461) (< net45)) (== netcoreapp2.0) (== netcoreapp2.2) (== netstandard2.0)
    System.Text.RegularExpressions (4.3) - restriction: || (&& (== net461) (< net451) (>= netstandard1.5)) (== netcoreapp2.0) (== netcoreapp2.2) (== netstandard2.0)
      System.Collections (>= 4.3) - restriction: || (&& (== net461) (>= dnxcore50)) (&& (== net461) (< net45) (>= netstandard1.6)) (&& (== netcoreapp2.0) (>= dnxcore50)) (&& (== netcoreapp2.0) (< netcoreapp1.1)) (&& (== netcoreapp2.2) (>= dnxcore50)) (&& (== netcoreapp2.2) (< netcoreapp1.1)) (== netstandard2.0)
      System.Globalization (>= 4.3) - restriction: || (&& (== net461) (>= dnxcore50)) (&& (== net461) (< net45) (>= netstandard1.6)) (&& (== netcoreapp2.0) (>= dnxcore50)) (&& (== netcoreapp2.0) (< netcoreapp1.1)) (&& (== netcoreapp2.2) (>= dnxcore50)) (&& (== netcoreapp2.2) (< netcoreapp1.1)) (== netstandard2.0)
      System.Resources.ResourceManager (>= 4.3) - restriction: || (&& (== net461) (>= dnxcore50)) (&& (== net461) (< net45) (>= netstandard1.6)) (&& (== netcoreapp2.0) (>= dnxcore50)) (&& (== netcoreapp2.0) (< netcoreapp1.1)) (&& (== netcoreapp2.2) (>= dnxcore50)) (&& (== netcoreapp2.2) (< netcoreapp1.1)) (== netstandard2.0)
      System.Runtime (>= 4.3) - restriction: || (&& (== net461) (>= dnxcore50)) (&& (== net461) (< net45)) (&& (== net461) (>= netcoreapp1.1)) (== netcoreapp2.0) (== netcoreapp2.2) (== netstandard2.0)
      System.Runtime.Extensions (>= 4.3) - restriction: || (&& (== net461) (>= dnxcore50)) (&& (== net461) (< net45) (>= netstandard1.6)) (&& (== netcoreapp2.0) (>= dnxcore50)) (&& (== netcoreapp2.0) (< netcoreapp1.1)) (&& (== netcoreapp2.2) (>= dnxcore50)) (&& (== netcoreapp2.2) (< netcoreapp1.1)) (== netstandard2.0)
      System.Threading (>= 4.3) - restriction: || (&& (== net461) (>= dnxcore50)) (&& (== net461) (< net45) (>= netstandard1.6)) (&& (== netcoreapp2.0) (>= dnxcore50)) (&& (== netcoreapp2.0) (< netcoreapp1.1)) (&& (== netcoreapp2.2) (>= dnxcore50)) (&& (== netcoreapp2.2) (< netcoreapp1.1)) (== netstandard2.0)
    System.Threading (4.3) - restriction: || (&& (== net461) (>= dnxcore50) (>= netstandard1.5)) (&& (== net461) (< net45) (>= netstandard1.6)) (&& (== net461) (< net451) (>= netstandard1.5)) (== netcoreapp2.0) (== netcoreapp2.2) (== netstandard2.0)
      System.Runtime (>= 4.3) - restriction: || (&& (== net461) (>= dnxcore50)) (&& (== net461) (< net45)) (== netcoreapp2.0) (== netcoreapp2.2) (== netstandard2.0)
      System.Threading.Tasks (>= 4.3) - restriction: || (&& (== net461) (>= dnxcore50)) (&& (== net461) (< net45)) (== netcoreapp2.0) (== netcoreapp2.2) (== netstandard2.0)
    System.Threading.Tasks (4.3) - restriction: || (&& (== net461) (>= dnxcore50) (>= netstandard1.5)) (&& (== net461) (< net45) (>= netstandard1.5)) (== netcoreapp2.0) (== netcoreapp2.2) (== netstandard2.0)
      Microsoft.NETCore.Platforms (>= 1.1) - restriction: || (&& (== net461) (>= dnxcore50)) (&& (== net461) (< net45)) (== netcoreapp2.0) (== netcoreapp2.2) (== netstandard2.0)
      Microsoft.NETCore.Targets (>= 1.1) - restriction: || (&& (== net461) (>= dnxcore50)) (&& (== net461) (< net45)) (== netcoreapp2.0) (== netcoreapp2.2) (== netstandard2.0)
      System.Runtime (>= 4.3) - restriction: || (&& (== net461) (>= dnxcore50)) (&& (== net461) (< net45)) (== netcoreapp2.0) (== netcoreapp2.2) (== netstandard2.0)
    System.Threading.Tasks.Extensions (4.5.1) - restriction: || (&& (== net461) (>= dnxcore50)) (&& (== net461) (< net35)) (== netcoreapp2.0) (== netcoreapp2.2) (== netstandard2.0)
      System.Runtime.CompilerServices.Unsafe (>= 4.5) - restriction: || (== net461) (== netcoreapp2.0) (&& (== netcoreapp2.2) (>= net45)) (&& (== netcoreapp2.2) (< netcoreapp2.1)) (&& (== netcoreapp2.2) (< netstandard1.0)) (&& (== netcoreapp2.2) (< netstandard2.0)) (&& (== netcoreapp2.2) (>= wp8)) (== netstandard2.0)
    System.Threading.Thread (4.3) - restriction: || (&& (== net461) (< net451) (>= netstandard1.5)) (== netcoreapp2.0) (== netcoreapp2.2) (== netstandard2.0)
      System.Runtime (>= 4.3) - restriction: || (&& (== net461) (< net46)) (== netcoreapp2.0) (== netcoreapp2.2) (== netstandard2.0)
    System.Threading.ThreadPool (4.3) - restriction: || (&& (== net461) (< net451) (>= netstandard1.5)) (&& (== net461) (< net451) (>= netstandard1.6)) (== netcoreapp2.0) (== netcoreapp2.2) (== netstandard2.0)
      System.Runtime (>= 4.3) - restriction: || (&& (== net461) (< net46)) (== netcoreapp2.0) (== netcoreapp2.2) (== netstandard2.0)
      System.Runtime.Handles (>= 4.3) - restriction: || (&& (== net461) (< net46)) (== netcoreapp2.0) (== netcoreapp2.2) (== netstandard2.0)
    System.Threading.Timer (4.3) - restriction: || (&& (== net461) (< net451) (>= netstandard1.5)) (== netcoreapp2.0) (== netcoreapp2.2) (== netstandard2.0)
      Microsoft.NETCore.Platforms (>= 1.1) - restriction: || (&& (== net461) (>= dnxcore50)) (&& (== net461) (< net451)) (== netcoreapp2.0) (== netcoreapp2.2) (== netstandard2.0)
      Microsoft.NETCore.Targets (>= 1.1) - restriction: || (&& (== net461) (>= dnxcore50)) (&& (== net461) (< net451)) (== netcoreapp2.0) (== netcoreapp2.2) (== netstandard2.0)
      System.Runtime (>= 4.3) - restriction: || (&& (== net461) (>= dnxcore50)) (&& (== net461) (< net451)) (== netcoreapp2.0) (== netcoreapp2.2) (== netstandard2.0)
    System.Xml.ReaderWriter (4.3.1) - restriction: || (&& (== net461) (< net35)) (== netcoreapp2.0) (== netcoreapp2.2) (== netstandard2.0)
      System.Collections (>= 4.3) - restriction: || (&& (== net461) (>= dnxcore50)) (&& (== net461) (< net45)) (== netcoreapp2.0) (== netcoreapp2.2) (== netstandard2.0)
      System.Diagnostics.Debug (>= 4.3) - restriction: || (&& (== net461) (>= dnxcore50)) (&& (== net461) (< net45)) (== netcoreapp2.0) (== netcoreapp2.2) (== netstandard2.0)
      System.Globalization (>= 4.3) - restriction: || (&& (== net461) (>= dnxcore50)) (&& (== net461) (< net45)) (== netcoreapp2.0) (== netcoreapp2.2) (== netstandard2.0)
      System.IO (>= 4.3) - restriction: || (&& (== net461) (>= dnxcore50)) (&& (== net461) (< net45)) (== netcoreapp2.0) (== netcoreapp2.2) (== netstandard2.0)
      System.IO.FileSystem (>= 4.3) - restriction: || (&& (== net461) (>= dnxcore50)) (&& (== net461) (< net45)) (== netcoreapp2.0) (== netcoreapp2.2) (== netstandard2.0)
      System.IO.FileSystem.Primitives (>= 4.3) - restriction: || (&& (== net461) (>= dnxcore50)) (&& (== net461) (< net45)) (== netcoreapp2.0) (== netcoreapp2.2) (== netstandard2.0)
      System.Resources.ResourceManager (>= 4.3) - restriction: || (&& (== net461) (>= dnxcore50)) (&& (== net461) (< net45)) (== netcoreapp2.0) (== netcoreapp2.2) (== netstandard2.0)
      System.Runtime (>= 4.3) - restriction: || (&& (== net461) (>= dnxcore50)) (&& (== net461) (< net45)) (== netcoreapp2.0) (== netcoreapp2.2) (== netstandard2.0)
      System.Runtime.Extensions (>= 4.3) - restriction: || (&& (== net461) (>= dnxcore50)) (&& (== net461) (< net45)) (== netcoreapp2.0) (== netcoreapp2.2) (== netstandard2.0)
      System.Runtime.InteropServices (>= 4.3) - restriction: || (&& (== net461) (>= dnxcore50)) (&& (== net461) (< net45)) (== netcoreapp2.0) (== netcoreapp2.2) (== netstandard2.0)
      System.Text.Encoding (>= 4.3) - restriction: || (&& (== net461) (>= dnxcore50)) (&& (== net461) (< net45)) (== netcoreapp2.0) (== netcoreapp2.2) (== netstandard2.0)
      System.Text.Encoding.Extensions (>= 4.3) - restriction: || (&& (== net461) (>= dnxcore50)) (&& (== net461) (< net45)) (== netcoreapp2.0) (== netcoreapp2.2) (== netstandard2.0)
      System.Text.RegularExpressions (>= 4.3) - restriction: || (&& (== net461) (>= dnxcore50)) (&& (== net461) (< net45)) (== netcoreapp2.0) (== netcoreapp2.2) (== netstandard2.0)
      System.Threading.Tasks (>= 4.3) - restriction: || (&& (== net461) (>= dnxcore50)) (&& (== net461) (< net45)) (== netcoreapp2.0) (== netcoreapp2.2) (== netstandard2.0)
      System.Threading.Tasks.Extensions (>= 4.3) - restriction: || (&& (== net461) (>= dnxcore50)) (&& (== net461) (< net45)) (== netcoreapp2.0) (== netcoreapp2.2) (== netstandard2.0)
    System.Xml.XmlDocument (4.3) - restriction: || (&& (== net461) (< net35)) (== netcoreapp2.0) (== netcoreapp2.2) (== netstandard2.0)
      System.Collections (>= 4.3) - restriction: || (&& (== net461) (< net46)) (== netcoreapp2.0) (== netcoreapp2.2) (== netstandard2.0)
      System.Diagnostics.Debug (>= 4.3) - restriction: || (&& (== net461) (< net46)) (== netcoreapp2.0) (== netcoreapp2.2) (== netstandard2.0)
      System.Globalization (>= 4.3) - restriction: || (&& (== net461) (< net46)) (== netcoreapp2.0) (== netcoreapp2.2) (== netstandard2.0)
      System.IO (>= 4.3) - restriction: || (&& (== net461) (< net46)) (== netcoreapp2.0) (== netcoreapp2.2) (== netstandard2.0)
      System.Resources.ResourceManager (>= 4.3) - restriction: || (&& (== net461) (< net46)) (== netcoreapp2.0) (== netcoreapp2.2) (== netstandard2.0)
      System.Runtime (>= 4.3) - restriction: || (&& (== net461) (< net46)) (== netcoreapp2.0) (== netcoreapp2.2) (== netstandard2.0)
      System.Runtime.Extensions (>= 4.3) - restriction: || (&& (== net461) (< net46)) (== netcoreapp2.0) (== netcoreapp2.2) (== netstandard2.0)
      System.Text.Encoding (>= 4.3) - restriction: || (&& (== net461) (< net46)) (== netcoreapp2.0) (== netcoreapp2.2) (== netstandard2.0)
      System.Threading (>= 4.3) - restriction: || (&& (== net461) (< net46)) (== netcoreapp2.0) (== netcoreapp2.2) (== netstandard2.0)
      System.Xml.ReaderWriter (>= 4.3) - restriction: || (&& (== net461) (< net46)) (== netcoreapp2.0) (== netcoreapp2.2) (== netstandard2.0)
